{
  "aor": 0.0005671818181818182,
  "aqi": 0.024631532727272726,
  "bids_meta": {
    "AcquisitionMatrixPE": 128,
    "AcquisitionNumber": 1,
    "AcquisitionTime": "12:24:20.202500",
    "BandwidthPerPixelPhaseEncode": 8.311,
    "BaseResolution": 128,
    "BodyPartExamined": "BRAIN",
    "ConsistencyInfo": "N4_VD13A_LATEST_20120616",
    "ConversionSoftware": "dcm2niix",
    "ConversionSoftwareVersion": "v1.0.20180518 GCC4.8.5",
    "DerivedVendorReportedEchoSpacing": 0.000940019,
    "DeviceSerialNumber": "45031",
    "DwellTime": 3.2e-06,
    "EchoTime": 0.04,
    "EchoTrainLength": 96,
    "EffectiveEchoSpacing": 0.000940019,
    "FlipAngle": 64,
    "ImageOrientationPatientDICOM": [
      1,
      0,
      0,
      0,
      0.989776,
      0.142629
    ],
    "ImageType": [
      "ORIGINAL",
      "PRIMARY",
      "M",
      "ND",
      "MOSAIC"
    ],
    "InPlanePhaseEncodingDirectionDICOM": "COL",
    "InstitutionAddress": "Washington_and_Faculty_Rd._-_Building_25_25_Princeton_NJ_US_085",
    "InstitutionName": "Princeton_University_-_Neuroscience_Institute",
    "InstitutionalDepartmentName": "Department",
    "MRAcquisitionType": "2D",
    "MagneticFieldStrength": 3,
    "Manufacturer": "Siemens",
    "ManufacturersModelName": "Skyra",
    "Modality": "MR",
    "MultibandAccelerationFactor": 3,
    "PartialFourier": 0.75,
    "PatientPosition": "HFS",
    "PercentPhaseFOV": 100,
    "PhaseEncodingDirection": "j-",
    "PhaseEncodingSteps": 96,
    "PhaseResolution": 1,
    "PixelBandwidth": 1220,
    "ProcedureStepDescription": "Turk-BrowneLab_Projects",
    "ProtocolName": "epi_acc3_shift2_1.5TR_220vol",
    "PulseSequenceDetails": "%CustomerSeq%_ep2d_bold_sliceaccl_667A",
    "ReceiveCoilActiveElements": "HE1-4",
    "ReceiveCoilName": "HeadNeck_20",
    "ReconMatrixPE": 128,
    "RepetitionTime": 1.5,
    "SAR": 0.0424207,
    "ScanOptions": "PFP",
    "ScanningSequence": "EP",
    "SequenceName": "epcaipi2d1_128",
    "SequenceVariant": "SK_SS",
    "SeriesDescription": "epi_acc3_shift2_1.5TR_220vol",
    "SeriesNumber": 9,
    "ShimSetting": [
      3408,
      8713,
      9397,
      294,
      110,
      692,
      271,
      74
    ],
    "SliceThickness": 1.5,
    "SliceTiming": [
      1.0575,
      0,
      0.74,
      0.1075,
      0.8475,
      0.2125,
      0.9525,
      0.425,
      1.1625,
      0.53,
      1.29,
      0.635,
      1.395,
      0.3175,
      1.0575,
      0,
      0.74,
      0.1075,
      0.8475,
      0.2125,
      0.9525,
      0.425,
      1.1625,
      0.53,
      1.29,
      0.635,
      1.395,
      0.3175,
      1.0575,
      0,
      0.74,
      0.1075,
      0.8475,
      0.2125,
      0.9525,
      0.425,
      1.1625,
      0.53,
      1.29,
      0.635,
      1.395,
      0.3175
    ],
    "SoftwareVersions": "syngo_MR_D13",
    "SpacingBetweenSlices": 1.5,
    "StationName": "AWP45031",
    "TaskName": "cue-action-outcome",
    "TotalReadoutTime": 0.119382,
    "TxRefAmp": 366.322,
    "dataset": "ds001946",
    "modality": "bold",
    "run_id": 5,
    "subject_id": "19",
    "task_id": "actions"
  },
  "dummy_trs": 0,
  "dvars_nstd": 78.3658984108219,
  "dvars_std": 1.042373973333333,
  "dvars_vstd": 0.9999404669863015,
  "efc": 0.6603008073769947,
  "fber": 125.05779266357422,
  "fd_mean": 0.14078591905774776,
  "fd_num": 32,
  "fd_perc": 14.545454545454545,
  "fwhm_avg": 2.819733333333333,
  "fwhm_x": 2.7001266666666663,
  "fwhm_y": 3.1691933333333338,
  "fwhm_z": 2.58988,
  "gcor": 0.00641371,
  "gsr_x": -0.015511656180024147,
  "gsr_y": 0.06519118696451187,
  "provenance": {
    "md5sum": "ea02e81c12df8ef5f8c0bc0045892b0b",
    "settings": {
      "fd_thres": 0.2,
      "testing": false
    },
    "software": "mriqc",
    "version": "22.0.6",
    "webapi_port": null,
    "webapi_url": "https://mriqc.nimh.nih.gov/api/v1"
  },
  "size_t": 220,
  "size_x": 128,
  "size_y": 128,
  "size_z": 42,
  "snr": 3.4440623484100077,
  "spacing_tr": 1.5,
  "spacing_x": 1.5,
  "spacing_y": 1.5,
  "spacing_z": 1.5,
  "summary_bg_k": 30.870053159458273,
  "summary_bg_mad": 33.88419999950725,
  "summary_bg_mean": 84.0939712524414,
  "summary_bg_median": 53.259090423583984,
  "summary_bg_n": 392201.0,
  "summary_bg_p05": 21.59090805053711,
  "summary_bg_p95": 248.02272033691406,
  "summary_bg_stdv": 96.87754821777344,
  "summary_fg_k": 0.3302008738142739,
  "summary_fg_mad": 173.3162355396481,
  "summary_fg_mean": 631.4734497070312,
  "summary_fg_median": 623.0181884765625,
  "summary_fg_n": 191713.0,
  "summary_fg_p05": 344.44908447265624,
  "summary_fg_p95": 937.1835815429686,
  "summary_fg_stdv": 180.89584350585938,
  "tsnr": 18.096504701767117
}