{
  "aor": 0.00048354545454545455,
  "aqi": 0.02613827090909091,
  "bids_meta": {
    "AcquisitionMatrixPE": 128,
    "AcquisitionNumber": 1,
    "AcquisitionTime": "11:59:34.910000",
    "BandwidthPerPixelPhaseEncode": 8.311,
    "BaseResolution": 128,
    "BodyPartExamined": "BRAIN",
    "ConsistencyInfo": "N4_VD13A_LATEST_20120616",
    "ConversionSoftware": "dcm2niix",
    "ConversionSoftwareVersion": "v1.0.20180518 GCC4.8.5",
    "DerivedVendorReportedEchoSpacing": 0.000940019,
    "DeviceSerialNumber": "45031",
    "DwellTime": 3.2e-06,
    "EchoTime": 0.04,
    "EchoTrainLength": 96,
    "EffectiveEchoSpacing": 0.000940019,
    "FlipAngle": 64,
    "ImageOrientationPatientDICOM": [
      1,
      0,
      0,
      0,
      0.989776,
      0.142629
    ],
    "ImageType": [
      "ORIGINAL",
      "PRIMARY",
      "M",
      "ND",
      "MOSAIC"
    ],
    "InPlanePhaseEncodingDirectionDICOM": "COL",
    "InstitutionAddress": "Washington_and_Faculty_Rd._-_Building_25_25_Princeton_NJ_US_085",
    "InstitutionName": "Princeton_University_-_Neuroscience_Institute",
    "InstitutionalDepartmentName": "Department",
    "MRAcquisitionType": "2D",
    "MagneticFieldStrength": 3,
    "Manufacturer": "Siemens",
    "ManufacturersModelName": "Skyra",
    "Modality": "MR",
    "MultibandAccelerationFactor": 3,
    "PartialFourier": 0.75,
    "PatientPosition": "HFS",
    "PercentPhaseFOV": 100,
    "PhaseEncodingDirection": "j-",
    "PhaseEncodingSteps": 96,
    "PhaseResolution": 1,
    "PixelBandwidth": 1220,
    "ProcedureStepDescription": "Turk-BrowneLab_Projects",
    "ProtocolName": "epi_acc3_shift2_1.5TR_220vol",
    "PulseSequenceDetails": "%CustomerSeq%_ep2d_bold_sliceaccl_667A",
    "ReceiveCoilActiveElements": "HE1-4",
    "ReceiveCoilName": "HeadNeck_20",
    "ReconMatrixPE": 128,
    "RepetitionTime": 1.5,
    "SAR": 0.0424207,
    "ScanOptions": "PFP",
    "ScanningSequence": "EP",
    "SequenceName": "epcaipi2d1_128",
    "SequenceVariant": "SK_SS",
    "SeriesDescription": "epi_acc3_shift2_1.5TR_220vol",
    "SeriesNumber": 5,
    "ShimSetting": [
      3408,
      8713,
      9397,
      294,
      110,
      692,
      271,
      74
    ],
    "SliceThickness": 1.5,
    "SliceTiming": [
      1.055,
      0,
      0.74,
      0.105,
      0.845,
      0.21,
      0.95,
      0.4225,
      1.1625,
      0.5275,
      1.2875,
      0.6325,
      1.3925,
      0.315,
      1.055,
      0,
      0.74,
      0.105,
      0.845,
      0.21,
      0.95,
      0.4225,
      1.1625,
      0.5275,
      1.2875,
      0.6325,
      1.3925,
      0.315,
      1.055,
      0,
      0.74,
      0.105,
      0.845,
      0.21,
      0.95,
      0.4225,
      1.1625,
      0.5275,
      1.2875,
      0.6325,
      1.3925,
      0.315
    ],
    "SoftwareVersions": "syngo_MR_D13",
    "SpacingBetweenSlices": 1.5,
    "StationName": "AWP45031",
    "TaskName": "cue-action-outcome",
    "TotalReadoutTime": 0.119382,
    "TxRefAmp": 366.322,
    "dataset": "ds001946",
    "modality": "bold",
    "run_id": 1,
    "subject_id": "19",
    "task_id": "actions"
  },
  "dummy_trs": 0,
  "dvars_nstd": 75.61905011735155,
  "dvars_std": 1.0304849459817356,
  "dvars_vstd": 0.9986278147488582,
  "efc": 0.6658126783463278,
  "fber": 133.27696228027344,
  "fd_mean": 0.14092336033089162,
  "fd_num": 38,
  "fd_perc": 17.272727272727273,
  "fwhm_avg": 2.6845022222222226,
  "fwhm_x": 2.5884066666666667,
  "fwhm_y": 3.01366,
  "fwhm_z": 2.4514400000000003,
  "gcor": 0.00273015,
  "gsr_x": -0.013710062019526958,
  "gsr_y": 0.06446833163499832,
  "provenance": {
    "md5sum": "434b1a3204aef827d5a4aebfdce6e85e",
    "settings": {
      "fd_thres": 0.2,
      "testing": false
    },
    "software": "mriqc",
    "version": "22.0.6",
    "webapi_port": null,
    "webapi_url": "https://mriqc.nimh.nih.gov/api/v1"
  },
  "size_t": 220,
  "size_x": 128,
  "size_y": 128,
  "size_z": 42,
  "snr": 3.584325241277912,
  "spacing_tr": 1.5,
  "spacing_x": 1.5,
  "spacing_y": 1.5,
  "spacing_z": 1.5,
  "summary_bg_k": 34.053684699821964,
  "summary_bg_mad": 33.02159306718157,
  "summary_bg_mean": 84.1297836303711,
  "summary_bg_median": 52.10908889770508,
  "summary_bg_n": 385170.0,
  "summary_bg_p05": 20.690908432006836,
  "summary_bg_p95": 255.84999084472656,
  "summary_bg_stdv": 102.23428344726562,
  "summary_fg_k": 0.4069343620318615,
  "summary_fg_mad": 168.72681069126256,
  "summary_fg_mean": 636.04345703125,
  "summary_fg_median": 630.5863647460938,
  "summary_fg_n": 200156.0,
  "summary_fg_p05": 355.3215866088867,
  "summary_fg_p95": 929.8079223632812,
  "summary_fg_stdv": 175.92845153808594,
  "tsnr": 18.53976349608274
}