{
  "aor": 0.002400954545454546,
  "aqi": 0.016801676818181815,
  "bids_meta": {
    "AcquisitionMatrixPE": 128,
    "AcquisitionNumber": 1,
    "AcquisitionTime": "17:03:52.935000",
    "BandwidthPerPixelPhaseEncode": 8.311,
    "BaseResolution": 128,
    "BodyPartExamined": "BRAIN",
    "ConsistencyInfo": "N4_VD13A_LATEST_20120616",
    "ConversionSoftware": "dcm2niix",
    "ConversionSoftwareVersion": "v1.0.20180518 GCC4.8.5",
    "DerivedVendorReportedEchoSpacing": 0.000940019,
    "DeviceSerialNumber": "45031",
    "DwellTime": 3.2e-06,
    "EchoTime": 0.04,
    "EchoTrainLength": 96,
    "EffectiveEchoSpacing": 0.000940019,
    "FlipAngle": 64,
    "ImageOrientationPatientDICOM": [
      1,
      0,
      0,
      0,
      0.968148,
      0.25038
    ],
    "ImageType": [
      "ORIGINAL",
      "PRIMARY",
      "M",
      "ND",
      "MOSAIC"
    ],
    "InPlanePhaseEncodingDirectionDICOM": "COL",
    "InstitutionAddress": "Washington_and_Faculty_Rd._-_Building_25_25_Princeton_NJ_US_085",
    "InstitutionName": "Princeton_University_-_Neuroscience_Institute",
    "InstitutionalDepartmentName": "Department",
    "MRAcquisitionType": "2D",
    "MagneticFieldStrength": 3,
    "Manufacturer": "Siemens",
    "ManufacturersModelName": "Skyra",
    "Modality": "MR",
    "MultibandAccelerationFactor": 3,
    "PartialFourier": 0.75,
    "PatientPosition": "HFS",
    "PercentPhaseFOV": 100,
    "PhaseEncodingDirection": "j-",
    "PhaseEncodingSteps": 96,
    "PhaseResolution": 1,
    "PixelBandwidth": 1220,
    "ProcedureStepDescription": "Turk-BrowneLab_Projects",
    "ProtocolName": "epi_acc3_shift2_1.5TR_220vol",
    "PulseSequenceDetails": "%CustomerSeq%_ep2d_bold_sliceaccl_667A",
    "ReceiveCoilActiveElements": "HE1-4",
    "ReceiveCoilName": "HeadNeck_20",
    "ReconMatrixPE": 128,
    "RepetitionTime": 1.5,
    "SAR": 0.0394691,
    "ScanOptions": "PFP",
    "ScanningSequence": "EP",
    "SequenceName": "epcaipi2d1_128",
    "SequenceVariant": "SK_SS",
    "SeriesDescription": "epi_acc3_shift2_1.5TR_220vol",
    "SeriesNumber": 10,
    "ShimSetting": [
      3425,
      8581,
      9353,
      640,
      158,
      -286,
      645,
      32
    ],
    "SliceThickness": 1.5,
    "SliceTiming": [
      1.0575,
      0,
      0.74,
      0.1075,
      0.8475,
      0.2125,
      0.9525,
      0.425,
      1.165,
      0.53,
      1.29,
      0.635,
      1.395,
      0.3175,
      1.0575,
      0,
      0.74,
      0.1075,
      0.8475,
      0.2125,
      0.9525,
      0.425,
      1.165,
      0.53,
      1.29,
      0.635,
      1.395,
      0.3175,
      1.0575,
      0,
      0.74,
      0.1075,
      0.8475,
      0.2125,
      0.9525,
      0.425,
      1.165,
      0.53,
      1.29,
      0.635,
      1.395,
      0.3175
    ],
    "SoftwareVersions": "syngo_MR_D13",
    "SpacingBetweenSlices": 1.5,
    "StationName": "AWP45031",
    "TaskName": "cue-action-outcome",
    "TotalReadoutTime": 0.119382,
    "TxRefAmp": 350.394,
    "dataset": "ds001946",
    "modality": "bold",
    "run_id": 6,
    "subject_id": "15",
    "task_id": "actions"
  },
  "dummy_trs": 0,
  "dvars_nstd": 66.2580712200457,
  "dvars_std": 1.0710671779908676,
  "dvars_vstd": 1.0255885959360727,
  "efc": 0.6421008037786553,
  "fber": 243.78921508789062,
  "fd_mean": 0.23708453921132214,
  "fd_num": 126,
  "fd_perc": 57.27272727272727,
  "fwhm_avg": 3.2085022222222226,
  "fwhm_x": 3.064966666666667,
  "fwhm_y": 3.5886066666666667,
  "fwhm_z": 2.9719333333333338,
  "gcor": 0.00845991,
  "gsr_x": 0.004436589311808348,
  "gsr_y": 0.021176878362894058,
  "provenance": {
    "md5sum": "4972f0e130e70884c746cd3baa954767",
    "settings": {
      "fd_thres": 0.2,
      "testing": false
    },
    "software": "mriqc",
    "version": "22.0.6",
    "webapi_port": null,
    "webapi_url": "https://mriqc.nimh.nih.gov/api/v1"
  },
  "size_t": 220,
  "size_x": 128,
  "size_y": 128,
  "size_z": 42,
  "snr": 3.375410446414243,
  "spacing_tr": 1.5,
  "spacing_x": 1.5,
  "spacing_y": 1.5,
  "spacing_z": 1.5,
  "summary_bg_k": 13.522506073140459,
  "summary_bg_mad": 28.762482473440816,
  "summary_bg_mean": 71.42011260986328,
  "summary_bg_median": 43.818180084228516,
  "summary_bg_n": 378303.0,
  "summary_bg_p05": 18.5,
  "summary_bg_p95": 226.3313629150389,
  "summary_bg_stdv": 76.68131256103516,
  "summary_fg_k": 0.4983640100984221,
  "summary_fg_mad": 199.69975011652147,
  "summary_fg_mean": 726.4089965820312,
  "summary_fg_median": 715.4545288085938,
  "summary_fg_n": 206141.0,
  "summary_fg_p05": 392.9227294921875,
  "summary_fg_p95": 1092.5,
  "summary_fg_stdv": 211.96023559570312,
  "tsnr": 21.792418221593834
}