{
  "aor": 0.0011053461538461538,
  "aqi": 0.02456217769230769,
  "bids_meta": {
    "AcquisitionMatrixPE": 128,
    "AcquisitionNumber": 1,
    "AcquisitionTime": "16:08:54.112500",
    "BandwidthPerPixelPhaseEncode": 8.311,
    "BaseResolution": 128,
    "BodyPartExamined": "BRAIN",
    "ConsistencyInfo": "N4_VD13A_LATEST_20120616",
    "ConversionSoftware": "dcm2niix",
    "ConversionSoftwareVersion": "v1.0.20180518 GCC4.8.5",
    "DerivedVendorReportedEchoSpacing": 0.000940019,
    "DeviceSerialNumber": "45031",
    "DwellTime": 3.2e-06,
    "EchoTime": 0.04,
    "EchoTrainLength": 96,
    "EffectiveEchoSpacing": 0.000940019,
    "FlipAngle": 64,
    "ImageOrientationPatientDICOM": [
      1,
      0,
      0,
      0,
      0.955278,
      0.295708
    ],
    "ImageType": [
      "ORIGINAL",
      "PRIMARY",
      "M",
      "ND",
      "MOSAIC"
    ],
    "InPlanePhaseEncodingDirectionDICOM": "COL",
    "InstitutionAddress": "Washington_and_Faculty_Rd._-_Building_25_25_Princeton_NJ_US_085",
    "InstitutionName": "Princeton_University_-_Neuroscience_Institute",
    "InstitutionalDepartmentName": "Department",
    "MRAcquisitionType": "2D",
    "MagneticFieldStrength": 3,
    "Manufacturer": "Siemens",
    "ManufacturersModelName": "Skyra",
    "Modality": "MR",
    "MultibandAccelerationFactor": 3,
    "PartialFourier": 0.75,
    "PatientPosition": "HFS",
    "PercentPhaseFOV": 100,
    "PhaseEncodingDirection": "j-",
    "PhaseEncodingSteps": 96,
    "PhaseResolution": 1,
    "PixelBandwidth": 1220,
    "ProcedureStepDescription": "Turk-BrowneLab_Projects",
    "ProtocolName": "epi_acc3_shift2_1.5TR_260vol",
    "PulseSequenceDetails": "%CustomerSeq%_ep2d_bold_sliceaccl_667A",
    "ReceiveCoilActiveElements": "HE1-4",
    "ReceiveCoilName": "HeadNeck_20",
    "ReconMatrixPE": 128,
    "RepetitionTime": 1.5,
    "SAR": 0.0324639,
    "ScanOptions": "PFP",
    "ScanningSequence": "EP",
    "SequenceName": "epcaipi2d1_128",
    "SequenceVariant": "SK_SS",
    "SeriesDescription": "epi_acc3_shift2_1.5TR_260vol",
    "SeriesNumber": 13,
    "ShimSetting": [
      3369,
      8665,
      9450,
      403,
      83,
      611,
      625,
      39
    ],
    "SliceThickness": 1.5,
    "SliceTiming": [
      1.0575,
      0,
      0.74,
      0.105,
      0.845,
      0.21,
      0.95,
      0.4225,
      1.1625,
      0.5275,
      1.2875,
      0.635,
      1.395,
      0.3175,
      1.0575,
      0,
      0.74,
      0.105,
      0.845,
      0.21,
      0.95,
      0.4225,
      1.1625,
      0.5275,
      1.2875,
      0.635,
      1.395,
      0.3175,
      1.0575,
      0,
      0.74,
      0.105,
      0.845,
      0.21,
      0.95,
      0.4225,
      1.1625,
      0.5275,
      1.2875,
      0.635,
      1.395,
      0.3175
    ],
    "SoftwareVersions": "syngo_MR_D13",
    "SpacingBetweenSlices": 1.5,
    "StationName": "AWP45031",
    "TaskName": "Functional Localizer",
    "TotalReadoutTime": 0.119382,
    "TxRefAmp": 354.229,
    "dataset": "ds001946",
    "modality": "bold",
    "subject_id": "04",
    "task_id": "loc"
  },
  "dummy_trs": 0,
  "dvars_nstd": 73.66220611223939,
  "dvars_std": 1.050240110694981,
  "dvars_vstd": 1.0076876352895752,
  "efc": 0.6434163590596276,
  "fber": 173.47508239746094,
  "fd_mean": 0.24595257576968585,
  "fd_num": 171,
  "fd_perc": 65.76923076923077,
  "fwhm_avg": 2.818662373993851,
  "fwhm_x": 2.7268000000000003,
  "fwhm_y": 3.2703135932345067,
  "fwhm_z": 2.4588735287470445,
  "gcor": 0.0016563,
  "gsr_x": -0.024770984426140785,
  "gsr_y": 0.07048200815916061,
  "provenance": {
    "md5sum": "0dc5c0f5942cac7c646d83d01f6eab49",
    "settings": {
      "fd_thres": 0.2,
      "testing": false
    },
    "software": "mriqc",
    "version": "22.0.6",
    "webapi_port": null,
    "webapi_url": "https://mriqc.nimh.nih.gov/api/v1"
  },
  "size_t": 260,
  "size_x": 128,
  "size_y": 128,
  "size_z": 42,
  "snr": 3.523608840402749,
  "spacing_tr": 1.5,
  "spacing_x": 1.5,
  "spacing_y": 1.4999998807907104,
  "spacing_z": 1.4999998807907104,
  "summary_bg_k": 22.438000754993844,
  "summary_bg_mad": 31.402657887485987,
  "summary_bg_mean": 77.22840118408203,
  "summary_bg_median": 46.02692413330078,
  "summary_bg_n": 402367.0,
  "summary_bg_p05": 18.761537551879883,
  "summary_bg_p95": 249.0196105957026,
  "summary_bg_stdv": 90.95075225830078,
  "summary_fg_k": 0.8435417874740141,
  "summary_fg_mad": 169.15347508703002,
  "summary_fg_mean": 643.0620727539062,
  "summary_fg_median": 634.7115478515625,
  "summary_fg_n": 184554.0,
  "summary_fg_p05": 367.10096740722656,
  "summary_fg_p95": 945.4734680175783,
  "summary_fg_stdv": 180.130615234375,
  "tsnr": 19.117544538079528
}