{
  "aor": 0.0018719999999999997,
  "aqi": 0.050212737272727265,
  "bids_meta": {
    "AcquisitionMatrixPE": 128,
    "AcquisitionNumber": 1,
    "AcquisitionTime": "15:36:42.662500",
    "BandwidthPerPixelPhaseEncode": 8.311,
    "BaseResolution": 128,
    "BodyPartExamined": "BRAIN",
    "ConsistencyInfo": "N4_VD13A_LATEST_20120616",
    "ConversionSoftware": "dcm2niix",
    "ConversionSoftwareVersion": "v1.0.20180518 GCC4.8.5",
    "DerivedVendorReportedEchoSpacing": 0.000940019,
    "DeviceSerialNumber": "45031",
    "DwellTime": 3.2e-06,
    "EchoTime": 0.04,
    "EchoTrainLength": 96,
    "EffectiveEchoSpacing": 0.000940019,
    "FlipAngle": 64,
    "ImageOrientationPatientDICOM": [
      1,
      0,
      0,
      0,
      0.955278,
      0.295708
    ],
    "ImageType": [
      "ORIGINAL",
      "PRIMARY",
      "M",
      "ND",
      "MOSAIC"
    ],
    "InPlanePhaseEncodingDirectionDICOM": "COL",
    "InstitutionAddress": "Washington_and_Faculty_Rd._-_Building_25_25_Princeton_NJ_US_085",
    "InstitutionName": "Princeton_University_-_Neuroscience_Institute",
    "InstitutionalDepartmentName": "Department",
    "MRAcquisitionType": "2D",
    "MagneticFieldStrength": 3,
    "Manufacturer": "Siemens",
    "ManufacturersModelName": "Skyra",
    "Modality": "MR",
    "MultibandAccelerationFactor": 3,
    "PartialFourier": 0.75,
    "PatientPosition": "HFS",
    "PercentPhaseFOV": 100,
    "PhaseEncodingDirection": "j-",
    "PhaseEncodingSteps": 96,
    "PhaseResolution": 1,
    "PixelBandwidth": 1220,
    "ProcedureStepDescription": "Turk-BrowneLab_Projects",
    "ProtocolName": "epi_acc3_shift2_1.5TR_220vol",
    "PulseSequenceDetails": "%CustomerSeq%_ep2d_bold_sliceaccl_667A",
    "ReceiveCoilActiveElements": "HE1-4",
    "ReceiveCoilName": "HeadNeck_20",
    "ReconMatrixPE": 128,
    "RepetitionTime": 1.5,
    "SAR": 0.0324317,
    "ScanOptions": "PFP",
    "ScanningSequence": "EP",
    "SequenceName": "epcaipi2d1_128",
    "SequenceVariant": "SK_SS",
    "SeriesDescription": "epi_acc3_shift2_1.5TR_220vol",
    "SeriesNumber": 8,
    "ShimSetting": [
      3369,
      8665,
      9450,
      403,
      83,
      611,
      625,
      39
    ],
    "SliceThickness": 1.5,
    "SliceTiming": [
      1.0575,
      0,
      0.74,
      0.1075,
      0.845,
      0.2125,
      0.9525,
      0.4225,
      1.1625,
      0.53,
      1.29,
      0.635,
      1.395,
      0.3175,
      1.0575,
      0,
      0.74,
      0.1075,
      0.845,
      0.2125,
      0.9525,
      0.4225,
      1.1625,
      0.53,
      1.29,
      0.635,
      1.395,
      0.3175,
      1.0575,
      0,
      0.74,
      0.1075,
      0.845,
      0.2125,
      0.9525,
      0.4225,
      1.1625,
      0.53,
      1.29,
      0.635,
      1.395,
      0.3175
    ],
    "SoftwareVersions": "syngo_MR_D13",
    "SpacingBetweenSlices": 1.5,
    "StationName": "AWP45031",
    "TaskName": "cue-action-outcome",
    "TotalReadoutTime": 0.119382,
    "TxRefAmp": 354.229,
    "dataset": "ds001946",
    "modality": "bold",
    "run_id": 4,
    "subject_id": "04",
    "task_id": "actions"
  },
  "dummy_trs": 0,
  "dvars_nstd": 81.17870964844751,
  "dvars_std": 1.0669355447488593,
  "dvars_vstd": 1.003488016073059,
  "efc": 0.6433521621339268,
  "fber": 161.699462890625,
  "fd_mean": 0.28415951112107196,
  "fd_num": 162,
  "fd_perc": 73.63636363636364,
  "fwhm_avg": 2.8108023731058736,
  "fwhm_x": 2.7367399999999997,
  "fwhm_y": 3.3168935969363527,
  "fwhm_z": 2.378773522381268,
  "gcor": 0.00515848,
  "gsr_x": -0.033270008862018585,
  "gsr_y": 0.08248146623373032,
  "provenance": {
    "md5sum": "6dbbd8624131f5c4491a0a3da62beb1a",
    "settings": {
      "fd_thres": 0.2,
      "testing": false
    },
    "software": "mriqc",
    "version": "22.0.6",
    "webapi_port": null,
    "webapi_url": "https://mriqc.nimh.nih.gov/api/v1"
  },
  "size_t": 220,
  "size_x": 128,
  "size_y": 128,
  "size_z": 42,
  "snr": 3.5040152533948947,
  "spacing_tr": 1.5,
  "spacing_x": 1.5,
  "spacing_y": 1.4999998807907104,
  "spacing_z": 1.4999998807907104,
  "summary_bg_k": 24.257825386969113,
  "summary_bg_mad": 31.795077149155187,
  "summary_bg_mean": 78.01934814453125,
  "summary_bg_median": 46.77727127075195,
  "summary_bg_n": 405245.0,
  "summary_bg_p05": 19.099998474121094,
  "summary_bg_p95": 247.42908020019516,
  "summary_bg_stdv": 94.11776733398438,
  "summary_fg_k": 1.2015937090580682,
  "summary_fg_mad": 169.7781787256685,
  "summary_fg_mean": 640.7549438476562,
  "summary_fg_median": 632.54541015625,
  "summary_fg_n": 181984.0,
  "summary_fg_p05": 363.61952819824216,
  "summary_fg_p95": 942.1629486083984,
  "summary_fg_stdv": 180.51966857910156,
  "tsnr": 16.716943124192767
}