{
  "aor": 0.0008811818181818183,
  "aqi": 0.03188463318181818,
  "bids_meta": {
    "AcquisitionMatrixPE": 128,
    "AcquisitionNumber": 1,
    "AcquisitionTime": "13:42:33.832500",
    "BandwidthPerPixelPhaseEncode": 8.311,
    "BaseResolution": 128,
    "BodyPartExamined": "BRAIN",
    "ConsistencyInfo": "N4_VD13A_LATEST_20120616",
    "ConversionSoftware": "dcm2niix",
    "ConversionSoftwareVersion": "v1.0.20180518 GCC4.8.5",
    "DerivedVendorReportedEchoSpacing": 0.000940019,
    "DeviceSerialNumber": "45031",
    "DwellTime": 3.2e-06,
    "EchoTime": 0.04,
    "EchoTrainLength": 96,
    "EffectiveEchoSpacing": 0.000940019,
    "FlipAngle": 64,
    "ImageOrientationPatientDICOM": [
      1,
      0,
      0,
      0,
      0.977783,
      0.209619
    ],
    "ImageType": [
      "ORIGINAL",
      "PRIMARY",
      "M",
      "ND",
      "MOSAIC"
    ],
    "InPlanePhaseEncodingDirectionDICOM": "COL",
    "InstitutionAddress": "Washington_and_Faculty_Rd._-_Building_25_25_Princeton_NJ_US_085",
    "InstitutionName": "Princeton_University_-_Neuroscience_Institute",
    "InstitutionalDepartmentName": "Department",
    "MRAcquisitionType": "2D",
    "MagneticFieldStrength": 3,
    "Manufacturer": "Siemens",
    "ManufacturersModelName": "Skyra",
    "Modality": "MR",
    "MultibandAccelerationFactor": 3,
    "PartialFourier": 0.75,
    "PatientPosition": "HFS",
    "PercentPhaseFOV": 100,
    "PhaseEncodingDirection": "j-",
    "PhaseEncodingSteps": 96,
    "PhaseResolution": 1,
    "PixelBandwidth": 1220,
    "ProcedureStepDescription": "Turk-BrowneLab_Projects",
    "ProtocolName": "epi_acc3_shift2_1.5TR_220vol",
    "PulseSequenceDetails": "%CustomerSeq%_ep2d_bold_sliceaccl_667A",
    "ReceiveCoilActiveElements": "HE1-4",
    "ReceiveCoilName": "HeadNeck_20",
    "ReconMatrixPE": 128,
    "RepetitionTime": 1.5,
    "SAR": 0.0374297,
    "ScanOptions": "PFP",
    "ScanningSequence": "EP",
    "SequenceName": "epcaipi2d1_128",
    "SequenceVariant": "SK_SS",
    "SeriesDescription": "epi_acc3_shift2_1.5TR_220vol",
    "SeriesNumber": 7,
    "ShimSetting": [
      3437,
      8603,
      9468,
      896,
      301,
      370,
      309,
      256
    ],
    "SliceThickness": 1.5,
    "SliceTiming": [
      1.0575,
      0,
      0.74,
      0.105,
      0.845,
      0.2125,
      0.9525,
      0.4225,
      1.1625,
      0.53,
      1.2875,
      0.635,
      1.395,
      0.3175,
      1.0575,
      0,
      0.74,
      0.105,
      0.845,
      0.2125,
      0.9525,
      0.4225,
      1.1625,
      0.53,
      1.2875,
      0.635,
      1.395,
      0.3175,
      1.0575,
      0,
      0.74,
      0.105,
      0.845,
      0.2125,
      0.9525,
      0.4225,
      1.1625,
      0.53,
      1.2875,
      0.635,
      1.395,
      0.3175
    ],
    "SoftwareVersions": "syngo_MR_D13",
    "SpacingBetweenSlices": 1.5,
    "StationName": "AWP45031",
    "TaskName": "cue-action-outcome",
    "TotalReadoutTime": 0.119382,
    "TxRefAmp": 350.349,
    "dataset": "ds001946",
    "modality": "bold",
    "run_id": 3,
    "subject_id": "16",
    "task_id": "actions"
  },
  "dummy_trs": 0,
  "dvars_nstd": 72.02584664662098,
  "dvars_std": 1.0308622740182645,
  "dvars_vstd": 1.0027190105479442,
  "efc": 0.62566253723207,
  "fber": 191.8874969482422,
  "fd_mean": 0.20707209644860028,
  "fd_num": 99,
  "fd_perc": 45.0,
  "fwhm_avg": 2.699604299842175,
  "fwhm_x": 2.64026,
  "fwhm_y": 3.1164130856630736,
  "fwhm_z": 2.3421398138634513,
  "gcor": 0.00178432,
  "gsr_x": -0.01670774631202221,
  "gsr_y": 0.06861046701669693,
  "provenance": {
    "md5sum": "91ea0f162c0c2ce6cb7eff2a1c8de27d",
    "settings": {
      "fd_thres": 0.2,
      "testing": false
    },
    "software": "mriqc",
    "version": "22.0.6",
    "webapi_port": null,
    "webapi_url": "https://mriqc.nimh.nih.gov/api/v1"
  },
  "size_t": 220,
  "size_x": 128,
  "size_y": 128,
  "size_z": 42,
  "snr": 3.792689441266078,
  "spacing_tr": 1.5,
  "spacing_x": 1.5,
  "spacing_y": 1.5000001192092896,
  "spacing_z": 1.5000001192092896,
  "summary_bg_k": 21.337987136364244,
  "summary_bg_mad": 28.263787354655147,
  "summary_bg_mean": 70.3532943725586,
  "summary_bg_median": 43.731815338134766,
  "summary_bg_n": 421668.0,
  "summary_bg_p05": 18.39090919494629,
  "summary_bg_p95": 225.52567596435532,
  "summary_bg_stdv": 80.80152893066406,
  "summary_fg_k": 0.4555654881121889,
  "summary_fg_mad": 156.90653284763002,
  "summary_fg_mean": 616.6486206054688,
  "summary_fg_median": 616.3499755859375,
  "summary_fg_n": 168462.0,
  "summary_fg_p05": 356.07317810058595,
  "summary_fg_p95": 886.2860900878906,
  "summary_fg_stdv": 162.509521484375,
  "tsnr": 18.309145965031348
}