{
  "aor": 0.000682846153846154,
  "aqi": 0.026793597692307693,
  "bids_meta": {
    "AcquisitionMatrixPE": 128,
    "AcquisitionNumber": 1,
    "AcquisitionTime": "14:18:53.320000",
    "BandwidthPerPixelPhaseEncode": 8.311,
    "BaseResolution": 128,
    "BodyPartExamined": "BRAIN",
    "ConsistencyInfo": "N4_VD13A_LATEST_20120616",
    "ConversionSoftware": "dcm2niix",
    "ConversionSoftwareVersion": "v1.0.20180518 GCC4.8.5",
    "DerivedVendorReportedEchoSpacing": 0.000940019,
    "DeviceSerialNumber": "45031",
    "DwellTime": 3.2e-06,
    "EchoTime": 0.04,
    "EchoTrainLength": 96,
    "EffectiveEchoSpacing": 0.000940019,
    "FlipAngle": 64,
    "ImageOrientationPatientDICOM": [
      1,
      0,
      0,
      0,
      0.977783,
      0.209619
    ],
    "ImageType": [
      "ORIGINAL",
      "PRIMARY",
      "M",
      "ND",
      "MOSAIC"
    ],
    "InPlanePhaseEncodingDirectionDICOM": "COL",
    "InstitutionAddress": "Washington_and_Faculty_Rd._-_Building_25_25_Princeton_NJ_US_085",
    "InstitutionName": "Princeton_University_-_Neuroscience_Institute",
    "InstitutionalDepartmentName": "Department",
    "MRAcquisitionType": "2D",
    "MagneticFieldStrength": 3,
    "Manufacturer": "Siemens",
    "ManufacturersModelName": "Skyra",
    "Modality": "MR",
    "MultibandAccelerationFactor": 3,
    "PartialFourier": 0.75,
    "PatientPosition": "HFS",
    "PercentPhaseFOV": 100,
    "PhaseEncodingDirection": "j-",
    "PhaseEncodingSteps": 96,
    "PhaseResolution": 1,
    "PixelBandwidth": 1220,
    "ProcedureStepDescription": "Turk-BrowneLab_Projects",
    "ProtocolName": "epi_acc3_shift2_1.5TR_260vol",
    "PulseSequenceDetails": "%CustomerSeq%_ep2d_bold_sliceaccl_667A",
    "ReceiveCoilActiveElements": "HE1-4",
    "ReceiveCoilName": "HeadNeck_20",
    "ReconMatrixPE": 128,
    "RepetitionTime": 1.5,
    "SAR": 0.0374669,
    "ScanOptions": "PFP",
    "ScanningSequence": "EP",
    "SequenceName": "epcaipi2d1_128",
    "SequenceVariant": "SK_SS",
    "SeriesDescription": "epi_acc3_shift2_1.5TR_260vol",
    "SeriesNumber": 13,
    "ShimSetting": [
      3437,
      8603,
      9468,
      896,
      301,
      370,
      309,
      256
    ],
    "SliceThickness": 1.5,
    "SliceTiming": [
      1.0575,
      0,
      0.74,
      0.105,
      0.845,
      0.21,
      0.95,
      0.4225,
      1.1625,
      0.5275,
      1.2875,
      0.6325,
      1.3925,
      0.3175,
      1.0575,
      0,
      0.74,
      0.105,
      0.845,
      0.21,
      0.95,
      0.4225,
      1.1625,
      0.5275,
      1.2875,
      0.6325,
      1.3925,
      0.3175,
      1.0575,
      0,
      0.74,
      0.105,
      0.845,
      0.21,
      0.95,
      0.4225,
      1.1625,
      0.5275,
      1.2875,
      0.6325,
      1.3925,
      0.3175
    ],
    "SoftwareVersions": "syngo_MR_D13",
    "SpacingBetweenSlices": 1.5,
    "StationName": "AWP45031",
    "TaskName": "Functional Localizer",
    "TotalReadoutTime": 0.119382,
    "TxRefAmp": 350.349,
    "dataset": "ds001946",
    "modality": "bold",
    "subject_id": "16",
    "task_id": "loc"
  },
  "dummy_trs": 0,
  "dvars_nstd": 72.62119614320466,
  "dvars_std": 1.039178557760619,
  "dvars_vstd": 1.0059567050579148,
  "efc": 0.628792334417399,
  "fber": 193.7045135498047,
  "fd_mean": 0.21389123580135852,
  "fd_num": 142,
  "fd_perc": 54.61538461538461,
  "fwhm_avg": 2.7492709624587284,
  "fwhm_x": 2.6363733333333332,
  "fwhm_y": 3.117406418917464,
  "fwhm_z": 2.4940331351253877,
  "gcor": 0.00221837,
  "gsr_x": -0.018646225333213806,
  "gsr_y": 0.0713152289390564,
  "provenance": {
    "md5sum": "7c6434479cd42ae4c7f44681462f0b6c",
    "settings": {
      "fd_thres": 0.2,
      "testing": false
    },
    "software": "mriqc",
    "version": "22.0.6",
    "webapi_port": null,
    "webapi_url": "https://mriqc.nimh.nih.gov/api/v1"
  },
  "size_t": 260,
  "size_x": 128,
  "size_y": 128,
  "size_z": 42,
  "snr": 3.7914679353880656,
  "spacing_tr": 1.5,
  "spacing_x": 1.5,
  "spacing_y": 1.5000001192092896,
  "spacing_z": 1.5000001192092896,
  "summary_bg_k": 21.318994278162798,
  "summary_bg_mad": 27.861518728653643,
  "summary_bg_mean": 70.67892456054688,
  "summary_bg_median": 43.19230651855469,
  "summary_bg_n": 419066.0,
  "summary_bg_p05": 18.350000381469727,
  "summary_bg_p95": 228.6298065185547,
  "summary_bg_stdv": 81.89094543457031,
  "summary_fg_k": 0.4431477718213195,
  "summary_fg_mad": 156.23776016111475,
  "summary_fg_mean": 616.568115234375,
  "summary_fg_median": 615.9019775390625,
  "summary_fg_n": 171020.0,
  "summary_fg_p05": 354.47308349609375,
  "summary_fg_p95": 887.1511779785153,
  "summary_fg_stdv": 162.4437255859375,
  "tsnr": 18.903664181707427
}