{
  "aor": 0.0004980000000000001,
  "aqi": 0.03712028772727273,
  "bids_meta": {
    "AcquisitionMatrixPE": 128,
    "AcquisitionNumber": 1,
    "AcquisitionTime": "13:30:18.125000",
    "BandwidthPerPixelPhaseEncode": 8.311,
    "BaseResolution": 128,
    "BodyPartExamined": "BRAIN",
    "ConsistencyInfo": "N4_VD13A_LATEST_20120616",
    "ConversionSoftware": "dcm2niix",
    "ConversionSoftwareVersion": "v1.0.20180518 GCC4.8.5",
    "DerivedVendorReportedEchoSpacing": 0.000940019,
    "DeviceSerialNumber": "45031",
    "DwellTime": 3.2e-06,
    "EchoTime": 0.04,
    "EchoTrainLength": 96,
    "EffectiveEchoSpacing": 0.000940019,
    "FlipAngle": 64,
    "ImageOrientationPatientDICOM": [
      1,
      0,
      0,
      0,
      0.977783,
      0.209619
    ],
    "ImageType": [
      "ORIGINAL",
      "PRIMARY",
      "M",
      "ND",
      "MOSAIC"
    ],
    "InPlanePhaseEncodingDirectionDICOM": "COL",
    "InstitutionAddress": "Washington_and_Faculty_Rd._-_Building_25_25_Princeton_NJ_US_085",
    "InstitutionName": "Princeton_University_-_Neuroscience_Institute",
    "InstitutionalDepartmentName": "Department",
    "MRAcquisitionType": "2D",
    "MagneticFieldStrength": 3,
    "Manufacturer": "Siemens",
    "ManufacturersModelName": "Skyra",
    "Modality": "MR",
    "MultibandAccelerationFactor": 3,
    "PartialFourier": 0.75,
    "PatientPosition": "HFS",
    "PercentPhaseFOV": 100,
    "PhaseEncodingDirection": "j-",
    "PhaseEncodingSteps": 96,
    "PhaseResolution": 1,
    "PixelBandwidth": 1220,
    "ProcedureStepDescription": "Turk-BrowneLab_Projects",
    "ProtocolName": "epi_acc3_shift2_1.5TR_220vol",
    "PulseSequenceDetails": "%CustomerSeq%_ep2d_bold_sliceaccl_667A",
    "ReceiveCoilActiveElements": "HE1-4",
    "ReceiveCoilName": "HeadNeck_20",
    "ReconMatrixPE": 128,
    "RepetitionTime": 1.5,
    "SAR": 0.0374297,
    "ScanOptions": "PFP",
    "ScanningSequence": "EP",
    "SequenceName": "epcaipi2d1_128",
    "SequenceVariant": "SK_SS",
    "SeriesDescription": "epi_acc3_shift2_1.5TR_220vol",
    "SeriesNumber": 5,
    "ShimSetting": [
      3437,
      8603,
      9468,
      896,
      301,
      370,
      309,
      256
    ],
    "SliceThickness": 1.5,
    "SliceTiming": [
      1.0575,
      0,
      0.74,
      0.1075,
      0.8475,
      0.2125,
      0.9525,
      0.425,
      1.165,
      0.53,
      1.29,
      0.635,
      1.395,
      0.3175,
      1.0575,
      0,
      0.74,
      0.1075,
      0.8475,
      0.2125,
      0.9525,
      0.425,
      1.165,
      0.53,
      1.29,
      0.635,
      1.395,
      0.3175,
      1.0575,
      0,
      0.74,
      0.1075,
      0.8475,
      0.2125,
      0.9525,
      0.425,
      1.165,
      0.53,
      1.29,
      0.635,
      1.395,
      0.3175
    ],
    "SoftwareVersions": "syngo_MR_D13",
    "SpacingBetweenSlices": 1.5,
    "StationName": "AWP45031",
    "TaskName": "cue-action-outcome",
    "TotalReadoutTime": 0.119382,
    "TxRefAmp": 350.349,
    "dataset": "ds001946",
    "modality": "bold",
    "run_id": 1,
    "subject_id": "16",
    "task_id": "actions"
  },
  "dummy_trs": 0,
  "dvars_nstd": 74.339123416621,
  "dvars_std": 1.0185357626027396,
  "dvars_vstd": 0.990235028401826,
  "efc": 0.6317347518994033,
  "fber": 201.04824829101562,
  "fd_mean": 0.24146739888888094,
  "fd_num": 140,
  "fd_perc": 63.63636363636363,
  "fwhm_avg": 2.6616109671234316,
  "fwhm_x": 2.54948,
  "fwhm_y": 3.0121464272827767,
  "fwhm_z": 2.4232064740875185,
  "gcor": 0.00316618,
  "gsr_x": -0.019911352545022964,
  "gsr_y": 0.07279098033905029,
  "provenance": {
    "md5sum": "b7c04145510f5077d5076a722fd5cfd0",
    "settings": {
      "fd_thres": 0.2,
      "testing": false
    },
    "software": "mriqc",
    "version": "22.0.6",
    "webapi_port": null,
    "webapi_url": "https://mriqc.nimh.nih.gov/api/v1"
  },
  "size_t": 220,
  "size_x": 128,
  "size_y": 128,
  "size_z": 42,
  "snr": 3.875968345670309,
  "spacing_tr": 1.5,
  "spacing_x": 1.5,
  "spacing_y": 1.5000001192092896,
  "spacing_z": 1.5000001192092896,
  "summary_bg_k": 23.017441006441526,
  "summary_bg_mad": 26.572275678953652,
  "summary_bg_mean": 70.1111831665039,
  "summary_bg_median": 42.186363220214844,
  "summary_bg_n": 414892.0,
  "summary_bg_p05": 18.040908813476562,
  "summary_bg_p95": 229.15658721923808,
  "summary_bg_stdv": 84.69740295410156,
  "summary_fg_k": 0.43883765464113367,
  "summary_fg_mad": 154.95215654061252,
  "summary_fg_mean": 622.2630615234375,
  "summary_fg_median": 622.4772338867188,
  "summary_fg_n": 174836.0,
  "summary_fg_p05": 362.9124984741211,
  "summary_fg_p95": 886.7420349121094,
  "summary_fg_stdv": 160.59869384765625,
  "tsnr": 17.49470906483475
}