{
  "aor": 0.0014800454545454546,
  "aqi": 0.028600960454545455,
  "bids_meta": {
    "AcquisitionMatrixPE": 128,
    "AcquisitionNumber": 1,
    "AcquisitionTime": "14:00:31.930000",
    "BandwidthPerPixelPhaseEncode": 8.311,
    "BaseResolution": 128,
    "BodyPartExamined": "BRAIN",
    "ConsistencyInfo": "N4_VD13A_LATEST_20120616",
    "ConversionSoftware": "dcm2niix",
    "ConversionSoftwareVersion": "v1.0.20180518 GCC4.8.5",
    "DerivedVendorReportedEchoSpacing": 0.000940019,
    "DeviceSerialNumber": "45031",
    "DwellTime": 3.2e-06,
    "EchoTime": 0.04,
    "EchoTrainLength": 96,
    "EffectiveEchoSpacing": 0.000940019,
    "FlipAngle": 64,
    "ImageOrientationPatientDICOM": [
      1,
      0,
      0,
      0,
      0.977783,
      0.209619
    ],
    "ImageType": [
      "ORIGINAL",
      "PRIMARY",
      "M",
      "ND",
      "MOSAIC"
    ],
    "InPlanePhaseEncodingDirectionDICOM": "COL",
    "InstitutionAddress": "Washington_and_Faculty_Rd._-_Building_25_25_Princeton_NJ_US_085",
    "InstitutionName": "Princeton_University_-_Neuroscience_Institute",
    "InstitutionalDepartmentName": "Department",
    "MRAcquisitionType": "2D",
    "MagneticFieldStrength": 3,
    "Manufacturer": "Siemens",
    "ManufacturersModelName": "Skyra",
    "Modality": "MR",
    "MultibandAccelerationFactor": 3,
    "PartialFourier": 0.75,
    "PatientPosition": "HFS",
    "PercentPhaseFOV": 100,
    "PhaseEncodingDirection": "j-",
    "PhaseEncodingSteps": 96,
    "PhaseResolution": 1,
    "PixelBandwidth": 1220,
    "ProcedureStepDescription": "Turk-BrowneLab_Projects",
    "ProtocolName": "epi_acc3_shift2_1.5TR_220vol",
    "PulseSequenceDetails": "%CustomerSeq%_ep2d_bold_sliceaccl_667A",
    "ReceiveCoilActiveElements": "HE1-4",
    "ReceiveCoilName": "HeadNeck_20",
    "ReconMatrixPE": 128,
    "RepetitionTime": 1.5,
    "SAR": 0.0374297,
    "ScanOptions": "PFP",
    "ScanningSequence": "EP",
    "SequenceName": "epcaipi2d1_128",
    "SequenceVariant": "SK_SS",
    "SeriesDescription": "epi_acc3_shift2_1.5TR_220vol",
    "SeriesNumber": 10,
    "ShimSetting": [
      3437,
      8603,
      9468,
      896,
      301,
      370,
      309,
      256
    ],
    "SliceThickness": 1.5,
    "SliceTiming": [
      1.0575,
      0,
      0.74,
      0.1075,
      0.8475,
      0.2125,
      0.9525,
      0.425,
      1.165,
      0.53,
      1.29,
      0.635,
      1.395,
      0.3175,
      1.0575,
      0,
      0.74,
      0.1075,
      0.8475,
      0.2125,
      0.9525,
      0.425,
      1.165,
      0.53,
      1.29,
      0.635,
      1.395,
      0.3175,
      1.0575,
      0,
      0.74,
      0.1075,
      0.8475,
      0.2125,
      0.9525,
      0.425,
      1.165,
      0.53,
      1.29,
      0.635,
      1.395,
      0.3175
    ],
    "SoftwareVersions": "syngo_MR_D13",
    "SpacingBetweenSlices": 1.5,
    "StationName": "AWP45031",
    "TaskName": "cue-action-outcome",
    "TotalReadoutTime": 0.119382,
    "TxRefAmp": 350.349,
    "dataset": "ds001946",
    "modality": "bold",
    "run_id": 6,
    "subject_id": "16",
    "task_id": "actions"
  },
  "dummy_trs": 0,
  "dvars_nstd": 72.01329754707767,
  "dvars_std": 1.0440868188127852,
  "dvars_vstd": 1.0134928861643835,
  "efc": 0.6283833746021736,
  "fber": 195.0617218017578,
  "fd_mean": 0.21586072934519532,
  "fd_num": 109,
  "fd_perc": 49.54545454545455,
  "fwhm_avg": 2.6614309690683977,
  "fwhm_x": 2.62236,
  "fwhm_y": 3.0983797537629005,
  "fwhm_z": 2.2635531534422912,
  "gcor": 0.00374896,
  "gsr_x": -0.01803193800151348,
  "gsr_y": 0.06936987489461899,
  "provenance": {
    "md5sum": "b27b51d4575e5f8cd0e7ad2904f507f2",
    "settings": {
      "fd_thres": 0.2,
      "testing": false
    },
    "software": "mriqc",
    "version": "22.0.6",
    "webapi_port": null,
    "webapi_url": "https://mriqc.nimh.nih.gov/api/v1"
  },
  "size_t": 220,
  "size_x": 128,
  "size_y": 128,
  "size_z": 42,
  "snr": 3.769213888400573,
  "spacing_tr": 1.5,
  "spacing_x": 1.5,
  "spacing_y": 1.5000001192092896,
  "spacing_z": 1.5000001192092896,
  "summary_bg_k": 22.137493161960766,
  "summary_bg_mad": 27.920091764374288,
  "summary_bg_mean": 70.48944091796875,
  "summary_bg_median": 42.981815338134766,
  "summary_bg_n": 419347.0,
  "summary_bg_p05": 18.19999885559082,
  "summary_bg_p95": 228.13044128417948,
  "summary_bg_stdv": 81.85985565185547,
  "summary_fg_k": 0.5527001761272881,
  "summary_fg_mad": 157.2771834022564,
  "summary_fg_mean": 619.7320556640625,
  "summary_fg_median": 618.1727294921875,
  "summary_fg_n": 170805.0,
  "summary_fg_p05": 357.6781799316406,
  "summary_fg_p95": 892.3181762695312,
  "summary_fg_stdv": 164.00526428222656,
  "tsnr": 19.180882440588903
}