{
  "aor": 0.0005317272727272727,
  "aqi": 0.025855791363636364,
  "bids_meta": {
    "AcquisitionMatrixPE": 128,
    "AcquisitionNumber": 1,
    "AcquisitionTime": "14:12:28.670000",
    "BandwidthPerPixelPhaseEncode": 8.311,
    "BaseResolution": 128,
    "BodyPartExamined": "BRAIN",
    "ConsistencyInfo": "N4_VD13A_LATEST_20120616",
    "ConversionSoftware": "dcm2niix",
    "ConversionSoftwareVersion": "v1.0.20180518 GCC4.8.5",
    "DerivedVendorReportedEchoSpacing": 0.000940019,
    "DeviceSerialNumber": "45031",
    "DwellTime": 3.2e-06,
    "EchoTime": 0.04,
    "EchoTrainLength": 96,
    "EffectiveEchoSpacing": 0.000940019,
    "FlipAngle": 64,
    "ImageOrientationPatientDICOM": [
      1,
      0,
      0,
      0,
      0.977783,
      0.209619
    ],
    "ImageType": [
      "ORIGINAL",
      "PRIMARY",
      "M",
      "ND",
      "MOSAIC"
    ],
    "InPlanePhaseEncodingDirectionDICOM": "COL",
    "InstitutionAddress": "Washington_and_Faculty_Rd._-_Building_25_25_Princeton_NJ_US_085",
    "InstitutionName": "Princeton_University_-_Neuroscience_Institute",
    "InstitutionalDepartmentName": "Department",
    "MRAcquisitionType": "2D",
    "MagneticFieldStrength": 3,
    "Manufacturer": "Siemens",
    "ManufacturersModelName": "Skyra",
    "Modality": "MR",
    "MultibandAccelerationFactor": 3,
    "PartialFourier": 0.75,
    "PatientPosition": "HFS",
    "PercentPhaseFOV": 100,
    "PhaseEncodingDirection": "j-",
    "PhaseEncodingSteps": 96,
    "PhaseResolution": 1,
    "PixelBandwidth": 1220,
    "ProcedureStepDescription": "Turk-BrowneLab_Projects",
    "ProtocolName": "epi_acc3_shift2_1.5TR_220vol",
    "PulseSequenceDetails": "%CustomerSeq%_ep2d_bold_sliceaccl_667A",
    "ReceiveCoilActiveElements": "HE1-4",
    "ReceiveCoilName": "HeadNeck_20",
    "ReconMatrixPE": 128,
    "RepetitionTime": 1.5,
    "SAR": 0.0374297,
    "ScanOptions": "PFP",
    "ScanningSequence": "EP",
    "SequenceName": "epcaipi2d1_128",
    "SequenceVariant": "SK_SS",
    "SeriesDescription": "epi_acc3_shift2_1.5TR_220vol",
    "SeriesNumber": 12,
    "ShimSetting": [
      3437,
      8603,
      9468,
      896,
      301,
      370,
      309,
      256
    ],
    "SliceThickness": 1.5,
    "SliceTiming": [
      1.0575,
      0,
      0.74,
      0.105,
      0.845,
      0.21,
      0.95,
      0.4225,
      1.1625,
      0.5275,
      1.2875,
      0.635,
      1.395,
      0.3175,
      1.0575,
      0,
      0.74,
      0.105,
      0.845,
      0.21,
      0.95,
      0.4225,
      1.1625,
      0.5275,
      1.2875,
      0.635,
      1.395,
      0.3175,
      1.0575,
      0,
      0.74,
      0.105,
      0.845,
      0.21,
      0.95,
      0.4225,
      1.1625,
      0.5275,
      1.2875,
      0.635,
      1.395,
      0.3175
    ],
    "SoftwareVersions": "syngo_MR_D13",
    "SpacingBetweenSlices": 1.5,
    "StationName": "AWP45031",
    "TaskName": "cue-action-outcome",
    "TotalReadoutTime": 0.119382,
    "TxRefAmp": 350.349,
    "dataset": "ds001946",
    "modality": "bold",
    "run_id": 8,
    "subject_id": "16",
    "task_id": "actions"
  },
  "dummy_trs": 0,
  "dvars_nstd": 73.98818307826487,
  "dvars_std": 1.0425533492694066,
  "dvars_vstd": 1.003424942648402,
  "efc": 0.6302202562136158,
  "fber": 195.79798889160156,
  "fd_mean": 0.22154458538250488,
  "fd_num": 120,
  "fd_perc": 54.54545454545455,
  "fwhm_avg": 2.735746518271599,
  "fwhm_x": 2.605513333333333,
  "fwhm_y": 3.072299755835553,
  "fwhm_z": 2.529426465645912,
  "gcor": 0.00360554,
  "gsr_x": -0.01939452439546585,
  "gsr_y": 0.07191126048564911,
  "provenance": {
    "md5sum": "37a87e15796cc479c0faee09d6f89b46",
    "settings": {
      "fd_thres": 0.2,
      "testing": false
    },
    "software": "mriqc",
    "version": "22.0.6",
    "webapi_port": null,
    "webapi_url": "https://mriqc.nimh.nih.gov/api/v1"
  },
  "size_t": 220,
  "size_x": 128,
  "size_y": 128,
  "size_z": 42,
  "snr": 3.807026140648731,
  "spacing_tr": 1.5,
  "spacing_x": 1.5,
  "spacing_y": 1.5000001192092896,
  "spacing_z": 1.5000001192092896,
  "summary_bg_k": 21.586265869318183,
  "summary_bg_mad": 27.212490016232042,
  "summary_bg_mean": 70.6204833984375,
  "summary_bg_median": 42.66363525390625,
  "summary_bg_n": 417869.0,
  "summary_bg_p05": 18.28636360168457,
  "summary_bg_p95": 230.7936279296874,
  "summary_bg_stdv": 82.93172454833984,
  "summary_fg_k": 0.43906276402024247,
  "summary_fg_mad": 156.8795665719272,
  "summary_fg_mean": 617.9705810546875,
  "summary_fg_median": 618.0136108398438,
  "summary_fg_n": 171905.0,
  "summary_fg_p05": 356.6463562011719,
  "summary_fg_p95": 886.8672485351562,
  "summary_fg_stdv": 162.33453369140625,
  "tsnr": 19.088677315972745
}