{
  "aor": 0.000801590909090909,
  "aqi": 0.023332804999999998,
  "bids_meta": {
    "AcquisitionMatrixPE": 128,
    "AcquisitionNumber": 1,
    "AcquisitionTime": "13:19:34.745000",
    "BandwidthPerPixelPhaseEncode": 8.311,
    "BaseResolution": 128,
    "BodyPartExamined": "BRAIN",
    "ConsistencyInfo": "N4_VD13A_LATEST_20120616",
    "ConversionSoftware": "dcm2niix",
    "ConversionSoftwareVersion": "v1.0.20180518 GCC4.8.5",
    "DerivedVendorReportedEchoSpacing": 0.000940019,
    "DeviceSerialNumber": "45031",
    "DwellTime": 3.2e-06,
    "EchoTime": 0.04,
    "EchoTrainLength": 96,
    "EffectiveEchoSpacing": 0.000940019,
    "FlipAngle": 64,
    "ImageOrientationPatientDICOM": [
      1,
      0,
      0,
      0,
      0.986572,
      0.163326
    ],
    "ImageType": [
      "ORIGINAL",
      "PRIMARY",
      "M",
      "ND",
      "MOSAIC"
    ],
    "InPlanePhaseEncodingDirectionDICOM": "COL",
    "InstitutionAddress": "Washington_and_Faculty_Rd._-_Building_25_25_Princeton_NJ_US_085",
    "InstitutionName": "Princeton_University_-_Neuroscience_Institute",
    "InstitutionalDepartmentName": "Department",
    "MRAcquisitionType": "2D",
    "MagneticFieldStrength": 3,
    "Manufacturer": "Siemens",
    "ManufacturersModelName": "Skyra",
    "Modality": "MR",
    "MultibandAccelerationFactor": 3,
    "PartialFourier": 0.75,
    "PatientPosition": "HFS",
    "PercentPhaseFOV": 100,
    "PhaseEncodingDirection": "j-",
    "PhaseEncodingSteps": 96,
    "PhaseResolution": 1,
    "PixelBandwidth": 1220,
    "ProcedureStepDescription": "Turk-BrowneLab_Projects",
    "ProtocolName": "epi_acc3_shift2_1.5TR_220vol",
    "PulseSequenceDetails": "%CustomerSeq%_ep2d_bold_sliceaccl_667A",
    "ReceiveCoilActiveElements": "HE1-4",
    "ReceiveCoilName": "HeadNeck_20",
    "ReconMatrixPE": 128,
    "RepetitionTime": 1.5,
    "SAR": 0.0389175,
    "ScanOptions": "PFP",
    "ScanningSequence": "EP",
    "SequenceName": "epcaipi2d1_128",
    "SequenceVariant": "SK_SS",
    "SeriesDescription": "epi_acc3_shift2_1.5TR_220vol",
    "SeriesNumber": 9,
    "ShimSetting": [
      3382,
      8551,
      9517,
      781,
      43,
      -237,
      708,
      156
    ],
    "SliceThickness": 1.5,
    "SliceTiming": [
      1.055,
      0,
      0.7375,
      0.105,
      0.845,
      0.21,
      0.95,
      0.4225,
      1.1625,
      0.5275,
      1.2875,
      0.6325,
      1.3925,
      0.315,
      1.055,
      0,
      0.7375,
      0.105,
      0.845,
      0.21,
      0.95,
      0.4225,
      1.1625,
      0.5275,
      1.2875,
      0.6325,
      1.3925,
      0.315,
      1.055,
      0,
      0.7375,
      0.105,
      0.845,
      0.21,
      0.95,
      0.4225,
      1.1625,
      0.5275,
      1.2875,
      0.6325,
      1.3925,
      0.315
    ],
    "SoftwareVersions": "syngo_MR_D13",
    "SpacingBetweenSlices": 1.5,
    "StationName": "AWP45031",
    "TaskName": "cue-action-outcome",
    "TotalReadoutTime": 0.119382,
    "TxRefAmp": 331.783,
    "dataset": "ds001946",
    "modality": "bold",
    "run_id": 5,
    "subject_id": "02",
    "task_id": "actions"
  },
  "dummy_trs": 0,
  "dvars_nstd": 71.76463979789955,
  "dvars_std": 1.062399684703196,
  "dvars_vstd": 1.0079011954794523,
  "efc": 0.6318031527165552,
  "fber": 205.4105224609375,
  "fd_mean": 0.15895268973202778,
  "fd_num": 66,
  "fd_perc": 30.0,
  "fwhm_avg": 2.59471569576918,
  "fwhm_x": 2.49126,
  "fwhm_y": 2.9579469017431657,
  "fwhm_z": 2.3349401855643737,
  "gcor": 0.00353182,
  "gsr_x": -0.007474291604012251,
  "gsr_y": 0.024001967161893845,
  "provenance": {
    "md5sum": "5f77e492d338805f0062191c379257c1",
    "settings": {
      "fd_thres": 0.2,
      "testing": false
    },
    "software": "mriqc",
    "version": "22.0.6",
    "webapi_port": null,
    "webapi_url": "https://mriqc.nimh.nih.gov/api/v1"
  },
  "size_t": 220,
  "size_x": 128,
  "size_y": 128,
  "size_z": 42,
  "snr": 4.09301136481507,
  "spacing_tr": 1.5,
  "spacing_x": 1.5,
  "spacing_y": 1.4999998807907104,
  "spacing_z": 1.4999998807907104,
  "summary_bg_k": 17.564623274830623,
  "summary_bg_mad": 27.232703411651887,
  "summary_bg_mean": 73.13201141357422,
  "summary_bg_median": 45.59545135498047,
  "summary_bg_n": 410236.0,
  "summary_bg_p05": 19.959091186523438,
  "summary_bg_p95": 230.74090576171875,
  "summary_bg_stdv": 80.60787963867188,
  "summary_fg_k": 0.9785888941299312,
  "summary_fg_mad": 152.66079227816806,
  "summary_fg_mean": 676.2539672851562,
  "summary_fg_median": 681.595458984375,
  "summary_fg_n": 174103.0,
  "summary_fg_p05": 394.8095367431641,
  "summary_fg_p95": 934.3295166015623,
  "summary_fg_stdv": 166.5261688232422,
  "tsnr": 21.127685850660782
}