{
  "aor": 0.0004585384615384615,
  "aqi": 0.025429661538461542,
  "bids_meta": {
    "AcquisitionMatrixPE": 128,
    "AcquisitionNumber": 1,
    "AcquisitionTime": "13:41:28.452500",
    "BandwidthPerPixelPhaseEncode": 8.311,
    "BaseResolution": 128,
    "BodyPartExamined": "BRAIN",
    "ConsistencyInfo": "N4_VD13A_LATEST_20120616",
    "ConversionSoftware": "dcm2niix",
    "ConversionSoftwareVersion": "v1.0.20180518 GCC4.8.5",
    "DerivedVendorReportedEchoSpacing": 0.000940019,
    "DeviceSerialNumber": "45031",
    "DwellTime": 3.2e-06,
    "EchoTime": 0.04,
    "EchoTrainLength": 96,
    "EffectiveEchoSpacing": 0.000940019,
    "FlipAngle": 64,
    "ImageOrientationPatientDICOM": [
      1,
      0,
      0,
      0,
      0.986572,
      0.163326
    ],
    "ImageType": [
      "ORIGINAL",
      "PRIMARY",
      "M",
      "ND",
      "MOSAIC"
    ],
    "InPlanePhaseEncodingDirectionDICOM": "COL",
    "InstitutionAddress": "Washington_and_Faculty_Rd._-_Building_25_25_Princeton_NJ_US_085",
    "InstitutionName": "Princeton_University_-_Neuroscience_Institute",
    "InstitutionalDepartmentName": "Department",
    "MRAcquisitionType": "2D",
    "MagneticFieldStrength": 3,
    "Manufacturer": "Siemens",
    "ManufacturersModelName": "Skyra",
    "Modality": "MR",
    "MultibandAccelerationFactor": 3,
    "PartialFourier": 0.75,
    "PatientPosition": "HFS",
    "PercentPhaseFOV": 100,
    "PhaseEncodingDirection": "j-",
    "PhaseEncodingSteps": 96,
    "PhaseResolution": 1,
    "PixelBandwidth": 1220,
    "ProcedureStepDescription": "Turk-BrowneLab_Projects",
    "ProtocolName": "epi_acc3_shift2_1.5TR_260vol",
    "PulseSequenceDetails": "%CustomerSeq%_ep2d_bold_sliceaccl_667A",
    "ReceiveCoilActiveElements": "HE1-4",
    "ReceiveCoilName": "HeadNeck_20",
    "ReconMatrixPE": 128,
    "RepetitionTime": 1.5,
    "SAR": 0.0389561,
    "ScanOptions": "PFP",
    "ScanningSequence": "EP",
    "SequenceName": "epcaipi2d1_128",
    "SequenceVariant": "SK_SS",
    "SeriesDescription": "epi_acc3_shift2_1.5TR_260vol",
    "SeriesNumber": 13,
    "ShimSetting": [
      3382,
      8551,
      9517,
      781,
      43,
      -237,
      708,
      156
    ],
    "SliceThickness": 1.5,
    "SliceTiming": [
      1.0575,
      0,
      0.74,
      0.105,
      0.845,
      0.21,
      0.95,
      0.4225,
      1.1625,
      0.5275,
      1.2875,
      0.6325,
      1.3925,
      0.3175,
      1.0575,
      0,
      0.74,
      0.105,
      0.845,
      0.21,
      0.95,
      0.4225,
      1.1625,
      0.5275,
      1.2875,
      0.6325,
      1.3925,
      0.3175,
      1.0575,
      0,
      0.74,
      0.105,
      0.845,
      0.21,
      0.95,
      0.4225,
      1.1625,
      0.5275,
      1.2875,
      0.6325,
      1.3925,
      0.3175
    ],
    "SoftwareVersions": "syngo_MR_D13",
    "SpacingBetweenSlices": 1.5,
    "StationName": "AWP45031",
    "TaskName": "Functional Localizer",
    "TotalReadoutTime": 0.119382,
    "TxRefAmp": 331.783,
    "dataset": "ds001946",
    "modality": "bold",
    "subject_id": "02",
    "task_id": "loc"
  },
  "dummy_trs": 0,
  "dvars_nstd": 70.22634163050188,
  "dvars_std": 1.050430608494208,
  "dvars_vstd": 1.0007283745173743,
  "efc": 0.635148486919824,
  "fber": 201.9484100341797,
  "fd_mean": 0.1537930201931141,
  "fd_num": 75,
  "fd_perc": 28.846153846153847,
  "fwhm_avg": 2.5168445801830397,
  "fwhm_x": 2.4265733333333332,
  "fwhm_y": 2.863300227554657,
  "fwhm_z": 2.260660179661129,
  "gcor": 0.00239034,
  "gsr_x": -0.0075912438333034515,
  "gsr_y": 0.024830009788274765,
  "provenance": {
    "md5sum": "2dccc5978d28236f0ff5f0e90f798530",
    "settings": {
      "fd_thres": 0.2,
      "testing": false
    },
    "software": "mriqc",
    "version": "22.0.6",
    "webapi_port": null,
    "webapi_url": "https://mriqc.nimh.nih.gov/api/v1"
  },
  "size_t": 260,
  "size_x": 128,
  "size_y": 128,
  "size_z": 42,
  "snr": 4.21645453794222,
  "spacing_tr": 1.5,
  "spacing_x": 1.5,
  "spacing_y": 1.4999998807907104,
  "spacing_z": 1.4999998807907104,
  "summary_bg_k": 16.94705385289266,
  "summary_bg_mad": 28.386128166917125,
  "summary_bg_mean": 75.79898834228516,
  "summary_bg_median": 46.54999923706055,
  "summary_bg_n": 411446.0,
  "summary_bg_p05": 19.980770111083984,
  "summary_bg_p95": 246.09807968139648,
  "summary_bg_stdv": 85.38793182373047,
  "summary_fg_k": 0.8850183622160843,
  "summary_fg_mad": 150.81482401911015,
  "summary_fg_mean": 680.1461181640625,
  "summary_fg_median": 684.107666015625,
  "summary_fg_n": 176052.0,
  "summary_fg_p05": 410.69307708740234,
  "summary_fg_p95": 935.1534851074217,
  "summary_fg_stdv": 162.24667358398438,
  "tsnr": 21.28080440632766
}