{
  "aor": 0.0005496818181818182,
  "aqi": 0.024728549545454552,
  "bids_meta": {
    "AcquisitionMatrixPE": 128,
    "AcquisitionNumber": 1,
    "AcquisitionTime": "13:01:12.245000",
    "BandwidthPerPixelPhaseEncode": 8.311,
    "BaseResolution": 128,
    "BodyPartExamined": "BRAIN",
    "ConsistencyInfo": "N4_VD13A_LATEST_20120616",
    "ConversionSoftware": "dcm2niix",
    "ConversionSoftwareVersion": "v1.0.20180518 GCC4.8.5",
    "DerivedVendorReportedEchoSpacing": 0.000940019,
    "DeviceSerialNumber": "45031",
    "DwellTime": 3.2e-06,
    "EchoTime": 0.04,
    "EchoTrainLength": 96,
    "EffectiveEchoSpacing": 0.000940019,
    "FlipAngle": 64,
    "ImageOrientationPatientDICOM": [
      1,
      0,
      0,
      0,
      0.986572,
      0.163326
    ],
    "ImageType": [
      "ORIGINAL",
      "PRIMARY",
      "M",
      "ND",
      "MOSAIC"
    ],
    "InPlanePhaseEncodingDirectionDICOM": "COL",
    "InstitutionAddress": "Washington_and_Faculty_Rd._-_Building_25_25_Princeton_NJ_US_085",
    "InstitutionName": "Princeton_University_-_Neuroscience_Institute",
    "InstitutionalDepartmentName": "Department",
    "MRAcquisitionType": "2D",
    "MagneticFieldStrength": 3,
    "Manufacturer": "Siemens",
    "ManufacturersModelName": "Skyra",
    "Modality": "MR",
    "MultibandAccelerationFactor": 3,
    "PartialFourier": 0.75,
    "PatientPosition": "HFS",
    "PercentPhaseFOV": 100,
    "PhaseEncodingDirection": "j-",
    "PhaseEncodingSteps": 96,
    "PhaseResolution": 1,
    "PixelBandwidth": 1220,
    "ProcedureStepDescription": "Turk-BrowneLab_Projects",
    "ProtocolName": "epi_acc3_shift2_1.5TR_220vol",
    "PulseSequenceDetails": "%CustomerSeq%_ep2d_bold_sliceaccl_667A",
    "ReceiveCoilActiveElements": "HE1-4",
    "ReceiveCoilName": "HeadNeck_20",
    "ReconMatrixPE": 128,
    "RepetitionTime": 1.5,
    "SAR": 0.0389175,
    "ScanOptions": "PFP",
    "ScanningSequence": "EP",
    "SequenceName": "epcaipi2d1_128",
    "SequenceVariant": "SK_SS",
    "SeriesDescription": "epi_acc3_shift2_1.5TR_220vol",
    "SeriesNumber": 6,
    "ShimSetting": [
      3382,
      8551,
      9517,
      781,
      43,
      -237,
      708,
      156
    ],
    "SliceThickness": 1.5,
    "SliceTiming": [
      1.0575,
      0,
      0.74,
      0.105,
      0.845,
      0.21,
      0.95,
      0.4225,
      1.1625,
      0.5275,
      1.2875,
      0.6325,
      1.3925,
      0.3175,
      1.0575,
      0,
      0.74,
      0.105,
      0.845,
      0.21,
      0.95,
      0.4225,
      1.1625,
      0.5275,
      1.2875,
      0.6325,
      1.3925,
      0.3175,
      1.0575,
      0,
      0.74,
      0.105,
      0.845,
      0.21,
      0.95,
      0.4225,
      1.1625,
      0.5275,
      1.2875,
      0.6325,
      1.3925,
      0.3175
    ],
    "SoftwareVersions": "syngo_MR_D13",
    "SpacingBetweenSlices": 1.5,
    "StationName": "AWP45031",
    "TaskName": "cue-action-outcome",
    "TotalReadoutTime": 0.119382,
    "TxRefAmp": 331.783,
    "dataset": "ds001946",
    "modality": "bold",
    "run_id": 2,
    "subject_id": "02",
    "task_id": "actions"
  },
  "dummy_trs": 0,
  "dvars_nstd": 71.54756363109585,
  "dvars_std": 1.0611505916894972,
  "dvars_vstd": 1.0020475194520548,
  "efc": 0.6301513737005684,
  "fber": 207.14710998535156,
  "fd_mean": 0.1590302036967949,
  "fd_num": 74,
  "fd_perc": 33.63636363636363,
  "fwhm_avg": 2.487562355947682,
  "fwhm_x": 2.41472,
  "fwhm_y": 2.8320935584079074,
  "fwhm_z": 2.215873509435138,
  "gcor": 0.00254391,
  "gsr_x": -0.006980687379837036,
  "gsr_y": 0.02502329833805561,
  "provenance": {
    "md5sum": "11d2dbcb534422484ba0407b0e7bccf6",
    "settings": {
      "fd_thres": 0.2,
      "testing": false
    },
    "software": "mriqc",
    "version": "22.0.6",
    "webapi_port": null,
    "webapi_url": "https://mriqc.nimh.nih.gov/api/v1"
  },
  "size_t": 220,
  "size_x": 128,
  "size_y": 128,
  "size_z": 42,
  "snr": 4.18729329678315,
  "spacing_tr": 1.5,
  "spacing_x": 1.5,
  "spacing_y": 1.4999998807907104,
  "spacing_z": 1.4999998807907104,
  "summary_bg_k": 15.390344683034954,
  "summary_bg_mad": 27.785314114807267,
  "summary_bg_mean": 75.67424774169922,
  "summary_bg_median": 45.813636779785156,
  "summary_bg_n": 418218.0,
  "summary_bg_p05": 20.077272415161133,
  "summary_bg_p95": 248.32340545654282,
  "summary_bg_stdv": 85.17605590820312,
  "summary_fg_k": 0.9756743588773773,
  "summary_fg_mad": 151.077111771206,
  "summary_fg_mean": 680.0073852539062,
  "summary_fg_median": 683.9772338867188,
  "summary_fg_n": 169620.0,
  "summary_fg_p05": 408.8856704711914,
  "summary_fg_p95": 936.2681274414062,
  "summary_fg_stdv": 163.34542846679688,
  "tsnr": 20.94322681578342
}