{
  "aor": 0.001383410138248848,
  "aqi": 0.02814316129032258,
  "bids_meta": {
    "AcquisitionMatrixPE": 128,
    "AcquisitionNumber": 1,
    "AcquisitionTime": "12:30:30.867500",
    "BandwidthPerPixelPhaseEncode": 8.311,
    "BaseResolution": 128,
    "BodyPartExamined": "BRAIN",
    "ConsistencyInfo": "N4_VD13A_LATEST_20120616",
    "ConversionSoftware": "dcm2niix",
    "ConversionSoftwareVersion": "v1.0.20180518 GCC4.8.5",
    "DerivedVendorReportedEchoSpacing": 0.000940019,
    "DeviceSerialNumber": "45031",
    "DwellTime": 3.2e-06,
    "EchoTime": 0.04,
    "EchoTrainLength": 96,
    "EffectiveEchoSpacing": 0.000940019,
    "FlipAngle": 64,
    "ImageOrientationPatientDICOM": [
      1,
      0,
      0,
      0,
      0.989776,
      0.142629
    ],
    "ImageType": [
      "ORIGINAL",
      "PRIMARY",
      "M",
      "ND",
      "MOSAIC"
    ],
    "InPlanePhaseEncodingDirectionDICOM": "COL",
    "InstitutionAddress": "Washington_and_Faculty_Rd._-_Building_25_25_Princeton_NJ_US_085",
    "InstitutionName": "Princeton_University_-_Neuroscience_Institute",
    "InstitutionalDepartmentName": "Department",
    "MRAcquisitionType": "2D",
    "MagneticFieldStrength": 3,
    "Manufacturer": "Siemens",
    "ManufacturersModelName": "Skyra",
    "Modality": "MR",
    "MultibandAccelerationFactor": 3,
    "PartialFourier": 0.75,
    "PatientPosition": "HFS",
    "PercentPhaseFOV": 100,
    "PhaseEncodingDirection": "j-",
    "PhaseEncodingSteps": 96,
    "PhaseResolution": 1,
    "PixelBandwidth": 1220,
    "ProcedureStepDescription": "Turk-BrowneLab_Projects",
    "ProtocolName": "epi_acc3_shift2_1.5TR_220vol",
    "PulseSequenceDetails": "%CustomerSeq%_ep2d_bold_sliceaccl_667A",
    "ReceiveCoilActiveElements": "HE1-4",
    "ReceiveCoilName": "HeadNeck_20",
    "ReconMatrixPE": 128,
    "RepetitionTime": 1.5,
    "SAR": 0.0424207,
    "ScanOptions": "PFP",
    "ScanningSequence": "EP",
    "SequenceName": "epcaipi2d1_128",
    "SequenceVariant": "SK_SS",
    "SeriesDescription": "epi_acc3_shift2_1.5TR_220vol",
    "SeriesNumber": 10,
    "ShimSetting": [
      3408,
      8713,
      9397,
      294,
      110,
      692,
      271,
      74
    ],
    "SliceThickness": 1.5,
    "SliceTiming": [
      1.0575,
      0,
      0.74,
      0.105,
      0.845,
      0.2125,
      0.9525,
      0.4225,
      1.1625,
      0.5275,
      1.2875,
      0.635,
      1.395,
      0.3175,
      1.0575,
      0,
      0.74,
      0.105,
      0.845,
      0.2125,
      0.9525,
      0.4225,
      1.1625,
      0.5275,
      1.2875,
      0.635,
      1.395,
      0.3175,
      1.0575,
      0,
      0.74,
      0.105,
      0.845,
      0.2125,
      0.9525,
      0.4225,
      1.1625,
      0.5275,
      1.2875,
      0.635,
      1.395,
      0.3175
    ],
    "SoftwareVersions": "syngo_MR_D13",
    "SpacingBetweenSlices": 1.5,
    "StationName": "AWP45031",
    "TaskName": "cue-action-outcome",
    "TotalReadoutTime": 0.119382,
    "TxRefAmp": 366.322,
    "dataset": "ds001946",
    "modality": "bold",
    "run_id": 6,
    "subject_id": "19",
    "task_id": "actions"
  },
  "dummy_trs": 3,
  "dvars_nstd": 78.3440342301852,
  "dvars_std": 1.0479056397685174,
  "dvars_vstd": 1.010841554490741,
  "efc": 0.6625891694140685,
  "fber": 124.37797546386719,
  "fd_mean": 0.1554366816047596,
  "fd_num": 59,
  "fd_perc": 27.1889400921659,
  "fwhm_avg": 2.813042222222222,
  "fwhm_x": 2.6834466666666668,
  "fwhm_y": 3.1588,
  "fwhm_z": 2.59688,
  "gcor": 0.00705998,
  "gsr_x": -0.013373389840126038,
  "gsr_y": 0.06278082728385925,
  "provenance": {
    "md5sum": "9a66f1455173837e7f7a3403af8b8bcd",
    "settings": {
      "fd_thres": 0.2,
      "testing": false
    },
    "software": "mriqc",
    "version": "22.0.6",
    "webapi_port": null,
    "webapi_url": "https://mriqc.nimh.nih.gov/api/v1"
  },
  "size_t": 217,
  "size_x": 128,
  "size_y": 128,
  "size_z": 42,
  "snr": 3.4490917251381004,
  "spacing_tr": 1.5,
  "spacing_x": 1.5,
  "spacing_y": 1.5,
  "spacing_z": 1.5,
  "summary_bg_k": 29.663389193742304,
  "summary_bg_mad": 33.70358024681333,
  "summary_bg_mean": 83.90672302246094,
  "summary_bg_median": 53.22119903564453,
  "summary_bg_n": 389183.0,
  "summary_bg_p05": 21.382488250732422,
  "summary_bg_p95": 248.73593749999952,
  "summary_bg_stdv": 96.77159881591797,
  "summary_fg_k": 0.3273165962037523,
  "summary_fg_mad": 174.11006659200652,
  "summary_fg_mean": 633.3262329101562,
  "summary_fg_median": 625.1820068359375,
  "summary_fg_n": 194524.0,
  "summary_fg_p05": 345.83479766845704,
  "summary_fg_p95": 938.0295135498048,
  "summary_fg_stdv": 181.25942993164062,
  "tsnr": 17.648346269270405
}