{
  "aor": 0.0008238636363636364,
  "aqi": 0.026817016363636363,
  "bids_meta": {
    "AcquisitionMatrixPE": 128,
    "AcquisitionNumber": 1,
    "AcquisitionTime": "12:36:42.507500",
    "BandwidthPerPixelPhaseEncode": 8.311,
    "BaseResolution": 128,
    "BodyPartExamined": "BRAIN",
    "ConsistencyInfo": "N4_VD13A_LATEST_20120616",
    "ConversionSoftware": "dcm2niix",
    "ConversionSoftwareVersion": "v1.0.20180518 GCC4.8.5",
    "DerivedVendorReportedEchoSpacing": 0.000940019,
    "DeviceSerialNumber": "45031",
    "DwellTime": 3.2e-06,
    "EchoTime": 0.04,
    "EchoTrainLength": 96,
    "EffectiveEchoSpacing": 0.000940019,
    "FlipAngle": 64,
    "ImageOrientationPatientDICOM": [
      1,
      0,
      0,
      0,
      0.989776,
      0.142629
    ],
    "ImageType": [
      "ORIGINAL",
      "PRIMARY",
      "M",
      "ND",
      "MOSAIC"
    ],
    "InPlanePhaseEncodingDirectionDICOM": "COL",
    "InstitutionAddress": "Washington_and_Faculty_Rd._-_Building_25_25_Princeton_NJ_US_085",
    "InstitutionName": "Princeton_University_-_Neuroscience_Institute",
    "InstitutionalDepartmentName": "Department",
    "MRAcquisitionType": "2D",
    "MagneticFieldStrength": 3,
    "Manufacturer": "Siemens",
    "ManufacturersModelName": "Skyra",
    "Modality": "MR",
    "MultibandAccelerationFactor": 3,
    "PartialFourier": 0.75,
    "PatientPosition": "HFS",
    "PercentPhaseFOV": 100,
    "PhaseEncodingDirection": "j-",
    "PhaseEncodingSteps": 96,
    "PhaseResolution": 1,
    "PixelBandwidth": 1220,
    "ProcedureStepDescription": "Turk-BrowneLab_Projects",
    "ProtocolName": "epi_acc3_shift2_1.5TR_220vol",
    "PulseSequenceDetails": "%CustomerSeq%_ep2d_bold_sliceaccl_667A",
    "ReceiveCoilActiveElements": "HE1-4",
    "ReceiveCoilName": "HeadNeck_20",
    "ReconMatrixPE": 128,
    "RepetitionTime": 1.5,
    "SAR": 0.0424207,
    "ScanOptions": "PFP",
    "ScanningSequence": "EP",
    "SequenceName": "epcaipi2d1_128",
    "SequenceVariant": "SK_SS",
    "SeriesDescription": "epi_acc3_shift2_1.5TR_220vol",
    "SeriesNumber": 11,
    "ShimSetting": [
      3408,
      8713,
      9397,
      294,
      110,
      692,
      271,
      74
    ],
    "SliceThickness": 1.5,
    "SliceTiming": [
      1.0575,
      0,
      0.74,
      0.1075,
      0.8475,
      0.2125,
      0.9525,
      0.425,
      1.165,
      0.53,
      1.29,
      0.635,
      1.395,
      0.3175,
      1.0575,
      0,
      0.74,
      0.1075,
      0.8475,
      0.2125,
      0.9525,
      0.425,
      1.165,
      0.53,
      1.29,
      0.635,
      1.395,
      0.3175,
      1.0575,
      0,
      0.74,
      0.1075,
      0.8475,
      0.2125,
      0.9525,
      0.425,
      1.165,
      0.53,
      1.29,
      0.635,
      1.395,
      0.3175
    ],
    "SoftwareVersions": "syngo_MR_D13",
    "SpacingBetweenSlices": 1.5,
    "StationName": "AWP45031",
    "TaskName": "cue-action-outcome",
    "TotalReadoutTime": 0.119382,
    "TxRefAmp": 366.322,
    "dataset": "ds001946",
    "modality": "bold",
    "run_id": 7,
    "subject_id": "19",
    "task_id": "actions"
  },
  "dummy_trs": 0,
  "dvars_nstd": 77.72608808429221,
  "dvars_std": 1.0288325409132426,
  "dvars_vstd": 0.9993439212328769,
  "efc": 0.6644212778570923,
  "fber": 119.87185668945312,
  "fd_mean": 0.16470985072685188,
  "fd_num": 58,
  "fd_perc": 26.363636363636363,
  "fwhm_avg": 2.7901955555555555,
  "fwhm_x": 2.699033333333333,
  "fwhm_y": 3.1769133333333333,
  "fwhm_z": 2.49464,
  "gcor": 0.00948698,
  "gsr_x": -0.015211798250675201,
  "gsr_y": 0.06740450859069824,
  "provenance": {
    "md5sum": "6dfe3fa298c842ca5183fafde900ea20",
    "settings": {
      "fd_thres": 0.2,
      "testing": false
    },
    "software": "mriqc",
    "version": "22.0.6",
    "webapi_port": null,
    "webapi_url": "https://mriqc.nimh.nih.gov/api/v1"
  },
  "size_t": 220,
  "size_x": 128,
  "size_y": 128,
  "size_z": 42,
  "snr": 3.4128652779025,
  "spacing_tr": 1.5,
  "spacing_x": 1.5,
  "spacing_y": 1.5,
  "spacing_z": 1.5,
  "summary_bg_k": 27.560491712669542,
  "summary_bg_mad": 34.88495677978247,
  "summary_bg_mean": 85.43897247314453,
  "summary_bg_median": 53.88636016845703,
  "summary_bg_n": 388910.0,
  "summary_bg_p05": 21.386362075805664,
  "summary_bg_p95": 255.38430633544917,
  "summary_bg_stdv": 98.53295135498047,
  "summary_fg_k": 0.32228542635035584,
  "summary_fg_mad": 175.50634053191993,
  "summary_fg_mean": 630.9745483398438,
  "summary_fg_median": 623.1135864257812,
  "summary_fg_n": 195353.0,
  "summary_fg_p05": 338.92998657226565,
  "summary_fg_p95": 938.1654418945312,
  "summary_fg_stdv": 182.57737731933594,
  "tsnr": 17.8753443476744
}