{
  "aor": 0.0009526153846153847,
  "aqi": 0.025169677307692307,
  "bids_meta": {
    "AcquisitionMatrixPE": 128,
    "AcquisitionNumber": 1,
    "AcquisitionTime": "12:49:11.985000",
    "BandwidthPerPixelPhaseEncode": 8.311,
    "BaseResolution": 128,
    "BodyPartExamined": "BRAIN",
    "ConsistencyInfo": "N4_VD13A_LATEST_20120616",
    "ConversionSoftware": "dcm2niix",
    "ConversionSoftwareVersion": "v1.0.20180518 GCC4.8.5",
    "DerivedVendorReportedEchoSpacing": 0.000940019,
    "DeviceSerialNumber": "45031",
    "DwellTime": 3.2e-06,
    "EchoTime": 0.04,
    "EchoTrainLength": 96,
    "EffectiveEchoSpacing": 0.000940019,
    "FlipAngle": 64,
    "ImageOrientationPatientDICOM": [
      1,
      0,
      0,
      0,
      0.989776,
      0.142629
    ],
    "ImageType": [
      "ORIGINAL",
      "PRIMARY",
      "M",
      "ND",
      "MOSAIC"
    ],
    "InPlanePhaseEncodingDirectionDICOM": "COL",
    "InstitutionAddress": "Washington_and_Faculty_Rd._-_Building_25_25_Princeton_NJ_US_085",
    "InstitutionName": "Princeton_University_-_Neuroscience_Institute",
    "InstitutionalDepartmentName": "Department",
    "MRAcquisitionType": "2D",
    "MagneticFieldStrength": 3,
    "Manufacturer": "Siemens",
    "ManufacturersModelName": "Skyra",
    "Modality": "MR",
    "MultibandAccelerationFactor": 3,
    "PartialFourier": 0.75,
    "PatientPosition": "HFS",
    "PercentPhaseFOV": 100,
    "PhaseEncodingDirection": "j-",
    "PhaseEncodingSteps": 96,
    "PhaseResolution": 1,
    "PixelBandwidth": 1220,
    "ProcedureStepDescription": "Turk-BrowneLab_Projects",
    "ProtocolName": "epi_acc3_shift2_1.5TR_260vol",
    "PulseSequenceDetails": "%CustomerSeq%_ep2d_bold_sliceaccl_667A",
    "ReceiveCoilActiveElements": "HE1-4",
    "ReceiveCoilName": "HeadNeck_20",
    "ReconMatrixPE": 128,
    "RepetitionTime": 1.5,
    "SAR": 0.0424628,
    "ScanOptions": "PFP",
    "ScanningSequence": "EP",
    "SequenceName": "epcaipi2d1_128",
    "SequenceVariant": "SK_SS",
    "SeriesDescription": "epi_acc3_shift2_1.5TR_260vol",
    "SeriesNumber": 13,
    "ShimSetting": [
      3408,
      8713,
      9397,
      294,
      110,
      692,
      271,
      74
    ],
    "SliceThickness": 1.5,
    "SliceTiming": [
      1.0575,
      0,
      0.74,
      0.105,
      0.845,
      0.2125,
      0.9525,
      0.4225,
      1.1625,
      0.5275,
      1.2875,
      0.635,
      1.395,
      0.3175,
      1.0575,
      0,
      0.74,
      0.105,
      0.845,
      0.2125,
      0.9525,
      0.4225,
      1.1625,
      0.5275,
      1.2875,
      0.635,
      1.395,
      0.3175,
      1.0575,
      0,
      0.74,
      0.105,
      0.845,
      0.2125,
      0.9525,
      0.4225,
      1.1625,
      0.5275,
      1.2875,
      0.635,
      1.395,
      0.3175
    ],
    "SoftwareVersions": "syngo_MR_D13",
    "SpacingBetweenSlices": 1.5,
    "StationName": "AWP45031",
    "TaskName": "Functional Localizer",
    "TotalReadoutTime": 0.119382,
    "TxRefAmp": 366.322,
    "dataset": "ds001946",
    "modality": "bold",
    "subject_id": "19",
    "task_id": "loc"
  },
  "dummy_trs": 0,
  "dvars_nstd": 76.26791137382236,
  "dvars_std": 1.032482522586873,
  "dvars_vstd": 1.006340150386101,
  "efc": 0.6628378558677215,
  "fber": 121.89282989501953,
  "fd_mean": 0.16328888393208868,
  "fd_num": 67,
  "fd_perc": 25.76923076923077,
  "fwhm_avg": 2.8401333333333327,
  "fwhm_x": 2.70524,
  "fwhm_y": 3.1740399999999998,
  "fwhm_z": 2.64112,
  "gcor": 0.00626393,
  "gsr_x": -0.014683972112834454,
  "gsr_y": 0.06463967263698578,
  "provenance": {
    "md5sum": "73a3a27a8ed874427f849339b4e1acfd",
    "settings": {
      "fd_thres": 0.2,
      "testing": false
    },
    "software": "mriqc",
    "version": "22.0.6",
    "webapi_port": null,
    "webapi_url": "https://mriqc.nimh.nih.gov/api/v1"
  },
  "size_t": 260,
  "size_x": 128,
  "size_y": 128,
  "size_z": 42,
  "snr": 3.4031944969702845,
  "spacing_tr": 1.5,
  "spacing_x": 1.5,
  "spacing_y": 1.5,
  "spacing_z": 1.5,
  "summary_bg_k": 31.046520902622433,
  "summary_bg_mad": 33.563828427892155,
  "summary_bg_mean": 84.38153076171875,
  "summary_bg_median": 53.46538543701172,
  "summary_bg_n": 389501.0,
  "summary_bg_p05": 21.796154022216797,
  "summary_bg_p95": 248.81922912597656,
  "summary_bg_stdv": 97.17594146728516,
  "summary_fg_k": 0.34336800301487,
  "summary_fg_mad": 175.32336801691636,
  "summary_fg_mean": 631.479248046875,
  "summary_fg_median": 622.6115112304688,
  "summary_fg_n": 193817.0,
  "summary_fg_p05": 339.61077270507815,
  "summary_fg_p95": 940.8615112304688,
  "summary_fg_stdv": 182.94866943359375,
  "tsnr": 18.04598893446382
}