{
  "aor": 0.0009078181818181818,
  "aqi": 0.03072866954545455,
  "bids_meta": {
    "AcquisitionMatrixPE": 128,
    "AcquisitionNumber": 1,
    "AcquisitionTime": "18:24:7.427500",
    "BandwidthPerPixelPhaseEncode": 8.311,
    "BaseResolution": 128,
    "BodyPartExamined": "BRAIN",
    "ConsistencyInfo": "N4_VD13A_LATEST_20120616",
    "ConversionSoftware": "dcm2niix",
    "ConversionSoftwareVersion": "v1.0.20180518 GCC4.8.5",
    "DerivedVendorReportedEchoSpacing": 0.000940019,
    "DeviceSerialNumber": "45031",
    "DwellTime": 3.2e-06,
    "EchoTime": 0.04,
    "EchoTrainLength": 96,
    "EffectiveEchoSpacing": 0.000940019,
    "FlipAngle": 64,
    "ImageOrientationPatientDICOM": [
      1,
      0,
      0,
      0,
      0.961262,
      0.275637
    ],
    "ImageType": [
      "ORIGINAL",
      "PRIMARY",
      "M",
      "ND",
      "MOSAIC"
    ],
    "InPlanePhaseEncodingDirectionDICOM": "COL",
    "InstitutionAddress": "Washington_and_Faculty_Rd._-_Building_25_25_Princeton_NJ_US_085",
    "InstitutionName": "Princeton_University_-_Neuroscience_Institute",
    "InstitutionalDepartmentName": "Department",
    "MRAcquisitionType": "2D",
    "MagneticFieldStrength": 3,
    "Manufacturer": "Siemens",
    "ManufacturersModelName": "Skyra",
    "Modality": "MR",
    "MultibandAccelerationFactor": 3,
    "PartialFourier": 0.75,
    "PatientPosition": "HFS",
    "PercentPhaseFOV": 100,
    "PhaseEncodingDirection": "j-",
    "PhaseEncodingSteps": 96,
    "PhaseResolution": 1,
    "PixelBandwidth": 1220,
    "ProcedureStepDescription": "Turk-BrowneLab_Projects",
    "ProtocolName": "epi_acc3_shift2_1.5TR_220vol",
    "PulseSequenceDetails": "%CustomerSeq%_ep2d_bold_sliceaccl_667A",
    "ReceiveCoilActiveElements": "HE1-4",
    "ReceiveCoilName": "HeadNeck_20",
    "ReconMatrixPE": 128,
    "RepetitionTime": 1.5,
    "SAR": 0.0318194,
    "ScanOptions": "PFP",
    "ScanningSequence": "EP",
    "SequenceName": "epcaipi2d1_128",
    "SequenceVariant": "SK_SS",
    "SeriesDescription": "epi_acc3_shift2_1.5TR_220vol",
    "SeriesNumber": 7,
    "ShimSetting": [
      3361,
      8548,
      9391,
      786,
      109,
      -115,
      479,
      129
    ],
    "SliceThickness": 1.5,
    "SliceTiming": [
      1.0575,
      0,
      0.74,
      0.1075,
      0.8475,
      0.2125,
      0.9525,
      0.4225,
      1.1625,
      0.53,
      1.29,
      0.635,
      1.395,
      0.3175,
      1.0575,
      0,
      0.74,
      0.1075,
      0.8475,
      0.2125,
      0.9525,
      0.4225,
      1.1625,
      0.53,
      1.29,
      0.635,
      1.395,
      0.3175,
      1.0575,
      0,
      0.74,
      0.1075,
      0.8475,
      0.2125,
      0.9525,
      0.4225,
      1.1625,
      0.53,
      1.29,
      0.635,
      1.395,
      0.3175
    ],
    "SoftwareVersions": "syngo_MR_D13",
    "SpacingBetweenSlices": 1.5,
    "StationName": "AWP45031",
    "TaskName": "cue-action-outcome",
    "TotalReadoutTime": 0.119382,
    "TxRefAmp": 333.599,
    "dataset": "ds001946",
    "modality": "bold",
    "run_id": 3,
    "subject_id": "09",
    "task_id": "actions"
  },
  "dummy_trs": 0,
  "dvars_nstd": 89.1604055814155,
  "dvars_std": 1.0909451704566202,
  "dvars_vstd": 1.0065370562100457,
  "efc": 0.6519164962021033,
  "fber": 145.70693969726562,
  "fd_mean": 0.18029348270500628,
  "fd_num": 82,
  "fd_perc": 37.27272727272727,
  "fwhm_avg": 2.7948399999999993,
  "fwhm_x": 2.6740999999999997,
  "fwhm_y": 3.133706666666667,
  "fwhm_z": 2.576713333333333,
  "gcor": 0.00131523,
  "gsr_x": 0.002250355202704668,
  "gsr_y": 0.04425065591931343,
  "provenance": {
    "md5sum": "6d00c7644b76fa5a3b491aaedc24ec63",
    "settings": {
      "fd_thres": 0.2,
      "testing": false
    },
    "software": "mriqc",
    "version": "22.0.6",
    "webapi_port": null,
    "webapi_url": "https://mriqc.nimh.nih.gov/api/v1"
  },
  "size_t": 220,
  "size_x": 128,
  "size_y": 128,
  "size_z": 42,
  "snr": 3.6384059515894904,
  "spacing_tr": 1.5,
  "spacing_x": 1.5,
  "spacing_y": 1.5,
  "spacing_z": 1.5,
  "summary_bg_k": 24.44889896873092,
  "summary_bg_mad": 29.48356735943446,
  "summary_bg_mean": 70.6351547241211,
  "summary_bg_median": 47.80908966064453,
  "summary_bg_n": 394033.0,
  "summary_bg_p05": 20.327272415161133,
  "summary_bg_p95": 205.08636474609375,
  "summary_bg_stdv": 71.17670440673828,
  "summary_fg_k": 0.319347108048035,
  "summary_fg_mad": 161.4352383302552,
  "summary_fg_mean": 606.87158203125,
  "summary_fg_median": 604.3817749023438,
  "summary_fg_n": 187975.0,
  "summary_fg_p05": 343.5699951171875,
  "summary_fg_p95": 883.7863159179688,
  "summary_fg_stdv": 166.1112518310547,
  "tsnr": 16.7665268543642
}