{
  "aor": 0.001154,
  "aqi": 0.029921497727272726,
  "bids_meta": {
    "AcquisitionMatrixPE": 128,
    "AcquisitionNumber": 1,
    "AcquisitionTime": "18:41:58.885000",
    "BandwidthPerPixelPhaseEncode": 8.311,
    "BaseResolution": 128,
    "BodyPartExamined": "BRAIN",
    "ConsistencyInfo": "N4_VD13A_LATEST_20120616",
    "ConversionSoftware": "dcm2niix",
    "ConversionSoftwareVersion": "v1.0.20180518 GCC4.8.5",
    "DerivedVendorReportedEchoSpacing": 0.000940019,
    "DeviceSerialNumber": "45031",
    "DwellTime": 3.2e-06,
    "EchoTime": 0.04,
    "EchoTrainLength": 96,
    "EffectiveEchoSpacing": 0.000940019,
    "FlipAngle": 64,
    "ImageOrientationPatientDICOM": [
      1,
      0,
      0,
      0,
      0.961262,
      0.275637
    ],
    "ImageType": [
      "ORIGINAL",
      "PRIMARY",
      "M",
      "ND",
      "MOSAIC"
    ],
    "InPlanePhaseEncodingDirectionDICOM": "COL",
    "InstitutionAddress": "Washington_and_Faculty_Rd._-_Building_25_25_Princeton_NJ_US_085",
    "InstitutionName": "Princeton_University_-_Neuroscience_Institute",
    "InstitutionalDepartmentName": "Department",
    "MRAcquisitionType": "2D",
    "MagneticFieldStrength": 3,
    "Manufacturer": "Siemens",
    "ManufacturersModelName": "Skyra",
    "Modality": "MR",
    "MultibandAccelerationFactor": 3,
    "PartialFourier": 0.75,
    "PatientPosition": "HFS",
    "PercentPhaseFOV": 100,
    "PhaseEncodingDirection": "j-",
    "PhaseEncodingSteps": 96,
    "PhaseResolution": 1,
    "PixelBandwidth": 1220,
    "ProcedureStepDescription": "Turk-BrowneLab_Projects",
    "ProtocolName": "epi_acc3_shift2_1.5TR_220vol",
    "PulseSequenceDetails": "%CustomerSeq%_ep2d_bold_sliceaccl_667A",
    "ReceiveCoilActiveElements": "HE1-4",
    "ReceiveCoilName": "HeadNeck_20",
    "ReconMatrixPE": 128,
    "RepetitionTime": 1.5,
    "SAR": 0.0318194,
    "ScanOptions": "PFP",
    "ScanningSequence": "EP",
    "SequenceName": "epcaipi2d1_128",
    "SequenceVariant": "SK_SS",
    "SeriesDescription": "epi_acc3_shift2_1.5TR_220vol",
    "SeriesNumber": 10,
    "ShimSetting": [
      3361,
      8548,
      9391,
      786,
      109,
      -115,
      479,
      129
    ],
    "SliceThickness": 1.5,
    "SliceTiming": [
      1.055,
      0,
      0.74,
      0.105,
      0.845,
      0.21,
      0.95,
      0.4225,
      1.1625,
      0.5275,
      1.2875,
      0.6325,
      1.3925,
      0.315,
      1.055,
      0,
      0.74,
      0.105,
      0.845,
      0.21,
      0.95,
      0.4225,
      1.1625,
      0.5275,
      1.2875,
      0.6325,
      1.3925,
      0.315,
      1.055,
      0,
      0.74,
      0.105,
      0.845,
      0.21,
      0.95,
      0.4225,
      1.1625,
      0.5275,
      1.2875,
      0.6325,
      1.3925,
      0.315
    ],
    "SoftwareVersions": "syngo_MR_D13",
    "SpacingBetweenSlices": 1.5,
    "StationName": "AWP45031",
    "TaskName": "cue-action-outcome",
    "TotalReadoutTime": 0.119382,
    "TxRefAmp": 333.599,
    "dataset": "ds001946",
    "modality": "bold",
    "run_id": 6,
    "subject_id": "09",
    "task_id": "actions"
  },
  "dummy_trs": 0,
  "dvars_nstd": 88.04308482821924,
  "dvars_std": 1.088171455342466,
  "dvars_vstd": 1.0137568242465755,
  "efc": 0.6530645088925358,
  "fber": 143.9534454345703,
  "fd_mean": 0.20371860678902284,
  "fd_num": 103,
  "fd_perc": 46.81818181818182,
  "fwhm_avg": 2.8172933333333336,
  "fwhm_x": 2.6761933333333334,
  "fwhm_y": 3.1526266666666665,
  "fwhm_z": 2.62306,
  "gcor": 0.00120966,
  "gsr_x": 0.0014366164105013013,
  "gsr_y": 0.04671234264969826,
  "provenance": {
    "md5sum": "c1bc094d4909b416b57b277d952eec30",
    "settings": {
      "fd_thres": 0.2,
      "testing": false
    },
    "software": "mriqc",
    "version": "22.0.6",
    "webapi_port": null,
    "webapi_url": "https://mriqc.nimh.nih.gov/api/v1"
  },
  "size_t": 220,
  "size_x": 128,
  "size_y": 128,
  "size_z": 42,
  "snr": 3.64668690445548,
  "spacing_tr": 1.5,
  "spacing_x": 1.5,
  "spacing_y": 1.5,
  "spacing_z": 1.5,
  "summary_bg_k": 26.730895482363255,
  "summary_bg_mad": 29.635194689556762,
  "summary_bg_mean": 70.67674255371094,
  "summary_bg_median": 47.85908889770508,
  "summary_bg_n": 392892.0,
  "summary_bg_p05": 20.39090919494629,
  "summary_bg_p95": 205.09294281005864,
  "summary_bg_stdv": 71.49443817138672,
  "summary_fg_k": 0.285114837785021,
  "summary_fg_mad": 161.6373044163101,
  "summary_fg_mean": 604.9251708984375,
  "summary_fg_median": 602.8499755859375,
  "summary_fg_n": 189150.0,
  "summary_fg_p05": 342.4222747802734,
  "summary_fg_p95": 880.2252014160156,
  "summary_fg_stdv": 165.31399536132812,
  "tsnr": 16.827276476018596
}