{
  "aor": 0.001226318181818182,
  "aqi": 0.029076752272727272,
  "bids_meta": {
    "AcquisitionMatrixPE": 128,
    "AcquisitionNumber": 1,
    "AcquisitionTime": "18:47:56.852500",
    "BandwidthPerPixelPhaseEncode": 8.311,
    "BaseResolution": 128,
    "BodyPartExamined": "BRAIN",
    "ConsistencyInfo": "N4_VD13A_LATEST_20120616",
    "ConversionSoftware": "dcm2niix",
    "ConversionSoftwareVersion": "v1.0.20180518 GCC4.8.5",
    "DerivedVendorReportedEchoSpacing": 0.000940019,
    "DeviceSerialNumber": "45031",
    "DwellTime": 3.2e-06,
    "EchoTime": 0.04,
    "EchoTrainLength": 96,
    "EffectiveEchoSpacing": 0.000940019,
    "FlipAngle": 64,
    "ImageOrientationPatientDICOM": [
      1,
      0,
      0,
      0,
      0.961262,
      0.275637
    ],
    "ImageType": [
      "ORIGINAL",
      "PRIMARY",
      "M",
      "ND",
      "MOSAIC"
    ],
    "InPlanePhaseEncodingDirectionDICOM": "COL",
    "InstitutionAddress": "Washington_and_Faculty_Rd._-_Building_25_25_Princeton_NJ_US_085",
    "InstitutionName": "Princeton_University_-_Neuroscience_Institute",
    "InstitutionalDepartmentName": "Department",
    "MRAcquisitionType": "2D",
    "MagneticFieldStrength": 3,
    "Manufacturer": "Siemens",
    "ManufacturersModelName": "Skyra",
    "Modality": "MR",
    "MultibandAccelerationFactor": 3,
    "PartialFourier": 0.75,
    "PatientPosition": "HFS",
    "PercentPhaseFOV": 100,
    "PhaseEncodingDirection": "j-",
    "PhaseEncodingSteps": 96,
    "PhaseResolution": 1,
    "PixelBandwidth": 1220,
    "ProcedureStepDescription": "Turk-BrowneLab_Projects",
    "ProtocolName": "epi_acc3_shift2_1.5TR_220vol",
    "PulseSequenceDetails": "%CustomerSeq%_ep2d_bold_sliceaccl_667A",
    "ReceiveCoilActiveElements": "HE1-4",
    "ReceiveCoilName": "HeadNeck_20",
    "ReconMatrixPE": 128,
    "RepetitionTime": 1.5,
    "SAR": 0.0318194,
    "ScanOptions": "PFP",
    "ScanningSequence": "EP",
    "SequenceName": "epcaipi2d1_128",
    "SequenceVariant": "SK_SS",
    "SeriesDescription": "epi_acc3_shift2_1.5TR_220vol",
    "SeriesNumber": 11,
    "ShimSetting": [
      3361,
      8548,
      9391,
      786,
      109,
      -115,
      479,
      129
    ],
    "SliceThickness": 1.5,
    "SliceTiming": [
      1.0575,
      0,
      0.74,
      0.105,
      0.845,
      0.21,
      0.95,
      0.4225,
      1.1625,
      0.5275,
      1.2875,
      0.635,
      1.395,
      0.3175,
      1.0575,
      0,
      0.74,
      0.105,
      0.845,
      0.21,
      0.95,
      0.4225,
      1.1625,
      0.5275,
      1.2875,
      0.635,
      1.395,
      0.3175,
      1.0575,
      0,
      0.74,
      0.105,
      0.845,
      0.21,
      0.95,
      0.4225,
      1.1625,
      0.5275,
      1.2875,
      0.635,
      1.395,
      0.3175
    ],
    "SoftwareVersions": "syngo_MR_D13",
    "SpacingBetweenSlices": 1.5,
    "StationName": "AWP45031",
    "TaskName": "cue-action-outcome",
    "TotalReadoutTime": 0.119382,
    "TxRefAmp": 333.599,
    "dataset": "ds001946",
    "modality": "bold",
    "run_id": 7,
    "subject_id": "09",
    "task_id": "actions"
  },
  "dummy_trs": 0,
  "dvars_nstd": 86.89169301086757,
  "dvars_std": 1.0904256036073063,
  "dvars_vstd": 1.0186486678538813,
  "efc": 0.6534633093034211,
  "fber": 142.48092651367188,
  "fd_mean": 0.177730785526016,
  "fd_num": 75,
  "fd_perc": 34.09090909090909,
  "fwhm_avg": 2.792608888888889,
  "fwhm_x": 2.6845666666666665,
  "fwhm_y": 3.1345733333333334,
  "fwhm_z": 2.5586866666666666,
  "gcor": 0.00180626,
  "gsr_x": 0.0009673017193563282,
  "gsr_y": 0.045244622975587845,
  "provenance": {
    "md5sum": "7d55dfa1b9ae5abd7a16b595d4d8240f",
    "settings": {
      "fd_thres": 0.2,
      "testing": false
    },
    "software": "mriqc",
    "version": "22.0.6",
    "webapi_port": null,
    "webapi_url": "https://mriqc.nimh.nih.gov/api/v1"
  },
  "size_t": 220,
  "size_x": 128,
  "size_y": 128,
  "size_z": 42,
  "snr": 3.6278866772748684,
  "spacing_tr": 1.5,
  "spacing_x": 1.5,
  "spacing_y": 1.5,
  "spacing_z": 1.5,
  "summary_bg_k": 25.551576050201973,
  "summary_bg_mad": 30.19790784866309,
  "summary_bg_mean": 71.18634033203125,
  "summary_bg_median": 48.263633728027344,
  "summary_bg_n": 392546.0,
  "summary_bg_p05": 20.386362075805664,
  "summary_bg_p95": 206.0772705078125,
  "summary_bg_stdv": 71.81059265136719,
  "summary_fg_k": 0.27336327266155536,
  "summary_fg_mad": 163.470377728094,
  "summary_fg_mean": 608.2268676757812,
  "summary_fg_median": 605.8726806640625,
  "summary_fg_n": 189312.0,
  "summary_fg_p05": 343.6024765014648,
  "summary_fg_p95": 886.6590576171875,
  "summary_fg_stdv": 167.0038604736328,
  "tsnr": 17.143418430176098
}