{
  "aor": 0.0014604545454545454,
  "aqi": 0.022166358636363636,
  "bids_meta": {
    "AcquisitionMatrixPE": 128,
    "AcquisitionNumber": 1,
    "AcquisitionTime": "12:00:49.772500",
    "BandwidthPerPixelPhaseEncode": 8.311,
    "BaseResolution": 128,
    "BodyPartExamined": "BRAIN",
    "ConsistencyInfo": "N4_VD13A_LATEST_20120616",
    "ConversionSoftware": "dcm2niix",
    "ConversionSoftwareVersion": "v1.0.20180518 GCC4.8.5",
    "DerivedVendorReportedEchoSpacing": 0.000940019,
    "DeviceSerialNumber": "45031",
    "DwellTime": 3.2e-06,
    "EchoTime": 0.04,
    "EchoTrainLength": 96,
    "EffectiveEchoSpacing": 0.000940019,
    "FlipAngle": 64,
    "ImageOrientationPatientDICOM": [
      1,
      0,
      0,
      0,
      0.99863,
      0.052336
    ],
    "ImageType": [
      "ORIGINAL",
      "PRIMARY",
      "M",
      "ND",
      "MOSAIC"
    ],
    "InPlanePhaseEncodingDirectionDICOM": "COL",
    "InstitutionAddress": "Washington_and_Faculty_Rd._-_Building_25_25_Princeton_NJ_US_085",
    "InstitutionName": "Princeton_University_-_Neuroscience_Institute",
    "InstitutionalDepartmentName": "Department",
    "MRAcquisitionType": "2D",
    "MagneticFieldStrength": 3,
    "Manufacturer": "Siemens",
    "ManufacturersModelName": "Skyra",
    "Modality": "MR",
    "MultibandAccelerationFactor": 3,
    "PartialFourier": 0.75,
    "PatientPosition": "HFS",
    "PercentPhaseFOV": 100,
    "PhaseEncodingDirection": "j-",
    "PhaseEncodingSteps": 96,
    "PhaseResolution": 1,
    "PixelBandwidth": 1220,
    "ProcedureStepDescription": "Turk-BrowneLab_Projects",
    "ProtocolName": "epi_acc3_shift2_1.5TR_220vol",
    "PulseSequenceDetails": "%CustomerSeq%_ep2d_bold_sliceaccl_667A",
    "ReceiveCoilActiveElements": "HE1-4",
    "ReceiveCoilName": "HeadNeck_20",
    "ReconMatrixPE": 128,
    "RepetitionTime": 1.5,
    "SAR": 0.026014,
    "ScanOptions": "PFP",
    "ScanningSequence": "EP",
    "SequenceName": "epcaipi2d1_128",
    "SequenceVariant": "SK_SS",
    "SeriesDescription": "epi_acc3_shift2_1.5TR_220vol",
    "SeriesNumber": 8,
    "ShimSetting": [
      3358,
      8584,
      9247,
      615,
      254,
      98,
      755,
      81
    ],
    "SliceThickness": 1.5,
    "SliceTiming": [
      1.0575,
      0,
      0.74,
      0.105,
      0.845,
      0.21,
      0.95,
      0.4225,
      1.1625,
      0.5275,
      1.2875,
      0.6325,
      1.3925,
      0.3175,
      1.0575,
      0,
      0.74,
      0.105,
      0.845,
      0.21,
      0.95,
      0.4225,
      1.1625,
      0.5275,
      1.2875,
      0.6325,
      1.3925,
      0.3175,
      1.0575,
      0,
      0.74,
      0.105,
      0.845,
      0.21,
      0.95,
      0.4225,
      1.1625,
      0.5275,
      1.2875,
      0.6325,
      1.3925,
      0.3175
    ],
    "SoftwareVersions": "syngo_MR_D13",
    "SpacingBetweenSlices": 1.5,
    "StationName": "AWP45031",
    "TaskName": "cue-action-outcome",
    "TotalReadoutTime": 0.119382,
    "TxRefAmp": 368.464,
    "dataset": "ds001946",
    "modality": "bold",
    "run_id": 4,
    "subject_id": "17",
    "task_id": "actions"
  },
  "dummy_trs": 0,
  "dvars_nstd": 75.75275215589039,
  "dvars_std": 1.0296198319634702,
  "dvars_vstd": 1.006555943881278,
  "efc": 0.6749017106162425,
  "fber": 168.33836364746094,
  "fd_mean": 0.2319119557952362,
  "fd_num": 128,
  "fd_perc": 58.18181818181818,
  "fwhm_avg": 3.1782112834213536,
  "fwhm_x": 3.03014,
  "fwhm_y": 3.6699136249918642,
  "fwhm_z": 2.8345802252721968,
  "gcor": 0.00402356,
  "gsr_x": -0.0022057797759771347,
  "gsr_y": 0.05841677263379097,
  "provenance": {
    "md5sum": "0fdf569862035ad1718e7a6a5776a102",
    "settings": {
      "fd_thres": 0.2,
      "testing": false
    },
    "software": "mriqc",
    "version": "22.0.6",
    "webapi_port": null,
    "webapi_url": "https://mriqc.nimh.nih.gov/api/v1"
  },
  "size_t": 220,
  "size_x": 128,
  "size_y": 128,
  "size_z": 42,
  "snr": 3.076611719847737,
  "spacing_tr": 1.5,
  "spacing_x": 1.5,
  "spacing_y": 1.4999998807907104,
  "spacing_z": 1.4999998807907104,
  "summary_bg_k": 13.876484105589732,
  "summary_bg_mad": 30.48769068241355,
  "summary_bg_mean": 66.79149627685547,
  "summary_bg_median": 43.45454406738281,
  "summary_bg_n": 333547.0,
  "summary_bg_p05": 18.227272033691406,
  "summary_bg_p95": 196.8395370483399,
  "summary_bg_stdv": 65.21588897705078,
  "summary_fg_k": 0.4508990195044862,
  "summary_fg_mad": 192.0205601650009,
  "summary_fg_mean": 628.6113891601562,
  "summary_fg_median": 618.3954467773438,
  "summary_fg_n": 233100.0,
  "summary_fg_p05": 316.9897689819336,
  "summary_fg_p95": 974.6956604003906,
  "summary_fg_stdv": 200.99842834472656,
  "tsnr": 18.157722447358537
}