{
  "aor": 0.0013575454545454544,
  "aqi": 0.02614267545454545,
  "bids_meta": {
    "AcquisitionMatrixPE": 128,
    "AcquisitionNumber": 1,
    "AcquisitionTime": "18:53:51.755000",
    "BandwidthPerPixelPhaseEncode": 8.311,
    "BaseResolution": 128,
    "BodyPartExamined": "BRAIN",
    "ConsistencyInfo": "N4_VD13A_LATEST_20120616",
    "ConversionSoftware": "dcm2niix",
    "ConversionSoftwareVersion": "v1.0.20180518 GCC4.8.5",
    "DerivedVendorReportedEchoSpacing": 0.000940019,
    "DeviceSerialNumber": "45031",
    "DwellTime": 3.2e-06,
    "EchoTime": 0.04,
    "EchoTrainLength": 96,
    "EffectiveEchoSpacing": 0.000940019,
    "FlipAngle": 64,
    "ImageOrientationPatientDICOM": [
      1,
      0,
      0,
      0,
      0.961262,
      0.275637
    ],
    "ImageType": [
      "ORIGINAL",
      "PRIMARY",
      "M",
      "ND",
      "MOSAIC"
    ],
    "InPlanePhaseEncodingDirectionDICOM": "COL",
    "InstitutionAddress": "Washington_and_Faculty_Rd._-_Building_25_25_Princeton_NJ_US_085",
    "InstitutionName": "Princeton_University_-_Neuroscience_Institute",
    "InstitutionalDepartmentName": "Department",
    "MRAcquisitionType": "2D",
    "MagneticFieldStrength": 3,
    "Manufacturer": "Siemens",
    "ManufacturersModelName": "Skyra",
    "Modality": "MR",
    "MultibandAccelerationFactor": 3,
    "PartialFourier": 0.75,
    "PatientPosition": "HFS",
    "PercentPhaseFOV": 100,
    "PhaseEncodingDirection": "j-",
    "PhaseEncodingSteps": 96,
    "PhaseResolution": 1,
    "PixelBandwidth": 1220,
    "ProcedureStepDescription": "Turk-BrowneLab_Projects",
    "ProtocolName": "epi_acc3_shift2_1.5TR_220vol",
    "PulseSequenceDetails": "%CustomerSeq%_ep2d_bold_sliceaccl_667A",
    "ReceiveCoilActiveElements": "HE1-4",
    "ReceiveCoilName": "HeadNeck_20",
    "ReconMatrixPE": 128,
    "RepetitionTime": 1.5,
    "SAR": 0.0318194,
    "ScanOptions": "PFP",
    "ScanningSequence": "EP",
    "SequenceName": "epcaipi2d1_128",
    "SequenceVariant": "SK_SS",
    "SeriesDescription": "epi_acc3_shift2_1.5TR_220vol",
    "SeriesNumber": 12,
    "ShimSetting": [
      3361,
      8548,
      9391,
      786,
      109,
      -115,
      479,
      129
    ],
    "SliceThickness": 1.5,
    "SliceTiming": [
      1.0575,
      0,
      0.74,
      0.1075,
      0.8475,
      0.2125,
      0.9525,
      0.4225,
      1.1625,
      0.53,
      1.29,
      0.635,
      1.395,
      0.3175,
      1.0575,
      0,
      0.74,
      0.1075,
      0.8475,
      0.2125,
      0.9525,
      0.4225,
      1.1625,
      0.53,
      1.29,
      0.635,
      1.395,
      0.3175,
      1.0575,
      0,
      0.74,
      0.1075,
      0.8475,
      0.2125,
      0.9525,
      0.4225,
      1.1625,
      0.53,
      1.29,
      0.635,
      1.395,
      0.3175
    ],
    "SoftwareVersions": "syngo_MR_D13",
    "SpacingBetweenSlices": 1.5,
    "StationName": "AWP45031",
    "TaskName": "cue-action-outcome",
    "TotalReadoutTime": 0.119382,
    "TxRefAmp": 333.599,
    "dataset": "ds001946",
    "modality": "bold",
    "run_id": 8,
    "subject_id": "09",
    "task_id": "actions"
  },
  "dummy_trs": 0,
  "dvars_nstd": 87.6470428885388,
  "dvars_std": 1.0998368658447486,
  "dvars_vstd": 1.022530041324201,
  "efc": 0.6534058561202563,
  "fber": 143.13790893554688,
  "fd_mean": 0.18160805863522272,
  "fd_num": 81,
  "fd_perc": 36.81818181818182,
  "fwhm_avg": 2.779526666666667,
  "fwhm_x": 2.6631066666666667,
  "fwhm_y": 3.1119,
  "fwhm_z": 2.5635733333333333,
  "gcor": 0.00167402,
  "gsr_x": 0.001595832291059196,
  "gsr_y": 0.04469434171915054,
  "provenance": {
    "md5sum": "2459b0d3554aad2440bba00219ad6224",
    "settings": {
      "fd_thres": 0.2,
      "testing": false
    },
    "software": "mriqc",
    "version": "22.0.6",
    "webapi_port": null,
    "webapi_url": "https://mriqc.nimh.nih.gov/api/v1"
  },
  "size_t": 220,
  "size_x": 128,
  "size_y": 128,
  "size_z": 42,
  "snr": 3.632449325469426,
  "spacing_tr": 1.5,
  "spacing_x": 1.5,
  "spacing_y": 1.5,
  "spacing_z": 1.5,
  "summary_bg_k": 25.01100715486796,
  "summary_bg_mad": 29.948565944948886,
  "summary_bg_mean": 70.9569320678711,
  "summary_bg_median": 48.04999923706055,
  "summary_bg_n": 392679.0,
  "summary_bg_p05": 20.363636016845703,
  "summary_bg_p95": 205.95499877929677,
  "summary_bg_stdv": 71.21780395507812,
  "summary_fg_k": 0.26748409331686496,
  "summary_fg_mad": 162.99186207065642,
  "summary_fg_mean": 606.9846801757812,
  "summary_fg_median": 604.2636108398438,
  "summary_fg_n": 189161.0,
  "summary_fg_p05": 343.3727111816406,
  "summary_fg_p95": 884.8499755859375,
  "summary_fg_stdv": 166.3511199951172,
  "tsnr": 17.692501575220376
}