{
  "aor": 0.0010089545454545453,
  "aqi": 0.02809219454545454,
  "bids_meta": {
    "AcquisitionMatrixPE": 128,
    "AcquisitionNumber": 1,
    "AcquisitionTime": "18:12:13.467500",
    "BandwidthPerPixelPhaseEncode": 8.311,
    "BaseResolution": 128,
    "BodyPartExamined": "BRAIN",
    "ConsistencyInfo": "N4_VD13A_LATEST_20120616",
    "ConversionSoftware": "dcm2niix",
    "ConversionSoftwareVersion": "v1.0.20180518 GCC4.8.5",
    "DerivedVendorReportedEchoSpacing": 0.000940019,
    "DeviceSerialNumber": "45031",
    "DwellTime": 3.2e-06,
    "EchoTime": 0.04,
    "EchoTrainLength": 96,
    "EffectiveEchoSpacing": 0.000940019,
    "FlipAngle": 64,
    "ImageOrientationPatientDICOM": [
      1,
      0,
      0,
      0,
      0.961262,
      0.275637
    ],
    "ImageType": [
      "ORIGINAL",
      "PRIMARY",
      "M",
      "ND",
      "MOSAIC"
    ],
    "InPlanePhaseEncodingDirectionDICOM": "COL",
    "InstitutionAddress": "Washington_and_Faculty_Rd._-_Building_25_25_Princeton_NJ_US_085",
    "InstitutionName": "Princeton_University_-_Neuroscience_Institute",
    "InstitutionalDepartmentName": "Department",
    "MRAcquisitionType": "2D",
    "MagneticFieldStrength": 3,
    "Manufacturer": "Siemens",
    "ManufacturersModelName": "Skyra",
    "Modality": "MR",
    "MultibandAccelerationFactor": 3,
    "PartialFourier": 0.75,
    "PatientPosition": "HFS",
    "PercentPhaseFOV": 100,
    "PhaseEncodingDirection": "j-",
    "PhaseEncodingSteps": 96,
    "PhaseResolution": 1,
    "PixelBandwidth": 1220,
    "ProcedureStepDescription": "Turk-BrowneLab_Projects",
    "ProtocolName": "epi_acc3_shift2_1.5TR_220vol",
    "PulseSequenceDetails": "%CustomerSeq%_ep2d_bold_sliceaccl_667A",
    "ReceiveCoilActiveElements": "HE1-4",
    "ReceiveCoilName": "HeadNeck_20",
    "ReconMatrixPE": 128,
    "RepetitionTime": 1.5,
    "SAR": 0.0318194,
    "ScanOptions": "PFP",
    "ScanningSequence": "EP",
    "SequenceName": "epcaipi2d1_128",
    "SequenceVariant": "SK_SS",
    "SeriesDescription": "epi_acc3_shift2_1.5TR_220vol",
    "SeriesNumber": 5,
    "ShimSetting": [
      3361,
      8548,
      9391,
      786,
      109,
      -115,
      479,
      129
    ],
    "SliceThickness": 1.5,
    "SliceTiming": [
      1.0575,
      0,
      0.74,
      0.1075,
      0.8475,
      0.2125,
      0.9525,
      0.425,
      1.165,
      0.53,
      1.29,
      0.635,
      1.395,
      0.3175,
      1.0575,
      0,
      0.74,
      0.1075,
      0.8475,
      0.2125,
      0.9525,
      0.425,
      1.165,
      0.53,
      1.29,
      0.635,
      1.395,
      0.3175,
      1.0575,
      0,
      0.74,
      0.1075,
      0.8475,
      0.2125,
      0.9525,
      0.425,
      1.165,
      0.53,
      1.29,
      0.635,
      1.395,
      0.3175
    ],
    "SoftwareVersions": "syngo_MR_D13",
    "SpacingBetweenSlices": 1.5,
    "StationName": "AWP45031",
    "TaskName": "cue-action-outcome",
    "TotalReadoutTime": 0.119382,
    "TxRefAmp": 333.599,
    "dataset": "ds001946",
    "modality": "bold",
    "run_id": 1,
    "subject_id": "09",
    "task_id": "actions"
  },
  "dummy_trs": 0,
  "dvars_nstd": 87.15098906237439,
  "dvars_std": 1.0864847873972598,
  "dvars_vstd": 1.0129969504109584,
  "efc": 0.6526911069925008,
  "fber": 147.58770751953125,
  "fd_mean": 0.20940891073131962,
  "fd_num": 100,
  "fd_perc": 45.45454545454545,
  "fwhm_avg": 2.69218,
  "fwhm_x": 2.5940600000000003,
  "fwhm_y": 3.0288799999999996,
  "fwhm_z": 2.4536000000000002,
  "gcor": 0.0021598,
  "gsr_x": -0.0026725605130195618,
  "gsr_y": 0.054571907967329025,
  "provenance": {
    "md5sum": "c3631685e6f458f3805befaf56830a4d",
    "settings": {
      "fd_thres": 0.2,
      "testing": false
    },
    "software": "mriqc",
    "version": "22.0.6",
    "webapi_port": null,
    "webapi_url": "https://mriqc.nimh.nih.gov/api/v1"
  },
  "size_t": 220,
  "size_x": 128,
  "size_y": 128,
  "size_z": 42,
  "snr": 3.7323683316040897,
  "spacing_tr": 1.5,
  "spacing_x": 1.5,
  "spacing_y": 1.5,
  "spacing_z": 1.5,
  "summary_bg_k": 28.64774978154762,
  "summary_bg_mad": 29.67899933445758,
  "summary_bg_mean": 72.75884246826172,
  "summary_bg_median": 47.745452880859375,
  "summary_bg_n": 396031.0,
  "summary_bg_p05": 20.327272415161133,
  "summary_bg_p95": 215.99317932128906,
  "summary_bg_stdv": 78.81536865234375,
  "summary_fg_k": 0.3697861810822354,
  "summary_fg_mad": 158.88439153231488,
  "summary_fg_mean": 607.6908569335938,
  "summary_fg_median": 607.2817993164062,
  "summary_fg_n": 187374.0,
  "summary_fg_p05": 347.6211196899414,
  "summary_fg_p95": 874.1927062988283,
  "summary_fg_stdv": 162.70639038085938,
  "tsnr": 17.559791123494506
}