{
  "aor": 0.0009472272727272727,
  "aqi": 0.020183885000000002,
  "bids_meta": {
    "AcquisitionMatrixPE": 128,
    "AcquisitionNumber": 1,
    "AcquisitionTime": "13:00:57.042500",
    "BandwidthPerPixelPhaseEncode": 8.311,
    "BaseResolution": 128,
    "BodyPartExamined": "BRAIN",
    "ConsistencyInfo": "N4_VD13A_LATEST_20120616",
    "ConversionSoftware": "dcm2niix",
    "ConversionSoftwareVersion": "v1.0.20180518 GCC4.8.5",
    "DerivedVendorReportedEchoSpacing": 0.000940019,
    "DeviceSerialNumber": "45031",
    "DwellTime": 3.2e-06,
    "EchoTime": 0.04,
    "EchoTrainLength": 96,
    "EffectiveEchoSpacing": 0.000940019,
    "FlipAngle": 64,
    "ImageOrientationPatientDICOM": [
      1,
      0,
      0,
      0,
      0.971961,
      0.235142
    ],
    "ImageType": [
      "ORIGINAL",
      "PRIMARY",
      "M",
      "ND",
      "MOSAIC"
    ],
    "InPlanePhaseEncodingDirectionDICOM": "COL",
    "InstitutionAddress": "Washington_and_Faculty_Rd._-_Building_25_25_Princeton_NJ_US_085",
    "InstitutionName": "Princeton_University_-_Neuroscience_Institute",
    "InstitutionalDepartmentName": "Department",
    "MRAcquisitionType": "2D",
    "MagneticFieldStrength": 3,
    "Manufacturer": "Siemens",
    "ManufacturersModelName": "Skyra",
    "Modality": "MR",
    "MultibandAccelerationFactor": 3,
    "PartialFourier": 0.75,
    "PatientPosition": "HFS",
    "PercentPhaseFOV": 100,
    "PhaseEncodingDirection": "j-",
    "PhaseEncodingSteps": 96,
    "PhaseResolution": 1,
    "PixelBandwidth": 1220,
    "ProcedureStepDescription": "Turk-BrowneLab_Projects",
    "ProtocolName": "epi_acc3_shift2_1.5TR_220vol",
    "PulseSequenceDetails": "%CustomerSeq%_ep2d_bold_sliceaccl_667A",
    "ReceiveCoilActiveElements": "HE1-4",
    "ReceiveCoilName": "HeadNeck_20",
    "ReconMatrixPE": 128,
    "RepetitionTime": 1.5,
    "SAR": 0.0359689,
    "ScanOptions": "PFP",
    "ScanningSequence": "EP",
    "SequenceName": "epcaipi2d1_128",
    "SequenceVariant": "SK_SS",
    "SeriesDescription": "epi_acc3_shift2_1.5TR_220vol",
    "SeriesNumber": 9,
    "ShimSetting": [
      3438,
      8714,
      9593,
      473,
      124,
      580,
      414,
      22
    ],
    "SliceThickness": 1.5,
    "SliceTiming": [
      1.0575,
      0,
      0.74,
      0.105,
      0.845,
      0.21,
      0.95,
      0.4225,
      1.1625,
      0.5275,
      1.2875,
      0.6325,
      1.3925,
      0.3175,
      1.0575,
      0,
      0.74,
      0.105,
      0.845,
      0.21,
      0.95,
      0.4225,
      1.1625,
      0.5275,
      1.2875,
      0.6325,
      1.3925,
      0.3175,
      1.0575,
      0,
      0.74,
      0.105,
      0.845,
      0.21,
      0.95,
      0.4225,
      1.1625,
      0.5275,
      1.2875,
      0.6325,
      1.3925,
      0.3175
    ],
    "SoftwareVersions": "syngo_MR_D13",
    "SpacingBetweenSlices": 1.5,
    "StationName": "AWP45031",
    "TaskName": "cue-action-outcome",
    "TotalReadoutTime": 0.119382,
    "TxRefAmp": 362.13,
    "dataset": "ds001946",
    "modality": "bold",
    "run_id": 5,
    "subject_id": "13",
    "task_id": "actions"
  },
  "dummy_trs": 0,
  "dvars_nstd": 87.80051780963468,
  "dvars_std": 1.070361184748859,
  "dvars_vstd": 1.0097611077168949,
  "efc": 0.6499779767567242,
  "fber": 126.30224609375,
  "fd_mean": 0.20882377366308252,
  "fd_num": 110,
  "fd_perc": 50.0,
  "fwhm_avg": 2.9389622222222216,
  "fwhm_x": 2.8465666666666665,
  "fwhm_y": 3.2950133333333333,
  "fwhm_z": 2.6753066666666663,
  "gcor": 0.000922252,
  "gsr_x": -0.00861659087240696,
  "gsr_y": 0.05877194553613663,
  "provenance": {
    "md5sum": "a11ee9e71df773613223cb6674549185",
    "settings": {
      "fd_thres": 0.2,
      "testing": false
    },
    "software": "mriqc",
    "version": "22.0.6",
    "webapi_port": null,
    "webapi_url": "https://mriqc.nimh.nih.gov/api/v1"
  },
  "size_t": 220,
  "size_x": 128,
  "size_y": 128,
  "size_z": 42,
  "snr": 3.120618416497522,
  "spacing_tr": 1.5,
  "spacing_x": 1.5,
  "spacing_y": 1.5,
  "spacing_z": 1.5,
  "summary_bg_k": 26.240127712814235,
  "summary_bg_mad": 29.665521852284808,
  "summary_bg_mean": 71.83733367919922,
  "summary_bg_median": 48.977272033691406,
  "summary_bg_n": 393903.0,
  "summary_bg_p05": 21.67727279663086,
  "summary_bg_p95": 202.5318145751953,
  "summary_bg_stdv": 72.86682891845703,
  "summary_fg_k": -0.020027587182185336,
  "summary_fg_mad": 196.21558060851845,
  "summary_fg_mean": 587.0591430664062,
  "summary_fg_median": 578.69091796875,
  "summary_fg_n": 189546.0,
  "summary_fg_p05": 307.46475982666016,
  "summary_fg_p95": 896.7715606689453,
  "summary_fg_stdv": 185.44061279296875,
  "tsnr": 17.467150619253516
}