{
  "aor": 0.0012990384615384615,
  "aqi": 0.021976631153846155,
  "bids_meta": {
    "AcquisitionMatrixPE": 128,
    "AcquisitionNumber": 1,
    "AcquisitionTime": "13:25:32.530000",
    "BandwidthPerPixelPhaseEncode": 8.311,
    "BaseResolution": 128,
    "BodyPartExamined": "BRAIN",
    "ConsistencyInfo": "N4_VD13A_LATEST_20120616",
    "ConversionSoftware": "dcm2niix",
    "ConversionSoftwareVersion": "v1.0.20180518 GCC4.8.5",
    "DerivedVendorReportedEchoSpacing": 0.000940019,
    "DeviceSerialNumber": "45031",
    "DwellTime": 3.2e-06,
    "EchoTime": 0.04,
    "EchoTrainLength": 96,
    "EffectiveEchoSpacing": 0.000940019,
    "FlipAngle": 64,
    "ImageOrientationPatientDICOM": [
      1,
      0,
      0,
      0,
      0.971961,
      0.235142
    ],
    "ImageType": [
      "ORIGINAL",
      "PRIMARY",
      "M",
      "ND",
      "MOSAIC"
    ],
    "InPlanePhaseEncodingDirectionDICOM": "COL",
    "InstitutionAddress": "Washington_and_Faculty_Rd._-_Building_25_25_Princeton_NJ_US_085",
    "InstitutionName": "Princeton_University_-_Neuroscience_Institute",
    "InstitutionalDepartmentName": "Department",
    "MRAcquisitionType": "2D",
    "MagneticFieldStrength": 3,
    "Manufacturer": "Siemens",
    "ManufacturersModelName": "Skyra",
    "Modality": "MR",
    "MultibandAccelerationFactor": 3,
    "PartialFourier": 0.75,
    "PatientPosition": "HFS",
    "PercentPhaseFOV": 100,
    "PhaseEncodingDirection": "j-",
    "PhaseEncodingSteps": 96,
    "PhaseResolution": 1,
    "PixelBandwidth": 1220,
    "ProcedureStepDescription": "Turk-BrowneLab_Projects",
    "ProtocolName": "epi_acc3_shift2_1.5TR_260vol",
    "PulseSequenceDetails": "%CustomerSeq%_ep2d_bold_sliceaccl_667A",
    "ReceiveCoilActiveElements": "HE1-4",
    "ReceiveCoilName": "HeadNeck_20",
    "ReconMatrixPE": 128,
    "RepetitionTime": 1.5,
    "SAR": 0.0360046,
    "ScanOptions": "PFP",
    "ScanningSequence": "EP",
    "SequenceName": "epcaipi2d1_128",
    "SequenceVariant": "SK_SS",
    "SeriesDescription": "epi_acc3_shift2_1.5TR_260vol",
    "SeriesNumber": 13,
    "ShimSetting": [
      3438,
      8714,
      9593,
      473,
      124,
      580,
      414,
      22
    ],
    "SliceThickness": 1.5,
    "SliceTiming": [
      1.0575,
      0,
      0.74,
      0.1075,
      0.8475,
      0.2125,
      0.9525,
      0.4225,
      1.1625,
      0.53,
      1.29,
      0.635,
      1.395,
      0.3175,
      1.0575,
      0,
      0.74,
      0.1075,
      0.8475,
      0.2125,
      0.9525,
      0.4225,
      1.1625,
      0.53,
      1.29,
      0.635,
      1.395,
      0.3175,
      1.0575,
      0,
      0.74,
      0.1075,
      0.8475,
      0.2125,
      0.9525,
      0.4225,
      1.1625,
      0.53,
      1.29,
      0.635,
      1.395,
      0.3175
    ],
    "SoftwareVersions": "syngo_MR_D13",
    "SpacingBetweenSlices": 1.5,
    "StationName": "AWP45031",
    "TaskName": "Functional Localizer",
    "TotalReadoutTime": 0.119382,
    "TxRefAmp": 362.13,
    "dataset": "ds001946",
    "modality": "bold",
    "subject_id": "13",
    "task_id": "loc"
  },
  "dummy_trs": 0,
  "dvars_nstd": 88.60364859413126,
  "dvars_std": 1.0702586037451733,
  "dvars_vstd": 1.0151751470656372,
  "efc": 0.6503206377005232,
  "fber": 126.5879898071289,
  "fd_mean": 0.24052726057397367,
  "fd_num": 146,
  "fd_perc": 56.15384615384615,
  "fwhm_avg": 2.9933022222222223,
  "fwhm_x": 2.8972266666666666,
  "fwhm_y": 3.3470866666666663,
  "fwhm_z": 2.7355933333333335,
  "gcor": 0.00267865,
  "gsr_x": -0.005996598396450281,
  "gsr_y": 0.05469429865479469,
  "provenance": {
    "md5sum": "cdd535511c6f93faf256bad076f13738",
    "settings": {
      "fd_thres": 0.2,
      "testing": false
    },
    "software": "mriqc",
    "version": "22.0.6",
    "webapi_port": null,
    "webapi_url": "https://mriqc.nimh.nih.gov/api/v1"
  },
  "size_t": 260,
  "size_x": 128,
  "size_y": 128,
  "size_z": 42,
  "snr": 3.0993333055960837,
  "spacing_tr": 1.5,
  "spacing_x": 1.5,
  "spacing_y": 1.5,
  "spacing_z": 1.5,
  "summary_bg_k": 28.00923873848058,
  "summary_bg_mad": 29.64063686631746,
  "summary_bg_mean": 71.37664031982422,
  "summary_bg_median": 48.91538619995117,
  "summary_bg_n": 391590.0,
  "summary_bg_p05": 21.711538314819336,
  "summary_bg_p95": 200.01192016601553,
  "summary_bg_stdv": 71.89801025390625,
  "summary_fg_k": -0.05942204885875979,
  "summary_fg_mad": 197.8475832336862,
  "summary_fg_mean": 588.072509765625,
  "summary_fg_median": 580.1384887695312,
  "summary_fg_n": 190840.0,
  "summary_fg_p05": 305.3999938964844,
  "summary_fg_p95": 901.7438476562496,
  "summary_fg_stdv": 187.18121337890625,
  "tsnr": 16.872633778082673
}