{
  "aor": 0.0007109090909090908,
  "aqi": 0.021410447272727274,
  "bids_meta": {
    "AcquisitionMatrixPE": 128,
    "AcquisitionNumber": 1,
    "AcquisitionTime": "12:36:49.027500",
    "BandwidthPerPixelPhaseEncode": 8.311,
    "BaseResolution": 128,
    "BodyPartExamined": "BRAIN",
    "ConsistencyInfo": "N4_VD13A_LATEST_20120616",
    "ConversionSoftware": "dcm2niix",
    "ConversionSoftwareVersion": "v1.0.20180518 GCC4.8.5",
    "DerivedVendorReportedEchoSpacing": 0.000940019,
    "DeviceSerialNumber": "45031",
    "DwellTime": 3.2e-06,
    "EchoTime": 0.04,
    "EchoTrainLength": 96,
    "EffectiveEchoSpacing": 0.000940019,
    "FlipAngle": 64,
    "ImageOrientationPatientDICOM": [
      1,
      0,
      0,
      0,
      0.971961,
      0.235142
    ],
    "ImageType": [
      "ORIGINAL",
      "PRIMARY",
      "M",
      "ND",
      "MOSAIC"
    ],
    "InPlanePhaseEncodingDirectionDICOM": "COL",
    "InstitutionAddress": "Washington_and_Faculty_Rd._-_Building_25_25_Princeton_NJ_US_085",
    "InstitutionName": "Princeton_University_-_Neuroscience_Institute",
    "InstitutionalDepartmentName": "Department",
    "MRAcquisitionType": "2D",
    "MagneticFieldStrength": 3,
    "Manufacturer": "Siemens",
    "ManufacturersModelName": "Skyra",
    "Modality": "MR",
    "MultibandAccelerationFactor": 3,
    "PartialFourier": 0.75,
    "PatientPosition": "HFS",
    "PercentPhaseFOV": 100,
    "PhaseEncodingDirection": "j-",
    "PhaseEncodingSteps": 96,
    "PhaseResolution": 1,
    "PixelBandwidth": 1220,
    "ProcedureStepDescription": "Turk-BrowneLab_Projects",
    "ProtocolName": "epi_acc3_shift2_1.5TR_220vol",
    "PulseSequenceDetails": "%CustomerSeq%_ep2d_bold_sliceaccl_667A",
    "ReceiveCoilActiveElements": "HE1-4",
    "ReceiveCoilName": "HeadNeck_20",
    "ReconMatrixPE": 128,
    "RepetitionTime": 1.5,
    "SAR": 0.0359689,
    "ScanOptions": "PFP",
    "ScanningSequence": "EP",
    "SequenceName": "epcaipi2d1_128",
    "SequenceVariant": "SK_SS",
    "SeriesDescription": "epi_acc3_shift2_1.5TR_220vol",
    "SeriesNumber": 5,
    "ShimSetting": [
      3438,
      8714,
      9593,
      473,
      124,
      580,
      414,
      22
    ],
    "SliceThickness": 1.5,
    "SliceTiming": [
      1.055,
      0,
      0.74,
      0.105,
      0.845,
      0.21,
      0.95,
      0.4225,
      1.1625,
      0.5275,
      1.2875,
      0.6325,
      1.3925,
      0.315,
      1.055,
      0,
      0.74,
      0.105,
      0.845,
      0.21,
      0.95,
      0.4225,
      1.1625,
      0.5275,
      1.2875,
      0.6325,
      1.3925,
      0.315,
      1.055,
      0,
      0.74,
      0.105,
      0.845,
      0.21,
      0.95,
      0.4225,
      1.1625,
      0.5275,
      1.2875,
      0.6325,
      1.3925,
      0.315
    ],
    "SoftwareVersions": "syngo_MR_D13",
    "SpacingBetweenSlices": 1.5,
    "StationName": "AWP45031",
    "TaskName": "cue-action-outcome",
    "TotalReadoutTime": 0.119382,
    "TxRefAmp": 362.13,
    "dataset": "ds001946",
    "modality": "bold",
    "run_id": 1,
    "subject_id": "13",
    "task_id": "actions"
  },
  "dummy_trs": 0,
  "dvars_nstd": 87.75064491050232,
  "dvars_std": 1.0639168160273977,
  "dvars_vstd": 1.0073072616894982,
  "efc": 0.649021985566427,
  "fber": 128.8811492919922,
  "fd_mean": 0.218670362921002,
  "fd_num": 121,
  "fd_perc": 55.0,
  "fwhm_avg": 2.875222222222222,
  "fwhm_x": 2.795833333333333,
  "fwhm_y": 3.21698,
  "fwhm_z": 2.6128533333333333,
  "gcor": 0.000783807,
  "gsr_x": -0.009141836315393448,
  "gsr_y": 0.05966005101799965,
  "provenance": {
    "md5sum": "383c4b07af60f401b8e7ca8a63bcb1bc",
    "settings": {
      "fd_thres": 0.2,
      "testing": false
    },
    "software": "mriqc",
    "version": "22.0.6",
    "webapi_port": null,
    "webapi_url": "https://mriqc.nimh.nih.gov/api/v1"
  },
  "size_t": 220,
  "size_x": 128,
  "size_y": 128,
  "size_z": 42,
  "snr": 3.151365410396129,
  "spacing_tr": 1.5,
  "spacing_x": 1.5,
  "spacing_y": 1.5,
  "spacing_z": 1.5,
  "summary_bg_k": 28.48666819471933,
  "summary_bg_mad": 28.917482001945622,
  "summary_bg_mean": 71.57522583007812,
  "summary_bg_median": 48.640907287597656,
  "summary_bg_n": 395115.0,
  "summary_bg_p05": 21.81818199157715,
  "summary_bg_p95": 202.30908203125,
  "summary_bg_stdv": 73.19886779785156,
  "summary_fg_k": 0.055404714675163724,
  "summary_fg_mad": 193.09547844521776,
  "summary_fg_mean": 588.1693115234375,
  "summary_fg_median": 579.5181884765625,
  "summary_fg_n": 188708.0,
  "summary_fg_p05": 311.9499816894531,
  "summary_fg_p95": 895.409957885742,
  "summary_fg_stdv": 183.89382934570312,
  "tsnr": 17.209160833619535
}