{
  "aor": 0.000675045871559633,
  "aqi": 0.01972034587155963,
  "bids_meta": {
    "AcquisitionMatrixPE": 128,
    "AcquisitionNumber": 1,
    "AcquisitionTime": "13:18:51.667500",
    "BandwidthPerPixelPhaseEncode": 8.311,
    "BaseResolution": 128,
    "BodyPartExamined": "BRAIN",
    "ConsistencyInfo": "N4_VD13A_LATEST_20120616",
    "ConversionSoftware": "dcm2niix",
    "ConversionSoftwareVersion": "v1.0.20180518 GCC4.8.5",
    "DerivedVendorReportedEchoSpacing": 0.000940019,
    "DeviceSerialNumber": "45031",
    "DwellTime": 3.2e-06,
    "EchoTime": 0.04,
    "EchoTrainLength": 96,
    "EffectiveEchoSpacing": 0.000940019,
    "FlipAngle": 64,
    "ImageOrientationPatientDICOM": [
      1,
      0,
      0,
      0,
      0.971961,
      0.235142
    ],
    "ImageType": [
      "ORIGINAL",
      "PRIMARY",
      "M",
      "ND",
      "MOSAIC"
    ],
    "InPlanePhaseEncodingDirectionDICOM": "COL",
    "InstitutionAddress": "Washington_and_Faculty_Rd._-_Building_25_25_Princeton_NJ_US_085",
    "InstitutionName": "Princeton_University_-_Neuroscience_Institute",
    "InstitutionalDepartmentName": "Department",
    "MRAcquisitionType": "2D",
    "MagneticFieldStrength": 3,
    "Manufacturer": "Siemens",
    "ManufacturersModelName": "Skyra",
    "Modality": "MR",
    "MultibandAccelerationFactor": 3,
    "PartialFourier": 0.75,
    "PatientPosition": "HFS",
    "PercentPhaseFOV": 100,
    "PhaseEncodingDirection": "j-",
    "PhaseEncodingSteps": 96,
    "PhaseResolution": 1,
    "PixelBandwidth": 1220,
    "ProcedureStepDescription": "Turk-BrowneLab_Projects",
    "ProtocolName": "epi_acc3_shift2_1.5TR_220vol",
    "PulseSequenceDetails": "%CustomerSeq%_ep2d_bold_sliceaccl_667A",
    "ReceiveCoilActiveElements": "HE1-4",
    "ReceiveCoilName": "HeadNeck_20",
    "ReconMatrixPE": 128,
    "RepetitionTime": 1.5,
    "SAR": 0.0359689,
    "ScanOptions": "PFP",
    "ScanningSequence": "EP",
    "SequenceName": "epcaipi2d1_128",
    "SequenceVariant": "SK_SS",
    "SeriesDescription": "epi_acc3_shift2_1.5TR_220vol",
    "SeriesNumber": 12,
    "ShimSetting": [
      3438,
      8714,
      9593,
      473,
      124,
      580,
      414,
      22
    ],
    "SliceThickness": 1.5,
    "SliceTiming": [
      1.0575,
      0,
      0.74,
      0.1075,
      0.8475,
      0.2125,
      0.9525,
      0.4225,
      1.1625,
      0.53,
      1.29,
      0.635,
      1.395,
      0.3175,
      1.0575,
      0,
      0.74,
      0.1075,
      0.8475,
      0.2125,
      0.9525,
      0.4225,
      1.1625,
      0.53,
      1.29,
      0.635,
      1.395,
      0.3175,
      1.0575,
      0,
      0.74,
      0.1075,
      0.8475,
      0.2125,
      0.9525,
      0.4225,
      1.1625,
      0.53,
      1.29,
      0.635,
      1.395,
      0.3175
    ],
    "SoftwareVersions": "syngo_MR_D13",
    "SpacingBetweenSlices": 1.5,
    "StationName": "AWP45031",
    "TaskName": "cue-action-outcome",
    "TotalReadoutTime": 0.119382,
    "TxRefAmp": 362.13,
    "dataset": "ds001946",
    "modality": "bold",
    "run_id": 8,
    "subject_id": "13",
    "task_id": "actions"
  },
  "dummy_trs": 2,
  "dvars_nstd": 85.85120803193551,
  "dvars_std": 1.0697332150230408,
  "dvars_vstd": 1.0170848324423967,
  "efc": 0.6506766547577865,
  "fber": 129.57786560058594,
  "fd_mean": 0.18505055285465494,
  "fd_num": 99,
  "fd_perc": 45.41284403669725,
  "fwhm_avg": 2.9523177777777776,
  "fwhm_x": 2.8548266666666664,
  "fwhm_y": 3.3050200000000003,
  "fwhm_z": 2.6971066666666665,
  "gcor": 0.00115379,
  "gsr_x": -0.0063378759659826756,
  "gsr_y": 0.05324002355337143,
  "provenance": {
    "md5sum": "8bf406ac358c58f5f67208d676110042",
    "settings": {
      "fd_thres": 0.2,
      "testing": false
    },
    "software": "mriqc",
    "version": "22.0.6",
    "webapi_port": null,
    "webapi_url": "https://mriqc.nimh.nih.gov/api/v1"
  },
  "size_t": 218,
  "size_x": 128,
  "size_y": 128,
  "size_z": 42,
  "snr": 3.1274379778423094,
  "spacing_tr": 1.5,
  "spacing_x": 1.5,
  "spacing_y": 1.5,
  "spacing_z": 1.5,
  "summary_bg_k": 26.91430328753333,
  "summary_bg_mad": 29.0195585176801,
  "summary_bg_mean": 71.01560974121094,
  "summary_bg_median": 48.28899002075195,
  "summary_bg_n": 390516.0,
  "summary_bg_p05": 21.66054916381836,
  "summary_bg_p95": 199.8268280029297,
  "summary_bg_stdv": 71.7805404663086,
  "summary_fg_k": -0.055118155534159996,
  "summary_fg_mad": 197.08411186420796,
  "summary_fg_mean": 588.9872436523438,
  "summary_fg_median": 581.5458374023438,
  "summary_fg_n": 190949.0,
  "summary_fg_p05": 307.4009094238281,
  "summary_fg_p95": 899.3256225585938,
  "summary_fg_stdv": 185.94911193847656,
  "tsnr": 17.502871042233892
}