{
  "aor": 0.0005247727272727273,
  "aqi": 0.04134515272727274,
  "bids_meta": {
    "AcquisitionMatrixPE": 128,
    "AcquisitionNumber": 1,
    "AcquisitionTime": "12:23:35.032500",
    "BandwidthPerPixelPhaseEncode": 8.311,
    "BaseResolution": 128,
    "BodyPartExamined": "BRAIN",
    "ConsistencyInfo": "N4_VD13A_LATEST_20120616",
    "ConversionSoftware": "dcm2niix",
    "ConversionSoftwareVersion": "v1.0.20180518 GCC4.8.5",
    "DerivedVendorReportedEchoSpacing": 0.000940019,
    "DeviceSerialNumber": "45031",
    "DwellTime": 3.2e-06,
    "EchoTime": 0.04,
    "EchoTrainLength": 96,
    "EffectiveEchoSpacing": 0.000940019,
    "FlipAngle": 64,
    "ImageOrientationPatientDICOM": [
      1,
      0,
      0,
      0,
      0.948324,
      0.317305
    ],
    "ImageType": [
      "ORIGINAL",
      "PRIMARY",
      "M",
      "ND",
      "MOSAIC"
    ],
    "InPlanePhaseEncodingDirectionDICOM": "COL",
    "InstitutionAddress": "Washington_and_Faculty_Rd._-_Building_25_25_Princeton_NJ_US_085",
    "InstitutionName": "Princeton_University_-_Neuroscience_Institute",
    "InstitutionalDepartmentName": "Department",
    "MRAcquisitionType": "2D",
    "MagneticFieldStrength": 3,
    "Manufacturer": "Siemens",
    "ManufacturersModelName": "Skyra",
    "Modality": "MR",
    "MultibandAccelerationFactor": 3,
    "PartialFourier": 0.75,
    "PatientPosition": "HFS",
    "PercentPhaseFOV": 100,
    "PhaseEncodingDirection": "j-",
    "PhaseEncodingSteps": 96,
    "PhaseResolution": 1,
    "PixelBandwidth": 1220,
    "ProcedureStepDescription": "Turk-BrowneLab_Projects",
    "ProtocolName": "epi_acc3_shift2_1.5TR_220vol",
    "PulseSequenceDetails": "%CustomerSeq%_ep2d_bold_sliceaccl_667A",
    "ReceiveCoilActiveElements": "HE1-4",
    "ReceiveCoilName": "HeadNeck_20",
    "ReconMatrixPE": 128,
    "RepetitionTime": 1.5,
    "SAR": 0.040518,
    "ScanOptions": "PFP",
    "ScanningSequence": "EP",
    "SequenceName": "epcaipi2d1_128",
    "SequenceVariant": "SK_SS",
    "SeriesDescription": "epi_acc3_shift2_1.5TR_220vol",
    "SeriesNumber": 9,
    "ShimSetting": [
      3370,
      8565,
      9454,
      589,
      -59,
      11,
      516,
      158
    ],
    "SliceThickness": 1.5,
    "SliceTiming": [
      1.055,
      0,
      0.74,
      0.105,
      0.845,
      0.21,
      0.95,
      0.4225,
      1.1625,
      0.5275,
      1.2875,
      0.6325,
      1.3925,
      0.315,
      1.055,
      0,
      0.74,
      0.105,
      0.845,
      0.21,
      0.95,
      0.4225,
      1.1625,
      0.5275,
      1.2875,
      0.6325,
      1.3925,
      0.315,
      1.055,
      0,
      0.74,
      0.105,
      0.845,
      0.21,
      0.95,
      0.4225,
      1.1625,
      0.5275,
      1.2875,
      0.6325,
      1.3925,
      0.315
    ],
    "SoftwareVersions": "syngo_MR_D13",
    "SpacingBetweenSlices": 1.5,
    "StationName": "AWP45031",
    "TaskName": "cue-action-outcome",
    "TotalReadoutTime": 0.119382,
    "TxRefAmp": 344.478,
    "dataset": "ds001946",
    "modality": "bold",
    "run_id": 5,
    "subject_id": "23",
    "task_id": "actions"
  },
  "dummy_trs": 0,
  "dvars_nstd": 74.90691382694064,
  "dvars_std": 1.0855255898173521,
  "dvars_vstd": 0.9923663608675797,
  "efc": 0.6460206260230357,
  "fber": 162.79110717773438,
  "fd_mean": 0.17019307955309249,
  "fd_num": 85,
  "fd_perc": 38.63636363636363,
  "fwhm_avg": 2.6320488888888884,
  "fwhm_x": 2.5473,
  "fwhm_y": 3.0213066666666664,
  "fwhm_z": 2.32754,
  "gcor": 0.00211202,
  "gsr_x": -0.010413899086415768,
  "gsr_y": 0.05759832635521889,
  "provenance": {
    "md5sum": "ff929eb548b296634a733db9926344f1",
    "settings": {
      "fd_thres": 0.2,
      "testing": false
    },
    "software": "mriqc",
    "version": "22.0.6",
    "webapi_port": null,
    "webapi_url": "https://mriqc.nimh.nih.gov/api/v1"
  },
  "size_t": 220,
  "size_x": 128,
  "size_y": 128,
  "size_z": 42,
  "snr": 4.358819250011622,
  "spacing_tr": 1.5,
  "spacing_x": 1.5,
  "spacing_y": 1.5,
  "spacing_z": 1.5,
  "summary_bg_k": 15.973492966718656,
  "summary_bg_mad": 32.97778700836109,
  "summary_bg_mean": 82.00967407226562,
  "summary_bg_median": 50.706817626953125,
  "summary_bg_n": 413332.0,
  "summary_bg_p05": 20.468181610107422,
  "summary_bg_p95": 271.1883865356443,
  "summary_bg_stdv": 93.99595642089844,
  "summary_fg_k": 0.8425937828641921,
  "summary_fg_mad": 140.59781795321032,
  "summary_fg_mean": 661.0281982421875,
  "summary_fg_median": 664.154541015625,
  "summary_fg_n": 177414.0,
  "summary_fg_p05": 411.09838409423827,
  "summary_fg_p95": 903.04541015625,
  "summary_fg_stdv": 152.36985778808594,
  "tsnr": 19.62035693472717
}