{
  "aor": 0.0005201363636363636,
  "aqi": 0.030509650454545453,
  "bids_meta": {
    "AcquisitionMatrixPE": 128,
    "AcquisitionNumber": 1,
    "AcquisitionTime": "12:11:26.947500",
    "BandwidthPerPixelPhaseEncode": 8.311,
    "BaseResolution": 128,
    "BodyPartExamined": "BRAIN",
    "ConsistencyInfo": "N4_VD13A_LATEST_20120616",
    "ConversionSoftware": "dcm2niix",
    "ConversionSoftwareVersion": "v1.0.20180518 GCC4.8.5",
    "DerivedVendorReportedEchoSpacing": 0.000940019,
    "DeviceSerialNumber": "45031",
    "DwellTime": 3.2e-06,
    "EchoTime": 0.04,
    "EchoTrainLength": 96,
    "EffectiveEchoSpacing": 0.000940019,
    "FlipAngle": 64,
    "ImageOrientationPatientDICOM": [
      1,
      0,
      0,
      0,
      0.948324,
      0.317305
    ],
    "ImageType": [
      "ORIGINAL",
      "PRIMARY",
      "M",
      "ND",
      "MOSAIC"
    ],
    "InPlanePhaseEncodingDirectionDICOM": "COL",
    "InstitutionAddress": "Washington_and_Faculty_Rd._-_Building_25_25_Princeton_NJ_US_085",
    "InstitutionName": "Princeton_University_-_Neuroscience_Institute",
    "InstitutionalDepartmentName": "Department",
    "MRAcquisitionType": "2D",
    "MagneticFieldStrength": 3,
    "Manufacturer": "Siemens",
    "ManufacturersModelName": "Skyra",
    "Modality": "MR",
    "MultibandAccelerationFactor": 3,
    "PartialFourier": 0.75,
    "PatientPosition": "HFS",
    "PercentPhaseFOV": 100,
    "PhaseEncodingDirection": "j-",
    "PhaseEncodingSteps": 96,
    "PhaseResolution": 1,
    "PixelBandwidth": 1220,
    "ProcedureStepDescription": "Turk-BrowneLab_Projects",
    "ProtocolName": "epi_acc3_shift2_1.5TR_220vol",
    "PulseSequenceDetails": "%CustomerSeq%_ep2d_bold_sliceaccl_667A",
    "ReceiveCoilActiveElements": "HE1-4",
    "ReceiveCoilName": "HeadNeck_20",
    "ReconMatrixPE": 128,
    "RepetitionTime": 1.5,
    "SAR": 0.040518,
    "ScanOptions": "PFP",
    "ScanningSequence": "EP",
    "SequenceName": "epcaipi2d1_128",
    "SequenceVariant": "SK_SS",
    "SeriesDescription": "epi_acc3_shift2_1.5TR_220vol",
    "SeriesNumber": 7,
    "ShimSetting": [
      3370,
      8565,
      9454,
      589,
      -59,
      11,
      516,
      158
    ],
    "SliceThickness": 1.5,
    "SliceTiming": [
      1.0575,
      0,
      0.74,
      0.105,
      0.845,
      0.21,
      0.95,
      0.4225,
      1.1625,
      0.5275,
      1.2875,
      0.635,
      1.395,
      0.3175,
      1.0575,
      0,
      0.74,
      0.105,
      0.845,
      0.21,
      0.95,
      0.4225,
      1.1625,
      0.5275,
      1.2875,
      0.635,
      1.395,
      0.3175,
      1.0575,
      0,
      0.74,
      0.105,
      0.845,
      0.21,
      0.95,
      0.4225,
      1.1625,
      0.5275,
      1.2875,
      0.635,
      1.395,
      0.3175
    ],
    "SoftwareVersions": "syngo_MR_D13",
    "SpacingBetweenSlices": 1.5,
    "StationName": "AWP45031",
    "TaskName": "cue-action-outcome",
    "TotalReadoutTime": 0.119382,
    "TxRefAmp": 344.478,
    "dataset": "ds001946",
    "modality": "bold",
    "run_id": 3,
    "subject_id": "23",
    "task_id": "actions"
  },
  "dummy_trs": 0,
  "dvars_nstd": 73.932031326347,
  "dvars_std": 1.0960886820547944,
  "dvars_vstd": 0.9988647146575348,
  "efc": 0.6430718151227829,
  "fber": 168.00360107421875,
  "fd_mean": 0.1620071752103772,
  "fd_num": 73,
  "fd_perc": 33.18181818181818,
  "fwhm_avg": 2.6144933333333333,
  "fwhm_x": 2.4797066666666665,
  "fwhm_y": 2.9405666666666668,
  "fwhm_z": 2.4232066666666667,
  "gcor": 0.0020149,
  "gsr_x": -0.010987963527441025,
  "gsr_y": 0.05608384683728218,
  "provenance": {
    "md5sum": "8b09a4fe5610cced6bb0a31332cc61e7",
    "settings": {
      "fd_thres": 0.2,
      "testing": false
    },
    "software": "mriqc",
    "version": "22.0.6",
    "webapi_port": null,
    "webapi_url": "https://mriqc.nimh.nih.gov/api/v1"
  },
  "size_t": 220,
  "size_x": 128,
  "size_y": 128,
  "size_z": 42,
  "snr": 4.424235580976417,
  "spacing_tr": 1.5,
  "spacing_x": 1.5,
  "spacing_y": 1.5,
  "spacing_z": 1.5,
  "summary_bg_k": 16.537274572929682,
  "summary_bg_mad": 32.071376845054246,
  "summary_bg_mean": 81.61079406738281,
  "summary_bg_median": 50.09545135498047,
  "summary_bg_n": 417036.0,
  "summary_bg_p05": 20.55454444885254,
  "summary_bg_p95": 268.91363525390625,
  "summary_bg_stdv": 93.75879669189453,
  "summary_fg_k": 0.8835638827821626,
  "summary_fg_mad": 139.34103567100115,
  "summary_fg_mean": 662.5778198242188,
  "summary_fg_median": 665.411376953125,
  "summary_fg_n": 173554.0,
  "summary_fg_p05": 418.15135803222654,
  "summary_fg_p95": 902.7970123291016,
  "summary_fg_stdv": 150.4010009765625,
  "tsnr": 20.923710353672504
}