{
  "aor": 0.0004915909090909091,
  "aqi": 0.03560906590909091,
  "bids_meta": {
    "AcquisitionMatrixPE": 128,
    "AcquisitionNumber": 1,
    "AcquisitionTime": "12:36:16.972500",
    "BandwidthPerPixelPhaseEncode": 8.311,
    "BaseResolution": 128,
    "BodyPartExamined": "BRAIN",
    "ConsistencyInfo": "N4_VD13A_LATEST_20120616",
    "ConversionSoftware": "dcm2niix",
    "ConversionSoftwareVersion": "v1.0.20180518 GCC4.8.5",
    "DerivedVendorReportedEchoSpacing": 0.000940019,
    "DeviceSerialNumber": "45031",
    "DwellTime": 3.2e-06,
    "EchoTime": 0.04,
    "EchoTrainLength": 96,
    "EffectiveEchoSpacing": 0.000940019,
    "FlipAngle": 64,
    "ImageOrientationPatientDICOM": [
      1,
      0,
      0,
      0,
      0.948324,
      0.317305
    ],
    "ImageType": [
      "ORIGINAL",
      "PRIMARY",
      "M",
      "ND",
      "MOSAIC"
    ],
    "InPlanePhaseEncodingDirectionDICOM": "COL",
    "InstitutionAddress": "Washington_and_Faculty_Rd._-_Building_25_25_Princeton_NJ_US_085",
    "InstitutionName": "Princeton_University_-_Neuroscience_Institute",
    "InstitutionalDepartmentName": "Department",
    "MRAcquisitionType": "2D",
    "MagneticFieldStrength": 3,
    "Manufacturer": "Siemens",
    "ManufacturersModelName": "Skyra",
    "Modality": "MR",
    "MultibandAccelerationFactor": 3,
    "PartialFourier": 0.75,
    "PatientPosition": "HFS",
    "PercentPhaseFOV": 100,
    "PhaseEncodingDirection": "j-",
    "PhaseEncodingSteps": 96,
    "PhaseResolution": 1,
    "PixelBandwidth": 1220,
    "ProcedureStepDescription": "Turk-BrowneLab_Projects",
    "ProtocolName": "epi_acc3_shift2_1.5TR_220vol",
    "PulseSequenceDetails": "%CustomerSeq%_ep2d_bold_sliceaccl_667A",
    "ReceiveCoilActiveElements": "HE1-4",
    "ReceiveCoilName": "HeadNeck_20",
    "ReconMatrixPE": 128,
    "RepetitionTime": 1.5,
    "SAR": 0.040518,
    "ScanOptions": "PFP",
    "ScanningSequence": "EP",
    "SequenceName": "epcaipi2d1_128",
    "SequenceVariant": "SK_SS",
    "SeriesDescription": "epi_acc3_shift2_1.5TR_220vol",
    "SeriesNumber": 11,
    "ShimSetting": [
      3370,
      8565,
      9454,
      589,
      -59,
      11,
      516,
      158
    ],
    "SliceThickness": 1.5,
    "SliceTiming": [
      1.0575,
      0,
      0.74,
      0.105,
      0.845,
      0.21,
      0.95,
      0.4225,
      1.1625,
      0.5275,
      1.2875,
      0.635,
      1.395,
      0.3175,
      1.0575,
      0,
      0.74,
      0.105,
      0.845,
      0.21,
      0.95,
      0.4225,
      1.1625,
      0.5275,
      1.2875,
      0.635,
      1.395,
      0.3175,
      1.0575,
      0,
      0.74,
      0.105,
      0.845,
      0.21,
      0.95,
      0.4225,
      1.1625,
      0.5275,
      1.2875,
      0.635,
      1.395,
      0.3175
    ],
    "SoftwareVersions": "syngo_MR_D13",
    "SpacingBetweenSlices": 1.5,
    "StationName": "AWP45031",
    "TaskName": "cue-action-outcome",
    "TotalReadoutTime": 0.119382,
    "TxRefAmp": 344.478,
    "dataset": "ds001946",
    "modality": "bold",
    "run_id": 7,
    "subject_id": "23",
    "task_id": "actions"
  },
  "dummy_trs": 0,
  "dvars_nstd": 74.44558231579904,
  "dvars_std": 1.0800606628767127,
  "dvars_vstd": 0.9901734846575344,
  "efc": 0.6477466299974557,
  "fber": 160.27684020996094,
  "fd_mean": 0.138757207871566,
  "fd_num": 47,
  "fd_perc": 21.363636363636363,
  "fwhm_avg": 2.669628888888889,
  "fwhm_x": 2.5124066666666667,
  "fwhm_y": 2.9962866666666668,
  "fwhm_z": 2.5001933333333333,
  "gcor": 0.00125301,
  "gsr_x": -0.010920953936874866,
  "gsr_y": 0.05936044827103615,
  "provenance": {
    "md5sum": "3224631bbfc589785a28bda49c83847d",
    "settings": {
      "fd_thres": 0.2,
      "testing": false
    },
    "software": "mriqc",
    "version": "22.0.6",
    "webapi_port": null,
    "webapi_url": "https://mriqc.nimh.nih.gov/api/v1"
  },
  "size_t": 220,
  "size_x": 128,
  "size_y": 128,
  "size_z": 42,
  "snr": 4.414693925164785,
  "spacing_tr": 1.5,
  "spacing_x": 1.5,
  "spacing_y": 1.5,
  "spacing_z": 1.5,
  "summary_bg_k": 15.965502932415365,
  "summary_bg_mad": 33.13615732132875,
  "summary_bg_mean": 82.5916748046875,
  "summary_bg_median": 51.09545135498047,
  "summary_bg_n": 412573.0,
  "summary_bg_p05": 20.549999237060547,
  "summary_bg_p95": 273.2454528808594,
  "summary_bg_stdv": 94.44147491455078,
  "summary_fg_k": 0.8136488822113752,
  "summary_fg_mad": 139.50613624153726,
  "summary_fg_mean": 659.6351928710938,
  "summary_fg_median": 662.3226928710938,
  "summary_fg_n": 177641.0,
  "summary_fg_p05": 414.41363525390625,
  "summary_fg_p95": 899.5999755859375,
  "summary_fg_stdv": 150.0264434814453,
  "tsnr": 20.01256549952086
}