{
  "aor": 0.0004968636363636364,
  "aqi": 0.04272634090909091,
  "bids_meta": {
    "AcquisitionMatrixPE": 128,
    "AcquisitionNumber": 1,
    "AcquisitionTime": "11:59:10.307500",
    "BandwidthPerPixelPhaseEncode": 8.311,
    "BaseResolution": 128,
    "BodyPartExamined": "BRAIN",
    "ConsistencyInfo": "N4_VD13A_LATEST_20120616",
    "ConversionSoftware": "dcm2niix",
    "ConversionSoftwareVersion": "v1.0.20180518 GCC4.8.5",
    "DerivedVendorReportedEchoSpacing": 0.000940019,
    "DeviceSerialNumber": "45031",
    "DwellTime": 3.2e-06,
    "EchoTime": 0.04,
    "EchoTrainLength": 96,
    "EffectiveEchoSpacing": 0.000940019,
    "FlipAngle": 64,
    "ImageOrientationPatientDICOM": [
      1,
      0,
      0,
      0,
      0.948324,
      0.317305
    ],
    "ImageType": [
      "ORIGINAL",
      "PRIMARY",
      "M",
      "ND",
      "MOSAIC"
    ],
    "InPlanePhaseEncodingDirectionDICOM": "COL",
    "InstitutionAddress": "Washington_and_Faculty_Rd._-_Building_25_25_Princeton_NJ_US_085",
    "InstitutionName": "Princeton_University_-_Neuroscience_Institute",
    "InstitutionalDepartmentName": "Department",
    "MRAcquisitionType": "2D",
    "MagneticFieldStrength": 3,
    "Manufacturer": "Siemens",
    "ManufacturersModelName": "Skyra",
    "Modality": "MR",
    "MultibandAccelerationFactor": 3,
    "PartialFourier": 0.75,
    "PatientPosition": "HFS",
    "PercentPhaseFOV": 100,
    "PhaseEncodingDirection": "j-",
    "PhaseEncodingSteps": 96,
    "PhaseResolution": 1,
    "PixelBandwidth": 1220,
    "ProcedureStepDescription": "Turk-BrowneLab_Projects",
    "ProtocolName": "epi_acc3_shift2_1.5TR_220vol",
    "PulseSequenceDetails": "%CustomerSeq%_ep2d_bold_sliceaccl_667A",
    "ReceiveCoilActiveElements": "HE1-4",
    "ReceiveCoilName": "HeadNeck_20",
    "ReconMatrixPE": 128,
    "RepetitionTime": 1.5,
    "SAR": 0.040518,
    "ScanOptions": "PFP",
    "ScanningSequence": "EP",
    "SequenceName": "epcaipi2d1_128",
    "SequenceVariant": "SK_SS",
    "SeriesDescription": "epi_acc3_shift2_1.5TR_220vol",
    "SeriesNumber": 5,
    "ShimSetting": [
      3370,
      8565,
      9454,
      589,
      -59,
      11,
      516,
      158
    ],
    "SliceThickness": 1.5,
    "SliceTiming": [
      1.0575,
      0,
      0.74,
      0.105,
      0.845,
      0.2125,
      0.9525,
      0.4225,
      1.1625,
      0.5275,
      1.2875,
      0.635,
      1.395,
      0.3175,
      1.0575,
      0,
      0.74,
      0.105,
      0.845,
      0.2125,
      0.9525,
      0.4225,
      1.1625,
      0.5275,
      1.2875,
      0.635,
      1.395,
      0.3175,
      1.0575,
      0,
      0.74,
      0.105,
      0.845,
      0.2125,
      0.9525,
      0.4225,
      1.1625,
      0.5275,
      1.2875,
      0.635,
      1.395,
      0.3175
    ],
    "SoftwareVersions": "syngo_MR_D13",
    "SpacingBetweenSlices": 1.5,
    "StationName": "AWP45031",
    "TaskName": "cue-action-outcome",
    "TotalReadoutTime": 0.119382,
    "TxRefAmp": 344.478,
    "dataset": "ds001946",
    "modality": "bold",
    "run_id": 1,
    "subject_id": "23",
    "task_id": "actions"
  },
  "dummy_trs": 0,
  "dvars_nstd": 75.88985986593607,
  "dvars_std": 1.0863297247031956,
  "dvars_vstd": 0.988405640091324,
  "efc": 0.6454413648135057,
  "fber": 164.41043090820312,
  "fd_mean": 0.16703718570460946,
  "fd_num": 74,
  "fd_perc": 33.63636363636363,
  "fwhm_avg": 2.590371111111111,
  "fwhm_x": 2.4502133333333336,
  "fwhm_y": 2.9262333333333337,
  "fwhm_z": 2.3946666666666667,
  "gcor": 0.00193381,
  "gsr_x": -0.01129811629652977,
  "gsr_y": 0.060239918529987335,
  "provenance": {
    "md5sum": "2c0e2c0b783b5d92201de71d4c010f69",
    "settings": {
      "fd_thres": 0.2,
      "testing": false
    },
    "software": "mriqc",
    "version": "22.0.6",
    "webapi_port": null,
    "webapi_url": "https://mriqc.nimh.nih.gov/api/v1"
  },
  "size_t": 220,
  "size_x": 128,
  "size_y": 128,
  "size_z": 42,
  "snr": 4.476284846884236,
  "spacing_tr": 1.5,
  "spacing_x": 1.5,
  "spacing_y": 1.5,
  "spacing_z": 1.5,
  "summary_bg_k": 17.118148976434092,
  "summary_bg_mad": 32.287030699015155,
  "summary_bg_mean": 81.60772705078125,
  "summary_bg_median": 50.231815338134766,
  "summary_bg_n": 414606.0,
  "summary_bg_p05": 20.577272415161133,
  "summary_bg_p95": 267.84432220458984,
  "summary_bg_stdv": 94.63092803955078,
  "summary_fg_k": 0.9045574815752002,
  "summary_fg_mad": 138.05050029873445,
  "summary_fg_mean": 660.3414916992188,
  "summary_fg_median": 662.9476928710938,
  "summary_fg_n": 175540.0,
  "summary_fg_p05": 419.9181823730469,
  "summary_fg_p95": 895.0229309082031,
  "summary_fg_stdv": 148.10179138183594,
  "tsnr": 19.367096722126007
}