{
  "aor": 0.0008596330275229357,
  "aqi": 0.021996891743119265,
  "bids_meta": {
    "AcquisitionMatrixPE": 128,
    "AcquisitionNumber": 1,
    "AcquisitionTime": "12:21:4.927500",
    "BandwidthPerPixelPhaseEncode": 8.311,
    "BaseResolution": 128,
    "BodyPartExamined": "BRAIN",
    "ConsistencyInfo": "N4_VD13A_LATEST_20120616",
    "ConversionSoftware": "dcm2niix",
    "ConversionSoftwareVersion": "v1.0.20180518 GCC4.8.5",
    "DerivedVendorReportedEchoSpacing": 0.000940019,
    "DeviceSerialNumber": "45031",
    "DwellTime": 3.2e-06,
    "EchoTime": 0.04,
    "EchoTrainLength": 96,
    "EffectiveEchoSpacing": 0.000940019,
    "FlipAngle": 64,
    "ImageOrientationPatientDICOM": [
      1,
      0,
      0,
      0,
      0.99863,
      0.052336
    ],
    "ImageType": [
      "ORIGINAL",
      "PRIMARY",
      "M",
      "ND",
      "MOSAIC"
    ],
    "InPlanePhaseEncodingDirectionDICOM": "COL",
    "InstitutionAddress": "Washington_and_Faculty_Rd._-_Building_25_25_Princeton_NJ_US_085",
    "InstitutionName": "Princeton_University_-_Neuroscience_Institute",
    "InstitutionalDepartmentName": "Department",
    "MRAcquisitionType": "2D",
    "MagneticFieldStrength": 3,
    "Manufacturer": "Siemens",
    "ManufacturersModelName": "Skyra",
    "Modality": "MR",
    "MultibandAccelerationFactor": 3,
    "PartialFourier": 0.75,
    "PatientPosition": "HFS",
    "PercentPhaseFOV": 100,
    "PhaseEncodingDirection": "j-",
    "PhaseEncodingSteps": 96,
    "PhaseResolution": 1,
    "PixelBandwidth": 1220,
    "ProcedureStepDescription": "Turk-BrowneLab_Projects",
    "ProtocolName": "epi_acc3_shift2_1.5TR_220vol",
    "PulseSequenceDetails": "%CustomerSeq%_ep2d_bold_sliceaccl_667A",
    "ReceiveCoilActiveElements": "HE1-4",
    "ReceiveCoilName": "HeadNeck_20",
    "ReconMatrixPE": 128,
    "RepetitionTime": 1.5,
    "SAR": 0.026014,
    "ScanOptions": "PFP",
    "ScanningSequence": "EP",
    "SequenceName": "epcaipi2d1_128",
    "SequenceVariant": "SK_SS",
    "SeriesDescription": "epi_acc3_shift2_1.5TR_220vol",
    "SeriesNumber": 11,
    "ShimSetting": [
      3358,
      8584,
      9247,
      615,
      254,
      98,
      755,
      81
    ],
    "SliceThickness": 1.5,
    "SliceTiming": [
      1.0575,
      0,
      0.74,
      0.1075,
      0.8475,
      0.2125,
      0.9525,
      0.425,
      1.165,
      0.53,
      1.29,
      0.635,
      1.395,
      0.3175,
      1.0575,
      0,
      0.74,
      0.1075,
      0.8475,
      0.2125,
      0.9525,
      0.425,
      1.165,
      0.53,
      1.29,
      0.635,
      1.395,
      0.3175,
      1.0575,
      0,
      0.74,
      0.1075,
      0.8475,
      0.2125,
      0.9525,
      0.425,
      1.165,
      0.53,
      1.29,
      0.635,
      1.395,
      0.3175
    ],
    "SoftwareVersions": "syngo_MR_D13",
    "SpacingBetweenSlices": 1.5,
    "StationName": "AWP45031",
    "TaskName": "cue-action-outcome",
    "TotalReadoutTime": 0.119382,
    "TxRefAmp": 368.464,
    "dataset": "ds001946",
    "modality": "bold",
    "run_id": 7,
    "subject_id": "17",
    "task_id": "actions"
  },
  "dummy_trs": 2,
  "dvars_nstd": 74.87750026147467,
  "dvars_std": 1.0251714713364048,
  "dvars_vstd": 1.004401914930876,
  "efc": 0.6759650762006859,
  "fber": 167.13174438476562,
  "fd_mean": 0.24360280622405972,
  "fd_num": 138,
  "fd_perc": 63.30275229357798,
  "fwhm_avg": 3.192984617810616,
  "fwhm_x": 3.0345999999999997,
  "fwhm_y": 3.661446957652327,
  "fwhm_z": 2.8829068957795223,
  "gcor": 0.00524143,
  "gsr_x": -0.001160523621365428,
  "gsr_y": 0.056094128638505936,
  "provenance": {
    "md5sum": "3c2af96bad5539727c50bea11bfbd4ff",
    "settings": {
      "fd_thres": 0.2,
      "testing": false
    },
    "software": "mriqc",
    "version": "22.0.6",
    "webapi_port": null,
    "webapi_url": "https://mriqc.nimh.nih.gov/api/v1"
  },
  "size_t": 218,
  "size_x": 128,
  "size_y": 128,
  "size_z": 42,
  "snr": 3.079887380274172,
  "spacing_tr": 1.5,
  "spacing_x": 1.5,
  "spacing_y": 1.4999998807907104,
  "spacing_z": 1.4999998807907104,
  "summary_bg_k": 13.248222029044033,
  "summary_bg_mad": 31.243461845438503,
  "summary_bg_mean": 67.63031768798828,
  "summary_bg_median": 43.94953918457031,
  "summary_bg_n": 332656.0,
  "summary_bg_p05": 18.119264602661133,
  "summary_bg_p95": 200.43233108520508,
  "summary_bg_stdv": 66.40708923339844,
  "summary_fg_k": 0.4998198844151793,
  "summary_fg_mad": 190.34774616284668,
  "summary_fg_mean": 629.576416015625,
  "summary_fg_median": 618.3118896484375,
  "summary_fg_n": 232562.0,
  "summary_fg_p05": 319.61099395751955,
  "summary_fg_p95": 976.9632568359375,
  "summary_fg_stdv": 200.7575225830078,
  "tsnr": 17.52649058937095
}