{
  "aor": 0.0008410909090909091,
  "aqi": 0.019806840454545456,
  "bids_meta": {
    "AcquisitionMatrixPE": 128,
    "AcquisitionNumber": 1,
    "AcquisitionTime": "11:40:44.125000",
    "BandwidthPerPixelPhaseEncode": 8.311,
    "BaseResolution": 128,
    "BodyPartExamined": "BRAIN",
    "ConsistencyInfo": "N4_VD13A_LATEST_20120616",
    "ConversionSoftware": "dcm2niix",
    "ConversionSoftwareVersion": "v1.0.20180518 GCC4.8.5",
    "DerivedVendorReportedEchoSpacing": 0.000940019,
    "DeviceSerialNumber": "45031",
    "DwellTime": 3.2e-06,
    "EchoTime": 0.04,
    "EchoTrainLength": 96,
    "EffectiveEchoSpacing": 0.000940019,
    "FlipAngle": 64,
    "ImageOrientationPatientDICOM": [
      1,
      0,
      0,
      0,
      0.99863,
      0.052336
    ],
    "ImageType": [
      "ORIGINAL",
      "PRIMARY",
      "M",
      "ND",
      "MOSAIC"
    ],
    "InPlanePhaseEncodingDirectionDICOM": "COL",
    "InstitutionAddress": "Washington_and_Faculty_Rd._-_Building_25_25_Princeton_NJ_US_085",
    "InstitutionName": "Princeton_University_-_Neuroscience_Institute",
    "InstitutionalDepartmentName": "Department",
    "MRAcquisitionType": "2D",
    "MagneticFieldStrength": 3,
    "Manufacturer": "Siemens",
    "ManufacturersModelName": "Skyra",
    "Modality": "MR",
    "MultibandAccelerationFactor": 3,
    "PartialFourier": 0.75,
    "PatientPosition": "HFS",
    "PercentPhaseFOV": 100,
    "PhaseEncodingDirection": "j-",
    "PhaseEncodingSteps": 96,
    "PhaseResolution": 1,
    "PixelBandwidth": 1220,
    "ProcedureStepDescription": "Turk-BrowneLab_Projects",
    "ProtocolName": "epi_acc3_shift2_1.5TR_220vol",
    "PulseSequenceDetails": "%CustomerSeq%_ep2d_bold_sliceaccl_667A",
    "ReceiveCoilActiveElements": "HE1-4",
    "ReceiveCoilName": "HeadNeck_20",
    "ReconMatrixPE": 128,
    "RepetitionTime": 1.5,
    "SAR": 0.026014,
    "ScanOptions": "PFP",
    "ScanningSequence": "EP",
    "SequenceName": "epcaipi2d1_128",
    "SequenceVariant": "SK_SS",
    "SeriesDescription": "epi_acc3_shift2_1.5TR_220vol",
    "SeriesNumber": 5,
    "ShimSetting": [
      3358,
      8584,
      9247,
      615,
      254,
      98,
      755,
      81
    ],
    "SliceThickness": 1.5,
    "SliceTiming": [
      1.0575,
      0,
      0.74,
      0.1075,
      0.8475,
      0.2125,
      0.9525,
      0.425,
      1.165,
      0.53,
      1.29,
      0.635,
      1.395,
      0.3175,
      1.0575,
      0,
      0.74,
      0.1075,
      0.8475,
      0.2125,
      0.9525,
      0.425,
      1.165,
      0.53,
      1.29,
      0.635,
      1.395,
      0.3175,
      1.0575,
      0,
      0.74,
      0.1075,
      0.8475,
      0.2125,
      0.9525,
      0.425,
      1.165,
      0.53,
      1.29,
      0.635,
      1.395,
      0.3175
    ],
    "SoftwareVersions": "syngo_MR_D13",
    "SpacingBetweenSlices": 1.5,
    "StationName": "AWP45031",
    "TaskName": "cue-action-outcome",
    "TotalReadoutTime": 0.119382,
    "TxRefAmp": 368.464,
    "dataset": "ds001946",
    "modality": "bold",
    "run_id": 1,
    "subject_id": "17",
    "task_id": "actions"
  },
  "dummy_trs": 0,
  "dvars_nstd": 77.15922919127853,
  "dvars_std": 1.039615243789954,
  "dvars_vstd": 1.0032065917351594,
  "efc": 0.6738396149573415,
  "fber": 173.0597686767578,
  "fd_mean": 0.2510078276537812,
  "fd_num": 138,
  "fd_perc": 62.72727272727273,
  "fwhm_avg": 3.09690683468979,
  "fwhm_x": 2.94806,
  "fwhm_y": 3.5644536166106557,
  "fwhm_z": 2.7782068874587127,
  "gcor": 0.00410823,
  "gsr_x": -0.0010979041690006852,
  "gsr_y": 0.05554890260100365,
  "provenance": {
    "md5sum": "c491948ddaf865b04f8c150c1770ff7c",
    "settings": {
      "fd_thres": 0.2,
      "testing": false
    },
    "software": "mriqc",
    "version": "22.0.6",
    "webapi_port": null,
    "webapi_url": "https://mriqc.nimh.nih.gov/api/v1"
  },
  "size_t": 220,
  "size_x": 128,
  "size_y": 128,
  "size_z": 42,
  "snr": 3.1334257397533274,
  "spacing_tr": 1.5,
  "spacing_x": 1.5,
  "spacing_y": 1.4999998807907104,
  "spacing_z": 1.4999998807907104,
  "summary_bg_k": 12.561486178278253,
  "summary_bg_mad": 29.780088934271305,
  "summary_bg_mean": 66.41018676757812,
  "summary_bg_median": 42.92727279663086,
  "summary_bg_n": 336824.0,
  "summary_bg_p05": 18.195453643798828,
  "summary_bg_p95": 197.44544982910156,
  "summary_bg_stdv": 65.39649200439453,
  "summary_fg_k": 0.5355213846006182,
  "summary_fg_mad": 188.9879852841617,
  "summary_fg_mean": 628.14990234375,
  "summary_fg_median": 618.8704223632812,
  "summary_fg_n": 231014.0,
  "summary_fg_p05": 320.816584777832,
  "summary_fg_p95": 964.6363525390625,
  "summary_fg_stdv": 197.50558471679688,
  "tsnr": 18.36110039066989
}