{
  "aor": 0.0006314615384615384,
  "aqi": 0.021901765,
  "bids_meta": {
    "AcquisitionMatrixPE": 128,
    "AcquisitionNumber": 1,
    "AcquisitionTime": "12:34:27.327500",
    "BandwidthPerPixelPhaseEncode": 8.311,
    "BaseResolution": 128,
    "BodyPartExamined": "BRAIN",
    "ConsistencyInfo": "N4_VD13A_LATEST_20120616",
    "ConversionSoftware": "dcm2niix",
    "ConversionSoftwareVersion": "v1.0.20180518 GCC4.8.5",
    "DerivedVendorReportedEchoSpacing": 0.000940019,
    "DeviceSerialNumber": "45031",
    "DwellTime": 3.2e-06,
    "EchoTime": 0.04,
    "EchoTrainLength": 96,
    "EffectiveEchoSpacing": 0.000940019,
    "FlipAngle": 64,
    "ImageOrientationPatientDICOM": [
      1,
      0,
      0,
      0,
      0.99863,
      0.052336
    ],
    "ImageType": [
      "ORIGINAL",
      "PRIMARY",
      "M",
      "ND",
      "MOSAIC"
    ],
    "InPlanePhaseEncodingDirectionDICOM": "COL",
    "InstitutionAddress": "Washington_and_Faculty_Rd._-_Building_25_25_Princeton_NJ_US_085",
    "InstitutionName": "Princeton_University_-_Neuroscience_Institute",
    "InstitutionalDepartmentName": "Department",
    "MRAcquisitionType": "2D",
    "MagneticFieldStrength": 3,
    "Manufacturer": "Siemens",
    "ManufacturersModelName": "Skyra",
    "Modality": "MR",
    "MultibandAccelerationFactor": 3,
    "PartialFourier": 0.75,
    "PatientPosition": "HFS",
    "PercentPhaseFOV": 100,
    "PhaseEncodingDirection": "j-",
    "PhaseEncodingSteps": 96,
    "PhaseResolution": 1,
    "PixelBandwidth": 1220,
    "ProcedureStepDescription": "Turk-BrowneLab_Projects",
    "ProtocolName": "epi_acc3_shift2_1.5TR_260vol",
    "PulseSequenceDetails": "%CustomerSeq%_ep2d_bold_sliceaccl_667A",
    "ReceiveCoilActiveElements": "HE1-4",
    "ReceiveCoilName": "HeadNeck_20",
    "ReconMatrixPE": 128,
    "RepetitionTime": 1.5,
    "SAR": 0.0260398,
    "ScanOptions": "PFP",
    "ScanningSequence": "EP",
    "SequenceName": "epcaipi2d1_128",
    "SequenceVariant": "SK_SS",
    "SeriesDescription": "epi_acc3_shift2_1.5TR_260vol",
    "SeriesNumber": 13,
    "ShimSetting": [
      3358,
      8584,
      9247,
      615,
      254,
      98,
      755,
      81
    ],
    "SliceThickness": 1.5,
    "SliceTiming": [
      1.0575,
      0,
      0.74,
      0.105,
      0.845,
      0.2125,
      0.9525,
      0.4225,
      1.1625,
      0.53,
      1.29,
      0.635,
      1.395,
      0.3175,
      1.0575,
      0,
      0.74,
      0.105,
      0.845,
      0.2125,
      0.9525,
      0.4225,
      1.1625,
      0.53,
      1.29,
      0.635,
      1.395,
      0.3175,
      1.0575,
      0,
      0.74,
      0.105,
      0.845,
      0.2125,
      0.9525,
      0.4225,
      1.1625,
      0.53,
      1.29,
      0.635,
      1.395,
      0.3175
    ],
    "SoftwareVersions": "syngo_MR_D13",
    "SpacingBetweenSlices": 1.5,
    "StationName": "AWP45031",
    "TaskName": "Functional Localizer",
    "TotalReadoutTime": 0.119382,
    "TxRefAmp": 368.464,
    "dataset": "ds001946",
    "modality": "bold",
    "subject_id": "17",
    "task_id": "loc"
  },
  "dummy_trs": 0,
  "dvars_nstd": 75.96033018274123,
  "dvars_std": 1.0175729262934363,
  "dvars_vstd": 0.99213332015444,
  "efc": 0.6754789136705829,
  "fber": 166.90994262695312,
  "fd_mean": 0.23625745108947172,
  "fd_num": 170,
  "fd_perc": 65.38461538461539,
  "fwhm_avg": 3.182577950612364,
  "fwhm_x": 3.0234466666666666,
  "fwhm_y": 3.6724602918609213,
  "fwhm_z": 2.851826893309505,
  "gcor": 0.00295384,
  "gsr_x": -0.0007204767898656428,
  "gsr_y": 0.055130161345005035,
  "provenance": {
    "md5sum": "cd2256e3109c4d458f87438637a02fd6",
    "settings": {
      "fd_thres": 0.2,
      "testing": false
    },
    "software": "mriqc",
    "version": "22.0.6",
    "webapi_port": null,
    "webapi_url": "https://mriqc.nimh.nih.gov/api/v1"
  },
  "size_t": 260,
  "size_x": 128,
  "size_y": 128,
  "size_z": 42,
  "snr": 3.068430056881431,
  "spacing_tr": 1.5,
  "spacing_x": 1.5,
  "spacing_y": 1.4999998807907104,
  "spacing_z": 1.4999998807907104,
  "summary_bg_k": 12.869229663230206,
  "summary_bg_mad": 30.88944464165982,
  "summary_bg_mean": 67.45780944824219,
  "summary_bg_median": 43.8038444519043,
  "summary_bg_n": 333036.0,
  "summary_bg_p05": 18.149999618530273,
  "summary_bg_p95": 200.297119140625,
  "summary_bg_stdv": 65.82230377197266,
  "summary_fg_k": 0.4524426870094507,
  "summary_fg_mad": 190.594220637496,
  "summary_fg_mean": 630.0007934570312,
  "summary_fg_median": 618.4134521484375,
  "summary_fg_n": 232494.0,
  "summary_fg_p05": 319.3215515136719,
  "summary_fg_p95": 980.3513214111327,
  "summary_fg_stdv": 201.5402374267578,
  "tsnr": 17.913582273293287
}