{
  "aor": 0.0007768636363636364,
  "aqi": 0.021245781363636362,
  "bids_meta": {
    "AcquisitionMatrixPE": 128,
    "AcquisitionNumber": 1,
    "AcquisitionTime": "11:47:0.432500",
    "BandwidthPerPixelPhaseEncode": 8.311,
    "BaseResolution": 128,
    "BodyPartExamined": "BRAIN",
    "ConsistencyInfo": "N4_VD13A_LATEST_20120616",
    "ConversionSoftware": "dcm2niix",
    "ConversionSoftwareVersion": "v1.0.20180518 GCC4.8.5",
    "DerivedVendorReportedEchoSpacing": 0.000940019,
    "DeviceSerialNumber": "45031",
    "DwellTime": 3.2e-06,
    "EchoTime": 0.04,
    "EchoTrainLength": 96,
    "EffectiveEchoSpacing": 0.000940019,
    "FlipAngle": 64,
    "ImageOrientationPatientDICOM": [
      1,
      0,
      0,
      0,
      0.99863,
      0.052336
    ],
    "ImageType": [
      "ORIGINAL",
      "PRIMARY",
      "M",
      "ND",
      "MOSAIC"
    ],
    "InPlanePhaseEncodingDirectionDICOM": "COL",
    "InstitutionAddress": "Washington_and_Faculty_Rd._-_Building_25_25_Princeton_NJ_US_085",
    "InstitutionName": "Princeton_University_-_Neuroscience_Institute",
    "InstitutionalDepartmentName": "Department",
    "MRAcquisitionType": "2D",
    "MagneticFieldStrength": 3,
    "Manufacturer": "Siemens",
    "ManufacturersModelName": "Skyra",
    "Modality": "MR",
    "MultibandAccelerationFactor": 3,
    "PartialFourier": 0.75,
    "PatientPosition": "HFS",
    "PercentPhaseFOV": 100,
    "PhaseEncodingDirection": "j-",
    "PhaseEncodingSteps": 96,
    "PhaseResolution": 1,
    "PixelBandwidth": 1220,
    "ProcedureStepDescription": "Turk-BrowneLab_Projects",
    "ProtocolName": "epi_acc3_shift2_1.5TR_220vol",
    "PulseSequenceDetails": "%CustomerSeq%_ep2d_bold_sliceaccl_667A",
    "ReceiveCoilActiveElements": "HE1-4",
    "ReceiveCoilName": "HeadNeck_20",
    "ReconMatrixPE": 128,
    "RepetitionTime": 1.5,
    "SAR": 0.026014,
    "ScanOptions": "PFP",
    "ScanningSequence": "EP",
    "SequenceName": "epcaipi2d1_128",
    "SequenceVariant": "SK_SS",
    "SeriesDescription": "epi_acc3_shift2_1.5TR_220vol",
    "SeriesNumber": 6,
    "ShimSetting": [
      3358,
      8584,
      9247,
      615,
      254,
      98,
      755,
      81
    ],
    "SliceThickness": 1.5,
    "SliceTiming": [
      1.0575,
      0,
      0.74,
      0.1075,
      0.8475,
      0.2125,
      0.9525,
      0.4225,
      1.1625,
      0.53,
      1.29,
      0.635,
      1.395,
      0.3175,
      1.0575,
      0,
      0.74,
      0.1075,
      0.8475,
      0.2125,
      0.9525,
      0.4225,
      1.1625,
      0.53,
      1.29,
      0.635,
      1.395,
      0.3175,
      1.0575,
      0,
      0.74,
      0.1075,
      0.8475,
      0.2125,
      0.9525,
      0.4225,
      1.1625,
      0.53,
      1.29,
      0.635,
      1.395,
      0.3175
    ],
    "SoftwareVersions": "syngo_MR_D13",
    "SpacingBetweenSlices": 1.5,
    "StationName": "AWP45031",
    "TaskName": "cue-action-outcome",
    "TotalReadoutTime": 0.119382,
    "TxRefAmp": 368.464,
    "dataset": "ds001946",
    "modality": "bold",
    "run_id": 2,
    "subject_id": "17",
    "task_id": "actions"
  },
  "dummy_trs": 0,
  "dvars_nstd": 76.06111765114153,
  "dvars_std": 1.028595383607306,
  "dvars_vstd": 1.0004148855707762,
  "efc": 0.6747929349249457,
  "fber": 167.90762329101562,
  "fd_mean": 0.2468482346224529,
  "fd_num": 138,
  "fd_perc": 62.72727272727273,
  "fwhm_avg": 3.1515690594097556,
  "fwhm_x": 3.0177600000000004,
  "fwhm_y": 3.638253622475753,
  "fwhm_z": 2.7986935557535135,
  "gcor": 0.0044228,
  "gsr_x": -0.0014677514554932714,
  "gsr_y": 0.05851123109459877,
  "provenance": {
    "md5sum": "2aff89b06bda7d073fa6797b4f923ca6",
    "settings": {
      "fd_thres": 0.2,
      "testing": false
    },
    "software": "mriqc",
    "version": "22.0.6",
    "webapi_port": null,
    "webapi_url": "https://mriqc.nimh.nih.gov/api/v1"
  },
  "size_t": 220,
  "size_x": 128,
  "size_y": 128,
  "size_z": 42,
  "snr": 3.081355412544842,
  "spacing_tr": 1.5,
  "spacing_x": 1.5,
  "spacing_y": 1.4999998807907104,
  "spacing_z": 1.4999998807907104,
  "summary_bg_k": 13.235346515879812,
  "summary_bg_mad": 30.737038241806385,
  "summary_bg_mean": 67.78318786621094,
  "summary_bg_median": 43.672725677490234,
  "summary_bg_n": 334863.0,
  "summary_bg_p05": 18.34090805053711,
  "summary_bg_p95": 201.34908142089813,
  "summary_bg_stdv": 66.86968231201172,
  "summary_fg_k": 0.49462183001914983,
  "summary_fg_mad": 191.3971686438043,
  "summary_fg_mean": 629.9011840820312,
  "summary_fg_median": 618.986328125,
  "summary_fg_n": 232015.0,
  "summary_fg_p05": 319.11679992675784,
  "summary_fg_p95": 977.7331665039062,
  "summary_fg_stdv": 200.88075256347656,
  "tsnr": 18.139984787092544
}