{
  "aor": 0.0021596363636363636,
  "aqi": 0.03023574681818182,
  "bids_meta": {
    "AcquisitionMatrixPE": 128,
    "AcquisitionNumber": 1,
    "AcquisitionTime": "11:53:45.835000",
    "BandwidthPerPixelPhaseEncode": 8.311,
    "BaseResolution": 128,
    "BodyPartExamined": "BRAIN",
    "ConsistencyInfo": "N4_VD13A_LATEST_20120616",
    "ConversionSoftware": "dcm2niix",
    "ConversionSoftwareVersion": "v1.0.20180518 GCC4.8.5",
    "DerivedVendorReportedEchoSpacing": 0.000940019,
    "DeviceSerialNumber": "45031",
    "DwellTime": 3.2e-06,
    "EchoTime": 0.04,
    "EchoTrainLength": 96,
    "EffectiveEchoSpacing": 0.000940019,
    "FlipAngle": 64,
    "ImageOrientationPatientDICOM": [
      1,
      0,
      0,
      0,
      0.983255,
      0.182236
    ],
    "ImageType": [
      "ORIGINAL",
      "PRIMARY",
      "M",
      "ND",
      "MOSAIC"
    ],
    "InPlanePhaseEncodingDirectionDICOM": "COL",
    "InstitutionAddress": "Washington_and_Faculty_Rd._-_Building_25_25_Princeton_NJ_US_085",
    "InstitutionName": "Princeton_University_-_Neuroscience_Institute",
    "InstitutionalDepartmentName": "Department",
    "MRAcquisitionType": "2D",
    "MagneticFieldStrength": 3,
    "Manufacturer": "Siemens",
    "ManufacturersModelName": "Skyra",
    "Modality": "MR",
    "MultibandAccelerationFactor": 3,
    "PartialFourier": 0.75,
    "PatientPosition": "HFS",
    "PercentPhaseFOV": 100,
    "PhaseEncodingDirection": "j-",
    "PhaseEncodingSteps": 96,
    "PhaseResolution": 1,
    "PixelBandwidth": 1220,
    "ProcedureStepDescription": "Turk-BrowneLab_Projects",
    "ProtocolName": "epi_acc3_shift2_1.5TR_220vol",
    "PulseSequenceDetails": "%CustomerSeq%_ep2d_bold_sliceaccl_667A",
    "ReceiveCoilActiveElements": "HE1-4",
    "ReceiveCoilName": "HeadNeck_20",
    "ReconMatrixPE": 128,
    "RepetitionTime": 1.5,
    "SAR": 0.0373584,
    "ScanOptions": "PFP",
    "ScanningSequence": "EP",
    "SequenceName": "epcaipi2d1_128",
    "SequenceVariant": "SK_SS",
    "SeriesDescription": "epi_acc3_shift2_1.5TR_220vol",
    "SeriesNumber": 10,
    "ShimSetting": [
      3412,
      8541,
      9464,
      553,
      270,
      44,
      787,
      172
    ],
    "SliceThickness": 1.5,
    "SliceTiming": [
      1.0575,
      0,
      0.74,
      0.105,
      0.845,
      0.21,
      0.95,
      0.4225,
      1.1625,
      0.5275,
      1.2875,
      0.6325,
      1.3925,
      0.3175,
      1.0575,
      0,
      0.74,
      0.105,
      0.845,
      0.21,
      0.95,
      0.4225,
      1.1625,
      0.5275,
      1.2875,
      0.6325,
      1.3925,
      0.3175,
      1.0575,
      0,
      0.74,
      0.105,
      0.845,
      0.21,
      0.95,
      0.4225,
      1.1625,
      0.5275,
      1.2875,
      0.6325,
      1.3925,
      0.3175
    ],
    "SoftwareVersions": "syngo_MR_D13",
    "SpacingBetweenSlices": 1.5,
    "StationName": "AWP45031",
    "TaskName": "cue-action-outcome",
    "TotalReadoutTime": 0.119382,
    "TxRefAmp": 328.67,
    "dataset": "ds001946",
    "modality": "bold",
    "run_id": 6,
    "subject_id": "20",
    "task_id": "actions"
  },
  "dummy_trs": 0,
  "dvars_nstd": 79.9678962047032,
  "dvars_std": 1.074314551780822,
  "dvars_vstd": 1.0235069938812782,
  "efc": 0.6494811731263856,
  "fber": 181.85595703125,
  "fd_mean": 0.20526695772578255,
  "fd_num": 87,
  "fd_perc": 39.54545454545455,
  "fwhm_avg": 2.874508888888889,
  "fwhm_x": 2.7725266666666664,
  "fwhm_y": 3.3878866666666667,
  "fwhm_z": 2.4631133333333333,
  "gcor": 0.00156772,
  "gsr_x": -0.011808295734226704,
  "gsr_y": 0.04999560862779617,
  "provenance": {
    "md5sum": "20c002d9c1c776a98e2494d33746e382",
    "settings": {
      "fd_thres": 0.2,
      "testing": false
    },
    "software": "mriqc",
    "version": "22.0.6",
    "webapi_port": null,
    "webapi_url": "https://mriqc.nimh.nih.gov/api/v1"
  },
  "size_t": 220,
  "size_x": 128,
  "size_y": 128,
  "size_z": 42,
  "snr": 3.6836656887887886,
  "spacing_tr": 1.5,
  "spacing_x": 1.5,
  "spacing_y": 1.5,
  "spacing_z": 1.5,
  "summary_bg_k": 17.30099650244183,
  "summary_bg_mad": 32.61051006603686,
  "summary_bg_mean": 66.17304229736328,
  "summary_bg_median": 44.686363220214844,
  "summary_bg_n": 379205.0,
  "summary_bg_p05": 18.195453643798828,
  "summary_bg_p95": 195.6272735595703,
  "summary_bg_stdv": 69.20185089111328,
  "summary_fg_k": 0.3229819306268453,
  "summary_fg_mad": 169.23229262440296,
  "summary_fg_mean": 642.3324584960938,
  "summary_fg_median": 643.154541015625,
  "summary_fg_n": 199825.0,
  "summary_fg_p05": 355.92908935546876,
  "summary_fg_p95": 928.7617919921873,
  "summary_fg_stdv": 174.5959014892578,
  "tsnr": 17.531502768630162
}