{
  "aor": 0.0006020909090909092,
  "aqi": 0.03588038681818182,
  "bids_meta": {
    "AcquisitionMatrixPE": 128,
    "AcquisitionNumber": 1,
    "AcquisitionTime": "11:41:1.637500",
    "BandwidthPerPixelPhaseEncode": 8.311,
    "BaseResolution": 128,
    "BodyPartExamined": "BRAIN",
    "ConsistencyInfo": "N4_VD13A_LATEST_20120616",
    "ConversionSoftware": "dcm2niix",
    "ConversionSoftwareVersion": "v1.0.20180518 GCC4.8.5",
    "DerivedVendorReportedEchoSpacing": 0.000940019,
    "DeviceSerialNumber": "45031",
    "DwellTime": 3.2e-06,
    "EchoTime": 0.04,
    "EchoTrainLength": 96,
    "EffectiveEchoSpacing": 0.000940019,
    "FlipAngle": 64,
    "ImageOrientationPatientDICOM": [
      1,
      0,
      0,
      0,
      0.983255,
      0.182236
    ],
    "ImageType": [
      "ORIGINAL",
      "PRIMARY",
      "M",
      "ND",
      "MOSAIC"
    ],
    "InPlanePhaseEncodingDirectionDICOM": "COL",
    "InstitutionAddress": "Washington_and_Faculty_Rd._-_Building_25_25_Princeton_NJ_US_085",
    "InstitutionName": "Princeton_University_-_Neuroscience_Institute",
    "InstitutionalDepartmentName": "Department",
    "MRAcquisitionType": "2D",
    "MagneticFieldStrength": 3,
    "Manufacturer": "Siemens",
    "ManufacturersModelName": "Skyra",
    "Modality": "MR",
    "MultibandAccelerationFactor": 3,
    "PartialFourier": 0.75,
    "PatientPosition": "HFS",
    "PercentPhaseFOV": 100,
    "PhaseEncodingDirection": "j-",
    "PhaseEncodingSteps": 96,
    "PhaseResolution": 1,
    "PixelBandwidth": 1220,
    "ProcedureStepDescription": "Turk-BrowneLab_Projects",
    "ProtocolName": "epi_acc3_shift2_1.5TR_220vol",
    "PulseSequenceDetails": "%CustomerSeq%_ep2d_bold_sliceaccl_667A",
    "ReceiveCoilActiveElements": "HE1-4",
    "ReceiveCoilName": "HeadNeck_20",
    "ReconMatrixPE": 128,
    "RepetitionTime": 1.5,
    "SAR": 0.0373584,
    "ScanOptions": "PFP",
    "ScanningSequence": "EP",
    "SequenceName": "epcaipi2d1_128",
    "SequenceVariant": "SK_SS",
    "SeriesDescription": "epi_acc3_shift2_1.5TR_220vol",
    "SeriesNumber": 8,
    "ShimSetting": [
      3412,
      8541,
      9464,
      553,
      270,
      44,
      787,
      172
    ],
    "SliceThickness": 1.5,
    "SliceTiming": [
      1.055,
      0,
      0.74,
      0.105,
      0.845,
      0.21,
      0.95,
      0.4225,
      1.1625,
      0.5275,
      1.2875,
      0.6325,
      1.3925,
      0.3175,
      1.055,
      0,
      0.74,
      0.105,
      0.845,
      0.21,
      0.95,
      0.4225,
      1.1625,
      0.5275,
      1.2875,
      0.6325,
      1.3925,
      0.3175,
      1.055,
      0,
      0.74,
      0.105,
      0.845,
      0.21,
      0.95,
      0.4225,
      1.1625,
      0.5275,
      1.2875,
      0.6325,
      1.3925,
      0.3175
    ],
    "SoftwareVersions": "syngo_MR_D13",
    "SpacingBetweenSlices": 1.5,
    "StationName": "AWP45031",
    "TaskName": "cue-action-outcome",
    "TotalReadoutTime": 0.119382,
    "TxRefAmp": 328.67,
    "dataset": "ds001946",
    "modality": "bold",
    "run_id": 4,
    "subject_id": "20",
    "task_id": "actions"
  },
  "dummy_trs": 0,
  "dvars_nstd": 81.2573734440183,
  "dvars_std": 1.042966104383562,
  "dvars_vstd": 0.9850144513242003,
  "efc": 0.6449551147023307,
  "fber": 185.78453063964844,
  "fd_mean": 0.19784430242938142,
  "fd_num": 104,
  "fd_perc": 47.27272727272727,
  "fwhm_avg": 3.004073333333333,
  "fwhm_x": 2.8303999999999996,
  "fwhm_y": 3.49342,
  "fwhm_z": 2.6884,
  "gcor": 0.00188892,
  "gsr_x": -0.00557241914793849,
  "gsr_y": 0.04519400745630264,
  "provenance": {
    "md5sum": "2e34fe7ad3b7e885b65a5997868cb656",
    "settings": {
      "fd_thres": 0.2,
      "testing": false
    },
    "software": "mriqc",
    "version": "22.0.6",
    "webapi_port": null,
    "webapi_url": "https://mriqc.nimh.nih.gov/api/v1"
  },
  "size_t": 220,
  "size_x": 128,
  "size_y": 128,
  "size_z": 42,
  "snr": 3.720701630081315,
  "spacing_tr": 1.5,
  "spacing_x": 1.5,
  "spacing_y": 1.5,
  "spacing_z": 1.5,
  "summary_bg_k": 20.716717143663228,
  "summary_bg_mad": 30.979649887952146,
  "summary_bg_mean": 62.69929122924805,
  "summary_bg_median": 43.563636779785156,
  "summary_bg_n": 381103.0,
  "summary_bg_p05": 18.18181800842285,
  "summary_bg_p95": 176.89999389648438,
  "summary_bg_stdv": 62.01345443725586,
  "summary_fg_k": 0.1929541586763368,
  "summary_fg_mad": 167.07580498590156,
  "summary_fg_mean": 630.7122802734375,
  "summary_fg_median": 632.8545532226562,
  "summary_fg_n": 195467.0,
  "summary_fg_p05": 346.8177215576172,
  "summary_fg_p95": 904.9167968749999,
  "summary_fg_stdv": 170.0896759033203,
  "tsnr": 16.858190435450524
}