{
  "aor": 0.0011648636363636364,
  "aqi": 0.029179549999999995,
  "bids_meta": {
    "AcquisitionMatrixPE": 128,
    "AcquisitionNumber": 1,
    "AcquisitionTime": "11:21:11.322500",
    "BandwidthPerPixelPhaseEncode": 8.311,
    "BaseResolution": 128,
    "BodyPartExamined": "BRAIN",
    "ConsistencyInfo": "N4_VD13A_LATEST_20120616",
    "ConversionSoftware": "dcm2niix",
    "ConversionSoftwareVersion": "v1.0.20180518 GCC4.8.5",
    "DerivedVendorReportedEchoSpacing": 0.000940019,
    "DeviceSerialNumber": "45031",
    "DwellTime": 3.2e-06,
    "EchoTime": 0.04,
    "EchoTrainLength": 96,
    "EffectiveEchoSpacing": 0.000940019,
    "FlipAngle": 64,
    "ImageOrientationPatientDICOM": [
      1,
      0,
      0,
      0,
      0.983255,
      0.182236
    ],
    "ImageType": [
      "ORIGINAL",
      "PRIMARY",
      "M",
      "ND",
      "MOSAIC"
    ],
    "InPlanePhaseEncodingDirectionDICOM": "COL",
    "InstitutionAddress": "Washington_and_Faculty_Rd._-_Building_25_25_Princeton_NJ_US_085",
    "InstitutionName": "Princeton_University_-_Neuroscience_Institute",
    "InstitutionalDepartmentName": "Department",
    "MRAcquisitionType": "2D",
    "MagneticFieldStrength": 3,
    "Manufacturer": "Siemens",
    "ManufacturersModelName": "Skyra",
    "Modality": "MR",
    "MultibandAccelerationFactor": 3,
    "PartialFourier": 0.75,
    "PatientPosition": "HFS",
    "PercentPhaseFOV": 100,
    "PhaseEncodingDirection": "j-",
    "PhaseEncodingSteps": 96,
    "PhaseResolution": 1,
    "PixelBandwidth": 1220,
    "ProcedureStepDescription": "Turk-BrowneLab_Projects",
    "ProtocolName": "epi_acc3_shift2_1.5TR_220vol",
    "PulseSequenceDetails": "%CustomerSeq%_ep2d_bold_sliceaccl_667A",
    "ReceiveCoilActiveElements": "HE1-4",
    "ReceiveCoilName": "HeadNeck_20",
    "ReconMatrixPE": 128,
    "RepetitionTime": 1.5,
    "SAR": 0.0373584,
    "ScanOptions": "PFP",
    "ScanningSequence": "EP",
    "SequenceName": "epcaipi2d1_128",
    "SequenceVariant": "SK_SS",
    "SeriesDescription": "epi_acc3_shift2_1.5TR_220vol",
    "SeriesNumber": 5,
    "ShimSetting": [
      3412,
      8541,
      9464,
      553,
      270,
      44,
      787,
      172
    ],
    "SliceThickness": 1.5,
    "SliceTiming": [
      1.055,
      0,
      0.74,
      0.105,
      0.845,
      0.21,
      0.95,
      0.4225,
      1.1625,
      0.5275,
      1.2875,
      0.6325,
      1.3925,
      0.315,
      1.055,
      0,
      0.74,
      0.105,
      0.845,
      0.21,
      0.95,
      0.4225,
      1.1625,
      0.5275,
      1.2875,
      0.6325,
      1.3925,
      0.315,
      1.055,
      0,
      0.74,
      0.105,
      0.845,
      0.21,
      0.95,
      0.4225,
      1.1625,
      0.5275,
      1.2875,
      0.6325,
      1.3925,
      0.315
    ],
    "SoftwareVersions": "syngo_MR_D13",
    "SpacingBetweenSlices": 1.5,
    "StationName": "AWP45031",
    "TaskName": "cue-action-outcome",
    "TotalReadoutTime": 0.119382,
    "TxRefAmp": 328.67,
    "dataset": "ds001946",
    "modality": "bold",
    "run_id": 1,
    "subject_id": "20",
    "task_id": "actions"
  },
  "dummy_trs": 0,
  "dvars_nstd": 83.66103244607305,
  "dvars_std": 1.096729025890411,
  "dvars_vstd": 1.0130502053424655,
  "efc": 0.6428348645327642,
  "fber": 195.16015625,
  "fd_mean": 0.20141960034624778,
  "fd_num": 116,
  "fd_perc": 52.72727272727273,
  "fwhm_avg": 2.829711111111111,
  "fwhm_x": 2.721213333333333,
  "fwhm_y": 3.35296,
  "fwhm_z": 2.41496,
  "gcor": 0.00164169,
  "gsr_x": -0.004519788548350334,
  "gsr_y": 0.03957667574286461,
  "provenance": {
    "md5sum": "2885d6af8122da1c90845af16a3ebb34",
    "settings": {
      "fd_thres": 0.2,
      "testing": false
    },
    "software": "mriqc",
    "version": "22.0.6",
    "webapi_port": null,
    "webapi_url": "https://mriqc.nimh.nih.gov/api/v1"
  },
  "size_t": 220,
  "size_x": 128,
  "size_y": 128,
  "size_z": 42,
  "snr": 3.7725601003065288,
  "spacing_tr": 1.5,
  "spacing_x": 1.5,
  "spacing_y": 1.5,
  "spacing_z": 1.5,
  "summary_bg_k": 17.606720825702354,
  "summary_bg_mad": 29.739653659913678,
  "summary_bg_mean": 61.43178176879883,
  "summary_bg_median": 42.25,
  "summary_bg_n": 383102.0,
  "summary_bg_p05": 17.959091186523438,
  "summary_bg_p95": 175.3724990844727,
  "summary_bg_stdv": 60.51272964477539,
  "summary_fg_k": 0.20622505388741486,
  "summary_fg_mad": 165.84250508135975,
  "summary_fg_mean": 631.7901000976562,
  "summary_fg_median": 635.699951171875,
  "summary_fg_n": 193561.0,
  "summary_fg_p05": 348.8999938964844,
  "summary_fg_p95": 901.8726806640625,
  "summary_fg_stdv": 168.5058135986328,
  "tsnr": 17.904136845376343
}