{
  "aor": 0.0017598846153846154,
  "aqi": 0.02781676461538462,
  "bids_meta": {
    "AcquisitionMatrixPE": 128,
    "AcquisitionNumber": 1,
    "AcquisitionTime": "12:12:22.860000",
    "BandwidthPerPixelPhaseEncode": 8.311,
    "BaseResolution": 128,
    "BodyPartExamined": "BRAIN",
    "ConsistencyInfo": "N4_VD13A_LATEST_20120616",
    "ConversionSoftware": "dcm2niix",
    "ConversionSoftwareVersion": "v1.0.20180518 GCC4.8.5",
    "DerivedVendorReportedEchoSpacing": 0.000940019,
    "DeviceSerialNumber": "45031",
    "DwellTime": 3.2e-06,
    "EchoTime": 0.04,
    "EchoTrainLength": 96,
    "EffectiveEchoSpacing": 0.000940019,
    "FlipAngle": 64,
    "ImageOrientationPatientDICOM": [
      1,
      0,
      0,
      0,
      0.983255,
      0.182236
    ],
    "ImageType": [
      "ORIGINAL",
      "PRIMARY",
      "M",
      "ND",
      "MOSAIC"
    ],
    "InPlanePhaseEncodingDirectionDICOM": "COL",
    "InstitutionAddress": "Washington_and_Faculty_Rd._-_Building_25_25_Princeton_NJ_US_085",
    "InstitutionName": "Princeton_University_-_Neuroscience_Institute",
    "InstitutionalDepartmentName": "Department",
    "MRAcquisitionType": "2D",
    "MagneticFieldStrength": 3,
    "Manufacturer": "Siemens",
    "ManufacturersModelName": "Skyra",
    "Modality": "MR",
    "MultibandAccelerationFactor": 3,
    "PartialFourier": 0.75,
    "PatientPosition": "HFS",
    "PercentPhaseFOV": 100,
    "PhaseEncodingDirection": "j-",
    "PhaseEncodingSteps": 96,
    "PhaseResolution": 1,
    "PixelBandwidth": 1220,
    "ProcedureStepDescription": "Turk-BrowneLab_Projects",
    "ProtocolName": "epi_acc3_shift2_1.5TR_260vol",
    "PulseSequenceDetails": "%CustomerSeq%_ep2d_bold_sliceaccl_667A",
    "ReceiveCoilActiveElements": "HE1-4",
    "ReceiveCoilName": "HeadNeck_20",
    "ReconMatrixPE": 128,
    "RepetitionTime": 1.5,
    "SAR": 0.0373954,
    "ScanOptions": "PFP",
    "ScanningSequence": "EP",
    "SequenceName": "epcaipi2d1_128",
    "SequenceVariant": "SK_SS",
    "SeriesDescription": "epi_acc3_shift2_1.5TR_260vol",
    "SeriesNumber": 13,
    "ShimSetting": [
      3412,
      8541,
      9464,
      553,
      270,
      44,
      787,
      172
    ],
    "SliceThickness": 1.5,
    "SliceTiming": [
      1.0575,
      0,
      0.74,
      0.1075,
      0.8475,
      0.2125,
      0.9525,
      0.425,
      1.165,
      0.53,
      1.29,
      0.635,
      1.395,
      0.3175,
      1.0575,
      0,
      0.74,
      0.1075,
      0.8475,
      0.2125,
      0.9525,
      0.425,
      1.165,
      0.53,
      1.29,
      0.635,
      1.395,
      0.3175,
      1.0575,
      0,
      0.74,
      0.1075,
      0.8475,
      0.2125,
      0.9525,
      0.425,
      1.165,
      0.53,
      1.29,
      0.635,
      1.395,
      0.3175
    ],
    "SoftwareVersions": "syngo_MR_D13",
    "SpacingBetweenSlices": 1.5,
    "StationName": "AWP45031",
    "TaskName": "Functional Localizer",
    "TotalReadoutTime": 0.119382,
    "TxRefAmp": 328.67,
    "dataset": "ds001946",
    "modality": "bold",
    "subject_id": "20",
    "task_id": "loc"
  },
  "dummy_trs": 0,
  "dvars_nstd": 78.35876249814673,
  "dvars_std": 1.0679658904247098,
  "dvars_vstd": 1.0203260188416985,
  "efc": 0.6521027811420294,
  "fber": 182.68348693847656,
  "fd_mean": 0.20557855567595182,
  "fd_num": 125,
  "fd_perc": 48.07692307692308,
  "fwhm_avg": 2.859788888888889,
  "fwhm_x": 2.75534,
  "fwhm_y": 3.3776533333333334,
  "fwhm_z": 2.4463733333333333,
  "gcor": 0.00160665,
  "gsr_x": -0.01158815622329712,
  "gsr_y": 0.049243248999118805,
  "provenance": {
    "md5sum": "56cea8b1fb8d3aebb3ec6974fb3a9195",
    "settings": {
      "fd_thres": 0.2,
      "testing": false
    },
    "software": "mriqc",
    "version": "22.0.6",
    "webapi_port": null,
    "webapi_url": "https://mriqc.nimh.nih.gov/api/v1"
  },
  "size_t": 260,
  "size_x": 128,
  "size_y": 128,
  "size_z": 42,
  "snr": 3.7013101469225447,
  "spacing_tr": 1.5,
  "spacing_x": 1.5,
  "spacing_y": 1.5,
  "spacing_z": 1.5,
  "summary_bg_k": 15.97324179892668,
  "summary_bg_mad": 32.99930403770491,
  "summary_bg_mean": 66.68502807617188,
  "summary_bg_median": 44.68846130371094,
  "summary_bg_n": 375655.0,
  "summary_bg_p05": 18.019229888916016,
  "summary_bg_p95": 200.0303817749022,
  "summary_bg_stdv": 70.17555236816406,
  "summary_fg_k": 0.32066948631492487,
  "summary_fg_mad": 168.79137591849056,
  "summary_fg_mean": 643.4236450195312,
  "summary_fg_median": 643.9442138671875,
  "summary_fg_n": 203032.0,
  "summary_fg_p05": 359.28076171875,
  "summary_fg_p95": 929.0436431884764,
  "summary_fg_stdv": 173.97694396972656,
  "tsnr": 18.010173711634707
}