{
  "aor": 0.001056409090909091,
  "aqi": 0.03170507090909091,
  "bids_meta": {
    "AcquisitionMatrixPE": 128,
    "AcquisitionNumber": 1,
    "AcquisitionTime": "12:05:52.787500",
    "BandwidthPerPixelPhaseEncode": 8.311,
    "BaseResolution": 128,
    "BodyPartExamined": "BRAIN",
    "ConsistencyInfo": "N4_VD13A_LATEST_20120616",
    "ConversionSoftware": "dcm2niix",
    "ConversionSoftwareVersion": "v1.0.20180518 GCC4.8.5",
    "DerivedVendorReportedEchoSpacing": 0.000940019,
    "DeviceSerialNumber": "45031",
    "DwellTime": 3.2e-06,
    "EchoTime": 0.04,
    "EchoTrainLength": 96,
    "EffectiveEchoSpacing": 0.000940019,
    "FlipAngle": 64,
    "ImageOrientationPatientDICOM": [
      1,
      0,
      0,
      0,
      0.983255,
      0.182236
    ],
    "ImageType": [
      "ORIGINAL",
      "PRIMARY",
      "M",
      "ND",
      "MOSAIC"
    ],
    "InPlanePhaseEncodingDirectionDICOM": "COL",
    "InstitutionAddress": "Washington_and_Faculty_Rd._-_Building_25_25_Princeton_NJ_US_085",
    "InstitutionName": "Princeton_University_-_Neuroscience_Institute",
    "InstitutionalDepartmentName": "Department",
    "MRAcquisitionType": "2D",
    "MagneticFieldStrength": 3,
    "Manufacturer": "Siemens",
    "ManufacturersModelName": "Skyra",
    "Modality": "MR",
    "MultibandAccelerationFactor": 3,
    "PartialFourier": 0.75,
    "PatientPosition": "HFS",
    "PercentPhaseFOV": 100,
    "PhaseEncodingDirection": "j-",
    "PhaseEncodingSteps": 96,
    "PhaseResolution": 1,
    "PixelBandwidth": 1220,
    "ProcedureStepDescription": "Turk-BrowneLab_Projects",
    "ProtocolName": "epi_acc3_shift2_1.5TR_220vol",
    "PulseSequenceDetails": "%CustomerSeq%_ep2d_bold_sliceaccl_667A",
    "ReceiveCoilActiveElements": "HE1-4",
    "ReceiveCoilName": "HeadNeck_20",
    "ReconMatrixPE": 128,
    "RepetitionTime": 1.5,
    "SAR": 0.0373584,
    "ScanOptions": "PFP",
    "ScanningSequence": "EP",
    "SequenceName": "epcaipi2d1_128",
    "SequenceVariant": "SK_SS",
    "SeriesDescription": "epi_acc3_shift2_1.5TR_220vol",
    "SeriesNumber": 12,
    "ShimSetting": [
      3412,
      8541,
      9464,
      553,
      270,
      44,
      787,
      172
    ],
    "SliceThickness": 1.5,
    "SliceTiming": [
      1.055,
      0,
      0.74,
      0.105,
      0.845,
      0.21,
      0.95,
      0.4225,
      1.1625,
      0.5275,
      1.2875,
      0.6325,
      1.3925,
      0.315,
      1.055,
      0,
      0.74,
      0.105,
      0.845,
      0.21,
      0.95,
      0.4225,
      1.1625,
      0.5275,
      1.2875,
      0.6325,
      1.3925,
      0.315,
      1.055,
      0,
      0.74,
      0.105,
      0.845,
      0.21,
      0.95,
      0.4225,
      1.1625,
      0.5275,
      1.2875,
      0.6325,
      1.3925,
      0.315
    ],
    "SoftwareVersions": "syngo_MR_D13",
    "SpacingBetweenSlices": 1.5,
    "StationName": "AWP45031",
    "TaskName": "cue-action-outcome",
    "TotalReadoutTime": 0.119382,
    "TxRefAmp": 328.67,
    "dataset": "ds001946",
    "modality": "bold",
    "run_id": 8,
    "subject_id": "20",
    "task_id": "actions"
  },
  "dummy_trs": 0,
  "dvars_nstd": 77.88734098095898,
  "dvars_std": 1.0622211847945202,
  "dvars_vstd": 1.0090911267579912,
  "efc": 0.6524347134045209,
  "fber": 175.14173889160156,
  "fd_mean": 0.20125792316475932,
  "fd_num": 101,
  "fd_perc": 45.90909090909091,
  "fwhm_avg": 2.8857755555555555,
  "fwhm_x": 2.7959066666666668,
  "fwhm_y": 3.4210066666666665,
  "fwhm_z": 2.4404133333333333,
  "gcor": 0.00117697,
  "gsr_x": -0.013722182251513004,
  "gsr_y": 0.05040424317121506,
  "provenance": {
    "md5sum": "9057d6e2c7931c408176be99d431973f",
    "settings": {
      "fd_thres": 0.2,
      "testing": false
    },
    "software": "mriqc",
    "version": "22.0.6",
    "webapi_port": null,
    "webapi_url": "https://mriqc.nimh.nih.gov/api/v1"
  },
  "size_t": 220,
  "size_x": 128,
  "size_y": 128,
  "size_z": 42,
  "snr": 3.713991034873956,
  "spacing_tr": 1.5,
  "spacing_x": 1.5,
  "spacing_y": 1.5,
  "spacing_z": 1.5,
  "summary_bg_k": 16.241301650383527,
  "summary_bg_mad": 33.89767465384071,
  "summary_bg_mean": 67.2595443725586,
  "summary_bg_median": 45.50454330444336,
  "summary_bg_n": 375108.0,
  "summary_bg_p05": 18.227272033691406,
  "summary_bg_p95": 200.04544067382812,
  "summary_bg_stdv": 70.23600006103516,
  "summary_fg_k": 0.30779908930083666,
  "summary_fg_mad": 167.76317354374876,
  "summary_fg_mean": 641.3358154296875,
  "summary_fg_median": 642.0,
  "summary_fg_n": 200091.0,
  "summary_fg_p05": 359.42726135253906,
  "summary_fg_p95": 924.8204345703125,
  "summary_fg_stdv": 172.85943603515625,
  "tsnr": 17.432459319185
}