{
  "aor": 0.0024252272727272725,
  "aqi": 0.03989475863636364,
  "bids_meta": {
    "AcquisitionMatrixPE": 128,
    "AcquisitionNumber": 1,
    "AcquisitionTime": "11:57:5.267500",
    "BandwidthPerPixelPhaseEncode": 8.311,
    "BaseResolution": 128,
    "BodyPartExamined": "BRAIN",
    "ConsistencyInfo": "N4_VD13A_LATEST_20120616",
    "ConversionSoftware": "dcm2niix",
    "ConversionSoftwareVersion": "v1.0.20180518 GCC4.8.5",
    "DerivedVendorReportedEchoSpacing": 0.000940019,
    "DeviceSerialNumber": "45031",
    "DwellTime": 3.2e-06,
    "EchoTime": 0.04,
    "EchoTrainLength": 96,
    "EffectiveEchoSpacing": 0.000940019,
    "FlipAngle": 64,
    "ImageOrientationPatientDICOM": [
      1,
      0,
      0,
      0,
      0.996779,
      -0.0801989
    ],
    "ImageType": [
      "ORIGINAL",
      "PRIMARY",
      "M",
      "ND",
      "MOSAIC"
    ],
    "InPlanePhaseEncodingDirectionDICOM": "COL",
    "InstitutionAddress": "Washington_and_Faculty_Rd._-_Building_25_25_Princeton_NJ_US_085",
    "InstitutionName": "Princeton_University_-_Neuroscience_Institute",
    "InstitutionalDepartmentName": "Department",
    "MRAcquisitionType": "2D",
    "MagneticFieldStrength": 3,
    "Manufacturer": "Siemens",
    "ManufacturersModelName": "Skyra",
    "Modality": "MR",
    "MultibandAccelerationFactor": 3,
    "PartialFourier": 0.75,
    "PatientPosition": "HFS",
    "PercentPhaseFOV": 100,
    "PhaseEncodingDirection": "j-",
    "PhaseEncodingSteps": 96,
    "PhaseResolution": 1,
    "PixelBandwidth": 1220,
    "ProcedureStepDescription": "Turk-BrowneLab_Projects",
    "ProtocolName": "epi_acc3_shift2_1.5TR_220vol",
    "PulseSequenceDetails": "%CustomerSeq%_ep2d_bold_sliceaccl_667A",
    "ReceiveCoilActiveElements": "HE1-4",
    "ReceiveCoilName": "HeadNeck_20",
    "ReconMatrixPE": 128,
    "RepetitionTime": 1.5,
    "SAR": 0.0425587,
    "ScanOptions": "PFP",
    "ScanningSequence": "EP",
    "SequenceName": "epcaipi2d1_128",
    "SequenceVariant": "SK_SS",
    "SeriesDescription": "epi_acc3_shift2_1.5TR_220vol",
    "SeriesNumber": 11,
    "ShimSetting": [
      3437,
      8696,
      9408,
      225,
      200,
      -69,
      450,
      256
    ],
    "SliceThickness": 1.5,
    "SliceTiming": [
      1.0575,
      0,
      0.74,
      0.1075,
      0.8475,
      0.2125,
      0.9525,
      0.4225,
      1.1625,
      0.53,
      1.29,
      0.635,
      1.395,
      0.3175,
      1.0575,
      0,
      0.74,
      0.1075,
      0.8475,
      0.2125,
      0.9525,
      0.4225,
      1.1625,
      0.53,
      1.29,
      0.635,
      1.395,
      0.3175,
      1.0575,
      0,
      0.74,
      0.1075,
      0.8475,
      0.2125,
      0.9525,
      0.4225,
      1.1625,
      0.53,
      1.29,
      0.635,
      1.395,
      0.3175
    ],
    "SoftwareVersions": "syngo_MR_D13",
    "SpacingBetweenSlices": 1.5,
    "StationName": "AWP45031",
    "TaskName": "cue-action-outcome",
    "TotalReadoutTime": 0.119382,
    "TxRefAmp": 376.899,
    "dataset": "ds001946",
    "modality": "bold",
    "run_id": 7,
    "subject_id": "24",
    "task_id": "actions"
  },
  "dummy_trs": 0,
  "dvars_nstd": 83.74286352004572,
  "dvars_std": 1.040190957442923,
  "dvars_vstd": 1.010168970502283,
  "efc": 0.646585129821951,
  "fber": 154.16432189941406,
  "fd_mean": 0.268913905491612,
  "fd_num": 115,
  "fd_perc": 52.27272727272727,
  "fwhm_avg": 3.015544444444444,
  "fwhm_x": 2.8002266666666666,
  "fwhm_y": 3.4331866666666664,
  "fwhm_z": 2.81322,
  "gcor": 0.0091196,
  "gsr_x": -0.01251459401100874,
  "gsr_y": 0.07886780053377151,
  "provenance": {
    "md5sum": "4b0da40388872dc7b15b5526de9a3b0c",
    "settings": {
      "fd_thres": 0.2,
      "testing": false
    },
    "software": "mriqc",
    "version": "22.0.6",
    "webapi_port": null,
    "webapi_url": "https://mriqc.nimh.nih.gov/api/v1"
  },
  "size_t": 220,
  "size_x": 128,
  "size_y": 128,
  "size_z": 42,
  "snr": 3.073361228077431,
  "spacing_tr": 1.5,
  "spacing_x": 1.5,
  "spacing_y": 1.5,
  "spacing_z": 1.5,
  "summary_bg_k": 29.59251934900744,
  "summary_bg_mad": 30.7437826385714,
  "summary_bg_mean": 78.65898895263672,
  "summary_bg_median": 47.03636169433594,
  "summary_bg_n": 389635.0,
  "summary_bg_p05": 19.440908432006836,
  "summary_bg_p95": 240.0981719970702,
  "summary_bg_stdv": 101.95195007324219,
  "summary_fg_k": 0.18752805597345645,
  "summary_fg_mad": 198.20036184384517,
  "summary_fg_mean": 630.4722900390625,
  "summary_fg_median": 621.074951171875,
  "summary_fg_n": 191638.0,
  "summary_fg_p05": 310.3706649780273,
  "summary_fg_p95": 973.8506530761719,
  "summary_fg_stdv": 202.082763671875,
  "tsnr": 15.231540411536116
}