{
  "aor": 0.0037957727272727266,
  "aqi": 0.03251447181818182,
  "bids_meta": {
    "AcquisitionMatrixPE": 128,
    "AcquisitionNumber": 1,
    "AcquisitionTime": "11:51:6.915000",
    "BandwidthPerPixelPhaseEncode": 8.311,
    "BaseResolution": 128,
    "BodyPartExamined": "BRAIN",
    "ConsistencyInfo": "N4_VD13A_LATEST_20120616",
    "ConversionSoftware": "dcm2niix",
    "ConversionSoftwareVersion": "v1.0.20180518 GCC4.8.5",
    "DerivedVendorReportedEchoSpacing": 0.000940019,
    "DeviceSerialNumber": "45031",
    "DwellTime": 3.2e-06,
    "EchoTime": 0.04,
    "EchoTrainLength": 96,
    "EffectiveEchoSpacing": 0.000940019,
    "FlipAngle": 64,
    "ImageOrientationPatientDICOM": [
      1,
      0,
      0,
      0,
      0.996779,
      -0.0801989
    ],
    "ImageType": [
      "ORIGINAL",
      "PRIMARY",
      "M",
      "ND",
      "MOSAIC"
    ],
    "InPlanePhaseEncodingDirectionDICOM": "COL",
    "InstitutionAddress": "Washington_and_Faculty_Rd._-_Building_25_25_Princeton_NJ_US_085",
    "InstitutionName": "Princeton_University_-_Neuroscience_Institute",
    "InstitutionalDepartmentName": "Department",
    "MRAcquisitionType": "2D",
    "MagneticFieldStrength": 3,
    "Manufacturer": "Siemens",
    "ManufacturersModelName": "Skyra",
    "Modality": "MR",
    "MultibandAccelerationFactor": 3,
    "PartialFourier": 0.75,
    "PatientPosition": "HFS",
    "PercentPhaseFOV": 100,
    "PhaseEncodingDirection": "j-",
    "PhaseEncodingSteps": 96,
    "PhaseResolution": 1,
    "PixelBandwidth": 1220,
    "ProcedureStepDescription": "Turk-BrowneLab_Projects",
    "ProtocolName": "epi_acc3_shift2_1.5TR_220vol",
    "PulseSequenceDetails": "%CustomerSeq%_ep2d_bold_sliceaccl_667A",
    "ReceiveCoilActiveElements": "HE1-4",
    "ReceiveCoilName": "HeadNeck_20",
    "ReconMatrixPE": 128,
    "RepetitionTime": 1.5,
    "SAR": 0.0425587,
    "ScanOptions": "PFP",
    "ScanningSequence": "EP",
    "SequenceName": "epcaipi2d1_128",
    "SequenceVariant": "SK_SS",
    "SeriesDescription": "epi_acc3_shift2_1.5TR_220vol",
    "SeriesNumber": 10,
    "ShimSetting": [
      3437,
      8696,
      9408,
      225,
      200,
      -69,
      450,
      256
    ],
    "SliceThickness": 1.5,
    "SliceTiming": [
      1.0575,
      0,
      0.74,
      0.1075,
      0.8475,
      0.2125,
      0.9525,
      0.425,
      1.1625,
      0.53,
      1.29,
      0.635,
      1.395,
      0.3175,
      1.0575,
      0,
      0.74,
      0.1075,
      0.8475,
      0.2125,
      0.9525,
      0.425,
      1.1625,
      0.53,
      1.29,
      0.635,
      1.395,
      0.3175,
      1.0575,
      0,
      0.74,
      0.1075,
      0.8475,
      0.2125,
      0.9525,
      0.425,
      1.1625,
      0.53,
      1.29,
      0.635,
      1.395,
      0.3175
    ],
    "SoftwareVersions": "syngo_MR_D13",
    "SpacingBetweenSlices": 1.5,
    "StationName": "AWP45031",
    "TaskName": "cue-action-outcome",
    "TotalReadoutTime": 0.119382,
    "TxRefAmp": 376.899,
    "dataset": "ds001946",
    "modality": "bold",
    "run_id": 6,
    "subject_id": "24",
    "task_id": "actions"
  },
  "dummy_trs": 0,
  "dvars_nstd": 82.2090849857991,
  "dvars_std": 1.0736426151141554,
  "dvars_vstd": 1.0481538284018268,
  "efc": 0.645480382181036,
  "fber": 159.47048950195312,
  "fd_mean": 0.22124152236888786,
  "fd_num": 96,
  "fd_perc": 43.63636363636363,
  "fwhm_avg": 2.9463088888888884,
  "fwhm_x": 2.7649933333333334,
  "fwhm_y": 3.3545133333333332,
  "fwhm_z": 2.71942,
  "gcor": 0.0106241,
  "gsr_x": -0.0075907339341938496,
  "gsr_y": 0.07403020560741425,
  "provenance": {
    "md5sum": "4d1f5f3a8399c92fd2408a8bf3a1d1fd",
    "settings": {
      "fd_thres": 0.2,
      "testing": false
    },
    "software": "mriqc",
    "version": "22.0.6",
    "webapi_port": null,
    "webapi_url": "https://mriqc.nimh.nih.gov/api/v1"
  },
  "size_t": 220,
  "size_x": 128,
  "size_y": 128,
  "size_z": 42,
  "snr": 3.117832247081013,
  "spacing_tr": 1.5,
  "spacing_x": 1.5,
  "spacing_y": 1.5,
  "spacing_z": 1.5,
  "summary_bg_k": 27.71762422154336,
  "summary_bg_mad": 30.83138627269441,
  "summary_bg_mean": 79.67276000976562,
  "summary_bg_median": 46.93181610107422,
  "summary_bg_n": 392138.0,
  "summary_bg_p05": 19.349998474121094,
  "summary_bg_p95": 250.3727264404297,
  "summary_bg_stdv": 103.37810516357422,
  "summary_fg_k": 0.24151870590082591,
  "summary_fg_mad": 195.73720068736796,
  "summary_fg_mean": 635.1398315429688,
  "summary_fg_median": 624.8590698242188,
  "summary_fg_n": 190159.0,
  "summary_fg_p05": 320.3763488769531,
  "summary_fg_p95": 977.3913269042969,
  "summary_fg_stdv": 200.4140625,
  "tsnr": 16.211937766405754
}