{
  "aor": 0.0020394545454545453,
  "aqi": 0.040639142727272724,
  "bids_meta": {
    "AcquisitionMatrixPE": 128,
    "AcquisitionNumber": 1,
    "AcquisitionTime": "11:25:16.052500",
    "BandwidthPerPixelPhaseEncode": 8.311,
    "BaseResolution": 128,
    "BodyPartExamined": "BRAIN",
    "ConsistencyInfo": "N4_VD13A_LATEST_20120616",
    "ConversionSoftware": "dcm2niix",
    "ConversionSoftwareVersion": "v1.0.20180518 GCC4.8.5",
    "DerivedVendorReportedEchoSpacing": 0.000940019,
    "DeviceSerialNumber": "45031",
    "DwellTime": 3.2e-06,
    "EchoTime": 0.04,
    "EchoTrainLength": 96,
    "EffectiveEchoSpacing": 0.000940019,
    "FlipAngle": 64,
    "ImageOrientationPatientDICOM": [
      1,
      0,
      0,
      0,
      0.999998,
      -0.00174533
    ],
    "ImageType": [
      "ORIGINAL",
      "PRIMARY",
      "M",
      "ND",
      "MOSAIC"
    ],
    "InPlanePhaseEncodingDirectionDICOM": "COL",
    "InstitutionAddress": "Washington_and_Faculty_Rd._-_Building_25_25_Princeton_NJ_US_085",
    "InstitutionName": "Princeton_University_-_Neuroscience_Institute",
    "InstitutionalDepartmentName": "Department",
    "MRAcquisitionType": "2D",
    "MagneticFieldStrength": 3,
    "Manufacturer": "Siemens",
    "ManufacturersModelName": "Skyra",
    "Modality": "MR",
    "MultibandAccelerationFactor": 3,
    "PartialFourier": 0.75,
    "PatientPosition": "HFS",
    "PercentPhaseFOV": 100,
    "PhaseEncodingDirection": "j-",
    "PhaseEncodingSteps": 96,
    "PhaseResolution": 1,
    "PixelBandwidth": 1220,
    "ProcedureStepDescription": "Turk-BrowneLab_Projects",
    "ProtocolName": "epi_acc3_shift2_1.5TR_220vol",
    "PulseSequenceDetails": "%CustomerSeq%_ep2d_bold_sliceaccl_667A",
    "ReceiveCoilActiveElements": "HE1-4",
    "ReceiveCoilName": "HeadNeck_20",
    "ReconMatrixPE": 128,
    "RepetitionTime": 1.5,
    "SAR": 0.0330295,
    "ScanOptions": "PFP",
    "ScanningSequence": "EP",
    "SequenceName": "epcaipi2d1_128",
    "SequenceVariant": "SK_SS",
    "SeriesDescription": "epi_acc3_shift2_1.5TR_220vol",
    "SeriesNumber": 8,
    "ShimSetting": [
      3374,
      8649,
      9301,
      554,
      312,
      408,
      295,
      -34
    ],
    "SliceThickness": 1.5,
    "SliceTiming": [
      1.055,
      0,
      0.74,
      0.105,
      0.845,
      0.21,
      0.95,
      0.4225,
      1.1625,
      0.5275,
      1.2875,
      0.6325,
      1.3925,
      0.315,
      1.055,
      0,
      0.74,
      0.105,
      0.845,
      0.21,
      0.95,
      0.4225,
      1.1625,
      0.5275,
      1.2875,
      0.6325,
      1.3925,
      0.315,
      1.055,
      0,
      0.74,
      0.105,
      0.845,
      0.21,
      0.95,
      0.4225,
      1.1625,
      0.5275,
      1.2875,
      0.6325,
      1.3925,
      0.315
    ],
    "SoftwareVersions": "syngo_MR_D13",
    "SpacingBetweenSlices": 1.5,
    "StationName": "AWP45031",
    "TaskName": "cue-action-outcome",
    "TotalReadoutTime": 0.119382,
    "TxRefAmp": 330.252,
    "dataset": "ds001946",
    "modality": "bold",
    "run_id": 2,
    "subject_id": "01",
    "task_id": "actions"
  },
  "dummy_trs": 0,
  "dvars_nstd": 76.517658146484,
  "dvars_std": 1.048030361324201,
  "dvars_vstd": 1.0219551530136994,
  "efc": 0.6326249259141695,
  "fber": 184.28546142578125,
  "fd_mean": 0.22986425973651345,
  "fd_num": 119,
  "fd_perc": 54.09090909090909,
  "fwhm_avg": 2.550364444444444,
  "fwhm_x": 2.4913066666666666,
  "fwhm_y": 3.05984,
  "fwhm_z": 2.0999466666666664,
  "gcor": 0.00720143,
  "gsr_x": -0.01583436131477356,
  "gsr_y": 0.04403502121567726,
  "provenance": {
    "md5sum": "981a101298bbf1e6f3feb0721fb01f54",
    "settings": {
      "fd_thres": 0.2,
      "testing": false
    },
    "software": "mriqc",
    "version": "22.0.6",
    "webapi_port": null,
    "webapi_url": "https://mriqc.nimh.nih.gov/api/v1"
  },
  "size_t": 220,
  "size_x": 128,
  "size_y": 128,
  "size_z": 42,
  "snr": 4.472088502025598,
  "spacing_tr": 1.5,
  "spacing_x": 1.5,
  "spacing_y": 1.5,
  "spacing_z": 1.5,
  "summary_bg_k": 52.39655377207823,
  "summary_bg_mad": 29.55095759813763,
  "summary_bg_mean": 73.11685943603516,
  "summary_bg_median": 47.477272033691406,
  "summary_bg_n": 412332.0,
  "summary_bg_p05": 19.086362838745117,
  "summary_bg_p95": 206.0272674560547,
  "summary_bg_stdv": 88.96719360351562,
  "summary_fg_k": 1.0351277294559944,
  "summary_fg_mad": 137.62591719270245,
  "summary_fg_mean": 660.1738891601562,
  "summary_fg_median": 671.9772338867188,
  "summary_fg_n": 168774.0,
  "summary_fg_p05": 394.97271728515625,
  "summary_fg_p95": 880.3333892822266,
  "summary_fg_stdv": 150.25982666015625,
  "tsnr": 17.121122917276807
}