{
  "aor": 0.0009660454545454547,
  "aqi": 0.04475331863636364,
  "bids_meta": {
    "AcquisitionMatrixPE": 128,
    "AcquisitionNumber": 1,
    "AcquisitionTime": "11:37:10.617500",
    "BandwidthPerPixelPhaseEncode": 8.311,
    "BaseResolution": 128,
    "BodyPartExamined": "BRAIN",
    "ConsistencyInfo": "N4_VD13A_LATEST_20120616",
    "ConversionSoftware": "dcm2niix",
    "ConversionSoftwareVersion": "v1.0.20180518 GCC4.8.5",
    "DerivedVendorReportedEchoSpacing": 0.000940019,
    "DeviceSerialNumber": "45031",
    "DwellTime": 3.2e-06,
    "EchoTime": 0.04,
    "EchoTrainLength": 96,
    "EffectiveEchoSpacing": 0.000940019,
    "FlipAngle": 64,
    "ImageOrientationPatientDICOM": [
      1,
      0,
      0,
      0,
      0.999998,
      -0.00174533
    ],
    "ImageType": [
      "ORIGINAL",
      "PRIMARY",
      "M",
      "ND",
      "MOSAIC"
    ],
    "InPlanePhaseEncodingDirectionDICOM": "COL",
    "InstitutionAddress": "Washington_and_Faculty_Rd._-_Building_25_25_Princeton_NJ_US_085",
    "InstitutionName": "Princeton_University_-_Neuroscience_Institute",
    "InstitutionalDepartmentName": "Department",
    "MRAcquisitionType": "2D",
    "MagneticFieldStrength": 3,
    "Manufacturer": "Siemens",
    "ManufacturersModelName": "Skyra",
    "Modality": "MR",
    "MultibandAccelerationFactor": 3,
    "PartialFourier": 0.75,
    "PatientPosition": "HFS",
    "PercentPhaseFOV": 100,
    "PhaseEncodingDirection": "j-",
    "PhaseEncodingSteps": 96,
    "PhaseResolution": 1,
    "PixelBandwidth": 1220,
    "ProcedureStepDescription": "Turk-BrowneLab_Projects",
    "ProtocolName": "epi_acc3_shift2_1.5TR_220vol",
    "PulseSequenceDetails": "%CustomerSeq%_ep2d_bold_sliceaccl_667A",
    "ReceiveCoilActiveElements": "HE1-4",
    "ReceiveCoilName": "HeadNeck_20",
    "ReconMatrixPE": 128,
    "RepetitionTime": 1.5,
    "SAR": 0.0330295,
    "ScanOptions": "PFP",
    "ScanningSequence": "EP",
    "SequenceName": "epcaipi2d1_128",
    "SequenceVariant": "SK_SS",
    "SeriesDescription": "epi_acc3_shift2_1.5TR_220vol",
    "SeriesNumber": 10,
    "ShimSetting": [
      3374,
      8649,
      9301,
      554,
      312,
      408,
      295,
      -34
    ],
    "SliceThickness": 1.5,
    "SliceTiming": [
      1.0575,
      0,
      0.74,
      0.1075,
      0.8475,
      0.2125,
      0.9525,
      0.4225,
      1.1625,
      0.53,
      1.29,
      0.635,
      1.395,
      0.3175,
      1.0575,
      0,
      0.74,
      0.1075,
      0.8475,
      0.2125,
      0.9525,
      0.4225,
      1.1625,
      0.53,
      1.29,
      0.635,
      1.395,
      0.3175,
      1.0575,
      0,
      0.74,
      0.1075,
      0.8475,
      0.2125,
      0.9525,
      0.4225,
      1.1625,
      0.53,
      1.29,
      0.635,
      1.395,
      0.3175
    ],
    "SoftwareVersions": "syngo_MR_D13",
    "SpacingBetweenSlices": 1.5,
    "StationName": "AWP45031",
    "TaskName": "cue-action-outcome",
    "TotalReadoutTime": 0.119382,
    "TxRefAmp": 330.252,
    "dataset": "ds001946",
    "modality": "bold",
    "run_id": 4,
    "subject_id": "01",
    "task_id": "actions"
  },
  "dummy_trs": 0,
  "dvars_nstd": 77.60789622123286,
  "dvars_std": 1.0347686853424656,
  "dvars_vstd": 1.009801606347032,
  "efc": 0.6338170356743023,
  "fber": 183.2268829345703,
  "fd_mean": 0.2432529265032682,
  "fd_num": 126,
  "fd_perc": 57.27272727272727,
  "fwhm_avg": 2.57638,
  "fwhm_x": 2.466746666666667,
  "fwhm_y": 3.03192,
  "fwhm_z": 2.2304733333333333,
  "gcor": 0.00818481,
  "gsr_x": -0.016148775815963745,
  "gsr_y": 0.043150026351213455,
  "provenance": {
    "md5sum": "57028dff80474a782a97557232842df7",
    "settings": {
      "fd_thres": 0.2,
      "testing": false
    },
    "software": "mriqc",
    "version": "22.0.6",
    "webapi_port": null,
    "webapi_url": "https://mriqc.nimh.nih.gov/api/v1"
  },
  "size_t": 220,
  "size_x": 128,
  "size_y": 128,
  "size_z": 42,
  "snr": 4.4578450721386815,
  "spacing_tr": 1.5,
  "spacing_x": 1.5,
  "spacing_y": 1.5,
  "spacing_z": 1.5,
  "summary_bg_k": 52.84310050272457,
  "summary_bg_mad": 29.524002633792087,
  "summary_bg_mean": 73.13761138916016,
  "summary_bg_median": 47.477272033691406,
  "summary_bg_n": 412443.0,
  "summary_bg_p05": 19.26818084716797,
  "summary_bg_p95": 206.93135375976547,
  "summary_bg_stdv": 88.67219543457031,
  "summary_fg_k": 1.0436910188933117,
  "summary_fg_mad": 138.03701716088304,
  "summary_fg_mean": 659.8648681640625,
  "summary_fg_median": 671.2409057617188,
  "summary_fg_n": 168996.0,
  "summary_fg_p05": 396.10680389404297,
  "summary_fg_p95": 881.8374938964844,
  "summary_fg_stdv": 150.5747528076172,
  "tsnr": 16.763093765825033
}