{
  "aor": 0.0007768181818181818,
  "aqi": 0.05315577818181818,
  "bids_meta": {
    "AcquisitionMatrixPE": 128,
    "AcquisitionNumber": 1,
    "AcquisitionTime": "11:55:45.780000",
    "BandwidthPerPixelPhaseEncode": 8.311,
    "BaseResolution": 128,
    "BodyPartExamined": "BRAIN",
    "ConsistencyInfo": "N4_VD13A_LATEST_20120616",
    "ConversionSoftware": "dcm2niix",
    "ConversionSoftwareVersion": "v1.0.20180518 GCC4.8.5",
    "DerivedVendorReportedEchoSpacing": 0.000940019,
    "DeviceSerialNumber": "45031",
    "DwellTime": 3.2e-06,
    "EchoTime": 0.04,
    "EchoTrainLength": 96,
    "EffectiveEchoSpacing": 0.000940019,
    "FlipAngle": 64,
    "ImageOrientationPatientDICOM": [
      1,
      0,
      0,
      0,
      0.999998,
      -0.00174533
    ],
    "ImageType": [
      "ORIGINAL",
      "PRIMARY",
      "M",
      "ND",
      "MOSAIC"
    ],
    "InPlanePhaseEncodingDirectionDICOM": "COL",
    "InstitutionAddress": "Washington_and_Faculty_Rd._-_Building_25_25_Princeton_NJ_US_085",
    "InstitutionName": "Princeton_University_-_Neuroscience_Institute",
    "InstitutionalDepartmentName": "Department",
    "MRAcquisitionType": "2D",
    "MagneticFieldStrength": 3,
    "Manufacturer": "Siemens",
    "ManufacturersModelName": "Skyra",
    "Modality": "MR",
    "MultibandAccelerationFactor": 3,
    "PartialFourier": 0.75,
    "PatientPosition": "HFS",
    "PercentPhaseFOV": 100,
    "PhaseEncodingDirection": "j-",
    "PhaseEncodingSteps": 96,
    "PhaseResolution": 1,
    "PixelBandwidth": 1220,
    "ProcedureStepDescription": "Turk-BrowneLab_Projects",
    "ProtocolName": "epi_acc3_shift2_1.5TR_220vol",
    "PulseSequenceDetails": "%CustomerSeq%_ep2d_bold_sliceaccl_667A",
    "ReceiveCoilActiveElements": "HE1-4",
    "ReceiveCoilName": "HeadNeck_20",
    "ReconMatrixPE": 128,
    "RepetitionTime": 1.5,
    "SAR": 0.0330295,
    "ScanOptions": "PFP",
    "ScanningSequence": "EP",
    "SequenceName": "epcaipi2d1_128",
    "SequenceVariant": "SK_SS",
    "SeriesDescription": "epi_acc3_shift2_1.5TR_220vol",
    "SeriesNumber": 13,
    "ShimSetting": [
      3374,
      8649,
      9301,
      554,
      312,
      408,
      295,
      -34
    ],
    "SliceThickness": 1.5,
    "SliceTiming": [
      1.055,
      0,
      0.74,
      0.105,
      0.845,
      0.21,
      0.95,
      0.4225,
      1.1625,
      0.5275,
      1.2875,
      0.6325,
      1.3925,
      0.315,
      1.055,
      0,
      0.74,
      0.105,
      0.845,
      0.21,
      0.95,
      0.4225,
      1.1625,
      0.5275,
      1.2875,
      0.6325,
      1.3925,
      0.315,
      1.055,
      0,
      0.74,
      0.105,
      0.845,
      0.21,
      0.95,
      0.4225,
      1.1625,
      0.5275,
      1.2875,
      0.6325,
      1.3925,
      0.315
    ],
    "SoftwareVersions": "syngo_MR_D13",
    "SpacingBetweenSlices": 1.5,
    "StationName": "AWP45031",
    "TaskName": "cue-action-outcome",
    "TotalReadoutTime": 0.119382,
    "TxRefAmp": 330.252,
    "dataset": "ds001946",
    "modality": "bold",
    "run_id": 7,
    "subject_id": "01",
    "task_id": "actions"
  },
  "dummy_trs": 0,
  "dvars_nstd": 76.55133652356164,
  "dvars_std": 1.011710782100457,
  "dvars_vstd": 0.9956604658447489,
  "efc": 0.6373874970228836,
  "fber": 181.1668701171875,
  "fd_mean": 0.2357183894998758,
  "fd_num": 117,
  "fd_perc": 53.18181818181818,
  "fwhm_avg": 2.5665155555555557,
  "fwhm_x": 2.4806466666666664,
  "fwhm_y": 3.0296533333333335,
  "fwhm_z": 2.1892466666666666,
  "gcor": 0.0138105,
  "gsr_x": -0.015372959896922112,
  "gsr_y": 0.0384368859231472,
  "provenance": {
    "md5sum": "4d288df465ab98837ec14a54d3246b1d",
    "settings": {
      "fd_thres": 0.2,
      "testing": false
    },
    "software": "mriqc",
    "version": "22.0.6",
    "webapi_port": null,
    "webapi_url": "https://mriqc.nimh.nih.gov/api/v1"
  },
  "size_t": 220,
  "size_x": 128,
  "size_y": 128,
  "size_z": 42,
  "snr": 4.468772478447253,
  "spacing_tr": 1.5,
  "spacing_x": 1.5,
  "spacing_y": 1.5,
  "spacing_z": 1.5,
  "summary_bg_k": 47.51737200785106,
  "summary_bg_mad": 29.739650832074364,
  "summary_bg_mean": 73.6933364868164,
  "summary_bg_median": 48.0772705078125,
  "summary_bg_n": 408566.0,
  "summary_bg_p05": 19.404544830322266,
  "summary_bg_p95": 209.15340423583984,
  "summary_bg_stdv": 88.35588073730469,
  "summary_fg_k": 1.0601965553068995,
  "summary_fg_mad": 139.94420248542065,
  "summary_fg_mean": 666.7328491210938,
  "summary_fg_median": 677.890869140625,
  "summary_fg_n": 172613.0,
  "summary_fg_p05": 402.8345458984375,
  "summary_fg_p95": 890.5,
  "summary_fg_stdv": 151.6946563720703,
  "tsnr": 16.195475699496455
}