{
  "aor": 0.006482045454545455,
  "aqi": 0.029964409090909087,
  "bids_meta": {
    "AcquisitionMatrixPE": 128,
    "AcquisitionNumber": 1,
    "AcquisitionTime": "14:45:30.845000",
    "BandwidthPerPixelPhaseEncode": 8.311,
    "BaseResolution": 128,
    "BodyPartExamined": "BRAIN",
    "ConsistencyInfo": "N4_VD13A_LATEST_20120616",
    "ConversionSoftware": "dcm2niix",
    "ConversionSoftwareVersion": "v1.0.20180518 GCC4.8.5",
    "DerivedVendorReportedEchoSpacing": 0.000940019,
    "DeviceSerialNumber": "45031",
    "DwellTime": 3.2e-06,
    "EchoTime": 0.04,
    "EchoTrainLength": 96,
    "EffectiveEchoSpacing": 0.000940019,
    "FlipAngle": 64,
    "ImageOrientationPatientDICOM": [
      1,
      0,
      0,
      0,
      0.994151,
      0.107999
    ],
    "ImageType": [
      "ORIGINAL",
      "PRIMARY",
      "M",
      "ND",
      "MOSAIC"
    ],
    "InPlanePhaseEncodingDirectionDICOM": "COL",
    "InstitutionAddress": "Washington_and_Faculty_Rd._-_Building_25_25_Princeton_NJ_US_085",
    "InstitutionName": "Princeton_University_-_Neuroscience_Institute",
    "InstitutionalDepartmentName": "Department",
    "MRAcquisitionType": "2D",
    "MagneticFieldStrength": 3,
    "Manufacturer": "Siemens",
    "ManufacturersModelName": "Skyra",
    "Modality": "MR",
    "MultibandAccelerationFactor": 3,
    "PartialFourier": 0.75,
    "PatientPosition": "HFS",
    "PercentPhaseFOV": 100,
    "PhaseEncodingDirection": "j-",
    "PhaseEncodingSteps": 96,
    "PhaseResolution": 1,
    "PixelBandwidth": 1220,
    "ProcedureStepDescription": "Turk-BrowneLab_Projects",
    "ProtocolName": "epi_acc3_shift2_1.5TR_220vol",
    "PulseSequenceDetails": "%CustomerSeq%_ep2d_bold_sliceaccl_667A",
    "ReceiveCoilActiveElements": "HE1-4",
    "ReceiveCoilName": "HeadNeck_20",
    "ReconMatrixPE": 128,
    "RepetitionTime": 1.5,
    "SAR": 0.0315839,
    "ScanOptions": "PFP",
    "ScanningSequence": "EP",
    "SequenceName": "epcaipi2d1_128",
    "SequenceVariant": "SK_SS",
    "SeriesDescription": "epi_acc3_shift2_1.5TR_220vol",
    "SeriesNumber": 7,
    "ShimSetting": [
      3346,
      8554,
      9397,
      702,
      81,
      190,
      1015,
      -118
    ],
    "SliceThickness": 1.5,
    "SliceTiming": [
      1.0575,
      0,
      0.74,
      0.1075,
      0.8475,
      0.2125,
      0.9525,
      0.4225,
      1.1625,
      0.53,
      1.29,
      0.635,
      1.395,
      0.3175,
      1.0575,
      0,
      0.74,
      0.1075,
      0.8475,
      0.2125,
      0.9525,
      0.4225,
      1.1625,
      0.53,
      1.29,
      0.635,
      1.395,
      0.3175,
      1.0575,
      0,
      0.74,
      0.1075,
      0.8475,
      0.2125,
      0.9525,
      0.4225,
      1.1625,
      0.53,
      1.29,
      0.635,
      1.395,
      0.3175
    ],
    "SoftwareVersions": "syngo_MR_D13",
    "SpacingBetweenSlices": 1.5,
    "StationName": "AWP45031",
    "TaskName": "cue-action-outcome",
    "TotalReadoutTime": 0.119382,
    "TxRefAmp": 330.988,
    "dataset": "ds001946",
    "modality": "bold",
    "run_id": 3,
    "subject_id": "22",
    "task_id": "actions"
  },
  "dummy_trs": 0,
  "dvars_nstd": 74.1959923694977,
  "dvars_std": 1.0974733008675797,
  "dvars_vstd": 1.0620291421461188,
  "efc": 0.6620481811329577,
  "fber": 231.89297485351562,
  "fd_mean": 0.3542022916639655,
  "fd_num": 171,
  "fd_perc": 77.72727272727273,
  "fwhm_avg": 2.6291577777777775,
  "fwhm_x": 2.4944933333333332,
  "fwhm_y": 2.92056,
  "fwhm_z": 2.47242,
  "gcor": 0.0146732,
  "gsr_x": -0.002466414822265506,
  "gsr_y": 0.021132726222276688,
  "provenance": {
    "md5sum": "70a5bdb84a5d343f1c864183b07b2554",
    "settings": {
      "fd_thres": 0.2,
      "testing": false
    },
    "software": "mriqc",
    "version": "22.0.6",
    "webapi_port": null,
    "webapi_url": "https://mriqc.nimh.nih.gov/api/v1"
  },
  "size_t": 220,
  "size_x": 128,
  "size_y": 128,
  "size_z": 42,
  "snr": 4.062735477013214,
  "spacing_tr": 1.5,
  "spacing_x": 1.5,
  "spacing_y": 1.5,
  "spacing_z": 1.5,
  "summary_bg_k": 19.979365824210806,
  "summary_bg_mad": 27.71792104826478,
  "summary_bg_mean": 75.23690032958984,
  "summary_bg_median": 43.5772705078125,
  "summary_bg_n": 370068.0,
  "summary_bg_p05": 17.75,
  "summary_bg_p95": 261.8286346435544,
  "summary_bg_stdv": 91.7177734375,
  "summary_fg_k": 0.728688015610023,
  "summary_fg_mad": 160.23555577948383,
  "summary_fg_mean": 693.151611328125,
  "summary_fg_median": 687.193115234375,
  "summary_fg_n": 217242.0,
  "summary_fg_p05": 430.2958953857422,
  "summary_fg_p95": 973.0129272460936,
  "summary_fg_stdv": 169.14503479003906,
  "tsnr": 18.958331801288296
}