{
  "aor": 0.0009498076923076923,
  "aqi": 0.02348009269230769,
  "bids_meta": {
    "AcquisitionMatrixPE": 128,
    "AcquisitionNumber": 1,
    "AcquisitionTime": "15:22:24.962500",
    "BandwidthPerPixelPhaseEncode": 8.311,
    "BaseResolution": 128,
    "BodyPartExamined": "BRAIN",
    "ConsistencyInfo": "N4_VD13A_LATEST_20120616",
    "ConversionSoftware": "dcm2niix",
    "ConversionSoftwareVersion": "v1.0.20180518 GCC4.8.5",
    "DerivedVendorReportedEchoSpacing": 0.000940019,
    "DeviceSerialNumber": "45031",
    "DwellTime": 3.2e-06,
    "EchoTime": 0.04,
    "EchoTrainLength": 96,
    "EffectiveEchoSpacing": 0.000940019,
    "FlipAngle": 64,
    "ImageOrientationPatientDICOM": [
      1,
      0,
      0,
      0,
      0.994151,
      0.107999
    ],
    "ImageType": [
      "ORIGINAL",
      "PRIMARY",
      "M",
      "ND",
      "MOSAIC"
    ],
    "InPlanePhaseEncodingDirectionDICOM": "COL",
    "InstitutionAddress": "Washington_and_Faculty_Rd._-_Building_25_25_Princeton_NJ_US_085",
    "InstitutionName": "Princeton_University_-_Neuroscience_Institute",
    "InstitutionalDepartmentName": "Department",
    "MRAcquisitionType": "2D",
    "MagneticFieldStrength": 3,
    "Manufacturer": "Siemens",
    "ManufacturersModelName": "Skyra",
    "Modality": "MR",
    "MultibandAccelerationFactor": 3,
    "PartialFourier": 0.75,
    "PatientPosition": "HFS",
    "PercentPhaseFOV": 100,
    "PhaseEncodingDirection": "j-",
    "PhaseEncodingSteps": 96,
    "PhaseResolution": 1,
    "PixelBandwidth": 1220,
    "ProcedureStepDescription": "Turk-BrowneLab_Projects",
    "ProtocolName": "epi_acc3_shift2_1.5TR_260vol",
    "PulseSequenceDetails": "%CustomerSeq%_ep2d_bold_sliceaccl_667A",
    "ReceiveCoilActiveElements": "HE1-4",
    "ReceiveCoilName": "HeadNeck_20",
    "ReconMatrixPE": 128,
    "RepetitionTime": 1.5,
    "SAR": 0.0316153,
    "ScanOptions": "PFP",
    "ScanningSequence": "EP",
    "SequenceName": "epcaipi2d1_128",
    "SequenceVariant": "SK_SS",
    "SeriesDescription": "epi_acc3_shift2_1.5TR_260vol",
    "SeriesNumber": 13,
    "ShimSetting": [
      3346,
      8554,
      9397,
      702,
      81,
      190,
      1015,
      -118
    ],
    "SliceThickness": 1.5,
    "SliceTiming": [
      1.0575,
      0,
      0.74,
      0.105,
      0.845,
      0.2125,
      0.9525,
      0.4225,
      1.1625,
      0.5275,
      1.2875,
      0.635,
      1.395,
      0.3175,
      1.0575,
      0,
      0.74,
      0.105,
      0.845,
      0.2125,
      0.9525,
      0.4225,
      1.1625,
      0.5275,
      1.2875,
      0.635,
      1.395,
      0.3175,
      1.0575,
      0,
      0.74,
      0.105,
      0.845,
      0.2125,
      0.9525,
      0.4225,
      1.1625,
      0.5275,
      1.2875,
      0.635,
      1.395,
      0.3175
    ],
    "SoftwareVersions": "syngo_MR_D13",
    "SpacingBetweenSlices": 1.5,
    "StationName": "AWP45031",
    "TaskName": "Functional Localizer",
    "TotalReadoutTime": 0.119382,
    "TxRefAmp": 330.988,
    "dataset": "ds001946",
    "modality": "bold",
    "subject_id": "22",
    "task_id": "loc"
  },
  "dummy_trs": 0,
  "dvars_nstd": 66.02173605667953,
  "dvars_std": 1.0210042312741312,
  "dvars_vstd": 1.00189918849421,
  "efc": 0.6625717845712968,
  "fber": 231.3589324951172,
  "fd_mean": 0.2870560227420989,
  "fd_num": 189,
  "fd_perc": 72.6923076923077,
  "fwhm_avg": 2.6142533333333335,
  "fwhm_x": 2.4859666666666667,
  "fwhm_y": 2.895106666666667,
  "fwhm_z": 2.4616866666666666,
  "gcor": 0.0048147,
  "gsr_x": 8.311828423757106e-06,
  "gsr_y": 0.02205897681415081,
  "provenance": {
    "md5sum": "98e1f77c39a8cc2e82ddadabc08be169",
    "settings": {
      "fd_thres": 0.2,
      "testing": false
    },
    "software": "mriqc",
    "version": "22.0.6",
    "webapi_port": null,
    "webapi_url": "https://mriqc.nimh.nih.gov/api/v1"
  },
  "size_t": 260,
  "size_x": 128,
  "size_y": 128,
  "size_z": 42,
  "snr": 4.028839620705574,
  "spacing_tr": 1.5,
  "spacing_x": 1.5,
  "spacing_y": 1.5,
  "spacing_z": 1.5,
  "summary_bg_k": 17.28225972575639,
  "summary_bg_mad": 27.661935485516878,
  "summary_bg_mean": 76.55369567871094,
  "summary_bg_median": 43.69230651855469,
  "summary_bg_n": 371485.0,
  "summary_bg_p05": 17.799999237060547,
  "summary_bg_p95": 277.0807800292969,
  "summary_bg_stdv": 93.40885162353516,
  "summary_fg_k": 0.7337923516431686,
  "summary_fg_mad": 161.98569421985297,
  "summary_fg_mean": 695.8130493164062,
  "summary_fg_median": 687.5538330078125,
  "summary_fg_n": 217961.0,
  "summary_fg_p05": 435.8384704589844,
  "summary_fg_p95": 982.7115478515625,
  "summary_fg_stdv": 170.6576385498047,
  "tsnr": 20.755488144932315
}