{
  "aor": 0.0008667272727272726,
  "aqi": 0.022843413636363635,
  "bids_meta": {
    "AcquisitionMatrixPE": 128,
    "AcquisitionNumber": 1,
    "AcquisitionTime": "15:55:51.097500",
    "BandwidthPerPixelPhaseEncode": 8.311,
    "BaseResolution": 128,
    "BodyPartExamined": "BRAIN",
    "ConsistencyInfo": "N4_VD13A_LATEST_20120616",
    "ConversionSoftware": "dcm2niix",
    "ConversionSoftwareVersion": "v1.0.20180518 GCC4.8.5",
    "DerivedVendorReportedEchoSpacing": 0.000940019,
    "DeviceSerialNumber": "45031",
    "DwellTime": 3.2e-06,
    "EchoTime": 0.04,
    "EchoTrainLength": 96,
    "EffectiveEchoSpacing": 0.000940019,
    "FlipAngle": 64,
    "ImageOrientationPatientDICOM": [
      1,
      0,
      0,
      0,
      0.955278,
      0.295708
    ],
    "ImageType": [
      "ORIGINAL",
      "PRIMARY",
      "M",
      "ND",
      "MOSAIC"
    ],
    "InPlanePhaseEncodingDirectionDICOM": "COL",
    "InstitutionAddress": "Washington_and_Faculty_Rd._-_Building_25_25_Princeton_NJ_US_085",
    "InstitutionName": "Princeton_University_-_Neuroscience_Institute",
    "InstitutionalDepartmentName": "Department",
    "MRAcquisitionType": "2D",
    "MagneticFieldStrength": 3,
    "Manufacturer": "Siemens",
    "ManufacturersModelName": "Skyra",
    "Modality": "MR",
    "MultibandAccelerationFactor": 3,
    "PartialFourier": 0.75,
    "PatientPosition": "HFS",
    "PercentPhaseFOV": 100,
    "PhaseEncodingDirection": "j-",
    "PhaseEncodingSteps": 96,
    "PhaseResolution": 1,
    "PixelBandwidth": 1220,
    "ProcedureStepDescription": "Turk-BrowneLab_Projects",
    "ProtocolName": "epi_acc3_shift2_1.5TR_220vol",
    "PulseSequenceDetails": "%CustomerSeq%_ep2d_bold_sliceaccl_667A",
    "ReceiveCoilActiveElements": "HE1-4",
    "ReceiveCoilName": "HeadNeck_20",
    "ReconMatrixPE": 128,
    "RepetitionTime": 1.5,
    "SAR": 0.0324317,
    "ScanOptions": "PFP",
    "ScanningSequence": "EP",
    "SequenceName": "epcaipi2d1_128",
    "SequenceVariant": "SK_SS",
    "SeriesDescription": "epi_acc3_shift2_1.5TR_220vol",
    "SeriesNumber": 11,
    "ShimSetting": [
      3369,
      8665,
      9450,
      403,
      83,
      611,
      625,
      39
    ],
    "SliceThickness": 1.5,
    "SliceTiming": [
      1.0575,
      0,
      0.74,
      0.1075,
      0.8475,
      0.2125,
      0.9525,
      0.425,
      1.165,
      0.53,
      1.29,
      0.635,
      1.395,
      0.3175,
      1.0575,
      0,
      0.74,
      0.1075,
      0.8475,
      0.2125,
      0.9525,
      0.425,
      1.165,
      0.53,
      1.29,
      0.635,
      1.395,
      0.3175,
      1.0575,
      0,
      0.74,
      0.1075,
      0.8475,
      0.2125,
      0.9525,
      0.425,
      1.165,
      0.53,
      1.29,
      0.635,
      1.395,
      0.3175
    ],
    "SoftwareVersions": "syngo_MR_D13",
    "SpacingBetweenSlices": 1.5,
    "StationName": "AWP45031",
    "TaskName": "cue-action-outcome",
    "TotalReadoutTime": 0.119382,
    "TxRefAmp": 354.229,
    "dataset": "ds001946",
    "modality": "bold",
    "run_id": 7,
    "subject_id": "04",
    "task_id": "actions"
  },
  "dummy_trs": 0,
  "dvars_nstd": 77.31269184968033,
  "dvars_std": 1.0684478569863016,
  "dvars_vstd": 1.0052972091324208,
  "efc": 0.6423081957569086,
  "fber": 163.69557189941406,
  "fd_mean": 0.26693908924082305,
  "fd_num": 144,
  "fd_perc": 65.45454545454545,
  "fwhm_avg": 2.838957932403718,
  "fwhm_x": 2.67994,
  "fwhm_y": 3.231546923486942,
  "fwhm_z": 2.6053868737242123,
  "gcor": 0.00316503,
  "gsr_x": -0.03275883570313454,
  "gsr_y": 0.07271861284971237,
  "provenance": {
    "md5sum": "6f3f6dccaa5482ab228febcd6ff78f3c",
    "settings": {
      "fd_thres": 0.2,
      "testing": false
    },
    "software": "mriqc",
    "version": "22.0.6",
    "webapi_port": null,
    "webapi_url": "https://mriqc.nimh.nih.gov/api/v1"
  },
  "size_t": 220,
  "size_x": 128,
  "size_y": 128,
  "size_z": 42,
  "snr": 3.540065406812465,
  "spacing_tr": 1.5,
  "spacing_x": 1.5,
  "spacing_y": 1.4999998807907104,
  "spacing_z": 1.4999998807907104,
  "summary_bg_k": 19.445993260149514,
  "summary_bg_mad": 32.529642345160916,
  "summary_bg_mean": 79.3971176147461,
  "summary_bg_median": 47.46818161010742,
  "summary_bg_n": 409696.0,
  "summary_bg_p05": 19.02272605895996,
  "summary_bg_p95": 257.13748931884766,
  "summary_bg_stdv": 91.8223876953125,
  "summary_fg_k": 0.7381110865249569,
  "summary_fg_mad": 168.43031739481887,
  "summary_fg_mean": 639.7582397460938,
  "summary_fg_median": 631.4227294921875,
  "summary_fg_n": 180134.0,
  "summary_fg_p05": 366.65113067626953,
  "summary_fg_p95": 940.081787109375,
  "summary_fg_stdv": 178.3642120361328,
  "tsnr": 19.527671471005306
}