{
  "aor": 0.000839681818181818,
  "aqi": 0.027346023636363632,
  "bids_meta": {
    "AcquisitionMatrixPE": 128,
    "AcquisitionNumber": 1,
    "AcquisitionTime": "16:02:15.890000",
    "BandwidthPerPixelPhaseEncode": 8.311,
    "BaseResolution": 128,
    "BodyPartExamined": "BRAIN",
    "ConsistencyInfo": "N4_VD13A_LATEST_20120616",
    "ConversionSoftware": "dcm2niix",
    "ConversionSoftwareVersion": "v1.0.20180518 GCC4.8.5",
    "DerivedVendorReportedEchoSpacing": 0.000940019,
    "DeviceSerialNumber": "45031",
    "DwellTime": 3.2e-06,
    "EchoTime": 0.04,
    "EchoTrainLength": 96,
    "EffectiveEchoSpacing": 0.000940019,
    "FlipAngle": 64,
    "ImageOrientationPatientDICOM": [
      1,
      0,
      0,
      0,
      0.955278,
      0.295708
    ],
    "ImageType": [
      "ORIGINAL",
      "PRIMARY",
      "M",
      "ND",
      "MOSAIC"
    ],
    "InPlanePhaseEncodingDirectionDICOM": "COL",
    "InstitutionAddress": "Washington_and_Faculty_Rd._-_Building_25_25_Princeton_NJ_US_085",
    "InstitutionName": "Princeton_University_-_Neuroscience_Institute",
    "InstitutionalDepartmentName": "Department",
    "MRAcquisitionType": "2D",
    "MagneticFieldStrength": 3,
    "Manufacturer": "Siemens",
    "ManufacturersModelName": "Skyra",
    "Modality": "MR",
    "MultibandAccelerationFactor": 3,
    "PartialFourier": 0.75,
    "PatientPosition": "HFS",
    "PercentPhaseFOV": 100,
    "PhaseEncodingDirection": "j-",
    "PhaseEncodingSteps": 96,
    "PhaseResolution": 1,
    "PixelBandwidth": 1220,
    "ProcedureStepDescription": "Turk-BrowneLab_Projects",
    "ProtocolName": "epi_acc3_shift2_1.5TR_220vol",
    "PulseSequenceDetails": "%CustomerSeq%_ep2d_bold_sliceaccl_667A",
    "ReceiveCoilActiveElements": "HE1-4",
    "ReceiveCoilName": "HeadNeck_20",
    "ReconMatrixPE": 128,
    "RepetitionTime": 1.5,
    "SAR": 0.0324317,
    "ScanOptions": "PFP",
    "ScanningSequence": "EP",
    "SequenceName": "epcaipi2d1_128",
    "SequenceVariant": "SK_SS",
    "SeriesDescription": "epi_acc3_shift2_1.5TR_220vol",
    "SeriesNumber": 12,
    "ShimSetting": [
      3369,
      8665,
      9450,
      403,
      83,
      611,
      625,
      39
    ],
    "SliceThickness": 1.5,
    "SliceTiming": [
      1.0575,
      0,
      0.74,
      0.1075,
      0.8475,
      0.2125,
      0.9525,
      0.425,
      1.1625,
      0.53,
      1.29,
      0.635,
      1.395,
      0.3175,
      1.0575,
      0,
      0.74,
      0.1075,
      0.8475,
      0.2125,
      0.9525,
      0.425,
      1.1625,
      0.53,
      1.29,
      0.635,
      1.395,
      0.3175,
      1.0575,
      0,
      0.74,
      0.1075,
      0.8475,
      0.2125,
      0.9525,
      0.425,
      1.1625,
      0.53,
      1.29,
      0.635,
      1.395,
      0.3175
    ],
    "SoftwareVersions": "syngo_MR_D13",
    "SpacingBetweenSlices": 1.5,
    "StationName": "AWP45031",
    "TaskName": "cue-action-outcome",
    "TotalReadoutTime": 0.119382,
    "TxRefAmp": 354.229,
    "dataset": "ds001946",
    "modality": "bold",
    "run_id": 8,
    "subject_id": "04",
    "task_id": "actions"
  },
  "dummy_trs": 0,
  "dvars_nstd": 77.00373673114156,
  "dvars_std": 1.0658593699543382,
  "dvars_vstd": 1.005701145890411,
  "efc": 0.6429730674642185,
  "fber": 165.43582153320312,
  "fd_mean": 0.23775304737610958,
  "fd_num": 127,
  "fd_perc": 57.72727272727273,
  "fwhm_avg": 2.8153112639151803,
  "fwhm_x": 2.677773333333333,
  "fwhm_y": 3.229986923362964,
  "fwhm_z": 2.5381735350492427,
  "gcor": 0.00177589,
  "gsr_x": -0.03236512467265129,
  "gsr_y": 0.07040820270776749,
  "provenance": {
    "md5sum": "7b568079097ad52ca4ff35c53fe4dbce",
    "settings": {
      "fd_thres": 0.2,
      "testing": false
    },
    "software": "mriqc",
    "version": "22.0.6",
    "webapi_port": null,
    "webapi_url": "https://mriqc.nimh.nih.gov/api/v1"
  },
  "size_t": 220,
  "size_x": 128,
  "size_y": 128,
  "size_z": 42,
  "snr": 3.507213989004556,
  "spacing_tr": 1.5,
  "spacing_x": 1.5,
  "spacing_y": 1.4999998807907104,
  "spacing_z": 1.4999998807907104,
  "summary_bg_k": 18.40618109578936,
  "summary_bg_mad": 31.990514779856937,
  "summary_bg_mean": 78.65080261230469,
  "summary_bg_median": 46.73636245727539,
  "summary_bg_n": 408500.0,
  "summary_bg_p05": 19.01818084716797,
  "summary_bg_p95": 256.2772521972656,
  "summary_bg_stdv": 91.12467956542969,
  "summary_fg_k": 0.8467539428245221,
  "summary_fg_mad": 171.11585983498608,
  "summary_fg_mean": 641.6910400390625,
  "summary_fg_median": 633.1727294921875,
  "summary_fg_n": 181342.0,
  "summary_fg_p05": 364.2368133544922,
  "summary_fg_p95": 944.3215576171871,
  "summary_fg_stdv": 180.5338897705078,
  "tsnr": 18.907563671877142
}