{
  "aor": 0.0012172272727272728,
  "aqi": 0.02833616681818182,
  "bids_meta": {
    "AcquisitionMatrixPE": 128,
    "AcquisitionNumber": 1,
    "AcquisitionTime": "15:49:16.870000",
    "BandwidthPerPixelPhaseEncode": 8.311,
    "BaseResolution": 128,
    "BodyPartExamined": "BRAIN",
    "ConsistencyInfo": "N4_VD13A_LATEST_20120616",
    "ConversionSoftware": "dcm2niix",
    "ConversionSoftwareVersion": "v1.0.20180518 GCC4.8.5",
    "DerivedVendorReportedEchoSpacing": 0.000940019,
    "DeviceSerialNumber": "45031",
    "DwellTime": 3.2e-06,
    "EchoTime": 0.04,
    "EchoTrainLength": 96,
    "EffectiveEchoSpacing": 0.000940019,
    "FlipAngle": 64,
    "ImageOrientationPatientDICOM": [
      1,
      0,
      0,
      0,
      0.955278,
      0.295708
    ],
    "ImageType": [
      "ORIGINAL",
      "PRIMARY",
      "M",
      "ND",
      "MOSAIC"
    ],
    "InPlanePhaseEncodingDirectionDICOM": "COL",
    "InstitutionAddress": "Washington_and_Faculty_Rd._-_Building_25_25_Princeton_NJ_US_085",
    "InstitutionName": "Princeton_University_-_Neuroscience_Institute",
    "InstitutionalDepartmentName": "Department",
    "MRAcquisitionType": "2D",
    "MagneticFieldStrength": 3,
    "Manufacturer": "Siemens",
    "ManufacturersModelName": "Skyra",
    "Modality": "MR",
    "MultibandAccelerationFactor": 3,
    "PartialFourier": 0.75,
    "PatientPosition": "HFS",
    "PercentPhaseFOV": 100,
    "PhaseEncodingDirection": "j-",
    "PhaseEncodingSteps": 96,
    "PhaseResolution": 1,
    "PixelBandwidth": 1220,
    "ProcedureStepDescription": "Turk-BrowneLab_Projects",
    "ProtocolName": "epi_acc3_shift2_1.5TR_220vol",
    "PulseSequenceDetails": "%CustomerSeq%_ep2d_bold_sliceaccl_667A",
    "ReceiveCoilActiveElements": "HE1-4",
    "ReceiveCoilName": "HeadNeck_20",
    "ReconMatrixPE": 128,
    "RepetitionTime": 1.5,
    "SAR": 0.0324317,
    "ScanOptions": "PFP",
    "ScanningSequence": "EP",
    "SequenceName": "epcaipi2d1_128",
    "SequenceVariant": "SK_SS",
    "SeriesDescription": "epi_acc3_shift2_1.5TR_220vol",
    "SeriesNumber": 10,
    "ShimSetting": [
      3369,
      8665,
      9450,
      403,
      83,
      611,
      625,
      39
    ],
    "SliceThickness": 1.5,
    "SliceTiming": [
      1.0575,
      0,
      0.74,
      0.1075,
      0.8475,
      0.2125,
      0.9525,
      0.425,
      1.165,
      0.53,
      1.29,
      0.635,
      1.395,
      0.3175,
      1.0575,
      0,
      0.74,
      0.1075,
      0.8475,
      0.2125,
      0.9525,
      0.425,
      1.165,
      0.53,
      1.29,
      0.635,
      1.395,
      0.3175,
      1.0575,
      0,
      0.74,
      0.1075,
      0.8475,
      0.2125,
      0.9525,
      0.425,
      1.165,
      0.53,
      1.29,
      0.635,
      1.395,
      0.3175
    ],
    "SoftwareVersions": "syngo_MR_D13",
    "SpacingBetweenSlices": 1.5,
    "StationName": "AWP45031",
    "TaskName": "cue-action-outcome",
    "TotalReadoutTime": 0.119382,
    "TxRefAmp": 354.229,
    "dataset": "ds001946",
    "modality": "bold",
    "run_id": 6,
    "subject_id": "04",
    "task_id": "actions"
  },
  "dummy_trs": 0,
  "dvars_nstd": 77.72285827228313,
  "dvars_std": 1.0751570506392696,
  "dvars_vstd": 1.0118089690410956,
  "efc": 0.6414028264261682,
  "fber": 161.77932739257812,
  "fd_mean": 0.2823056705494654,
  "fd_num": 149,
  "fd_perc": 67.72727272727273,
  "fwhm_avg": 2.827391263913237,
  "fwhm_x": 2.7140866666666668,
  "fwhm_y": 3.280460260707558,
  "fwhm_z": 2.4876268643654873,
  "gcor": 0.00158883,
  "gsr_x": -0.029343074187636375,
  "gsr_y": 0.07505141198635101,
  "provenance": {
    "md5sum": "a58ff31a6a9815939ef58e29a50914ab",
    "settings": {
      "fd_thres": 0.2,
      "testing": false
    },
    "software": "mriqc",
    "version": "22.0.6",
    "webapi_port": null,
    "webapi_url": "https://mriqc.nimh.nih.gov/api/v1"
  },
  "size_t": 220,
  "size_x": 128,
  "size_y": 128,
  "size_z": 42,
  "snr": 3.4743531725885033,
  "spacing_tr": 1.5,
  "spacing_x": 1.5,
  "spacing_y": 1.4999998807907104,
  "spacing_z": 1.4999998807907104,
  "summary_bg_k": 19.238444210372187,
  "summary_bg_mad": 32.07138250073288,
  "summary_bg_mean": 77.03693389892578,
  "summary_bg_median": 46.96818161010742,
  "summary_bg_n": 407371.0,
  "summary_bg_p05": 18.936363220214844,
  "summary_bg_p95": 244.14544677734375,
  "summary_bg_stdv": 88.00880432128906,
  "summary_fg_k": 0.9347168371319214,
  "summary_fg_mad": 170.5464008651951,
  "summary_fg_mean": 638.65673828125,
  "summary_fg_median": 629.8181762695312,
  "summary_fg_n": 179817.0,
  "summary_fg_p05": 359.66090698242186,
  "summary_fg_p95": 942.4890624999998,
  "summary_fg_stdv": 181.27587890625,
  "tsnr": 18.56696756184101
}