{
  "aor": 0.0007875909090909091,
  "aqi": 0.022145989090909087,
  "bids_meta": {
    "AcquisitionMatrixPE": 128,
    "AcquisitionNumber": 1,
    "AcquisitionTime": "12:48:55.845000",
    "BandwidthPerPixelPhaseEncode": 8.311,
    "BaseResolution": 128,
    "BodyPartExamined": "BRAIN",
    "ConsistencyInfo": "N4_VD13A_LATEST_20120616",
    "ConversionSoftware": "dcm2niix",
    "ConversionSoftwareVersion": "v1.0.20180518 GCC4.8.5",
    "DerivedVendorReportedEchoSpacing": 0.000940019,
    "DeviceSerialNumber": "45031",
    "DwellTime": 3.2e-06,
    "EchoTime": 0.04,
    "EchoTrainLength": 96,
    "EffectiveEchoSpacing": 0.000940019,
    "FlipAngle": 64,
    "ImageOrientationPatientDICOM": [
      1,
      0,
      0,
      0,
      0.971961,
      0.235142
    ],
    "ImageType": [
      "ORIGINAL",
      "PRIMARY",
      "M",
      "ND",
      "MOSAIC"
    ],
    "InPlanePhaseEncodingDirectionDICOM": "COL",
    "InstitutionAddress": "Washington_and_Faculty_Rd._-_Building_25_25_Princeton_NJ_US_085",
    "InstitutionName": "Princeton_University_-_Neuroscience_Institute",
    "InstitutionalDepartmentName": "Department",
    "MRAcquisitionType": "2D",
    "MagneticFieldStrength": 3,
    "Manufacturer": "Siemens",
    "ManufacturersModelName": "Skyra",
    "Modality": "MR",
    "MultibandAccelerationFactor": 3,
    "PartialFourier": 0.75,
    "PatientPosition": "HFS",
    "PercentPhaseFOV": 100,
    "PhaseEncodingDirection": "j-",
    "PhaseEncodingSteps": 96,
    "PhaseResolution": 1,
    "PixelBandwidth": 1220,
    "ProcedureStepDescription": "Turk-BrowneLab_Projects",
    "ProtocolName": "epi_acc3_shift2_1.5TR_220vol",
    "PulseSequenceDetails": "%CustomerSeq%_ep2d_bold_sliceaccl_667A",
    "ReceiveCoilActiveElements": "HE1-4",
    "ReceiveCoilName": "HeadNeck_20",
    "ReconMatrixPE": 128,
    "RepetitionTime": 1.5,
    "SAR": 0.0359689,
    "ScanOptions": "PFP",
    "ScanningSequence": "EP",
    "SequenceName": "epcaipi2d1_128",
    "SequenceVariant": "SK_SS",
    "SeriesDescription": "epi_acc3_shift2_1.5TR_220vol",
    "SeriesNumber": 7,
    "ShimSetting": [
      3438,
      8714,
      9593,
      473,
      124,
      580,
      414,
      22
    ],
    "SliceThickness": 1.5,
    "SliceTiming": [
      1.0575,
      0,
      0.74,
      0.105,
      0.845,
      0.21,
      0.95,
      0.4225,
      1.1625,
      0.5275,
      1.2875,
      0.6325,
      1.3925,
      0.3175,
      1.0575,
      0,
      0.74,
      0.105,
      0.845,
      0.21,
      0.95,
      0.4225,
      1.1625,
      0.5275,
      1.2875,
      0.6325,
      1.3925,
      0.3175,
      1.0575,
      0,
      0.74,
      0.105,
      0.845,
      0.21,
      0.95,
      0.4225,
      1.1625,
      0.5275,
      1.2875,
      0.6325,
      1.3925,
      0.3175
    ],
    "SoftwareVersions": "syngo_MR_D13",
    "SpacingBetweenSlices": 1.5,
    "StationName": "AWP45031",
    "TaskName": "cue-action-outcome",
    "TotalReadoutTime": 0.119382,
    "TxRefAmp": 362.13,
    "dataset": "ds001946",
    "modality": "bold",
    "run_id": 3,
    "subject_id": "13",
    "task_id": "actions"
  },
  "dummy_trs": 0,
  "dvars_nstd": 87.29978507388131,
  "dvars_std": 1.0622007368036528,
  "dvars_vstd": 1.0066455315068483,
  "efc": 0.6502195691435534,
  "fber": 127.9471435546875,
  "fd_mean": 0.1968009690839983,
  "fd_num": 96,
  "fd_perc": 43.63636363636363,
  "fwhm_avg": 2.928488888888889,
  "fwhm_x": 2.8388733333333334,
  "fwhm_y": 3.2816533333333333,
  "fwhm_z": 2.66494,
  "gcor": 0.00228397,
  "gsr_x": -0.008164831437170506,
  "gsr_y": 0.05851742625236511,
  "provenance": {
    "md5sum": "124cdc4ba0542cdc425c06e71dff8ab3",
    "settings": {
      "fd_thres": 0.2,
      "testing": false
    },
    "software": "mriqc",
    "version": "22.0.6",
    "webapi_port": null,
    "webapi_url": "https://mriqc.nimh.nih.gov/api/v1"
  },
  "size_t": 220,
  "size_x": 128,
  "size_y": 128,
  "size_z": 42,
  "snr": 3.125241957965205,
  "spacing_tr": 1.5,
  "spacing_x": 1.5,
  "spacing_y": 1.5,
  "spacing_z": 1.5,
  "summary_bg_k": 27.975610510990343,
  "summary_bg_mad": 29.267913505473555,
  "summary_bg_mean": 71.26405334472656,
  "summary_bg_median": 48.66817855834961,
  "summary_bg_n": 392925.0,
  "summary_bg_p05": 21.495454788208008,
  "summary_bg_p95": 201.20727233886709,
  "summary_bg_stdv": 72.49004364013672,
  "summary_fg_k": -6.71451532641143e-05,
  "summary_fg_mad": 195.08353997414926,
  "summary_fg_mean": 585.9315795898438,
  "summary_fg_median": 577.9227294921875,
  "summary_fg_n": 190855.0,
  "summary_fg_p05": 305.98499450683596,
  "summary_fg_p95": 895.1208923339842,
  "summary_fg_stdv": 184.92047119140625,
  "tsnr": 16.868166718631983
}