{
  "aor": 0.0004742307692307692,
  "aqi": 0.022236401923076923,
  "bids_meta": {
    "AcquisitionMatrixPE": 128,
    "AcquisitionNumber": 1,
    "AcquisitionTime": "14:05:43.747500",
    "BandwidthPerPixelPhaseEncode": 8.311,
    "BaseResolution": 128,
    "BodyPartExamined": "BRAIN",
    "ConsistencyInfo": "N4_VD13A_LATEST_20120616",
    "ConversionSoftware": "dcm2niix",
    "ConversionSoftwareVersion": "v1.0.20180518 GCC4.8.5",
    "DerivedVendorReportedEchoSpacing": 0.000940019,
    "DeviceSerialNumber": "45031",
    "DwellTime": 3.2e-06,
    "EchoTime": 0.04,
    "EchoTrainLength": 96,
    "EffectiveEchoSpacing": 0.000940019,
    "FlipAngle": 64,
    "ImageOrientationPatientDICOM": [
      1,
      0,
      0,
      0,
      0.995056,
      0.0993197
    ],
    "ImageType": [
      "ORIGINAL",
      "PRIMARY",
      "M",
      "ND",
      "MOSAIC"
    ],
    "InPlanePhaseEncodingDirectionDICOM": "COL",
    "InstitutionAddress": "Washington_and_Faculty_Rd._-_Building_25_25_Princeton_NJ_US_085",
    "InstitutionName": "Princeton_University_-_Neuroscience_Institute",
    "InstitutionalDepartmentName": "Department",
    "MRAcquisitionType": "2D",
    "MagneticFieldStrength": 3,
    "Manufacturer": "Siemens",
    "ManufacturersModelName": "Skyra",
    "Modality": "MR",
    "MultibandAccelerationFactor": 3,
    "PartialFourier": 0.75,
    "PatientPosition": "HFS",
    "PercentPhaseFOV": 100,
    "PhaseEncodingDirection": "j-",
    "PhaseEncodingSteps": 96,
    "PhaseResolution": 1,
    "PixelBandwidth": 1220,
    "ProcedureStepDescription": "Turk-BrowneLab_Projects",
    "ProtocolName": "epi_acc3_shift2_1.5TR_260vol",
    "PulseSequenceDetails": "%CustomerSeq%_ep2d_bold_sliceaccl_667A",
    "ReceiveCoilActiveElements": "HE1-4",
    "ReceiveCoilName": "HeadNeck_20",
    "ReconMatrixPE": 128,
    "RepetitionTime": 1.5,
    "SAR": 0.0318184,
    "ScanOptions": "PFP",
    "ScanningSequence": "EP",
    "SequenceName": "epcaipi2d1_128",
    "SequenceVariant": "SK_SS",
    "SeriesDescription": "epi_acc3_shift2_1.5TR_260vol",
    "SeriesNumber": 13,
    "ShimSetting": [
      3393,
      8582,
      9375,
      567,
      78,
      228,
      784,
      96
    ],
    "SliceThickness": 1.5,
    "SliceTiming": [
      1.0575,
      0,
      0.74,
      0.105,
      0.845,
      0.2125,
      0.9525,
      0.4225,
      1.1625,
      0.53,
      1.29,
      0.635,
      1.395,
      0.3175,
      1.0575,
      0,
      0.74,
      0.105,
      0.845,
      0.2125,
      0.9525,
      0.4225,
      1.1625,
      0.53,
      1.29,
      0.635,
      1.395,
      0.3175,
      1.0575,
      0,
      0.74,
      0.105,
      0.845,
      0.2125,
      0.9525,
      0.4225,
      1.1625,
      0.53,
      1.29,
      0.635,
      1.395,
      0.3175
    ],
    "SoftwareVersions": "syngo_MR_D13",
    "SpacingBetweenSlices": 1.5,
    "StationName": "AWP45031",
    "TaskName": "Functional Localizer",
    "TotalReadoutTime": 0.119382,
    "TxRefAmp": 344.704,
    "dataset": "ds001946",
    "modality": "bold",
    "subject_id": "18",
    "task_id": "loc"
  },
  "dummy_trs": 0,
  "dvars_nstd": 69.03052296903478,
  "dvars_std": 1.020723732123552,
  "dvars_vstd": 1.0027814268725863,
  "efc": 0.6625046098891515,
  "fber": 221.30284118652344,
  "fd_mean": 0.2994894242008395,
  "fd_num": 196,
  "fd_perc": 75.38461538461539,
  "fwhm_avg": 2.568677917687286,
  "fwhm_x": 2.4246266666666667,
  "fwhm_y": 2.9443935673327104,
  "fwhm_z": 2.337013519062481,
  "gcor": 0.000916351,
  "gsr_x": -0.006542187184095383,
  "gsr_y": 0.04508168250322342,
  "provenance": {
    "md5sum": "a41b7782f5b2793c1bb665778a641da5",
    "settings": {
      "fd_thres": 0.2,
      "testing": false
    },
    "software": "mriqc",
    "version": "22.0.6",
    "webapi_port": null,
    "webapi_url": "https://mriqc.nimh.nih.gov/api/v1"
  },
  "size_t": 260,
  "size_x": 128,
  "size_y": 128,
  "size_z": 42,
  "snr": 3.998299425663839,
  "spacing_tr": 1.5,
  "spacing_x": 1.5,
  "spacing_y": 1.4999998807907104,
  "spacing_z": 1.4999998807907104,
  "summary_bg_k": 16.195219459171216,
  "summary_bg_mad": 30.45606978319913,
  "summary_bg_mean": 71.00326538085938,
  "summary_bg_median": 42.488460540771484,
  "summary_bg_n": 367412.0,
  "summary_bg_p05": 17.753847122192383,
  "summary_bg_p95": 241.49403991699222,
  "summary_bg_stdv": 82.4384536743164,
  "summary_fg_k": 0.6083424757693034,
  "summary_fg_mad": 154.84641797296578,
  "summary_fg_mean": 661.470947265625,
  "summary_fg_median": 661.4307861328125,
  "summary_fg_n": 215191.0,
  "summary_fg_p05": 389.234619140625,
  "summary_fg_p95": 931.0019226074219,
  "summary_fg_stdv": 165.42764282226562,
  "tsnr": 20.344787996145897
}