{
  "aor": 0.0006000454545454544,
  "aqi": 0.024009736363636364,
  "bids_meta": {
    "AcquisitionMatrixPE": 128,
    "AcquisitionNumber": 1,
    "AcquisitionTime": "13:16:32.802500",
    "BandwidthPerPixelPhaseEncode": 8.311,
    "BaseResolution": 128,
    "BodyPartExamined": "BRAIN",
    "ConsistencyInfo": "N4_VD13A_LATEST_20120616",
    "ConversionSoftware": "dcm2niix",
    "ConversionSoftwareVersion": "v1.0.20180518 GCC4.8.5",
    "DerivedVendorReportedEchoSpacing": 0.000940019,
    "DeviceSerialNumber": "45031",
    "DwellTime": 3.2e-06,
    "EchoTime": 0.04,
    "EchoTrainLength": 96,
    "EffectiveEchoSpacing": 0.000940019,
    "FlipAngle": 64,
    "ImageOrientationPatientDICOM": [
      1,
      0,
      0,
      0,
      0.995056,
      0.0993197
    ],
    "ImageType": [
      "ORIGINAL",
      "PRIMARY",
      "M",
      "ND",
      "MOSAIC"
    ],
    "InPlanePhaseEncodingDirectionDICOM": "COL",
    "InstitutionAddress": "Washington_and_Faculty_Rd._-_Building_25_25_Princeton_NJ_US_085",
    "InstitutionName": "Princeton_University_-_Neuroscience_Institute",
    "InstitutionalDepartmentName": "Department",
    "MRAcquisitionType": "2D",
    "MagneticFieldStrength": 3,
    "Manufacturer": "Siemens",
    "ManufacturersModelName": "Skyra",
    "Modality": "MR",
    "MultibandAccelerationFactor": 3,
    "PartialFourier": 0.75,
    "PatientPosition": "HFS",
    "PercentPhaseFOV": 100,
    "PhaseEncodingDirection": "j-",
    "PhaseEncodingSteps": 96,
    "PhaseResolution": 1,
    "PixelBandwidth": 1220,
    "ProcedureStepDescription": "Turk-BrowneLab_Projects",
    "ProtocolName": "epi_acc3_shift2_1.5TR_220vol",
    "PulseSequenceDetails": "%CustomerSeq%_ep2d_bold_sliceaccl_667A",
    "ReceiveCoilActiveElements": "HE1-4",
    "ReceiveCoilName": "HeadNeck_20",
    "ReconMatrixPE": 128,
    "RepetitionTime": 1.5,
    "SAR": 0.0317868,
    "ScanOptions": "PFP",
    "ScanningSequence": "EP",
    "SequenceName": "epcaipi2d1_128",
    "SequenceVariant": "SK_SS",
    "SeriesDescription": "epi_acc3_shift2_1.5TR_220vol",
    "SeriesNumber": 5,
    "ShimSetting": [
      3393,
      8582,
      9375,
      567,
      78,
      228,
      784,
      96
    ],
    "SliceThickness": 1.5,
    "SliceTiming": [
      1.0575,
      0,
      0.74,
      0.105,
      0.845,
      0.21,
      0.95,
      0.4225,
      1.1625,
      0.5275,
      1.2875,
      0.635,
      1.395,
      0.3175,
      1.0575,
      0,
      0.74,
      0.105,
      0.845,
      0.21,
      0.95,
      0.4225,
      1.1625,
      0.5275,
      1.2875,
      0.635,
      1.395,
      0.3175,
      1.0575,
      0,
      0.74,
      0.105,
      0.845,
      0.21,
      0.95,
      0.4225,
      1.1625,
      0.5275,
      1.2875,
      0.635,
      1.395,
      0.3175
    ],
    "SoftwareVersions": "syngo_MR_D13",
    "SpacingBetweenSlices": 1.5,
    "StationName": "AWP45031",
    "TaskName": "cue-action-outcome",
    "TotalReadoutTime": 0.119382,
    "TxRefAmp": 344.704,
    "dataset": "ds001946",
    "modality": "bold",
    "run_id": 1,
    "subject_id": "18",
    "task_id": "actions"
  },
  "dummy_trs": 0,
  "dvars_nstd": 72.99018901666665,
  "dvars_std": 1.025184452420091,
  "dvars_vstd": 1.0018685988127847,
  "efc": 0.6503843967208645,
  "fber": 209.96168518066406,
  "fd_mean": 0.31106889459369197,
  "fd_num": 161,
  "fd_perc": 73.18181818181819,
  "fwhm_avg": 2.609020142036732,
  "fwhm_x": 2.4653533333333333,
  "fwhm_y": 2.9956335714049,
  "fwhm_z": 2.3660735213719626,
  "gcor": 0.00304071,
  "gsr_x": -0.007280060090124607,
  "gsr_y": 0.05305362865328789,
  "provenance": {
    "md5sum": "0fbc00fe3cd4a93aac53d283745c9126",
    "settings": {
      "fd_thres": 0.2,
      "testing": false
    },
    "software": "mriqc",
    "version": "22.0.6",
    "webapi_port": null,
    "webapi_url": "https://mriqc.nimh.nih.gov/api/v1"
  },
  "size_t": 220,
  "size_x": 128,
  "size_y": 128,
  "size_z": 42,
  "snr": 3.937850861579168,
  "spacing_tr": 1.5,
  "spacing_x": 1.5,
  "spacing_y": 1.4999998807907104,
  "spacing_z": 1.4999998807907104,
  "summary_bg_k": 18.924356965249135,
  "summary_bg_mad": 30.3124777584889,
  "summary_bg_mean": 71.01654052734375,
  "summary_bg_median": 43.28181838989258,
  "summary_bg_n": 385647.0,
  "summary_bg_p05": 18.2318172454834,
  "summary_bg_p95": 234.92908020019541,
  "summary_bg_stdv": 82.02178192138672,
  "summary_fg_k": 0.4284873802646456,
  "summary_fg_mad": 162.4055718012657,
  "summary_fg_mean": 657.1731567382812,
  "summary_fg_median": 659.8363647460938,
  "summary_fg_n": 197339.0,
  "summary_fg_p05": 376.4531646728516,
  "summary_fg_p95": 923.1417785644529,
  "summary_fg_stdv": 167.5621337890625,
  "tsnr": 19.88225092983339
}