{
  "aor": 0.00042822727272727267,
  "aqi": 0.02164170227272727,
  "bids_meta": {
    "AcquisitionMatrixPE": 128,
    "AcquisitionNumber": 1,
    "AcquisitionTime": "13:59:22.915000",
    "BandwidthPerPixelPhaseEncode": 8.311,
    "BaseResolution": 128,
    "BodyPartExamined": "BRAIN",
    "ConsistencyInfo": "N4_VD13A_LATEST_20120616",
    "ConversionSoftware": "dcm2niix",
    "ConversionSoftwareVersion": "v1.0.20180518 GCC4.8.5",
    "DerivedVendorReportedEchoSpacing": 0.000940019,
    "DeviceSerialNumber": "45031",
    "DwellTime": 3.2e-06,
    "EchoTime": 0.04,
    "EchoTrainLength": 96,
    "EffectiveEchoSpacing": 0.000940019,
    "FlipAngle": 64,
    "ImageOrientationPatientDICOM": [
      1,
      0,
      0,
      0,
      0.995056,
      0.0993197
    ],
    "ImageType": [
      "ORIGINAL",
      "PRIMARY",
      "M",
      "ND",
      "MOSAIC"
    ],
    "InPlanePhaseEncodingDirectionDICOM": "COL",
    "InstitutionAddress": "Washington_and_Faculty_Rd._-_Building_25_25_Princeton_NJ_US_085",
    "InstitutionName": "Princeton_University_-_Neuroscience_Institute",
    "InstitutionalDepartmentName": "Department",
    "MRAcquisitionType": "2D",
    "MagneticFieldStrength": 3,
    "Manufacturer": "Siemens",
    "ManufacturersModelName": "Skyra",
    "Modality": "MR",
    "MultibandAccelerationFactor": 3,
    "PartialFourier": 0.75,
    "PatientPosition": "HFS",
    "PercentPhaseFOV": 100,
    "PhaseEncodingDirection": "j-",
    "PhaseEncodingSteps": 96,
    "PhaseResolution": 1,
    "PixelBandwidth": 1220,
    "ProcedureStepDescription": "Turk-BrowneLab_Projects",
    "ProtocolName": "epi_acc3_shift2_1.5TR_220vol",
    "PulseSequenceDetails": "%CustomerSeq%_ep2d_bold_sliceaccl_667A",
    "ReceiveCoilActiveElements": "HE1-4",
    "ReceiveCoilName": "HeadNeck_20",
    "ReconMatrixPE": 128,
    "RepetitionTime": 1.5,
    "SAR": 0.0317868,
    "ScanOptions": "PFP",
    "ScanningSequence": "EP",
    "SequenceName": "epcaipi2d1_128",
    "SequenceVariant": "SK_SS",
    "SeriesDescription": "epi_acc3_shift2_1.5TR_220vol",
    "SeriesNumber": 12,
    "ShimSetting": [
      3393,
      8582,
      9375,
      567,
      78,
      228,
      784,
      96
    ],
    "SliceThickness": 1.5,
    "SliceTiming": [
      1.0575,
      0,
      0.74,
      0.105,
      0.845,
      0.21,
      0.95,
      0.4225,
      1.1625,
      0.5275,
      1.2875,
      0.635,
      1.395,
      0.3175,
      1.0575,
      0,
      0.74,
      0.105,
      0.845,
      0.21,
      0.95,
      0.4225,
      1.1625,
      0.5275,
      1.2875,
      0.635,
      1.395,
      0.3175,
      1.0575,
      0,
      0.74,
      0.105,
      0.845,
      0.21,
      0.95,
      0.4225,
      1.1625,
      0.5275,
      1.2875,
      0.635,
      1.395,
      0.3175
    ],
    "SoftwareVersions": "syngo_MR_D13",
    "SpacingBetweenSlices": 1.5,
    "StationName": "AWP45031",
    "TaskName": "cue-action-outcome",
    "TotalReadoutTime": 0.119382,
    "TxRefAmp": 344.704,
    "dataset": "ds001946",
    "modality": "bold",
    "run_id": 8,
    "subject_id": "18",
    "task_id": "actions"
  },
  "dummy_trs": 0,
  "dvars_nstd": 69.64029338223746,
  "dvars_std": 1.0219989387671233,
  "dvars_vstd": 1.0029543542009134,
  "efc": 0.6640192807370828,
  "fber": 215.35687255859375,
  "fd_mean": 0.26030619222967466,
  "fd_num": 135,
  "fd_perc": 61.36363636363637,
  "fwhm_avg": 2.579562363127437,
  "fwhm_x": 2.4196933333333335,
  "fwhm_y": 2.9486069010008893,
  "fwhm_z": 2.3703868550480887,
  "gcor": 0.00129817,
  "gsr_x": -0.008198227733373642,
  "gsr_y": 0.048595551401376724,
  "provenance": {
    "md5sum": "8c489a5d2ea394a1801ddc76f2de5a72",
    "settings": {
      "fd_thres": 0.2,
      "testing": false
    },
    "software": "mriqc",
    "version": "22.0.6",
    "webapi_port": null,
    "webapi_url": "https://mriqc.nimh.nih.gov/api/v1"
  },
  "size_t": 220,
  "size_x": 128,
  "size_y": 128,
  "size_z": 42,
  "snr": 3.959447700941578,
  "spacing_tr": 1.5,
  "spacing_x": 1.5,
  "spacing_y": 1.4999998807907104,
  "spacing_z": 1.4999998807907104,
  "summary_bg_k": 15.053693028782615,
  "summary_bg_mad": 30.58204154114089,
  "summary_bg_mean": 71.62289428710938,
  "summary_bg_median": 42.75,
  "summary_bg_n": 366874.0,
  "summary_bg_p05": 17.9818172454834,
  "summary_bg_p95": 245.09703521728505,
  "summary_bg_stdv": 82.93523406982422,
  "summary_fg_k": 0.5957316224914941,
  "summary_fg_mad": 156.07754609691406,
  "summary_fg_mean": 660.2875366210938,
  "summary_fg_median": 661.2817993164062,
  "summary_fg_n": 215904.0,
  "summary_fg_p05": 382.3467926025391,
  "summary_fg_p95": 930.4902191162108,
  "summary_fg_stdv": 167.0132598876953,
  "tsnr": 20.706074982881546
}