{
  "aor": 0.0003851401869158879,
  "aqi": 0.022482692523364486,
  "bids_meta": {
    "AcquisitionMatrixPE": 128,
    "AcquisitionNumber": 1,
    "AcquisitionTime": "13:47:10.830000",
    "BandwidthPerPixelPhaseEncode": 8.311,
    "BaseResolution": 128,
    "BodyPartExamined": "BRAIN",
    "ConsistencyInfo": "N4_VD13A_LATEST_20120616",
    "ConversionSoftware": "dcm2niix",
    "ConversionSoftwareVersion": "v1.0.20180518 GCC4.8.5",
    "DerivedVendorReportedEchoSpacing": 0.000940019,
    "DeviceSerialNumber": "45031",
    "DwellTime": 3.2e-06,
    "EchoTime": 0.04,
    "EchoTrainLength": 96,
    "EffectiveEchoSpacing": 0.000940019,
    "FlipAngle": 64,
    "ImageOrientationPatientDICOM": [
      1,
      0,
      0,
      0,
      0.995056,
      0.0993197
    ],
    "ImageType": [
      "ORIGINAL",
      "PRIMARY",
      "M",
      "ND",
      "MOSAIC"
    ],
    "InPlanePhaseEncodingDirectionDICOM": "COL",
    "InstitutionAddress": "Washington_and_Faculty_Rd._-_Building_25_25_Princeton_NJ_US_085",
    "InstitutionName": "Princeton_University_-_Neuroscience_Institute",
    "InstitutionalDepartmentName": "Department",
    "MRAcquisitionType": "2D",
    "MagneticFieldStrength": 3,
    "Manufacturer": "Siemens",
    "ManufacturersModelName": "Skyra",
    "Modality": "MR",
    "MultibandAccelerationFactor": 3,
    "PartialFourier": 0.75,
    "PatientPosition": "HFS",
    "PercentPhaseFOV": 100,
    "PhaseEncodingDirection": "j-",
    "PhaseEncodingSteps": 96,
    "PhaseResolution": 1,
    "PixelBandwidth": 1220,
    "ProcedureStepDescription": "Turk-BrowneLab_Projects",
    "ProtocolName": "epi_acc3_shift2_1.5TR_220vol",
    "PulseSequenceDetails": "%CustomerSeq%_ep2d_bold_sliceaccl_667A",
    "ReceiveCoilActiveElements": "HE1-4",
    "ReceiveCoilName": "HeadNeck_20",
    "ReconMatrixPE": 128,
    "RepetitionTime": 1.5,
    "SAR": 0.0317868,
    "ScanOptions": "PFP",
    "ScanningSequence": "EP",
    "SequenceName": "epcaipi2d1_128",
    "SequenceVariant": "SK_SS",
    "SeriesDescription": "epi_acc3_shift2_1.5TR_220vol",
    "SeriesNumber": 10,
    "ShimSetting": [
      3393,
      8582,
      9375,
      567,
      78,
      228,
      784,
      96
    ],
    "SliceThickness": 1.5,
    "SliceTiming": [
      1.0575,
      0,
      0.74,
      0.1075,
      0.8475,
      0.2125,
      0.9525,
      0.425,
      1.165,
      0.53,
      1.29,
      0.635,
      1.395,
      0.3175,
      1.0575,
      0,
      0.74,
      0.1075,
      0.8475,
      0.2125,
      0.9525,
      0.425,
      1.165,
      0.53,
      1.29,
      0.635,
      1.395,
      0.3175,
      1.0575,
      0,
      0.74,
      0.1075,
      0.8475,
      0.2125,
      0.9525,
      0.425,
      1.165,
      0.53,
      1.29,
      0.635,
      1.395,
      0.3175
    ],
    "SoftwareVersions": "syngo_MR_D13",
    "SpacingBetweenSlices": 1.5,
    "StationName": "AWP45031",
    "TaskName": "cue-action-outcome",
    "TotalReadoutTime": 0.119382,
    "TxRefAmp": 344.704,
    "dataset": "ds001946",
    "modality": "bold",
    "run_id": 6,
    "subject_id": "18",
    "task_id": "actions"
  },
  "dummy_trs": 6,
  "dvars_nstd": 69.42401556450704,
  "dvars_std": 1.0300996077464788,
  "dvars_vstd": 1.0121399203755868,
  "efc": 0.6600907879665845,
  "fber": 211.2491455078125,
  "fd_mean": 0.27500386668019594,
  "fd_num": 146,
  "fd_perc": 68.22429906542057,
  "fwhm_avg": 2.605517919995531,
  "fwhm_x": 2.4480133333333334,
  "fwhm_y": 2.984060237151801,
  "fwhm_z": 2.3844801895014593,
  "gcor": 0.00129679,
  "gsr_x": -0.00809391774237156,
  "gsr_y": 0.05028128996491432,
  "provenance": {
    "md5sum": "edaf514d314262576557fe9df5b289cd",
    "settings": {
      "fd_thres": 0.2,
      "testing": false
    },
    "software": "mriqc",
    "version": "22.0.6",
    "webapi_port": null,
    "webapi_url": "https://mriqc.nimh.nih.gov/api/v1"
  },
  "size_t": 214,
  "size_x": 128,
  "size_y": 128,
  "size_z": 42,
  "snr": 3.9514926509235884,
  "spacing_tr": 1.5,
  "spacing_x": 1.5,
  "spacing_y": 1.4999998807907104,
  "spacing_z": 1.4999998807907104,
  "summary_bg_k": 15.797534561948794,
  "summary_bg_mad": 31.349412501033804,
  "summary_bg_mean": 71.80302429199219,
  "summary_bg_median": 43.54205322265625,
  "summary_bg_n": 372281.0,
  "summary_bg_p05": 18.12149429321289,
  "summary_bg_p95": 242.42054748535156,
  "summary_bg_stdv": 82.35150909423828,
  "summary_fg_k": 0.5562134849415301,
  "summary_fg_mad": 156.9964807605447,
  "summary_fg_mean": 659.1060791015625,
  "summary_fg_median": 661.5139770507812,
  "summary_fg_n": 210391.0,
  "summary_fg_p05": 376.83876037597656,
  "summary_fg_p95": 927.4765930175781,
  "summary_fg_stdv": 167.40823364257812,
  "tsnr": 20.56693420233205
}