{
  "aor": 0.0019506818181818186,
  "aqi": 0.025816301818181817,
  "bids_meta": {
    "AcquisitionMatrixPE": 128,
    "AcquisitionNumber": 1,
    "AcquisitionTime": "13:41:10.992500",
    "BandwidthPerPixelPhaseEncode": 8.311,
    "BaseResolution": 128,
    "BodyPartExamined": "BRAIN",
    "ConsistencyInfo": "N4_VD13A_LATEST_20120616",
    "ConversionSoftware": "dcm2niix",
    "ConversionSoftwareVersion": "v1.0.20180518 GCC4.8.5",
    "DerivedVendorReportedEchoSpacing": 0.000940019,
    "DeviceSerialNumber": "45031",
    "DwellTime": 3.2e-06,
    "EchoTime": 0.04,
    "EchoTrainLength": 96,
    "EffectiveEchoSpacing": 0.000940019,
    "FlipAngle": 64,
    "ImageOrientationPatientDICOM": [
      1,
      0,
      0,
      0,
      0.995056,
      0.0993197
    ],
    "ImageType": [
      "ORIGINAL",
      "PRIMARY",
      "M",
      "ND",
      "MOSAIC"
    ],
    "InPlanePhaseEncodingDirectionDICOM": "COL",
    "InstitutionAddress": "Washington_and_Faculty_Rd._-_Building_25_25_Princeton_NJ_US_085",
    "InstitutionName": "Princeton_University_-_Neuroscience_Institute",
    "InstitutionalDepartmentName": "Department",
    "MRAcquisitionType": "2D",
    "MagneticFieldStrength": 3,
    "Manufacturer": "Siemens",
    "ManufacturersModelName": "Skyra",
    "Modality": "MR",
    "MultibandAccelerationFactor": 3,
    "PartialFourier": 0.75,
    "PatientPosition": "HFS",
    "PercentPhaseFOV": 100,
    "PhaseEncodingDirection": "j-",
    "PhaseEncodingSteps": 96,
    "PhaseResolution": 1,
    "PixelBandwidth": 1220,
    "ProcedureStepDescription": "Turk-BrowneLab_Projects",
    "ProtocolName": "epi_acc3_shift2_1.5TR_220vol",
    "PulseSequenceDetails": "%CustomerSeq%_ep2d_bold_sliceaccl_667A",
    "ReceiveCoilActiveElements": "HE1-4",
    "ReceiveCoilName": "HeadNeck_20",
    "ReconMatrixPE": 128,
    "RepetitionTime": 1.5,
    "SAR": 0.0317868,
    "ScanOptions": "PFP",
    "ScanningSequence": "EP",
    "SequenceName": "epcaipi2d1_128",
    "SequenceVariant": "SK_SS",
    "SeriesDescription": "epi_acc3_shift2_1.5TR_220vol",
    "SeriesNumber": 9,
    "ShimSetting": [
      3393,
      8582,
      9375,
      567,
      78,
      228,
      784,
      96
    ],
    "SliceThickness": 1.5,
    "SliceTiming": [
      1.0575,
      0,
      0.74,
      0.105,
      0.845,
      0.21,
      0.95,
      0.4225,
      1.1625,
      0.5275,
      1.2875,
      0.6325,
      1.3925,
      0.3175,
      1.0575,
      0,
      0.74,
      0.105,
      0.845,
      0.21,
      0.95,
      0.4225,
      1.1625,
      0.5275,
      1.2875,
      0.6325,
      1.3925,
      0.3175,
      1.0575,
      0,
      0.74,
      0.105,
      0.845,
      0.21,
      0.95,
      0.4225,
      1.1625,
      0.5275,
      1.2875,
      0.6325,
      1.3925,
      0.3175
    ],
    "SoftwareVersions": "syngo_MR_D13",
    "SpacingBetweenSlices": 1.5,
    "StationName": "AWP45031",
    "TaskName": "cue-action-outcome",
    "TotalReadoutTime": 0.119382,
    "TxRefAmp": 344.704,
    "dataset": "ds001946",
    "modality": "bold",
    "run_id": 5,
    "subject_id": "18",
    "task_id": "actions"
  },
  "dummy_trs": 0,
  "dvars_nstd": 71.80031947995434,
  "dvars_std": 1.0415714383105026,
  "dvars_vstd": 1.0240482198630134,
  "efc": 0.6564502617604853,
  "fber": 208.18345642089844,
  "fd_mean": 0.3037556937732509,
  "fd_num": 158,
  "fd_perc": 71.81818181818181,
  "fwhm_avg": 2.6554112563453014,
  "fwhm_x": 2.483826666666667,
  "fwhm_y": 3.033246907727473,
  "fwhm_z": 2.4491601946417645,
  "gcor": 0.0027647,
  "gsr_x": -0.007893876172602177,
  "gsr_y": 0.05104205384850502,
  "provenance": {
    "md5sum": "95449622b4aa94d2a1d6d30e5501e235",
    "settings": {
      "fd_thres": 0.2,
      "testing": false
    },
    "software": "mriqc",
    "version": "22.0.6",
    "webapi_port": null,
    "webapi_url": "https://mriqc.nimh.nih.gov/api/v1"
  },
  "size_t": 220,
  "size_x": 128,
  "size_y": 128,
  "size_z": 42,
  "snr": 3.9412302323641852,
  "spacing_tr": 1.5,
  "spacing_x": 1.5,
  "spacing_y": 1.4999998807907104,
  "spacing_z": 1.4999998807907104,
  "summary_bg_k": 15.358655816824701,
  "summary_bg_mad": 31.49181400539264,
  "summary_bg_mean": 71.81694030761719,
  "summary_bg_median": 43.745452880859375,
  "summary_bg_n": 377453.0,
  "summary_bg_p05": 18.186363220214844,
  "summary_bg_p95": 240.82272338867188,
  "summary_bg_stdv": 81.69049835205078,
  "summary_fg_k": 0.45217687333087,
  "summary_fg_mad": 160.24229734840955,
  "summary_fg_mean": 659.5588989257812,
  "summary_fg_median": 662.42724609375,
  "summary_fg_n": 204571.0,
  "summary_fg_p05": 377.43634033203125,
  "summary_fg_p95": 929.6908874511719,
  "summary_fg_stdv": 168.0758514404297,
  "tsnr": 19.03541293129092
}