{
  "aor": 0.001195,
  "aqi": 0.018119680454545456,
  "bids_meta": {
    "AcquisitionMatrixPE": 128,
    "AcquisitionNumber": 1,
    "AcquisitionTime": "16:45:45.835000",
    "BandwidthPerPixelPhaseEncode": 8.311,
    "BaseResolution": 128,
    "BodyPartExamined": "BRAIN",
    "ConsistencyInfo": "N4_VD13A_LATEST_20120616",
    "ConversionSoftware": "dcm2niix",
    "ConversionSoftwareVersion": "v1.0.20180518 GCC4.8.5",
    "DerivedVendorReportedEchoSpacing": 0.000940019,
    "DeviceSerialNumber": "45031",
    "DwellTime": 3.2e-06,
    "EchoTime": 0.04,
    "EchoTrainLength": 96,
    "EffectiveEchoSpacing": 0.000940019,
    "FlipAngle": 64,
    "ImageOrientationPatientDICOM": [
      1,
      0,
      0,
      0,
      0.968148,
      0.25038
    ],
    "ImageType": [
      "ORIGINAL",
      "PRIMARY",
      "M",
      "ND",
      "MOSAIC"
    ],
    "InPlanePhaseEncodingDirectionDICOM": "COL",
    "InstitutionAddress": "Washington_and_Faculty_Rd._-_Building_25_25_Princeton_NJ_US_085",
    "InstitutionName": "Princeton_University_-_Neuroscience_Institute",
    "InstitutionalDepartmentName": "Department",
    "MRAcquisitionType": "2D",
    "MagneticFieldStrength": 3,
    "Manufacturer": "Siemens",
    "ManufacturersModelName": "Skyra",
    "Modality": "MR",
    "MultibandAccelerationFactor": 3,
    "PartialFourier": 0.75,
    "PatientPosition": "HFS",
    "PercentPhaseFOV": 100,
    "PhaseEncodingDirection": "j-",
    "PhaseEncodingSteps": 96,
    "PhaseResolution": 1,
    "PixelBandwidth": 1220,
    "ProcedureStepDescription": "Turk-BrowneLab_Projects",
    "ProtocolName": "epi_acc3_shift2_1.5TR_220vol",
    "PulseSequenceDetails": "%CustomerSeq%_ep2d_bold_sliceaccl_667A",
    "ReceiveCoilActiveElements": "HE1-4",
    "ReceiveCoilName": "HeadNeck_20",
    "ReconMatrixPE": 128,
    "RepetitionTime": 1.5,
    "SAR": 0.0394691,
    "ScanOptions": "PFP",
    "ScanningSequence": "EP",
    "SequenceName": "epcaipi2d1_128",
    "SequenceVariant": "SK_SS",
    "SeriesDescription": "epi_acc3_shift2_1.5TR_220vol",
    "SeriesNumber": 7,
    "ShimSetting": [
      3425,
      8581,
      9353,
      640,
      158,
      -286,
      645,
      32
    ],
    "SliceThickness": 1.5,
    "SliceTiming": [
      1.0575,
      0,
      0.74,
      0.1075,
      0.8475,
      0.2125,
      0.9525,
      0.425,
      1.165,
      0.53,
      1.29,
      0.635,
      1.395,
      0.3175,
      1.0575,
      0,
      0.74,
      0.1075,
      0.8475,
      0.2125,
      0.9525,
      0.425,
      1.165,
      0.53,
      1.29,
      0.635,
      1.395,
      0.3175,
      1.0575,
      0,
      0.74,
      0.1075,
      0.8475,
      0.2125,
      0.9525,
      0.425,
      1.165,
      0.53,
      1.29,
      0.635,
      1.395,
      0.3175
    ],
    "SoftwareVersions": "syngo_MR_D13",
    "SpacingBetweenSlices": 1.5,
    "StationName": "AWP45031",
    "TaskName": "cue-action-outcome",
    "TotalReadoutTime": 0.119382,
    "TxRefAmp": 350.394,
    "dataset": "ds001946",
    "modality": "bold",
    "run_id": 3,
    "subject_id": "15",
    "task_id": "actions"
  },
  "dummy_trs": 0,
  "dvars_nstd": 68.75539398200917,
  "dvars_std": 1.0553119400456623,
  "dvars_vstd": 1.0035415475342464,
  "efc": 0.6346663531190283,
  "fber": 243.5947723388672,
  "fd_mean": 0.2526561120389572,
  "fd_num": 135,
  "fd_perc": 61.36363636363637,
  "fwhm_avg": 3.271488888888889,
  "fwhm_x": 3.1264533333333335,
  "fwhm_y": 3.658493333333333,
  "fwhm_z": 3.0295199999999998,
  "gcor": 0.012147,
  "gsr_x": 0.003999275621026754,
  "gsr_y": 0.024228258058428764,
  "provenance": {
    "md5sum": "e71f603c5771825af38163ddd61d3c9a",
    "settings": {
      "fd_thres": 0.2,
      "testing": false
    },
    "software": "mriqc",
    "version": "22.0.6",
    "webapi_port": null,
    "webapi_url": "https://mriqc.nimh.nih.gov/api/v1"
  },
  "size_t": 220,
  "size_x": 128,
  "size_y": 128,
  "size_z": 42,
  "snr": 3.317290066595613,
  "spacing_tr": 1.5,
  "spacing_x": 1.5,
  "spacing_y": 1.5,
  "spacing_z": 1.5,
  "summary_bg_k": 16.219959879042282,
  "summary_bg_mad": 28.095313171816883,
  "summary_bg_mean": 70.92686462402344,
  "summary_bg_median": 43.490909576416016,
  "summary_bg_n": 385207.0,
  "summary_bg_p05": 18.586362838745117,
  "summary_bg_p95": 221.69408569335943,
  "summary_bg_stdv": 78.45675659179688,
  "summary_fg_k": 0.4259931657917355,
  "summary_fg_mad": 205.34040726302587,
  "summary_fg_mean": 726.4736328125,
  "summary_fg_median": 716.0317993164062,
  "summary_fg_n": 198381.0,
  "summary_fg_p05": 385.3454284667969,
  "summary_fg_p95": 1099.1090087890625,
  "summary_fg_stdv": 215.84786987304688,
  "tsnr": 21.593157187337056
}