{
  "aor": 0.0004247727272727273,
  "aqi": 0.017569889545454544,
  "bids_meta": {
    "AcquisitionMatrixPE": 128,
    "AcquisitionNumber": 1,
    "AcquisitionTime": "16:33:32.920000",
    "BandwidthPerPixelPhaseEncode": 8.311,
    "BaseResolution": 128,
    "BodyPartExamined": "BRAIN",
    "ConsistencyInfo": "N4_VD13A_LATEST_20120616",
    "ConversionSoftware": "dcm2niix",
    "ConversionSoftwareVersion": "v1.0.20180518 GCC4.8.5",
    "DerivedVendorReportedEchoSpacing": 0.000940019,
    "DeviceSerialNumber": "45031",
    "DwellTime": 3.2e-06,
    "EchoTime": 0.04,
    "EchoTrainLength": 96,
    "EffectiveEchoSpacing": 0.000940019,
    "FlipAngle": 64,
    "ImageOrientationPatientDICOM": [
      1,
      0,
      0,
      0,
      0.968148,
      0.25038
    ],
    "ImageType": [
      "ORIGINAL",
      "PRIMARY",
      "M",
      "ND",
      "MOSAIC"
    ],
    "InPlanePhaseEncodingDirectionDICOM": "COL",
    "InstitutionAddress": "Washington_and_Faculty_Rd._-_Building_25_25_Princeton_NJ_US_085",
    "InstitutionName": "Princeton_University_-_Neuroscience_Institute",
    "InstitutionalDepartmentName": "Department",
    "MRAcquisitionType": "2D",
    "MagneticFieldStrength": 3,
    "Manufacturer": "Siemens",
    "ManufacturersModelName": "Skyra",
    "Modality": "MR",
    "MultibandAccelerationFactor": 3,
    "PartialFourier": 0.75,
    "PatientPosition": "HFS",
    "PercentPhaseFOV": 100,
    "PhaseEncodingDirection": "j-",
    "PhaseEncodingSteps": 96,
    "PhaseResolution": 1,
    "PixelBandwidth": 1220,
    "ProcedureStepDescription": "Turk-BrowneLab_Projects",
    "ProtocolName": "epi_acc3_shift2_1.5TR_220vol",
    "PulseSequenceDetails": "%CustomerSeq%_ep2d_bold_sliceaccl_667A",
    "ReceiveCoilActiveElements": "HE1-4",
    "ReceiveCoilName": "HeadNeck_20",
    "ReconMatrixPE": 128,
    "RepetitionTime": 1.5,
    "SAR": 0.0394691,
    "ScanOptions": "PFP",
    "ScanningSequence": "EP",
    "SequenceName": "epcaipi2d1_128",
    "SequenceVariant": "SK_SS",
    "SeriesDescription": "epi_acc3_shift2_1.5TR_220vol",
    "SeriesNumber": 5,
    "ShimSetting": [
      3425,
      8581,
      9353,
      640,
      158,
      -286,
      645,
      32
    ],
    "SliceThickness": 1.5,
    "SliceTiming": [
      1.0575,
      0,
      0.74,
      0.105,
      0.845,
      0.2125,
      0.9525,
      0.4225,
      1.1625,
      0.53,
      1.29,
      0.635,
      1.395,
      0.3175,
      1.0575,
      0,
      0.74,
      0.105,
      0.845,
      0.2125,
      0.9525,
      0.4225,
      1.1625,
      0.53,
      1.29,
      0.635,
      1.395,
      0.3175,
      1.0575,
      0,
      0.74,
      0.105,
      0.845,
      0.2125,
      0.9525,
      0.4225,
      1.1625,
      0.53,
      1.29,
      0.635,
      1.395,
      0.3175
    ],
    "SoftwareVersions": "syngo_MR_D13",
    "SpacingBetweenSlices": 1.5,
    "StationName": "AWP45031",
    "TaskName": "cue-action-outcome",
    "TotalReadoutTime": 0.119382,
    "TxRefAmp": 350.394,
    "dataset": "ds001946",
    "modality": "bold",
    "run_id": 1,
    "subject_id": "15",
    "task_id": "actions"
  },
  "dummy_trs": 0,
  "dvars_nstd": 69.05076569511418,
  "dvars_std": 1.0527315943835613,
  "dvars_vstd": 0.9986206204566216,
  "efc": 0.6359509047005488,
  "fber": 247.25299072265625,
  "fd_mean": 0.24683401243765857,
  "fd_num": 136,
  "fd_perc": 61.81818181818182,
  "fwhm_avg": 3.183348888888889,
  "fwhm_x": 3.04334,
  "fwhm_y": 3.5695533333333334,
  "fwhm_z": 2.9371533333333333,
  "gcor": 0.00851986,
  "gsr_x": 0.003115508472546935,
  "gsr_y": 0.024986885488033295,
  "provenance": {
    "md5sum": "ee1ef7496c4a089e4c6c38196c72919f",
    "settings": {
      "fd_thres": 0.2,
      "testing": false
    },
    "software": "mriqc",
    "version": "22.0.6",
    "webapi_port": null,
    "webapi_url": "https://mriqc.nimh.nih.gov/api/v1"
  },
  "size_t": 220,
  "size_x": 128,
  "size_y": 128,
  "size_z": 42,
  "snr": 3.3924587045384347,
  "spacing_tr": 1.5,
  "spacing_x": 1.5,
  "spacing_y": 1.5,
  "spacing_z": 1.5,
  "summary_bg_k": 16.942746048250687,
  "summary_bg_mad": 27.751617581536024,
  "summary_bg_mean": 71.01216125488281,
  "summary_bg_median": 43.3636360168457,
  "summary_bg_n": 385337.0,
  "summary_bg_p05": 18.649999618530273,
  "summary_bg_p95": 224.24636230468755,
  "summary_bg_stdv": 79.10062408447266,
  "summary_fg_k": 0.4664230449355693,
  "summary_fg_mad": 201.41826200199753,
  "summary_fg_mean": 726.7509765625,
  "summary_fg_median": 716.7817993164062,
  "summary_fg_n": 198967.0,
  "summary_fg_p05": 392.13180541992193,
  "summary_fg_p95": 1088.903186035156,
  "summary_fg_stdv": 211.28628540039062,
  "tsnr": 22.206844733445905
}