{
  "aor": 0.0005398636363636364,
  "aqi": 0.014827002727272727,
  "bids_meta": {
    "AcquisitionMatrixPE": 128,
    "AcquisitionNumber": 1,
    "AcquisitionTime": "16:51:47.902500",
    "BandwidthPerPixelPhaseEncode": 8.311,
    "BaseResolution": 128,
    "BodyPartExamined": "BRAIN",
    "ConsistencyInfo": "N4_VD13A_LATEST_20120616",
    "ConversionSoftware": "dcm2niix",
    "ConversionSoftwareVersion": "v1.0.20180518 GCC4.8.5",
    "DerivedVendorReportedEchoSpacing": 0.000940019,
    "DeviceSerialNumber": "45031",
    "DwellTime": 3.2e-06,
    "EchoTime": 0.04,
    "EchoTrainLength": 96,
    "EffectiveEchoSpacing": 0.000940019,
    "FlipAngle": 64,
    "ImageOrientationPatientDICOM": [
      1,
      0,
      0,
      0,
      0.968148,
      0.25038
    ],
    "ImageType": [
      "ORIGINAL",
      "PRIMARY",
      "M",
      "ND",
      "MOSAIC"
    ],
    "InPlanePhaseEncodingDirectionDICOM": "COL",
    "InstitutionAddress": "Washington_and_Faculty_Rd._-_Building_25_25_Princeton_NJ_US_085",
    "InstitutionName": "Princeton_University_-_Neuroscience_Institute",
    "InstitutionalDepartmentName": "Department",
    "MRAcquisitionType": "2D",
    "MagneticFieldStrength": 3,
    "Manufacturer": "Siemens",
    "ManufacturersModelName": "Skyra",
    "Modality": "MR",
    "MultibandAccelerationFactor": 3,
    "PartialFourier": 0.75,
    "PatientPosition": "HFS",
    "PercentPhaseFOV": 100,
    "PhaseEncodingDirection": "j-",
    "PhaseEncodingSteps": 96,
    "PhaseResolution": 1,
    "PixelBandwidth": 1220,
    "ProcedureStepDescription": "Turk-BrowneLab_Projects",
    "ProtocolName": "epi_acc3_shift2_1.5TR_220vol",
    "PulseSequenceDetails": "%CustomerSeq%_ep2d_bold_sliceaccl_667A",
    "ReceiveCoilActiveElements": "HE1-4",
    "ReceiveCoilName": "HeadNeck_20",
    "ReconMatrixPE": 128,
    "RepetitionTime": 1.5,
    "SAR": 0.0394691,
    "ScanOptions": "PFP",
    "ScanningSequence": "EP",
    "SequenceName": "epcaipi2d1_128",
    "SequenceVariant": "SK_SS",
    "SeriesDescription": "epi_acc3_shift2_1.5TR_220vol",
    "SeriesNumber": 8,
    "ShimSetting": [
      3425,
      8581,
      9353,
      640,
      158,
      -286,
      645,
      32
    ],
    "SliceThickness": 1.5,
    "SliceTiming": [
      1.055,
      0,
      0.74,
      0.105,
      0.845,
      0.21,
      0.95,
      0.4225,
      1.1625,
      0.5275,
      1.2875,
      0.6325,
      1.3925,
      0.315,
      1.055,
      0,
      0.74,
      0.105,
      0.845,
      0.21,
      0.95,
      0.4225,
      1.1625,
      0.5275,
      1.2875,
      0.6325,
      1.3925,
      0.315,
      1.055,
      0,
      0.74,
      0.105,
      0.845,
      0.21,
      0.95,
      0.4225,
      1.1625,
      0.5275,
      1.2875,
      0.6325,
      1.3925,
      0.315
    ],
    "SoftwareVersions": "syngo_MR_D13",
    "SpacingBetweenSlices": 1.5,
    "StationName": "AWP45031",
    "TaskName": "cue-action-outcome",
    "TotalReadoutTime": 0.119382,
    "TxRefAmp": 350.394,
    "dataset": "ds001946",
    "modality": "bold",
    "run_id": 4,
    "subject_id": "15",
    "task_id": "actions"
  },
  "dummy_trs": 0,
  "dvars_nstd": 64.3898098218265,
  "dvars_std": 1.040355409360731,
  "dvars_vstd": 1.0022357916894975,
  "efc": 0.6345475056044634,
  "fber": 250.9453887939453,
  "fd_mean": 0.2503588607777903,
  "fd_num": 139,
  "fd_perc": 63.18181818181818,
  "fwhm_avg": 3.2577911111111106,
  "fwhm_x": 3.11918,
  "fwhm_y": 3.6698799999999996,
  "fwhm_z": 2.984313333333333,
  "gcor": 0.00488091,
  "gsr_x": 0.005754567217081785,
  "gsr_y": 0.021381007507443428,
  "provenance": {
    "md5sum": "bdae05bd982f6020b11b88f5b76a4fea",
    "settings": {
      "fd_thres": 0.2,
      "testing": false
    },
    "software": "mriqc",
    "version": "22.0.6",
    "webapi_port": null,
    "webapi_url": "https://mriqc.nimh.nih.gov/api/v1"
  },
  "size_t": 220,
  "size_x": 128,
  "size_y": 128,
  "size_z": 42,
  "snr": 3.2789576244294527,
  "spacing_tr": 1.5,
  "spacing_x": 1.5,
  "spacing_y": 1.5,
  "spacing_z": 1.5,
  "summary_bg_k": 14.507335068712237,
  "summary_bg_mad": 27.73813727152394,
  "summary_bg_mean": 69.56877899169922,
  "summary_bg_median": 43.02272415161133,
  "summary_bg_n": 383619.0,
  "summary_bg_p05": 18.445453643798828,
  "summary_bg_p95": 216.45499877929677,
  "summary_bg_stdv": 74.21762084960938,
  "summary_fg_k": 0.5380091180469702,
  "summary_fg_mad": 204.88885788129107,
  "summary_fg_mean": 723.9640502929688,
  "summary_fg_median": 713.1090698242188,
  "summary_fg_n": 200319.0,
  "summary_fg_p05": 381.8222686767578,
  "summary_fg_p95": 1100.0272216796875,
  "summary_fg_stdv": 217.47987365722656,
  "tsnr": 22.172932482208125
}