{
  "aor": 0.000594,
  "aqi": 0.015417301153846152,
  "bids_meta": {
    "AcquisitionMatrixPE": 128,
    "AcquisitionNumber": 1,
    "AcquisitionTime": "17:22:21.852500",
    "BandwidthPerPixelPhaseEncode": 8.311,
    "BaseResolution": 128,
    "BodyPartExamined": "BRAIN",
    "ConsistencyInfo": "N4_VD13A_LATEST_20120616",
    "ConversionSoftware": "dcm2niix",
    "ConversionSoftwareVersion": "v1.0.20180518 GCC4.8.5",
    "DerivedVendorReportedEchoSpacing": 0.000940019,
    "DeviceSerialNumber": "45031",
    "DwellTime": 3.2e-06,
    "EchoTime": 0.04,
    "EchoTrainLength": 96,
    "EffectiveEchoSpacing": 0.000940019,
    "FlipAngle": 64,
    "ImageOrientationPatientDICOM": [
      1,
      0,
      0,
      0,
      0.968148,
      0.25038
    ],
    "ImageType": [
      "ORIGINAL",
      "PRIMARY",
      "M",
      "ND",
      "MOSAIC"
    ],
    "InPlanePhaseEncodingDirectionDICOM": "COL",
    "InstitutionAddress": "Washington_and_Faculty_Rd._-_Building_25_25_Princeton_NJ_US_085",
    "InstitutionName": "Princeton_University_-_Neuroscience_Institute",
    "InstitutionalDepartmentName": "Department",
    "MRAcquisitionType": "2D",
    "MagneticFieldStrength": 3,
    "Manufacturer": "Siemens",
    "ManufacturersModelName": "Skyra",
    "Modality": "MR",
    "MultibandAccelerationFactor": 3,
    "PartialFourier": 0.75,
    "PatientPosition": "HFS",
    "PercentPhaseFOV": 100,
    "PhaseEncodingDirection": "j-",
    "PhaseEncodingSteps": 96,
    "PhaseResolution": 1,
    "PixelBandwidth": 1220,
    "ProcedureStepDescription": "Turk-BrowneLab_Projects",
    "ProtocolName": "epi_acc3_shift2_1.5TR_260vol",
    "PulseSequenceDetails": "%CustomerSeq%_ep2d_bold_sliceaccl_667A",
    "ReceiveCoilActiveElements": "HE1-4",
    "ReceiveCoilName": "HeadNeck_20",
    "ReconMatrixPE": 128,
    "RepetitionTime": 1.5,
    "SAR": 0.0395083,
    "ScanOptions": "PFP",
    "ScanningSequence": "EP",
    "SequenceName": "epcaipi2d1_128",
    "SequenceVariant": "SK_SS",
    "SeriesDescription": "epi_acc3_shift2_1.5TR_260vol",
    "SeriesNumber": 13,
    "ShimSetting": [
      3425,
      8581,
      9353,
      640,
      158,
      -286,
      645,
      32
    ],
    "SliceThickness": 1.5,
    "SliceTiming": [
      1.0575,
      0,
      0.74,
      0.105,
      0.845,
      0.21,
      0.95,
      0.4225,
      1.1625,
      0.5275,
      1.2875,
      0.635,
      1.395,
      0.3175,
      1.0575,
      0,
      0.74,
      0.105,
      0.845,
      0.21,
      0.95,
      0.4225,
      1.1625,
      0.5275,
      1.2875,
      0.635,
      1.395,
      0.3175,
      1.0575,
      0,
      0.74,
      0.105,
      0.845,
      0.21,
      0.95,
      0.4225,
      1.1625,
      0.5275,
      1.2875,
      0.635,
      1.395,
      0.3175
    ],
    "SoftwareVersions": "syngo_MR_D13",
    "SpacingBetweenSlices": 1.5,
    "StationName": "AWP45031",
    "TaskName": "Functional Localizer",
    "TotalReadoutTime": 0.119382,
    "TxRefAmp": 350.394,
    "dataset": "ds001946",
    "modality": "bold",
    "subject_id": "15",
    "task_id": "loc"
  },
  "dummy_trs": 0,
  "dvars_nstd": 62.68680968691122,
  "dvars_std": 1.0353902719691126,
  "dvars_vstd": 1.005980729459459,
  "efc": 0.6412501288273149,
  "fber": 249.92332458496094,
  "fd_mean": 0.2648042061364346,
  "fd_num": 179,
  "fd_perc": 68.84615384615384,
  "fwhm_avg": 3.2348577777777776,
  "fwhm_x": 3.0805933333333333,
  "fwhm_y": 3.6074466666666667,
  "fwhm_z": 3.0165333333333333,
  "gcor": 0.00294179,
  "gsr_x": 0.004956142511218786,
  "gsr_y": 0.018036415800452232,
  "provenance": {
    "md5sum": "29e51c26536a76c29c36ff58d42a1a76",
    "settings": {
      "fd_thres": 0.2,
      "testing": false
    },
    "software": "mriqc",
    "version": "22.0.6",
    "webapi_port": null,
    "webapi_url": "https://mriqc.nimh.nih.gov/api/v1"
  },
  "size_t": 260,
  "size_x": 128,
  "size_y": 128,
  "size_z": 42,
  "snr": 3.3419761746442567,
  "spacing_tr": 1.5,
  "spacing_x": 1.5,
  "spacing_y": 1.5,
  "spacing_z": 1.5,
  "summary_bg_k": 14.44762924596014,
  "summary_bg_mad": 28.101011268035542,
  "summary_bg_mean": 70.38194274902344,
  "summary_bg_median": 43.31922912597656,
  "summary_bg_n": 376695.0,
  "summary_bg_p05": 18.44230842590332,
  "summary_bg_p95": 219.76884155273424,
  "summary_bg_stdv": 75.59138488769531,
  "summary_fg_k": 0.514613772740931,
  "summary_fg_mad": 201.58250290938204,
  "summary_fg_mean": 726.264404296875,
  "summary_fg_median": 715.892333984375,
  "summary_fg_n": 206809.0,
  "summary_fg_p05": 388.99692382812503,
  "summary_fg_p95": 1094.1300048828123,
  "summary_fg_stdv": 214.21176147460938,
  "tsnr": 22.143577048555017
}