{
  "aor": 0.0009981818181818182,
  "aqi": 0.040517164545454544,
  "bids_meta": {
    "AcquisitionMatrixPE": 128,
    "AcquisitionNumber": 1,
    "AcquisitionTime": "13:41:44.625000",
    "BandwidthPerPixelPhaseEncode": 8.311,
    "BaseResolution": 128,
    "BodyPartExamined": "BRAIN",
    "ConsistencyInfo": "N4_VD13A_LATEST_20120616",
    "ConversionSoftware": "dcm2niix",
    "ConversionSoftwareVersion": "v1.0.20180518 GCC4.8.5",
    "DerivedVendorReportedEchoSpacing": 0.000940019,
    "DeviceSerialNumber": "45031",
    "DwellTime": 3.2e-06,
    "EchoTime": 0.04,
    "EchoTrainLength": 96,
    "EffectiveEchoSpacing": 0.000940019,
    "FlipAngle": 64,
    "ImageOrientationPatientDICOM": [
      1,
      0,
      0,
      0,
      0.988494,
      0.151261
    ],
    "ImageType": [
      "ORIGINAL",
      "PRIMARY",
      "M",
      "ND",
      "MOSAIC"
    ],
    "InPlanePhaseEncodingDirectionDICOM": "COL",
    "InstitutionAddress": "Washington_and_Faculty_Rd._-_Building_25_25_Princeton_NJ_US_085",
    "InstitutionName": "Princeton_University_-_Neuroscience_Institute",
    "InstitutionalDepartmentName": "Department",
    "MRAcquisitionType": "2D",
    "MagneticFieldStrength": 3,
    "Manufacturer": "Siemens",
    "ManufacturersModelName": "Skyra",
    "Modality": "MR",
    "MultibandAccelerationFactor": 3,
    "PartialFourier": 0.75,
    "PatientPosition": "HFS",
    "PercentPhaseFOV": 100,
    "PhaseEncodingDirection": "j-",
    "PhaseEncodingSteps": 96,
    "PhaseResolution": 1,
    "PixelBandwidth": 1220,
    "ProcedureStepDescription": "Turk-BrowneLab_Projects",
    "ProtocolName": "epi_acc3_shift2_1.5TR_220vol",
    "PulseSequenceDetails": "%CustomerSeq%_ep2d_bold_sliceaccl_667A",
    "ReceiveCoilActiveElements": "HE1-4",
    "ReceiveCoilName": "HeadNeck_20",
    "ReconMatrixPE": 128,
    "RepetitionTime": 1.5,
    "SAR": 0.0349778,
    "ScanOptions": "PFP",
    "ScanningSequence": "EP",
    "SequenceName": "epcaipi2d1_128",
    "SequenceVariant": "SK_SS",
    "SeriesDescription": "epi_acc3_shift2_1.5TR_220vol",
    "SeriesNumber": 12,
    "ShimSetting": [
      3387,
      8613,
      9340,
      380,
      299,
      -64,
      578,
      61
    ],
    "SliceThickness": 1.5,
    "SliceTiming": [
      1.0575,
      0,
      0.74,
      0.105,
      0.845,
      0.2125,
      0.9525,
      0.4225,
      1.1625,
      0.5275,
      1.2875,
      0.635,
      1.395,
      0.3175,
      1.0575,
      0,
      0.74,
      0.105,
      0.845,
      0.2125,
      0.9525,
      0.4225,
      1.1625,
      0.5275,
      1.2875,
      0.635,
      1.395,
      0.3175,
      1.0575,
      0,
      0.74,
      0.105,
      0.845,
      0.2125,
      0.9525,
      0.4225,
      1.1625,
      0.5275,
      1.2875,
      0.635,
      1.395,
      0.3175
    ],
    "SoftwareVersions": "syngo_MR_D13",
    "SpacingBetweenSlices": 1.5,
    "StationName": "AWP45031",
    "TaskName": "cue-action-outcome",
    "TotalReadoutTime": 0.119382,
    "TxRefAmp": 348.221,
    "dataset": "ds001946",
    "modality": "bold",
    "run_id": 8,
    "subject_id": "21",
    "task_id": "actions"
  },
  "dummy_trs": 0,
  "dvars_nstd": 85.63761846136984,
  "dvars_std": 1.042804547716895,
  "dvars_vstd": 1.0079758738812785,
  "efc": 0.6866130953409119,
  "fber": 89.33148193359375,
  "fd_mean": 0.42064160931189315,
  "fd_num": 178,
  "fd_perc": 80.9090909090909,
  "fwhm_avg": 2.6953577777777777,
  "fwhm_x": 2.5829666666666666,
  "fwhm_y": 3.0667066666666667,
  "fwhm_z": 2.4364,
  "gcor": 0.00691696,
  "gsr_x": -0.0027543376199901104,
  "gsr_y": 0.04823128134012222,
  "provenance": {
    "md5sum": "35e0595f4cfcb294f9efff4c47a789a8",
    "settings": {
      "fd_thres": 0.2,
      "testing": false
    },
    "software": "mriqc",
    "version": "22.0.6",
    "webapi_port": null,
    "webapi_url": "https://mriqc.nimh.nih.gov/api/v1"
  },
  "size_t": 220,
  "size_x": 128,
  "size_y": 128,
  "size_z": 42,
  "snr": 3.8431814111373512,
  "spacing_tr": 1.5,
  "spacing_x": 1.5,
  "spacing_y": 1.5,
  "spacing_z": 1.5,
  "summary_bg_k": 20.600012704971235,
  "summary_bg_mad": 39.83482792462813,
  "summary_bg_mean": 101.60856628417969,
  "summary_bg_median": 64.18636322021484,
  "summary_bg_n": 392059.0,
  "summary_bg_p05": 27.490907669067383,
  "summary_bg_p95": 305.6999816894531,
  "summary_bg_stdv": 110.11090850830078,
  "summary_fg_k": 0.20670017243938776,
  "summary_fg_mad": 163.27491747467775,
  "summary_fg_mean": 639.0686645507812,
  "summary_fg_median": 639.7636108398438,
  "summary_fg_n": 189566.0,
  "summary_fg_p05": 365.08863067626953,
  "summary_fg_p95": 911.2295379638672,
  "summary_fg_stdv": 166.4667510986328,
  "tsnr": 16.648845412099035
}