{
  "aor": 0.0015526818181818179,
  "aqi": 0.041412811818181815,
  "bids_meta": {
    "AcquisitionMatrixPE": 128,
    "AcquisitionNumber": 1,
    "AcquisitionTime": "13:05:26.907500",
    "BandwidthPerPixelPhaseEncode": 8.311,
    "BaseResolution": 128,
    "BodyPartExamined": "BRAIN",
    "ConsistencyInfo": "N4_VD13A_LATEST_20120616",
    "ConversionSoftware": "dcm2niix",
    "ConversionSoftwareVersion": "v1.0.20180518 GCC4.8.5",
    "DerivedVendorReportedEchoSpacing": 0.000940019,
    "DeviceSerialNumber": "45031",
    "DwellTime": 3.2e-06,
    "EchoTime": 0.04,
    "EchoTrainLength": 96,
    "EffectiveEchoSpacing": 0.000940019,
    "FlipAngle": 64,
    "ImageOrientationPatientDICOM": [
      1,
      0,
      0,
      0,
      0.988494,
      0.151261
    ],
    "ImageType": [
      "ORIGINAL",
      "PRIMARY",
      "M",
      "ND",
      "MOSAIC"
    ],
    "InPlanePhaseEncodingDirectionDICOM": "COL",
    "InstitutionAddress": "Washington_and_Faculty_Rd._-_Building_25_25_Princeton_NJ_US_085",
    "InstitutionName": "Princeton_University_-_Neuroscience_Institute",
    "InstitutionalDepartmentName": "Department",
    "MRAcquisitionType": "2D",
    "MagneticFieldStrength": 3,
    "Manufacturer": "Siemens",
    "ManufacturersModelName": "Skyra",
    "Modality": "MR",
    "MultibandAccelerationFactor": 3,
    "PartialFourier": 0.75,
    "PatientPosition": "HFS",
    "PercentPhaseFOV": 100,
    "PhaseEncodingDirection": "j-",
    "PhaseEncodingSteps": 96,
    "PhaseResolution": 1,
    "PixelBandwidth": 1220,
    "ProcedureStepDescription": "Turk-BrowneLab_Projects",
    "ProtocolName": "epi_acc3_shift2_1.5TR_220vol",
    "PulseSequenceDetails": "%CustomerSeq%_ep2d_bold_sliceaccl_667A",
    "ReceiveCoilActiveElements": "HE1-4",
    "ReceiveCoilName": "HeadNeck_20",
    "ReconMatrixPE": 128,
    "RepetitionTime": 1.5,
    "SAR": 0.0349778,
    "ScanOptions": "PFP",
    "ScanningSequence": "EP",
    "SequenceName": "epcaipi2d1_128",
    "SequenceVariant": "SK_SS",
    "SeriesDescription": "epi_acc3_shift2_1.5TR_220vol",
    "SeriesNumber": 6,
    "ShimSetting": [
      3387,
      8613,
      9340,
      380,
      299,
      -64,
      578,
      61
    ],
    "SliceThickness": 1.5,
    "SliceTiming": [
      1.0575,
      0,
      0.74,
      0.105,
      0.845,
      0.21,
      0.95,
      0.4225,
      1.1625,
      0.5275,
      1.2875,
      0.635,
      1.395,
      0.3175,
      1.0575,
      0,
      0.74,
      0.105,
      0.845,
      0.21,
      0.95,
      0.4225,
      1.1625,
      0.5275,
      1.2875,
      0.635,
      1.395,
      0.3175,
      1.0575,
      0,
      0.74,
      0.105,
      0.845,
      0.21,
      0.95,
      0.4225,
      1.1625,
      0.5275,
      1.2875,
      0.635,
      1.395,
      0.3175
    ],
    "SoftwareVersions": "syngo_MR_D13",
    "SpacingBetweenSlices": 1.5,
    "StationName": "AWP45031",
    "TaskName": "cue-action-outcome",
    "TotalReadoutTime": 0.119382,
    "TxRefAmp": 348.221,
    "dataset": "ds001946",
    "modality": "bold",
    "run_id": 2,
    "subject_id": "21",
    "task_id": "actions"
  },
  "dummy_trs": 0,
  "dvars_nstd": 86.45184737273969,
  "dvars_std": 1.0541080078082188,
  "dvars_vstd": 1.0160256033333335,
  "efc": 0.68421889157845,
  "fber": 90.30131530761719,
  "fd_mean": 0.41957770142669126,
  "fd_num": 165,
  "fd_perc": 75.0,
  "fwhm_avg": 2.6809999999999996,
  "fwhm_x": 2.564513333333333,
  "fwhm_y": 3.04508,
  "fwhm_z": 2.433406666666667,
  "gcor": 0.0124054,
  "gsr_x": -0.005707227159291506,
  "gsr_y": 0.05162914842367172,
  "provenance": {
    "md5sum": "74a292d740594714e9627176d2bcdaf6",
    "settings": {
      "fd_thres": 0.2,
      "testing": false
    },
    "software": "mriqc",
    "version": "22.0.6",
    "webapi_port": null,
    "webapi_url": "https://mriqc.nimh.nih.gov/api/v1"
  },
  "size_t": 220,
  "size_x": 128,
  "size_y": 128,
  "size_z": 42,
  "snr": 3.865974900428011,
  "spacing_tr": 1.5,
  "spacing_x": 1.5,
  "spacing_y": 1.5,
  "spacing_z": 1.5,
  "summary_bg_k": 22.18744834656442,
  "summary_bg_mad": 38.89134761574788,
  "summary_bg_mean": 101.67586517333984,
  "summary_bg_median": 63.981815338134766,
  "summary_bg_n": 395357.0,
  "summary_bg_p05": 27.85909080505371,
  "summary_bg_p95": 306.4790832519527,
  "summary_bg_stdv": 111.24590301513672,
  "summary_fg_k": 0.23453224230757774,
  "summary_fg_mad": 161.38130577884962,
  "summary_fg_mean": 637.129638671875,
  "summary_fg_median": 638.3045043945312,
  "summary_fg_n": 187315.0,
  "summary_fg_p05": 365.117709350586,
  "summary_fg_p95": 905.9631469726561,
  "summary_fg_stdv": 165.10784912109375,
  "tsnr": 16.307467645034194
}