{
  "aor": 0.010575727272727275,
  "aqi": 0.09789745999999998,
  "bids_meta": {
    "AcquisitionMatrixPE": 128,
    "AcquisitionNumber": 1,
    "AcquisitionTime": "17:00:15.547500",
    "BandwidthPerPixelPhaseEncode": 8.311,
    "BaseResolution": 128,
    "BodyPartExamined": "BRAIN",
    "ConsistencyInfo": "N4_VD13A_LATEST_20120616",
    "ConversionSoftware": "dcm2niix",
    "ConversionSoftwareVersion": "v1.0.20180518 GCC4.8.5",
    "DerivedVendorReportedEchoSpacing": 0.000940019,
    "DeviceSerialNumber": "45031",
    "DwellTime": 3.2e-06,
    "EchoTime": 0.04,
    "EchoTrainLength": 96,
    "EffectiveEchoSpacing": 0.000940019,
    "FlipAngle": 64,
    "ImageOrientationPatientDICOM": [
      1,
      0,
      0,
      0,
      0.927836,
      0.372988
    ],
    "ImageType": [
      "ORIGINAL",
      "PRIMARY",
      "M",
      "ND",
      "MOSAIC"
    ],
    "InPlanePhaseEncodingDirectionDICOM": "COL",
    "InstitutionAddress": "Washington_and_Faculty_Rd._-_Building_25_25_Princeton_NJ_US_085",
    "InstitutionName": "Princeton_University_-_Neuroscience_Institute",
    "InstitutionalDepartmentName": "Department",
    "MRAcquisitionType": "2D",
    "MagneticFieldStrength": 3,
    "Manufacturer": "Siemens",
    "ManufacturersModelName": "Skyra",
    "Modality": "MR",
    "MultibandAccelerationFactor": 3,
    "PartialFourier": 0.75,
    "PatientPosition": "HFS",
    "PercentPhaseFOV": 100,
    "PhaseEncodingDirection": "j-",
    "PhaseEncodingSteps": 96,
    "PhaseResolution": 1,
    "PixelBandwidth": 1220,
    "ProcedureStepDescription": "Turk-BrowneLab_Projects",
    "ProtocolName": "epi_acc3_shift2_1.5TR_220vol",
    "PulseSequenceDetails": "%CustomerSeq%_ep2d_bold_sliceaccl_667A",
    "ReceiveCoilActiveElements": "HE1-4",
    "ReceiveCoilName": "HeadNeck_20",
    "ReconMatrixPE": 128,
    "RepetitionTime": 1.5,
    "SAR": 0.0444402,
    "ScanOptions": "PFP",
    "ScanningSequence": "EP",
    "SequenceName": "epcaipi2d1_128",
    "SequenceVariant": "SK_SS",
    "SeriesDescription": "epi_acc3_shift2_1.5TR_220vol",
    "SeriesNumber": 9,
    "ShimSetting": [
      3372,
      8630,
      9389,
      660,
      -93,
      -296,
      632,
      123
    ],
    "SliceThickness": 1.5,
    "SliceTiming": [
      1.0575,
      0,
      0.74,
      0.1075,
      0.8475,
      0.2125,
      0.9525,
      0.425,
      1.165,
      0.53,
      1.29,
      0.635,
      1.395,
      0.3175,
      1.0575,
      0,
      0.74,
      0.1075,
      0.8475,
      0.2125,
      0.9525,
      0.425,
      1.165,
      0.53,
      1.29,
      0.635,
      1.395,
      0.3175,
      1.0575,
      0,
      0.74,
      0.1075,
      0.8475,
      0.2125,
      0.9525,
      0.425,
      1.165,
      0.53,
      1.29,
      0.635,
      1.395,
      0.3175
    ],
    "SoftwareVersions": "syngo_MR_D13",
    "SpacingBetweenSlices": 1.5,
    "StationName": "AWP45031",
    "TaskName": "cue-action-outcome",
    "TotalReadoutTime": 0.119382,
    "TxRefAmp": 370.821,
    "dataset": "ds001946",
    "modality": "bold",
    "run_id": 4,
    "subject_id": "08",
    "task_id": "actions"
  },
  "dummy_trs": 0,
  "dvars_nstd": 114.68439344260274,
  "dvars_std": 1.109713260913242,
  "dvars_vstd": 1.0583769359817352,
  "efc": 0.6777518614390027,
  "fber": 106.17536926269531,
  "fd_mean": 0.5333175695007826,
  "fd_num": 181,
  "fd_perc": 82.27272727272727,
  "fwhm_avg": 3.2435177777777775,
  "fwhm_x": 3.01172,
  "fwhm_y": 3.7291933333333334,
  "fwhm_z": 2.98964,
  "gcor": 0.0253059,
  "gsr_x": 0.018685709685087204,
  "gsr_y": 0.038847729563713074,
  "provenance": {
    "md5sum": "b2b6fea1bd944b9ab28c619819a60797",
    "settings": {
      "fd_thres": 0.2,
      "testing": false
    },
    "software": "mriqc",
    "version": "22.0.6",
    "webapi_port": null,
    "webapi_url": "https://mriqc.nimh.nih.gov/api/v1"
  },
  "size_t": 220,
  "size_x": 128,
  "size_y": 128,
  "size_z": 42,
  "snr": 3.391227841379886,
  "spacing_tr": 1.5,
  "spacing_x": 1.5,
  "spacing_y": 1.5,
  "spacing_z": 1.5,
  "summary_bg_k": 13.868259068116163,
  "summary_bg_mad": 30.37986234151344,
  "summary_bg_mean": 76.47714233398438,
  "summary_bg_median": 53.013633728027344,
  "summary_bg_n": 370823.0,
  "summary_bg_p05": 22.759090423583984,
  "summary_bg_p95": 216.83181762695312,
  "summary_bg_stdv": 73.7999496459961,
  "summary_fg_k": 0.42566919138663994,
  "summary_fg_mad": 159.11016622318226,
  "summary_fg_mean": 570.1373291015625,
  "summary_fg_median": 569.8408813476562,
  "summary_fg_n": 205915.0,
  "summary_fg_p05": 302.42454833984374,
  "summary_fg_p95": 851.12861328125,
  "summary_fg_stdv": 168.03338623046875,
  "tsnr": 10.961900475755101
}