{
  "aor": 0.0030270909090909094,
  "aqi": 0.05164447772727272,
  "bids_meta": {
    "AcquisitionMatrixPE": 128,
    "AcquisitionNumber": 1,
    "AcquisitionTime": "16:48:14.975000",
    "BandwidthPerPixelPhaseEncode": 8.311,
    "BaseResolution": 128,
    "BodyPartExamined": "BRAIN",
    "ConsistencyInfo": "N4_VD13A_LATEST_20120616",
    "ConversionSoftware": "dcm2niix",
    "ConversionSoftwareVersion": "v1.0.20180518 GCC4.8.5",
    "DerivedVendorReportedEchoSpacing": 0.000940019,
    "DeviceSerialNumber": "45031",
    "DwellTime": 3.2e-06,
    "EchoTime": 0.04,
    "EchoTrainLength": 96,
    "EffectiveEchoSpacing": 0.000940019,
    "FlipAngle": 64,
    "ImageOrientationPatientDICOM": [
      1,
      0,
      0,
      0,
      0.927836,
      0.372988
    ],
    "ImageType": [
      "ORIGINAL",
      "PRIMARY",
      "M",
      "ND",
      "MOSAIC"
    ],
    "InPlanePhaseEncodingDirectionDICOM": "COL",
    "InstitutionAddress": "Washington_and_Faculty_Rd._-_Building_25_25_Princeton_NJ_US_085",
    "InstitutionName": "Princeton_University_-_Neuroscience_Institute",
    "InstitutionalDepartmentName": "Department",
    "MRAcquisitionType": "2D",
    "MagneticFieldStrength": 3,
    "Manufacturer": "Siemens",
    "ManufacturersModelName": "Skyra",
    "Modality": "MR",
    "MultibandAccelerationFactor": 3,
    "PartialFourier": 0.75,
    "PatientPosition": "HFS",
    "PercentPhaseFOV": 100,
    "PhaseEncodingDirection": "j-",
    "PhaseEncodingSteps": 96,
    "PhaseResolution": 1,
    "PixelBandwidth": 1220,
    "ProcedureStepDescription": "Turk-BrowneLab_Projects",
    "ProtocolName": "epi_acc3_shift2_1.5TR_220vol",
    "PulseSequenceDetails": "%CustomerSeq%_ep2d_bold_sliceaccl_667A",
    "ReceiveCoilActiveElements": "HE1-4",
    "ReceiveCoilName": "HeadNeck_20",
    "ReconMatrixPE": 128,
    "RepetitionTime": 1.5,
    "SAR": 0.0444402,
    "ScanOptions": "PFP",
    "ScanningSequence": "EP",
    "SequenceName": "epcaipi2d1_128",
    "SequenceVariant": "SK_SS",
    "SeriesDescription": "epi_acc3_shift2_1.5TR_220vol",
    "SeriesNumber": 7,
    "ShimSetting": [
      3372,
      8630,
      9389,
      660,
      -93,
      -296,
      632,
      123
    ],
    "SliceThickness": 1.5,
    "SliceTiming": [
      1.0575,
      0,
      0.74,
      0.1075,
      0.8475,
      0.2125,
      0.9525,
      0.4225,
      1.1625,
      0.53,
      1.29,
      0.635,
      1.395,
      0.3175,
      1.0575,
      0,
      0.74,
      0.1075,
      0.8475,
      0.2125,
      0.9525,
      0.4225,
      1.1625,
      0.53,
      1.29,
      0.635,
      1.395,
      0.3175,
      1.0575,
      0,
      0.74,
      0.1075,
      0.8475,
      0.2125,
      0.9525,
      0.4225,
      1.1625,
      0.53,
      1.29,
      0.635,
      1.395,
      0.3175
    ],
    "SoftwareVersions": "syngo_MR_D13",
    "SpacingBetweenSlices": 1.5,
    "StationName": "AWP45031",
    "TaskName": "cue-action-outcome",
    "TotalReadoutTime": 0.119382,
    "TxRefAmp": 370.821,
    "dataset": "ds001946",
    "modality": "bold",
    "run_id": 2,
    "subject_id": "08",
    "task_id": "actions"
  },
  "dummy_trs": 0,
  "dvars_nstd": 103.70374716118721,
  "dvars_std": 1.1078579049315065,
  "dvars_vstd": 1.0109627246575348,
  "efc": 0.672730094148008,
  "fber": 104.87191772460938,
  "fd_mean": 0.3178168240421952,
  "fd_num": 148,
  "fd_perc": 67.27272727272727,
  "fwhm_avg": 3.0456133333333333,
  "fwhm_x": 2.88322,
  "fwhm_y": 3.462346666666667,
  "fwhm_z": 2.7912733333333333,
  "gcor": 0.00759729,
  "gsr_x": 0.020180057734251022,
  "gsr_y": 0.03375639766454697,
  "provenance": {
    "md5sum": "f37e813f227fac56ae90398ac2c62ef9",
    "settings": {
      "fd_thres": 0.2,
      "testing": false
    },
    "software": "mriqc",
    "version": "22.0.6",
    "webapi_port": null,
    "webapi_url": "https://mriqc.nimh.nih.gov/api/v1"
  },
  "size_t": 220,
  "size_x": 128,
  "size_y": 128,
  "size_z": 42,
  "snr": 3.4772017463744507,
  "spacing_tr": 1.5,
  "spacing_x": 1.5,
  "spacing_y": 1.5,
  "spacing_z": 1.5,
  "summary_bg_k": 13.061634777151266,
  "summary_bg_mad": 31.350297614739233,
  "summary_bg_mean": 79.30726623535156,
  "summary_bg_median": 53.54090881347656,
  "summary_bg_n": 385581.0,
  "summary_bg_p05": 22.672725677490234,
  "summary_bg_p95": 230.7045440673828,
  "summary_bg_stdv": 78.04591369628906,
  "summary_fg_k": 0.36976693757345647,
  "summary_fg_mad": 158.10264100950786,
  "summary_fg_mean": 564.272216796875,
  "summary_fg_median": 565.640869140625,
  "summary_fg_n": 195978.0,
  "summary_fg_p05": 303.3434127807617,
  "summary_fg_p95": 830.3051910400391,
  "summary_fg_stdv": 162.67086791992188,
  "tsnr": 14.050193814560771
}