{
  "aor": 0.017434346153846158,
  "aqi": 0.1207182373076923,
  "bids_meta": {
    "AcquisitionMatrixPE": 128,
    "AcquisitionNumber": 1,
    "AcquisitionTime": "17:30:36.000000",
    "BandwidthPerPixelPhaseEncode": 8.311,
    "BaseResolution": 128,
    "BodyPartExamined": "BRAIN",
    "ConsistencyInfo": "N4_VD13A_LATEST_20120616",
    "ConversionSoftware": "dcm2niix",
    "ConversionSoftwareVersion": "v1.0.20180518 GCC4.8.5",
    "DerivedVendorReportedEchoSpacing": 0.000940019,
    "DeviceSerialNumber": "45031",
    "DwellTime": 3.2e-06,
    "EchoTime": 0.04,
    "EchoTrainLength": 96,
    "EffectiveEchoSpacing": 0.000940019,
    "FlipAngle": 64,
    "ImageOrientationPatientDICOM": [
      1,
      0,
      0,
      0,
      0.927836,
      0.372988
    ],
    "ImageType": [
      "ORIGINAL",
      "PRIMARY",
      "M",
      "ND",
      "MOSAIC"
    ],
    "InPlanePhaseEncodingDirectionDICOM": "COL",
    "InstitutionAddress": "Washington_and_Faculty_Rd._-_Building_25_25_Princeton_NJ_US_085",
    "InstitutionName": "Princeton_University_-_Neuroscience_Institute",
    "InstitutionalDepartmentName": "Department",
    "MRAcquisitionType": "2D",
    "MagneticFieldStrength": 3,
    "Manufacturer": "Siemens",
    "ManufacturersModelName": "Skyra",
    "Modality": "MR",
    "MultibandAccelerationFactor": 3,
    "PartialFourier": 0.75,
    "PatientPosition": "HFS",
    "PercentPhaseFOV": 100,
    "PhaseEncodingDirection": "j-",
    "PhaseEncodingSteps": 96,
    "PhaseResolution": 1,
    "PixelBandwidth": 1220,
    "ProcedureStepDescription": "Turk-BrowneLab_Projects",
    "ProtocolName": "epi_acc3_shift2_1.5TR_260vol",
    "PulseSequenceDetails": "%CustomerSeq%_ep2d_bold_sliceaccl_667A",
    "ReceiveCoilActiveElements": "HE1-4",
    "ReceiveCoilName": "HeadNeck_20",
    "ReconMatrixPE": 128,
    "RepetitionTime": 1.5,
    "SAR": 0.0444843,
    "ScanOptions": "PFP",
    "ScanningSequence": "EP",
    "SequenceName": "epcaipi2d1_128",
    "SequenceVariant": "SK_SS",
    "SeriesDescription": "epi_acc3_shift2_1.5TR_260vol",
    "SeriesNumber": 14,
    "ShimSetting": [
      3372,
      8630,
      9389,
      660,
      -93,
      -296,
      632,
      123
    ],
    "SliceThickness": 1.5,
    "SliceTiming": [
      1.0575,
      0,
      0.74,
      0.1075,
      0.8475,
      0.2125,
      0.9525,
      0.425,
      1.165,
      0.53,
      1.29,
      0.635,
      1.395,
      0.3175,
      1.0575,
      0,
      0.74,
      0.1075,
      0.8475,
      0.2125,
      0.9525,
      0.425,
      1.165,
      0.53,
      1.29,
      0.635,
      1.395,
      0.3175,
      1.0575,
      0,
      0.74,
      0.1075,
      0.8475,
      0.2125,
      0.9525,
      0.425,
      1.165,
      0.53,
      1.29,
      0.635,
      1.395,
      0.3175
    ],
    "SoftwareVersions": "syngo_MR_D13",
    "SpacingBetweenSlices": 1.5,
    "StationName": "AWP45031",
    "TaskName": "Functional Localizer",
    "TotalReadoutTime": 0.119382,
    "TxRefAmp": 370.821,
    "dataset": "ds001946",
    "modality": "bold",
    "subject_id": "08",
    "task_id": "loc"
  },
  "dummy_trs": 0,
  "dvars_nstd": 111.10241896579144,
  "dvars_std": 1.0301904842084941,
  "dvars_vstd": 1.0667919546332039,
  "efc": 0.6769753238650236,
  "fber": 98.58185577392578,
  "fd_mean": 0.7112812564310034,
  "fd_num": 208,
  "fd_perc": 80.0,
  "fwhm_avg": 3.2940911111111113,
  "fwhm_x": 3.0812733333333333,
  "fwhm_y": 3.7648733333333335,
  "fwhm_z": 3.0361266666666666,
  "gcor": 0.0256411,
  "gsr_x": 0.01606546714901924,
  "gsr_y": 0.039619483053684235,
  "provenance": {
    "md5sum": "fbbabef7d240bd06fce089f225bac942",
    "settings": {
      "fd_thres": 0.2,
      "testing": false
    },
    "software": "mriqc",
    "version": "22.0.6",
    "webapi_port": null,
    "webapi_url": "https://mriqc.nimh.nih.gov/api/v1"
  },
  "size_t": 260,
  "size_x": 128,
  "size_y": 128,
  "size_z": 42,
  "snr": 3.522780352563208,
  "spacing_tr": 1.5,
  "spacing_x": 1.5,
  "spacing_y": 1.5,
  "spacing_z": 1.5,
  "summary_bg_k": 13.01984851581415,
  "summary_bg_mad": 32.09834029291773,
  "summary_bg_mean": 79.39496612548828,
  "summary_bg_median": 54.653846740722656,
  "summary_bg_n": 383755.0,
  "summary_bg_p05": 23.007692337036133,
  "summary_bg_p95": 230.18077087402344,
  "summary_bg_stdv": 76.34343719482422,
  "summary_fg_k": 0.3406900779007782,
  "summary_fg_mad": 155.81575604453755,
  "summary_fg_mean": 557.8825073242188,
  "summary_fg_median": 560.2538452148438,
  "summary_fg_n": 197655.0,
  "summary_fg_p05": 304.0119201660156,
  "summary_fg_p95": 813.4530883789059,
  "summary_fg_stdv": 159.03700256347656,
  "tsnr": 9.81512157517136
}