{
  "aor": 0.0026504545454545457,
  "aqi": 0.04720495,
  "bids_meta": {
    "AcquisitionMatrixPE": 128,
    "AcquisitionNumber": 1,
    "AcquisitionTime": "16:41:19.832500",
    "BandwidthPerPixelPhaseEncode": 8.311,
    "BaseResolution": 128,
    "BodyPartExamined": "BRAIN",
    "ConsistencyInfo": "N4_VD13A_LATEST_20120616",
    "ConversionSoftware": "dcm2niix",
    "ConversionSoftwareVersion": "v1.0.20180518 GCC4.8.5",
    "DerivedVendorReportedEchoSpacing": 0.000940019,
    "DeviceSerialNumber": "45031",
    "DwellTime": 3.2e-06,
    "EchoTime": 0.04,
    "EchoTrainLength": 96,
    "EffectiveEchoSpacing": 0.000940019,
    "FlipAngle": 64,
    "ImageOrientationPatientDICOM": [
      1,
      0,
      0,
      0,
      0.927836,
      0.372988
    ],
    "ImageType": [
      "ORIGINAL",
      "PRIMARY",
      "M",
      "ND",
      "MOSAIC"
    ],
    "InPlanePhaseEncodingDirectionDICOM": "COL",
    "InstitutionAddress": "Washington_and_Faculty_Rd._-_Building_25_25_Princeton_NJ_US_085",
    "InstitutionName": "Princeton_University_-_Neuroscience_Institute",
    "InstitutionalDepartmentName": "Department",
    "MRAcquisitionType": "2D",
    "MagneticFieldStrength": 3,
    "Manufacturer": "Siemens",
    "ManufacturersModelName": "Skyra",
    "Modality": "MR",
    "MultibandAccelerationFactor": 3,
    "PartialFourier": 0.75,
    "PatientPosition": "HFS",
    "PercentPhaseFOV": 100,
    "PhaseEncodingDirection": "j-",
    "PhaseEncodingSteps": 96,
    "PhaseResolution": 1,
    "PixelBandwidth": 1220,
    "ProcedureStepDescription": "Turk-BrowneLab_Projects",
    "ProtocolName": "epi_acc3_shift2_1.5TR_220vol",
    "PulseSequenceDetails": "%CustomerSeq%_ep2d_bold_sliceaccl_667A",
    "ReceiveCoilActiveElements": "HE1-4",
    "ReceiveCoilName": "HeadNeck_20",
    "ReconMatrixPE": 128,
    "RepetitionTime": 1.5,
    "SAR": 0.0444402,
    "ScanOptions": "PFP",
    "ScanningSequence": "EP",
    "SequenceName": "epcaipi2d1_128",
    "SequenceVariant": "SK_SS",
    "SeriesDescription": "epi_acc3_shift2_1.5TR_220vol",
    "SeriesNumber": 6,
    "ShimSetting": [
      3372,
      8630,
      9389,
      660,
      -93,
      -296,
      632,
      123
    ],
    "SliceThickness": 1.5,
    "SliceTiming": [
      1.0575,
      0,
      0.74,
      0.105,
      0.845,
      0.21,
      0.95,
      0.4225,
      1.1625,
      0.5275,
      1.2875,
      0.6325,
      1.3925,
      0.3175,
      1.0575,
      0,
      0.74,
      0.105,
      0.845,
      0.21,
      0.95,
      0.4225,
      1.1625,
      0.5275,
      1.2875,
      0.6325,
      1.3925,
      0.3175,
      1.0575,
      0,
      0.74,
      0.105,
      0.845,
      0.21,
      0.95,
      0.4225,
      1.1625,
      0.5275,
      1.2875,
      0.6325,
      1.3925,
      0.3175
    ],
    "SoftwareVersions": "syngo_MR_D13",
    "SpacingBetweenSlices": 1.5,
    "StationName": "AWP45031",
    "TaskName": "cue-action-outcome",
    "TotalReadoutTime": 0.119382,
    "TxRefAmp": 370.821,
    "dataset": "ds001946",
    "modality": "bold",
    "run_id": 1,
    "subject_id": "08",
    "task_id": "actions"
  },
  "dummy_trs": 0,
  "dvars_nstd": 108.63803069210046,
  "dvars_std": 1.1480654340639267,
  "dvars_vstd": 1.022449611963471,
  "efc": 0.6764210670515203,
  "fber": 102.29178619384766,
  "fd_mean": 0.374063533479699,
  "fd_num": 159,
  "fd_perc": 72.27272727272727,
  "fwhm_avg": 3.0405355555555555,
  "fwhm_x": 2.88678,
  "fwhm_y": 3.471966666666667,
  "fwhm_z": 2.76286,
  "gcor": 0.00960112,
  "gsr_x": 0.020583733916282654,
  "gsr_y": 0.034207720309495926,
  "provenance": {
    "md5sum": "57c43a27215d08d812cb807e96cea01a",
    "settings": {
      "fd_thres": 0.2,
      "testing": false
    },
    "software": "mriqc",
    "version": "22.0.6",
    "webapi_port": null,
    "webapi_url": "https://mriqc.nimh.nih.gov/api/v1"
  },
  "size_t": 220,
  "size_x": 128,
  "size_y": 128,
  "size_z": 42,
  "snr": 3.4382786110443795,
  "spacing_tr": 1.5,
  "spacing_x": 1.5,
  "spacing_y": 1.5,
  "spacing_z": 1.5,
  "summary_bg_k": 12.851002210594048,
  "summary_bg_mad": 32.125295257263275,
  "summary_bg_mean": 79.90692138671875,
  "summary_bg_median": 53.64545440673828,
  "summary_bg_n": 381643.0,
  "summary_bg_p05": 22.899999618530273,
  "summary_bg_p95": 233.12635040283172,
  "summary_bg_stdv": 78.16754150390625,
  "summary_fg_k": 0.5932619834056942,
  "summary_fg_mad": 156.02026538376015,
  "summary_fg_mean": 562.8157958984375,
  "summary_fg_median": 563.3135986328125,
  "summary_fg_n": 198976.0,
  "summary_fg_p05": 303.5,
  "summary_fg_p95": 832.7079315185547,
  "summary_fg_stdv": 163.8355255126953,
  "tsnr": 14.148881496861577
}