{
  "aor": 0.012210545454545457,
  "aqi": 0.12137084772727272,
  "bids_meta": {
    "AcquisitionMatrixPE": 128,
    "AcquisitionNumber": 1,
    "AcquisitionTime": "17:12:11.427500",
    "BandwidthPerPixelPhaseEncode": 8.311,
    "BaseResolution": 128,
    "BodyPartExamined": "BRAIN",
    "ConsistencyInfo": "N4_VD13A_LATEST_20120616",
    "ConversionSoftware": "dcm2niix",
    "ConversionSoftwareVersion": "v1.0.20180518 GCC4.8.5",
    "DerivedVendorReportedEchoSpacing": 0.000940019,
    "DeviceSerialNumber": "45031",
    "DwellTime": 3.2e-06,
    "EchoTime": 0.04,
    "EchoTrainLength": 96,
    "EffectiveEchoSpacing": 0.000940019,
    "FlipAngle": 64,
    "ImageOrientationPatientDICOM": [
      1,
      0,
      0,
      0,
      0.927836,
      0.372988
    ],
    "ImageType": [
      "ORIGINAL",
      "PRIMARY",
      "M",
      "ND",
      "MOSAIC"
    ],
    "InPlanePhaseEncodingDirectionDICOM": "COL",
    "InstitutionAddress": "Washington_and_Faculty_Rd._-_Building_25_25_Princeton_NJ_US_085",
    "InstitutionName": "Princeton_University_-_Neuroscience_Institute",
    "InstitutionalDepartmentName": "Department",
    "MRAcquisitionType": "2D",
    "MagneticFieldStrength": 3,
    "Manufacturer": "Siemens",
    "ManufacturersModelName": "Skyra",
    "Modality": "MR",
    "MultibandAccelerationFactor": 3,
    "PartialFourier": 0.75,
    "PatientPosition": "HFS",
    "PercentPhaseFOV": 100,
    "PhaseEncodingDirection": "j-",
    "PhaseEncodingSteps": 96,
    "PhaseResolution": 1,
    "PixelBandwidth": 1220,
    "ProcedureStepDescription": "Turk-BrowneLab_Projects",
    "ProtocolName": "epi_acc3_shift2_1.5TR_220vol",
    "PulseSequenceDetails": "%CustomerSeq%_ep2d_bold_sliceaccl_667A",
    "ReceiveCoilActiveElements": "HE1-4",
    "ReceiveCoilName": "HeadNeck_20",
    "ReconMatrixPE": 128,
    "RepetitionTime": 1.5,
    "SAR": 0.0444402,
    "ScanOptions": "PFP",
    "ScanningSequence": "EP",
    "SequenceName": "epcaipi2d1_128",
    "SequenceVariant": "SK_SS",
    "SeriesDescription": "epi_acc3_shift2_1.5TR_220vol",
    "SeriesNumber": 11,
    "ShimSetting": [
      3372,
      8630,
      9389,
      660,
      -93,
      -296,
      632,
      123
    ],
    "SliceThickness": 1.5,
    "SliceTiming": [
      1.0575,
      0,
      0.74,
      0.105,
      0.845,
      0.2125,
      0.9525,
      0.4225,
      1.1625,
      0.5275,
      1.2875,
      0.635,
      1.395,
      0.3175,
      1.0575,
      0,
      0.74,
      0.105,
      0.845,
      0.2125,
      0.9525,
      0.4225,
      1.1625,
      0.5275,
      1.2875,
      0.635,
      1.395,
      0.3175,
      1.0575,
      0,
      0.74,
      0.105,
      0.845,
      0.2125,
      0.9525,
      0.4225,
      1.1625,
      0.5275,
      1.2875,
      0.635,
      1.395,
      0.3175
    ],
    "SoftwareVersions": "syngo_MR_D13",
    "SpacingBetweenSlices": 1.5,
    "StationName": "AWP45031",
    "TaskName": "cue-action-outcome",
    "TotalReadoutTime": 0.119382,
    "TxRefAmp": 370.821,
    "dataset": "ds001946",
    "modality": "bold",
    "run_id": 6,
    "subject_id": "08",
    "task_id": "actions"
  },
  "dummy_trs": 0,
  "dvars_nstd": 124.46820455077629,
  "dvars_std": 1.0666557138356165,
  "dvars_vstd": 1.042110870136986,
  "efc": 0.6831827637073666,
  "fber": 91.85762786865234,
  "fd_mean": 0.7898923302882236,
  "fd_num": 182,
  "fd_perc": 82.72727272727273,
  "fwhm_avg": 3.2209977777777783,
  "fwhm_x": 3.0089133333333336,
  "fwhm_y": 3.84896,
  "fwhm_z": 2.80512,
  "gcor": 0.0240475,
  "gsr_x": 0.005055024288594723,
  "gsr_y": 0.04238728806376457,
  "provenance": {
    "md5sum": "93278a77e0d38f3bac7fa2bdb49350b2",
    "settings": {
      "fd_thres": 0.2,
      "testing": false
    },
    "software": "mriqc",
    "version": "22.0.6",
    "webapi_port": null,
    "webapi_url": "https://mriqc.nimh.nih.gov/api/v1"
  },
  "size_t": 220,
  "size_x": 128,
  "size_y": 128,
  "size_z": 42,
  "snr": 3.4825384046374723,
  "spacing_tr": 1.5,
  "spacing_x": 1.5,
  "spacing_y": 1.5,
  "spacing_z": 1.5,
  "summary_bg_k": 11.027686422233044,
  "summary_bg_mad": 32.590293842777704,
  "summary_bg_mean": 77.23825073242188,
  "summary_bg_median": 55.76818084716797,
  "summary_bg_n": 364190.0,
  "summary_bg_p05": 21.281818389892578,
  "summary_bg_p95": 214.05908203125,
  "summary_bg_stdv": 69.82974243164062,
  "summary_fg_k": 0.3392322925648421,
  "summary_fg_mad": 155.88217633435588,
  "summary_fg_mean": 566.6565551757812,
  "summary_fg_median": 568.5863647460938,
  "summary_fg_n": 204327.0,
  "summary_fg_p05": 300.08726501464844,
  "summary_fg_p95": 833.9667846679687,
  "summary_fg_stdv": 163.26739501953125,
  "tsnr": 9.736016113078222
}