{
  "aor": 0.0005162272727272727,
  "aqi": 0.026993609545454548,
  "bids_meta": {
    "AcquisitionMatrixPE": 128,
    "AcquisitionNumber": 1,
    "AcquisitionTime": "13:13:31.007500",
    "BandwidthPerPixelPhaseEncode": 8.311,
    "BaseResolution": 128,
    "BodyPartExamined": "BRAIN",
    "ConsistencyInfo": "N4_VD13A_LATEST_20120616",
    "ConversionSoftware": "dcm2niix",
    "ConversionSoftwareVersion": "v1.0.20180518 GCC4.8.5",
    "DerivedVendorReportedEchoSpacing": 0.000940019,
    "DeviceSerialNumber": "45031",
    "DwellTime": 3.2e-06,
    "EchoTime": 0.04,
    "EchoTrainLength": 96,
    "EffectiveEchoSpacing": 0.000940019,
    "FlipAngle": 64,
    "ImageOrientationPatientDICOM": [
      1,
      0,
      0,
      0,
      0.986572,
      0.163326
    ],
    "ImageType": [
      "ORIGINAL",
      "PRIMARY",
      "M",
      "ND",
      "MOSAIC"
    ],
    "InPlanePhaseEncodingDirectionDICOM": "COL",
    "InstitutionAddress": "Washington_and_Faculty_Rd._-_Building_25_25_Princeton_NJ_US_085",
    "InstitutionName": "Princeton_University_-_Neuroscience_Institute",
    "InstitutionalDepartmentName": "Department",
    "MRAcquisitionType": "2D",
    "MagneticFieldStrength": 3,
    "Manufacturer": "Siemens",
    "ManufacturersModelName": "Skyra",
    "Modality": "MR",
    "MultibandAccelerationFactor": 3,
    "PartialFourier": 0.75,
    "PatientPosition": "HFS",
    "PercentPhaseFOV": 100,
    "PhaseEncodingDirection": "j-",
    "PhaseEncodingSteps": 96,
    "PhaseResolution": 1,
    "PixelBandwidth": 1220,
    "ProcedureStepDescription": "Turk-BrowneLab_Projects",
    "ProtocolName": "epi_acc3_shift2_1.5TR_220vol",
    "PulseSequenceDetails": "%CustomerSeq%_ep2d_bold_sliceaccl_667A",
    "ReceiveCoilActiveElements": "HE1-4",
    "ReceiveCoilName": "HeadNeck_20",
    "ReconMatrixPE": 128,
    "RepetitionTime": 1.5,
    "SAR": 0.0389175,
    "ScanOptions": "PFP",
    "ScanningSequence": "EP",
    "SequenceName": "epcaipi2d1_128",
    "SequenceVariant": "SK_SS",
    "SeriesDescription": "epi_acc3_shift2_1.5TR_220vol",
    "SeriesNumber": 8,
    "ShimSetting": [
      3382,
      8551,
      9517,
      781,
      43,
      -237,
      708,
      156
    ],
    "SliceThickness": 1.5,
    "SliceTiming": [
      1.0575,
      0,
      0.74,
      0.105,
      0.845,
      0.2125,
      0.9525,
      0.4225,
      1.1625,
      0.53,
      1.29,
      0.635,
      1.395,
      0.3175,
      1.0575,
      0,
      0.74,
      0.105,
      0.845,
      0.2125,
      0.9525,
      0.4225,
      1.1625,
      0.53,
      1.29,
      0.635,
      1.395,
      0.3175,
      1.0575,
      0,
      0.74,
      0.105,
      0.845,
      0.2125,
      0.9525,
      0.4225,
      1.1625,
      0.53,
      1.29,
      0.635,
      1.395,
      0.3175
    ],
    "SoftwareVersions": "syngo_MR_D13",
    "SpacingBetweenSlices": 1.5,
    "StationName": "AWP45031",
    "TaskName": "cue-action-outcome",
    "TotalReadoutTime": 0.119382,
    "TxRefAmp": 331.783,
    "dataset": "ds001946",
    "modality": "bold",
    "run_id": 4,
    "subject_id": "02",
    "task_id": "actions"
  },
  "dummy_trs": 0,
  "dvars_nstd": 71.9655623416895,
  "dvars_std": 1.0643505140182643,
  "dvars_vstd": 1.002473537899544,
  "efc": 0.6294028182790605,
  "fber": 203.26187133789062,
  "fd_mean": 0.1448712588564944,
  "fd_num": 54,
  "fd_perc": 24.545454545454547,
  "fwhm_avg": 2.5271779140039836,
  "fwhm_x": 2.4391666666666665,
  "fwhm_y": 2.870533561462844,
  "fwhm_z": 2.2718335138824397,
  "gcor": 0.00418105,
  "gsr_x": -0.006898943334817886,
  "gsr_y": 0.02668081596493721,
  "provenance": {
    "md5sum": "4b84a4d35fee7e2d98d38c8347165c13",
    "settings": {
      "fd_thres": 0.2,
      "testing": false
    },
    "software": "mriqc",
    "version": "22.0.6",
    "webapi_port": null,
    "webapi_url": "https://mriqc.nimh.nih.gov/api/v1"
  },
  "size_t": 220,
  "size_x": 128,
  "size_y": 128,
  "size_z": 42,
  "snr": 4.180161325541505,
  "spacing_tr": 1.5,
  "spacing_x": 1.5,
  "spacing_y": 1.4999998807907104,
  "spacing_z": 1.4999998807907104,
  "summary_bg_k": 15.18101802499157,
  "summary_bg_mad": 28.176180892692823,
  "summary_bg_mean": 75.9210433959961,
  "summary_bg_median": 46.23636245727539,
  "summary_bg_n": 419693.0,
  "summary_bg_p05": 20.045454025268555,
  "summary_bg_p95": 247.84726257324124,
  "summary_bg_stdv": 85.2576675415039,
  "summary_fg_k": 0.9205308360772242,
  "summary_fg_mad": 151.1782353050915,
  "summary_fg_mean": 679.5938110351562,
  "summary_fg_median": 683.2113037109375,
  "summary_fg_n": 168530.0,
  "summary_fg_p05": 407.23840484619143,
  "summary_fg_p95": 936.8211181640623,
  "summary_fg_stdv": 163.44088745117188,
  "tsnr": 20.705144646344706
}