{
  "aor": 0.0005097272727272727,
  "aqi": 0.02615682409090909,
  "bids_meta": {
    "AcquisitionMatrixPE": 128,
    "AcquisitionNumber": 1,
    "AcquisitionTime": "13:31:38.782500",
    "BandwidthPerPixelPhaseEncode": 8.311,
    "BaseResolution": 128,
    "BodyPartExamined": "BRAIN",
    "ConsistencyInfo": "N4_VD13A_LATEST_20120616",
    "ConversionSoftware": "dcm2niix",
    "ConversionSoftwareVersion": "v1.0.20180518 GCC4.8.5",
    "DerivedVendorReportedEchoSpacing": 0.000940019,
    "DeviceSerialNumber": "45031",
    "DwellTime": 3.2e-06,
    "EchoTime": 0.04,
    "EchoTrainLength": 96,
    "EffectiveEchoSpacing": 0.000940019,
    "FlipAngle": 64,
    "ImageOrientationPatientDICOM": [
      1,
      0,
      0,
      0,
      0.986572,
      0.163326
    ],
    "ImageType": [
      "ORIGINAL",
      "PRIMARY",
      "M",
      "ND",
      "MOSAIC"
    ],
    "InPlanePhaseEncodingDirectionDICOM": "COL",
    "InstitutionAddress": "Washington_and_Faculty_Rd._-_Building_25_25_Princeton_NJ_US_085",
    "InstitutionName": "Princeton_University_-_Neuroscience_Institute",
    "InstitutionalDepartmentName": "Department",
    "MRAcquisitionType": "2D",
    "MagneticFieldStrength": 3,
    "Manufacturer": "Siemens",
    "ManufacturersModelName": "Skyra",
    "Modality": "MR",
    "MultibandAccelerationFactor": 3,
    "PartialFourier": 0.75,
    "PatientPosition": "HFS",
    "PercentPhaseFOV": 100,
    "PhaseEncodingDirection": "j-",
    "PhaseEncodingSteps": 96,
    "PhaseResolution": 1,
    "PixelBandwidth": 1220,
    "ProcedureStepDescription": "Turk-BrowneLab_Projects",
    "ProtocolName": "epi_acc3_shift2_1.5TR_220vol",
    "PulseSequenceDetails": "%CustomerSeq%_ep2d_bold_sliceaccl_667A",
    "ReceiveCoilActiveElements": "HE1-4",
    "ReceiveCoilName": "HeadNeck_20",
    "ReconMatrixPE": 128,
    "RepetitionTime": 1.5,
    "SAR": 0.0389175,
    "ScanOptions": "PFP",
    "ScanningSequence": "EP",
    "SequenceName": "epcaipi2d1_128",
    "SequenceVariant": "SK_SS",
    "SeriesDescription": "epi_acc3_shift2_1.5TR_220vol",
    "SeriesNumber": 11,
    "ShimSetting": [
      3382,
      8551,
      9517,
      781,
      43,
      -237,
      708,
      156
    ],
    "SliceThickness": 1.5,
    "SliceTiming": [
      1.0575,
      0,
      0.74,
      0.105,
      0.845,
      0.2125,
      0.9525,
      0.4225,
      1.1625,
      0.53,
      1.29,
      0.635,
      1.395,
      0.3175,
      1.0575,
      0,
      0.74,
      0.105,
      0.845,
      0.2125,
      0.9525,
      0.4225,
      1.1625,
      0.53,
      1.29,
      0.635,
      1.395,
      0.3175,
      1.0575,
      0,
      0.74,
      0.105,
      0.845,
      0.2125,
      0.9525,
      0.4225,
      1.1625,
      0.53,
      1.29,
      0.635,
      1.395,
      0.3175
    ],
    "SoftwareVersions": "syngo_MR_D13",
    "SpacingBetweenSlices": 1.5,
    "StationName": "AWP45031",
    "TaskName": "cue-action-outcome",
    "TotalReadoutTime": 0.119382,
    "TxRefAmp": 331.783,
    "dataset": "ds001946",
    "modality": "bold",
    "run_id": 7,
    "subject_id": "02",
    "task_id": "actions"
  },
  "dummy_trs": 0,
  "dvars_nstd": 71.47627122433785,
  "dvars_std": 1.0575338334703188,
  "dvars_vstd": 1.0023131866210042,
  "efc": 0.6332338333165368,
  "fber": 202.31983947753906,
  "fd_mean": 0.16669041847887417,
  "fd_num": 70,
  "fd_perc": 31.818181818181817,
  "fwhm_avg": 2.5196445802487375,
  "fwhm_x": 2.4324933333333334,
  "fwhm_y": 2.86124689405814,
  "fwhm_z": 2.2651935133547396,
  "gcor": 0.00378076,
  "gsr_x": -0.00764081347733736,
  "gsr_y": 0.026114143431186676,
  "provenance": {
    "md5sum": "d53f6daf0ea946cc20e1fff914a2e4ce",
    "settings": {
      "fd_thres": 0.2,
      "testing": false
    },
    "software": "mriqc",
    "version": "22.0.6",
    "webapi_port": null,
    "webapi_url": "https://mriqc.nimh.nih.gov/api/v1"
  },
  "size_t": 220,
  "size_x": 128,
  "size_y": 128,
  "size_z": 42,
  "snr": 4.1963758645717295,
  "spacing_tr": 1.5,
  "spacing_x": 1.5,
  "spacing_y": 1.4999998807907104,
  "spacing_z": 1.4999998807907104,
  "summary_bg_k": 16.542870314275024,
  "summary_bg_mad": 28.37835160880233,
  "summary_bg_mean": 76.22234344482422,
  "summary_bg_median": 46.44999694824219,
  "summary_bg_n": 414605.0,
  "summary_bg_p05": 20.049999237060547,
  "summary_bg_p95": 247.63453369140615,
  "summary_bg_stdv": 86.43331909179688,
  "summary_fg_k": 0.9387732631660772,
  "summary_fg_mad": 151.41409972663294,
  "summary_fg_mean": 681.0084838867188,
  "summary_fg_median": 684.6317749023438,
  "summary_fg_n": 173009.0,
  "summary_fg_p05": 409.76633911132814,
  "summary_fg_p95": 937.2763305664064,
  "summary_fg_stdv": 163.1478729248047,
  "tsnr": 20.885891441255808
}