{
  "aor": 0.0005181363636363636,
  "aqi": 0.030733866363636363,
  "bids_meta": {
    "AcquisitionMatrixPE": 128,
    "AcquisitionNumber": 1,
    "AcquisitionTime": "10:20:23.827500",
    "BandwidthPerPixelPhaseEncode": 8.311,
    "BaseResolution": 128,
    "BodyPartExamined": "BRAIN",
    "ConsistencyInfo": "N4_VD13A_LATEST_20120616",
    "ConversionSoftware": "dcm2niix",
    "ConversionSoftwareVersion": "v1.0.20180518 GCC4.8.5",
    "DerivedVendorReportedEchoSpacing": 0.000940019,
    "DeviceSerialNumber": "45031",
    "DwellTime": 3.2e-06,
    "EchoTime": 0.04,
    "EchoTrainLength": 96,
    "EffectiveEchoSpacing": 0.000940019,
    "FlipAngle": 64,
    "ImageOrientationPatientDICOM": [
      1,
      0,
      0,
      0,
      0.967268,
      0.253758
    ],
    "ImageType": [
      "ORIGINAL",
      "PRIMARY",
      "M",
      "ND",
      "MOSAIC"
    ],
    "InPlanePhaseEncodingDirectionDICOM": "COL",
    "InstitutionAddress": "Washington_and_Faculty_Rd._-_Building_25_25_Princeton_NJ_US_085",
    "InstitutionName": "Princeton_University_-_Neuroscience_Institute",
    "InstitutionalDepartmentName": "Department",
    "MRAcquisitionType": "2D",
    "MagneticFieldStrength": 3,
    "Manufacturer": "Siemens",
    "ManufacturersModelName": "Skyra",
    "Modality": "MR",
    "MultibandAccelerationFactor": 3,
    "PartialFourier": 0.75,
    "PatientPosition": "HFS",
    "PercentPhaseFOV": 100,
    "PhaseEncodingDirection": "j-",
    "PhaseEncodingSteps": 96,
    "PhaseResolution": 1,
    "PixelBandwidth": 1220,
    "ProcedureStepDescription": "Turk-BrowneLab_Projects",
    "ProtocolName": "epi_acc3_shift2_1.5TR_220vol",
    "PulseSequenceDetails": "%CustomerSeq%_ep2d_bold_sliceaccl_667A",
    "ReceiveCoilActiveElements": "HE1-4",
    "ReceiveCoilName": "HeadNeck_20",
    "ReconMatrixPE": 128,
    "RepetitionTime": 1.5,
    "SAR": 0.0437866,
    "ScanOptions": "PFP",
    "ScanningSequence": "EP",
    "SequenceName": "epcaipi2d1_128",
    "SequenceVariant": "SK_SS",
    "SeriesDescription": "epi_acc3_shift2_1.5TR_220vol",
    "SeriesNumber": 6,
    "ShimSetting": [
      3355,
      8565,
      9570,
      583,
      138,
      286,
      660,
      27
    ],
    "SliceThickness": 1.5,
    "SliceTiming": [
      1.0575,
      0,
      0.74,
      0.1075,
      0.8475,
      0.2125,
      0.9525,
      0.425,
      1.165,
      0.53,
      1.29,
      0.635,
      1.395,
      0.3175,
      1.0575,
      0,
      0.74,
      0.1075,
      0.8475,
      0.2125,
      0.9525,
      0.425,
      1.165,
      0.53,
      1.29,
      0.635,
      1.395,
      0.3175,
      1.0575,
      0,
      0.74,
      0.1075,
      0.8475,
      0.2125,
      0.9525,
      0.425,
      1.165,
      0.53,
      1.29,
      0.635,
      1.395,
      0.3175
    ],
    "SoftwareVersions": "syngo_MR_D13",
    "SpacingBetweenSlices": 1.5,
    "StationName": "AWP45031",
    "TaskName": "cue-action-outcome",
    "TotalReadoutTime": 0.119382,
    "TxRefAmp": 344.828,
    "dataset": "ds001946",
    "modality": "bold",
    "run_id": 2,
    "subject_id": "14",
    "task_id": "actions"
  },
  "dummy_trs": 0,
  "dvars_nstd": 77.08227086182649,
  "dvars_std": 1.0370785827853883,
  "dvars_vstd": 1.0052679210045665,
  "efc": 0.6165485005661286,
  "fber": 222.86602783203125,
  "fd_mean": 0.20980602490011585,
  "fd_num": 99,
  "fd_perc": 45.0,
  "fwhm_avg": 2.6949466666666666,
  "fwhm_x": 2.5437600000000002,
  "fwhm_y": 3.0997466666666664,
  "fwhm_z": 2.441333333333333,
  "gcor": 0.00429035,
  "gsr_x": -0.025848764926195145,
  "gsr_y": 0.06526531279087067,
  "provenance": {
    "md5sum": "a1f28f4f35028ed0b7123490d8650778",
    "settings": {
      "fd_thres": 0.2,
      "testing": false
    },
    "software": "mriqc",
    "version": "22.0.6",
    "webapi_port": null,
    "webapi_url": "https://mriqc.nimh.nih.gov/api/v1"
  },
  "size_t": 220,
  "size_x": 128,
  "size_y": 128,
  "size_z": 42,
  "snr": 3.991872933623046,
  "spacing_tr": 1.5,
  "spacing_x": 1.5,
  "spacing_y": 1.5,
  "spacing_z": 1.5,
  "summary_bg_k": 17.078081595389605,
  "summary_bg_mad": 25.871404188379852,
  "summary_bg_mean": 63.22559356689453,
  "summary_bg_median": 40.054542541503906,
  "summary_bg_n": 426513.0,
  "summary_bg_p05": 17.422727584838867,
  "summary_bg_p95": 200.7590789794922,
  "summary_bg_stdv": 69.88639068603516,
  "summary_fg_k": 0.26659306792514137,
  "summary_fg_mad": 155.2890992506104,
  "summary_fg_mean": 617.4223022460938,
  "summary_fg_median": 621.140869140625,
  "summary_fg_n": 164894.0,
  "summary_fg_p05": 363.67724609375,
  "summary_fg_p95": 866.2636108398438,
  "summary_fg_stdv": 155.60089111328125,
  "tsnr": 18.51501349476166
}