{
  "aor": 0.0005215454545454545,
  "aqi": 0.036898881818181815,
  "bids_meta": {
    "AcquisitionMatrixPE": 128,
    "AcquisitionNumber": 1,
    "AcquisitionTime": "10:26:25.355000",
    "BandwidthPerPixelPhaseEncode": 8.311,
    "BaseResolution": 128,
    "BodyPartExamined": "BRAIN",
    "ConsistencyInfo": "N4_VD13A_LATEST_20120616",
    "ConversionSoftware": "dcm2niix",
    "ConversionSoftwareVersion": "v1.0.20180518 GCC4.8.5",
    "DerivedVendorReportedEchoSpacing": 0.000940019,
    "DeviceSerialNumber": "45031",
    "DwellTime": 3.2e-06,
    "EchoTime": 0.04,
    "EchoTrainLength": 96,
    "EffectiveEchoSpacing": 0.000940019,
    "FlipAngle": 64,
    "ImageOrientationPatientDICOM": [
      1,
      0,
      0,
      0,
      0.967268,
      0.253758
    ],
    "ImageType": [
      "ORIGINAL",
      "PRIMARY",
      "M",
      "ND",
      "MOSAIC"
    ],
    "InPlanePhaseEncodingDirectionDICOM": "COL",
    "InstitutionAddress": "Washington_and_Faculty_Rd._-_Building_25_25_Princeton_NJ_US_085",
    "InstitutionName": "Princeton_University_-_Neuroscience_Institute",
    "InstitutionalDepartmentName": "Department",
    "MRAcquisitionType": "2D",
    "MagneticFieldStrength": 3,
    "Manufacturer": "Siemens",
    "ManufacturersModelName": "Skyra",
    "Modality": "MR",
    "MultibandAccelerationFactor": 3,
    "PartialFourier": 0.75,
    "PatientPosition": "HFS",
    "PercentPhaseFOV": 100,
    "PhaseEncodingDirection": "j-",
    "PhaseEncodingSteps": 96,
    "PhaseResolution": 1,
    "PixelBandwidth": 1220,
    "ProcedureStepDescription": "Turk-BrowneLab_Projects",
    "ProtocolName": "epi_acc3_shift2_1.5TR_220vol",
    "PulseSequenceDetails": "%CustomerSeq%_ep2d_bold_sliceaccl_667A",
    "ReceiveCoilActiveElements": "HE1-4",
    "ReceiveCoilName": "HeadNeck_20",
    "ReconMatrixPE": 128,
    "RepetitionTime": 1.5,
    "SAR": 0.0437866,
    "ScanOptions": "PFP",
    "ScanningSequence": "EP",
    "SequenceName": "epcaipi2d1_128",
    "SequenceVariant": "SK_SS",
    "SeriesDescription": "epi_acc3_shift2_1.5TR_220vol",
    "SeriesNumber": 7,
    "ShimSetting": [
      3355,
      8565,
      9570,
      583,
      138,
      286,
      660,
      27
    ],
    "SliceThickness": 1.5,
    "SliceTiming": [
      1.0575,
      0,
      0.74,
      0.105,
      0.845,
      0.21,
      0.95,
      0.4225,
      1.1625,
      0.5275,
      1.2875,
      0.635,
      1.395,
      0.3175,
      1.0575,
      0,
      0.74,
      0.105,
      0.845,
      0.21,
      0.95,
      0.4225,
      1.1625,
      0.5275,
      1.2875,
      0.635,
      1.395,
      0.3175,
      1.0575,
      0,
      0.74,
      0.105,
      0.845,
      0.21,
      0.95,
      0.4225,
      1.1625,
      0.5275,
      1.2875,
      0.635,
      1.395,
      0.3175
    ],
    "SoftwareVersions": "syngo_MR_D13",
    "SpacingBetweenSlices": 1.5,
    "StationName": "AWP45031",
    "TaskName": "cue-action-outcome",
    "TotalReadoutTime": 0.119382,
    "TxRefAmp": 344.828,
    "dataset": "ds001946",
    "modality": "bold",
    "run_id": 3,
    "subject_id": "14",
    "task_id": "actions"
  },
  "dummy_trs": 0,
  "dvars_nstd": 75.9398674811872,
  "dvars_std": 1.0134596206392696,
  "dvars_vstd": 0.9917863602739723,
  "efc": 0.6161364316228509,
  "fber": 219.7212677001953,
  "fd_mean": 0.24300393858101066,
  "fd_num": 134,
  "fd_perc": 60.90909090909091,
  "fwhm_avg": 2.7417933333333333,
  "fwhm_x": 2.61956,
  "fwhm_y": 3.191753333333333,
  "fwhm_z": 2.414066666666667,
  "gcor": 0.00324849,
  "gsr_x": -0.02534729242324829,
  "gsr_y": 0.06529038399457932,
  "provenance": {
    "md5sum": "75e84de13ffe8f4f56a19e6cef41a2be",
    "settings": {
      "fd_thres": 0.2,
      "testing": false
    },
    "software": "mriqc",
    "version": "22.0.6",
    "webapi_port": null,
    "webapi_url": "https://mriqc.nimh.nih.gov/api/v1"
  },
  "size_t": 220,
  "size_x": 128,
  "size_y": 128,
  "size_z": 42,
  "snr": 3.9871989072884997,
  "spacing_tr": 1.5,
  "spacing_x": 1.5,
  "spacing_y": 1.5,
  "spacing_z": 1.5,
  "summary_bg_k": 19.427508920840268,
  "summary_bg_mad": 26.626188435484053,
  "summary_bg_mean": 63.54308319091797,
  "summary_bg_median": 40.73636245727539,
  "summary_bg_n": 426409.0,
  "summary_bg_p05": 17.549999237060547,
  "summary_bg_p95": 199.60726623535146,
  "summary_bg_stdv": 69.65106964111328,
  "summary_fg_k": 0.22422613487593646,
  "summary_fg_mad": 155.5923341159798,
  "summary_fg_mean": 617.3718872070312,
  "summary_fg_median": 620.0545043945312,
  "summary_fg_n": 165081.0,
  "summary_fg_p05": 365.01361083984375,
  "summary_fg_p95": 868.1363525390625,
  "summary_fg_stdv": 155.51083374023438,
  "tsnr": 17.072665634332225
}