{
  "aor": 0.0006861818181818181,
  "aqi": 0.03022709454545454,
  "bids_meta": {
    "AcquisitionMatrixPE": 128,
    "AcquisitionNumber": 1,
    "AcquisitionTime": "10:50:23.685000",
    "BandwidthPerPixelPhaseEncode": 8.311,
    "BaseResolution": 128,
    "BodyPartExamined": "BRAIN",
    "ConsistencyInfo": "N4_VD13A_LATEST_20120616",
    "ConversionSoftware": "dcm2niix",
    "ConversionSoftwareVersion": "v1.0.20180518 GCC4.8.5",
    "DerivedVendorReportedEchoSpacing": 0.000940019,
    "DeviceSerialNumber": "45031",
    "DwellTime": 3.2e-06,
    "EchoTime": 0.04,
    "EchoTrainLength": 96,
    "EffectiveEchoSpacing": 0.000940019,
    "FlipAngle": 64,
    "ImageOrientationPatientDICOM": [
      1,
      0,
      0,
      0,
      0.967268,
      0.253758
    ],
    "ImageType": [
      "ORIGINAL",
      "PRIMARY",
      "M",
      "ND",
      "MOSAIC"
    ],
    "InPlanePhaseEncodingDirectionDICOM": "COL",
    "InstitutionAddress": "Washington_and_Faculty_Rd._-_Building_25_25_Princeton_NJ_US_085",
    "InstitutionName": "Princeton_University_-_Neuroscience_Institute",
    "InstitutionalDepartmentName": "Department",
    "MRAcquisitionType": "2D",
    "MagneticFieldStrength": 3,
    "Manufacturer": "Siemens",
    "ManufacturersModelName": "Skyra",
    "Modality": "MR",
    "MultibandAccelerationFactor": 3,
    "PartialFourier": 0.75,
    "PatientPosition": "HFS",
    "PercentPhaseFOV": 100,
    "PhaseEncodingDirection": "j-",
    "PhaseEncodingSteps": 96,
    "PhaseResolution": 1,
    "PixelBandwidth": 1220,
    "ProcedureStepDescription": "Turk-BrowneLab_Projects",
    "ProtocolName": "epi_acc3_shift2_1.5TR_220vol",
    "PulseSequenceDetails": "%CustomerSeq%_ep2d_bold_sliceaccl_667A",
    "ReceiveCoilActiveElements": "HE1-4",
    "ReceiveCoilName": "HeadNeck_20",
    "ReconMatrixPE": 128,
    "RepetitionTime": 1.5,
    "SAR": 0.0437866,
    "ScanOptions": "PFP",
    "ScanningSequence": "EP",
    "SequenceName": "epcaipi2d1_128",
    "SequenceVariant": "SK_SS",
    "SeriesDescription": "epi_acc3_shift2_1.5TR_220vol",
    "SeriesNumber": 11,
    "ShimSetting": [
      3355,
      8565,
      9570,
      583,
      138,
      286,
      660,
      27
    ],
    "SliceThickness": 1.5,
    "SliceTiming": [
      1.0575,
      0,
      0.74,
      0.105,
      0.845,
      0.2125,
      0.9525,
      0.4225,
      1.1625,
      0.5275,
      1.2875,
      0.635,
      1.395,
      0.3175,
      1.0575,
      0,
      0.74,
      0.105,
      0.845,
      0.2125,
      0.9525,
      0.4225,
      1.1625,
      0.5275,
      1.2875,
      0.635,
      1.395,
      0.3175,
      1.0575,
      0,
      0.74,
      0.105,
      0.845,
      0.2125,
      0.9525,
      0.4225,
      1.1625,
      0.5275,
      1.2875,
      0.635,
      1.395,
      0.3175
    ],
    "SoftwareVersions": "syngo_MR_D13",
    "SpacingBetweenSlices": 1.5,
    "StationName": "AWP45031",
    "TaskName": "cue-action-outcome",
    "TotalReadoutTime": 0.119382,
    "TxRefAmp": 344.828,
    "dataset": "ds001946",
    "modality": "bold",
    "run_id": 7,
    "subject_id": "14",
    "task_id": "actions"
  },
  "dummy_trs": 0,
  "dvars_nstd": 76.29399627954338,
  "dvars_std": 1.03335082716895,
  "dvars_vstd": 1.0070466499086754,
  "efc": 0.6197010250396151,
  "fber": 223.69029235839844,
  "fd_mean": 0.2200574269354712,
  "fd_num": 116,
  "fd_perc": 52.72727272727273,
  "fwhm_avg": 2.716426666666667,
  "fwhm_x": 2.5673533333333336,
  "fwhm_y": 3.132006666666667,
  "fwhm_z": 2.44992,
  "gcor": 0.00284702,
  "gsr_x": -0.025293052196502686,
  "gsr_y": 0.06536238640546799,
  "provenance": {
    "md5sum": "e45efcb586b5c61cd3a9bef5e59bc21f",
    "settings": {
      "fd_thres": 0.2,
      "testing": false
    },
    "software": "mriqc",
    "version": "22.0.6",
    "webapi_port": null,
    "webapi_url": "https://mriqc.nimh.nih.gov/api/v1"
  },
  "size_t": 220,
  "size_x": 128,
  "size_y": 128,
  "size_z": 42,
  "snr": 3.99526425793677,
  "spacing_tr": 1.5,
  "spacing_x": 1.5,
  "spacing_y": 1.5,
  "spacing_z": 1.5,
  "summary_bg_k": 18.006653870365543,
  "summary_bg_mad": 26.24205474300625,
  "summary_bg_mean": 63.778717041015625,
  "summary_bg_median": 40.19999694824219,
  "summary_bg_n": 422300.0,
  "summary_bg_p05": 17.331817626953125,
  "summary_bg_p95": 203.44090270996094,
  "summary_bg_stdv": 70.768798828125,
  "summary_fg_k": 0.2587348260905653,
  "summary_fg_mad": 154.02892356122388,
  "summary_fg_mean": 618.8592529296875,
  "summary_fg_median": 621.6181640625,
  "summary_fg_n": 168859.0,
  "summary_fg_p05": 365.60361328125,
  "summary_fg_p95": 870.9508605957031,
  "summary_fg_stdv": 155.58828735351562,
  "tsnr": 18.20767670951318
}