{
  "aor": 0.0004566153846153846,
  "aqi": 0.034768795384615386,
  "bids_meta": {
    "AcquisitionMatrixPE": 128,
    "AcquisitionNumber": 1,
    "AcquisitionTime": "11:04:15.927500",
    "BandwidthPerPixelPhaseEncode": 8.311,
    "BaseResolution": 128,
    "BodyPartExamined": "BRAIN",
    "ConsistencyInfo": "N4_VD13A_LATEST_20120616",
    "ConversionSoftware": "dcm2niix",
    "ConversionSoftwareVersion": "v1.0.20180518 GCC4.8.5",
    "DerivedVendorReportedEchoSpacing": 0.000940019,
    "DeviceSerialNumber": "45031",
    "DwellTime": 3.2e-06,
    "EchoTime": 0.04,
    "EchoTrainLength": 96,
    "EffectiveEchoSpacing": 0.000940019,
    "FlipAngle": 64,
    "ImageOrientationPatientDICOM": [
      1,
      0,
      0,
      0,
      0.967268,
      0.253758
    ],
    "ImageType": [
      "ORIGINAL",
      "PRIMARY",
      "M",
      "ND",
      "MOSAIC"
    ],
    "InPlanePhaseEncodingDirectionDICOM": "COL",
    "InstitutionAddress": "Washington_and_Faculty_Rd._-_Building_25_25_Princeton_NJ_US_085",
    "InstitutionName": "Princeton_University_-_Neuroscience_Institute",
    "InstitutionalDepartmentName": "Department",
    "MRAcquisitionType": "2D",
    "MagneticFieldStrength": 3,
    "Manufacturer": "Siemens",
    "ManufacturersModelName": "Skyra",
    "Modality": "MR",
    "MultibandAccelerationFactor": 3,
    "PartialFourier": 0.75,
    "PatientPosition": "HFS",
    "PercentPhaseFOV": 100,
    "PhaseEncodingDirection": "j-",
    "PhaseEncodingSteps": 96,
    "PhaseResolution": 1,
    "PixelBandwidth": 1220,
    "ProcedureStepDescription": "Turk-BrowneLab_Projects",
    "ProtocolName": "epi_acc3_shift2_1.5TR_260vol",
    "PulseSequenceDetails": "%CustomerSeq%_ep2d_bold_sliceaccl_667A",
    "ReceiveCoilActiveElements": "HE1-4",
    "ReceiveCoilName": "HeadNeck_20",
    "ReconMatrixPE": 128,
    "RepetitionTime": 1.5,
    "SAR": 0.0438301,
    "ScanOptions": "PFP",
    "ScanningSequence": "EP",
    "SequenceName": "epcaipi2d1_128",
    "SequenceVariant": "SK_SS",
    "SeriesDescription": "epi_acc3_shift2_1.5TR_260vol",
    "SeriesNumber": 13,
    "ShimSetting": [
      3355,
      8565,
      9570,
      583,
      138,
      286,
      660,
      27
    ],
    "SliceThickness": 1.5,
    "SliceTiming": [
      1.0575,
      0,
      0.74,
      0.1075,
      0.8475,
      0.2125,
      0.9525,
      0.4225,
      1.1625,
      0.53,
      1.29,
      0.635,
      1.395,
      0.3175,
      1.0575,
      0,
      0.74,
      0.1075,
      0.8475,
      0.2125,
      0.9525,
      0.4225,
      1.1625,
      0.53,
      1.29,
      0.635,
      1.395,
      0.3175,
      1.0575,
      0,
      0.74,
      0.1075,
      0.8475,
      0.2125,
      0.9525,
      0.4225,
      1.1625,
      0.53,
      1.29,
      0.635,
      1.395,
      0.3175
    ],
    "SoftwareVersions": "syngo_MR_D13",
    "SpacingBetweenSlices": 1.5,
    "StationName": "AWP45031",
    "TaskName": "Functional Localizer",
    "TotalReadoutTime": 0.119382,
    "TxRefAmp": 344.828,
    "dataset": "ds001946",
    "modality": "bold",
    "subject_id": "14",
    "task_id": "loc"
  },
  "dummy_trs": 0,
  "dvars_nstd": 77.06946387003863,
  "dvars_std": 1.023456090926641,
  "dvars_vstd": 0.9969043549034747,
  "efc": 0.6188801276527198,
  "fber": 222.4326171875,
  "fd_mean": 0.2337322342663141,
  "fd_num": 155,
  "fd_perc": 59.61538461538461,
  "fwhm_avg": 2.764071111111111,
  "fwhm_x": 2.5928666666666667,
  "fwhm_y": 3.1711533333333333,
  "fwhm_z": 2.5281933333333333,
  "gcor": 0.00410671,
  "gsr_x": -0.022814875468611717,
  "gsr_y": 0.06242022663354874,
  "provenance": {
    "md5sum": "74e9a83eb74cdbae11adb80b98b3f93d",
    "settings": {
      "fd_thres": 0.2,
      "testing": false
    },
    "software": "mriqc",
    "version": "22.0.6",
    "webapi_port": null,
    "webapi_url": "https://mriqc.nimh.nih.gov/api/v1"
  },
  "size_t": 260,
  "size_x": 128,
  "size_y": 128,
  "size_z": 42,
  "snr": 3.961312571569955,
  "spacing_tr": 1.5,
  "spacing_x": 1.5,
  "spacing_y": 1.5,
  "spacing_z": 1.5,
  "summary_bg_k": 16.471449749826057,
  "summary_bg_mad": 26.08239210747188,
  "summary_bg_mean": 62.94257736206055,
  "summary_bg_median": 40.096153259277344,
  "summary_bg_n": 422215.0,
  "summary_bg_p05": 17.38846206665039,
  "summary_bg_p95": 198.28846740722656,
  "summary_bg_stdv": 68.59567260742188,
  "summary_fg_k": 0.2287185278682684,
  "summary_fg_mad": 155.85000683431446,
  "summary_fg_mean": 618.4721069335938,
  "summary_fg_median": 621.6153564453125,
  "summary_fg_n": 168648.0,
  "summary_fg_p05": 362.5744354248047,
  "summary_fg_p95": 871.8153686523438,
  "summary_fg_stdv": 156.9210968017578,
  "tsnr": 17.529653409612365
}