{
  "aor": 0.0005136818181818182,
  "aqi": 0.02724812863636364,
  "bids_meta": {
    "AcquisitionMatrixPE": 128,
    "AcquisitionNumber": 1,
    "AcquisitionTime": "10:38:22.867500",
    "BandwidthPerPixelPhaseEncode": 8.311,
    "BaseResolution": 128,
    "BodyPartExamined": "BRAIN",
    "ConsistencyInfo": "N4_VD13A_LATEST_20120616",
    "ConversionSoftware": "dcm2niix",
    "ConversionSoftwareVersion": "v1.0.20180518 GCC4.8.5",
    "DerivedVendorReportedEchoSpacing": 0.000940019,
    "DeviceSerialNumber": "45031",
    "DwellTime": 3.2e-06,
    "EchoTime": 0.04,
    "EchoTrainLength": 96,
    "EffectiveEchoSpacing": 0.000940019,
    "FlipAngle": 64,
    "ImageOrientationPatientDICOM": [
      1,
      0,
      0,
      0,
      0.967268,
      0.253758
    ],
    "ImageType": [
      "ORIGINAL",
      "PRIMARY",
      "M",
      "ND",
      "MOSAIC"
    ],
    "InPlanePhaseEncodingDirectionDICOM": "COL",
    "InstitutionAddress": "Washington_and_Faculty_Rd._-_Building_25_25_Princeton_NJ_US_085",
    "InstitutionName": "Princeton_University_-_Neuroscience_Institute",
    "InstitutionalDepartmentName": "Department",
    "MRAcquisitionType": "2D",
    "MagneticFieldStrength": 3,
    "Manufacturer": "Siemens",
    "ManufacturersModelName": "Skyra",
    "Modality": "MR",
    "MultibandAccelerationFactor": 3,
    "PartialFourier": 0.75,
    "PatientPosition": "HFS",
    "PercentPhaseFOV": 100,
    "PhaseEncodingDirection": "j-",
    "PhaseEncodingSteps": 96,
    "PhaseResolution": 1,
    "PixelBandwidth": 1220,
    "ProcedureStepDescription": "Turk-BrowneLab_Projects",
    "ProtocolName": "epi_acc3_shift2_1.5TR_220vol",
    "PulseSequenceDetails": "%CustomerSeq%_ep2d_bold_sliceaccl_667A",
    "ReceiveCoilActiveElements": "HE1-4",
    "ReceiveCoilName": "HeadNeck_20",
    "ReconMatrixPE": 128,
    "RepetitionTime": 1.5,
    "SAR": 0.0437866,
    "ScanOptions": "PFP",
    "ScanningSequence": "EP",
    "SequenceName": "epcaipi2d1_128",
    "SequenceVariant": "SK_SS",
    "SeriesDescription": "epi_acc3_shift2_1.5TR_220vol",
    "SeriesNumber": 9,
    "ShimSetting": [
      3355,
      8565,
      9570,
      583,
      138,
      286,
      660,
      27
    ],
    "SliceThickness": 1.5,
    "SliceTiming": [
      1.0575,
      0,
      0.74,
      0.105,
      0.845,
      0.2125,
      0.9525,
      0.4225,
      1.1625,
      0.5275,
      1.2875,
      0.635,
      1.395,
      0.3175,
      1.0575,
      0,
      0.74,
      0.105,
      0.845,
      0.2125,
      0.9525,
      0.4225,
      1.1625,
      0.5275,
      1.2875,
      0.635,
      1.395,
      0.3175,
      1.0575,
      0,
      0.74,
      0.105,
      0.845,
      0.2125,
      0.9525,
      0.4225,
      1.1625,
      0.5275,
      1.2875,
      0.635,
      1.395,
      0.3175
    ],
    "SoftwareVersions": "syngo_MR_D13",
    "SpacingBetweenSlices": 1.5,
    "StationName": "AWP45031",
    "TaskName": "cue-action-outcome",
    "TotalReadoutTime": 0.119382,
    "TxRefAmp": 344.828,
    "dataset": "ds001946",
    "modality": "bold",
    "run_id": 5,
    "subject_id": "14",
    "task_id": "actions"
  },
  "dummy_trs": 0,
  "dvars_nstd": 76.02458737849314,
  "dvars_std": 1.0340385755251134,
  "dvars_vstd": 1.0053249307305931,
  "efc": 0.6188565245538434,
  "fber": 226.90145874023438,
  "fd_mean": 0.19835483435404916,
  "fd_num": 101,
  "fd_perc": 45.90909090909091,
  "fwhm_avg": 2.690642222222222,
  "fwhm_x": 2.5334,
  "fwhm_y": 3.080713333333333,
  "fwhm_z": 2.4578133333333336,
  "gcor": 0.00218226,
  "gsr_x": -0.0255169365555048,
  "gsr_y": 0.06392829865217209,
  "provenance": {
    "md5sum": "ac2328a6874c631169398d13d4d001f0",
    "settings": {
      "fd_thres": 0.2,
      "testing": false
    },
    "software": "mriqc",
    "version": "22.0.6",
    "webapi_port": null,
    "webapi_url": "https://mriqc.nimh.nih.gov/api/v1"
  },
  "size_t": 220,
  "size_x": 128,
  "size_y": 128,
  "size_z": 42,
  "snr": 4.009404615507498,
  "spacing_tr": 1.5,
  "spacing_x": 1.5,
  "spacing_y": 1.5,
  "spacing_z": 1.5,
  "summary_bg_k": 17.694893733204633,
  "summary_bg_mad": 25.925319772749564,
  "summary_bg_mean": 63.36149597167969,
  "summary_bg_median": 39.98636245727539,
  "summary_bg_n": 423055.0,
  "summary_bg_p05": 17.313634872436523,
  "summary_bg_p95": 202.01953735351557,
  "summary_bg_stdv": 70.1923828125,
  "summary_fg_k": 0.27776062007887425,
  "summary_fg_mad": 153.67845246794553,
  "summary_fg_mean": 619.6243896484375,
  "summary_fg_median": 622.9545288085938,
  "summary_fg_n": 168213.0,
  "summary_fg_p05": 365.8272705078125,
  "summary_fg_p95": 870.0926879882812,
  "summary_fg_stdv": 155.37286376953125,
  "tsnr": 18.896711553970817
}