{
  "aor": 0.002025454545454545,
  "aqi": 0.043073782727272726,
  "bids_meta": {
    "AcquisitionMatrixPE": 128,
    "AcquisitionNumber": 1,
    "AcquisitionTime": "12:20:19.087500",
    "BandwidthPerPixelPhaseEncode": 8.311,
    "BaseResolution": 128,
    "BodyPartExamined": "BRAIN",
    "ConsistencyInfo": "N4_VD13A_LATEST_20120616",
    "ConversionSoftware": "dcm2niix",
    "ConversionSoftwareVersion": "v1.0.20180518 GCC4.8.5",
    "DerivedVendorReportedEchoSpacing": 0.000940019,
    "DeviceSerialNumber": "45031",
    "DwellTime": 3.2e-06,
    "EchoTime": 0.04,
    "EchoTrainLength": 96,
    "EffectiveEchoSpacing": 0.000940019,
    "FlipAngle": 64,
    "ImageOrientationPatientDICOM": [
      1,
      0,
      0,
      0,
      0.976296,
      0.21644
    ],
    "ImageType": [
      "ORIGINAL",
      "PRIMARY",
      "M",
      "ND",
      "MOSAIC"
    ],
    "InPlanePhaseEncodingDirectionDICOM": "COL",
    "InstitutionAddress": "Washington_and_Faculty_Rd._-_Building_25_25_Princeton_NJ_US_085",
    "InstitutionName": "Princeton_University_-_Neuroscience_Institute",
    "InstitutionalDepartmentName": "Department",
    "MRAcquisitionType": "2D",
    "MagneticFieldStrength": 3,
    "Manufacturer": "Siemens",
    "ManufacturersModelName": "Skyra",
    "Modality": "MR",
    "MultibandAccelerationFactor": 3,
    "PartialFourier": 0.75,
    "PatientPosition": "HFS",
    "PercentPhaseFOV": 100,
    "PhaseEncodingDirection": "j-",
    "PhaseEncodingSteps": 96,
    "PhaseResolution": 1,
    "PixelBandwidth": 1220,
    "ProcedureStepDescription": "Turk-BrowneLab_Projects",
    "ProtocolName": "epi_acc3_shift2_1.5TR_220vol",
    "PulseSequenceDetails": "%CustomerSeq%_ep2d_bold_sliceaccl_667A",
    "ReceiveCoilActiveElements": "HE1-4",
    "ReceiveCoilName": "HeadNeck_20",
    "ReconMatrixPE": 128,
    "RepetitionTime": 1.5,
    "SAR": 0.0420825,
    "ScanOptions": "PFP",
    "ScanningSequence": "EP",
    "SequenceName": "epcaipi2d1_128",
    "SequenceVariant": "SK_SS",
    "SeriesDescription": "epi_acc3_shift2_1.5TR_220vol",
    "SeriesNumber": 11,
    "ShimSetting": [
      3373,
      8534,
      9459,
      425,
      183,
      249,
      269,
      270
    ],
    "SliceThickness": 1.5,
    "SliceTiming": [
      1.0575,
      0,
      0.74,
      0.105,
      0.845,
      0.2125,
      0.9525,
      0.4225,
      1.1625,
      0.53,
      1.29,
      0.635,
      1.395,
      0.3175,
      1.0575,
      0,
      0.74,
      0.105,
      0.845,
      0.2125,
      0.9525,
      0.4225,
      1.1625,
      0.53,
      1.29,
      0.635,
      1.395,
      0.3175,
      1.0575,
      0,
      0.74,
      0.105,
      0.845,
      0.2125,
      0.9525,
      0.4225,
      1.1625,
      0.53,
      1.29,
      0.635,
      1.395,
      0.3175
    ],
    "SoftwareVersions": "syngo_MR_D13",
    "SpacingBetweenSlices": 1.5,
    "StationName": "AWP45031",
    "TaskName": "cue-action-outcome",
    "TotalReadoutTime": 0.119382,
    "TxRefAmp": 332.899,
    "dataset": "ds001946",
    "modality": "bold",
    "run_id": 7,
    "subject_id": "06",
    "task_id": "actions"
  },
  "dummy_trs": 0,
  "dvars_nstd": 83.65690605849318,
  "dvars_std": 0.9792993720091322,
  "dvars_vstd": 0.9764485413242013,
  "efc": 0.6375672571729532,
  "fber": 142.20225524902344,
  "fd_mean": 0.3009205677810155,
  "fd_num": 142,
  "fd_perc": 64.54545454545455,
  "fwhm_avg": 3.0215866666666664,
  "fwhm_x": 2.8303266666666667,
  "fwhm_y": 3.4807133333333335,
  "fwhm_z": 2.75372,
  "gcor": 0.00679662,
  "gsr_x": -0.00598263181746006,
  "gsr_y": 0.04869526997208595,
  "provenance": {
    "md5sum": "557f44d5b649dd9a9a4a9b1d6771c0ad",
    "settings": {
      "fd_thres": 0.2,
      "testing": false
    },
    "software": "mriqc",
    "version": "22.0.6",
    "webapi_port": null,
    "webapi_url": "https://mriqc.nimh.nih.gov/api/v1"
  },
  "size_t": 220,
  "size_x": 128,
  "size_y": 128,
  "size_z": 42,
  "snr": 3.5765996721756026,
  "spacing_tr": 1.5,
  "spacing_x": 1.5,
  "spacing_y": 1.5,
  "spacing_z": 1.5,
  "summary_bg_k": 18.756271812825098,
  "summary_bg_mad": 33.27094345441372,
  "summary_bg_mean": 71.55096435546875,
  "summary_bg_median": 49.304542541503906,
  "summary_bg_n": 411310.0,
  "summary_bg_p05": 19.16363525390625,
  "summary_bg_p95": 206.69544982910156,
  "summary_bg_stdv": 71.70679473876953,
  "summary_fg_k": -0.03941981604373268,
  "summary_fg_mad": 170.41165997753916,
  "summary_fg_mean": 621.697998046875,
  "summary_fg_median": 612.713623046875,
  "summary_fg_n": 174297.0,
  "summary_fg_p05": 349.6499938964844,
  "summary_fg_p95": 911.5417968749999,
  "summary_fg_stdv": 171.311279296875,
  "tsnr": 14.353681420558132
}