{
  "aor": 0.0010350769230769233,
  "aqi": 0.033118020384615386,
  "bids_meta": {
    "AcquisitionMatrixPE": 128,
    "AcquisitionNumber": 1,
    "AcquisitionTime": "12:32:38.757500",
    "BandwidthPerPixelPhaseEncode": 8.311,
    "BaseResolution": 128,
    "BodyPartExamined": "BRAIN",
    "ConsistencyInfo": "N4_VD13A_LATEST_20120616",
    "ConversionSoftware": "dcm2niix",
    "ConversionSoftwareVersion": "v1.0.20180518 GCC4.8.5",
    "DerivedVendorReportedEchoSpacing": 0.000940019,
    "DeviceSerialNumber": "45031",
    "DwellTime": 3.2e-06,
    "EchoTime": 0.04,
    "EchoTrainLength": 96,
    "EffectiveEchoSpacing": 0.000940019,
    "FlipAngle": 64,
    "ImageOrientationPatientDICOM": [
      1,
      0,
      0,
      0,
      0.976296,
      0.21644
    ],
    "ImageType": [
      "ORIGINAL",
      "PRIMARY",
      "M",
      "ND",
      "MOSAIC"
    ],
    "InPlanePhaseEncodingDirectionDICOM": "COL",
    "InstitutionAddress": "Washington_and_Faculty_Rd._-_Building_25_25_Princeton_NJ_US_085",
    "InstitutionName": "Princeton_University_-_Neuroscience_Institute",
    "InstitutionalDepartmentName": "Department",
    "MRAcquisitionType": "2D",
    "MagneticFieldStrength": 3,
    "Manufacturer": "Siemens",
    "ManufacturersModelName": "Skyra",
    "Modality": "MR",
    "MultibandAccelerationFactor": 3,
    "PartialFourier": 0.75,
    "PatientPosition": "HFS",
    "PercentPhaseFOV": 100,
    "PhaseEncodingDirection": "j-",
    "PhaseEncodingSteps": 96,
    "PhaseResolution": 1,
    "PixelBandwidth": 1220,
    "ProcedureStepDescription": "Turk-BrowneLab_Projects",
    "ProtocolName": "epi_acc3_shift2_1.5TR_260vol",
    "PulseSequenceDetails": "%CustomerSeq%_ep2d_bold_sliceaccl_667A",
    "ReceiveCoilActiveElements": "HE1-4",
    "ReceiveCoilName": "HeadNeck_20",
    "ReconMatrixPE": 128,
    "RepetitionTime": 1.5,
    "SAR": 0.0421242,
    "ScanOptions": "PFP",
    "ScanningSequence": "EP",
    "SequenceName": "epcaipi2d1_128",
    "SequenceVariant": "SK_SS",
    "SeriesDescription": "epi_acc3_shift2_1.5TR_260vol",
    "SeriesNumber": 13,
    "ShimSetting": [
      3373,
      8534,
      9459,
      425,
      183,
      249,
      269,
      270
    ],
    "SliceThickness": 1.5,
    "SliceTiming": [
      1.0575,
      0,
      0.74,
      0.105,
      0.845,
      0.2125,
      0.9525,
      0.4225,
      1.1625,
      0.5275,
      1.2875,
      0.635,
      1.395,
      0.3175,
      1.0575,
      0,
      0.74,
      0.105,
      0.845,
      0.2125,
      0.9525,
      0.4225,
      1.1625,
      0.5275,
      1.2875,
      0.635,
      1.395,
      0.3175,
      1.0575,
      0,
      0.74,
      0.105,
      0.845,
      0.2125,
      0.9525,
      0.4225,
      1.1625,
      0.5275,
      1.2875,
      0.635,
      1.395,
      0.3175
    ],
    "SoftwareVersions": "syngo_MR_D13",
    "SpacingBetweenSlices": 1.5,
    "StationName": "AWP45031",
    "TaskName": "Functional Localizer",
    "TotalReadoutTime": 0.119382,
    "TxRefAmp": 332.899,
    "dataset": "ds001946",
    "modality": "bold",
    "subject_id": "06",
    "task_id": "loc"
  },
  "dummy_trs": 0,
  "dvars_nstd": 82.42288652818532,
  "dvars_std": 1.02868532972973,
  "dvars_vstd": 1.0113777178764478,
  "efc": 0.636241367325497,
  "fber": 162.6773681640625,
  "fd_mean": 0.31772037918198226,
  "fd_num": 186,
  "fd_perc": 71.53846153846153,
  "fwhm_avg": 2.8222066666666663,
  "fwhm_x": 2.68328,
  "fwhm_y": 3.263253333333333,
  "fwhm_z": 2.520086666666667,
  "gcor": 0.00169425,
  "gsr_x": 0.0011455342173576355,
  "gsr_y": 0.035702381283044815,
  "provenance": {
    "md5sum": "d3a23edac3cc0b6ff636ec25c61a190e",
    "settings": {
      "fd_thres": 0.2,
      "testing": false
    },
    "software": "mriqc",
    "version": "22.0.6",
    "webapi_port": null,
    "webapi_url": "https://mriqc.nimh.nih.gov/api/v1"
  },
  "size_t": 260,
  "size_x": 128,
  "size_y": 128,
  "size_z": 42,
  "snr": 3.776499064054686,
  "spacing_tr": 1.5,
  "spacing_x": 1.5,
  "spacing_y": 1.5,
  "spacing_z": 1.5,
  "summary_bg_k": 20.603222922510305,
  "summary_bg_mad": 30.27359779575423,
  "summary_bg_mean": 70.43641662597656,
  "summary_bg_median": 46.515384674072266,
  "summary_bg_n": 408671.0,
  "summary_bg_p05": 18.907691955566406,
  "summary_bg_p95": 215.43077087402344,
  "summary_bg_stdv": 75.8981704711914,
  "summary_fg_k": 0.1313053867097631,
  "summary_fg_mad": 159.47099851970884,
  "summary_fg_mean": 616.8208618164062,
  "summary_fg_median": 613.7288818359375,
  "summary_fg_n": 176186.0,
  "summary_fg_p05": 352.2605743408203,
  "summary_fg_p95": 886.4577026367188,
  "summary_fg_stdv": 162.51219177246094,
  "tsnr": 15.876869318075478
}