{
  "aor": 0.0007731363636363638,
  "aqi": 0.03593257181818181,
  "bids_meta": {
    "AcquisitionMatrixPE": 128,
    "AcquisitionNumber": 1,
    "AcquisitionTime": "11:54:6.970000",
    "BandwidthPerPixelPhaseEncode": 8.311,
    "BaseResolution": 128,
    "BodyPartExamined": "BRAIN",
    "ConsistencyInfo": "N4_VD13A_LATEST_20120616",
    "ConversionSoftware": "dcm2niix",
    "ConversionSoftwareVersion": "v1.0.20180518 GCC4.8.5",
    "DerivedVendorReportedEchoSpacing": 0.000940019,
    "DeviceSerialNumber": "45031",
    "DwellTime": 3.2e-06,
    "EchoTime": 0.04,
    "EchoTrainLength": 96,
    "EffectiveEchoSpacing": 0.000940019,
    "FlipAngle": 64,
    "ImageOrientationPatientDICOM": [
      1,
      0,
      0,
      0,
      0.976296,
      0.21644
    ],
    "ImageType": [
      "ORIGINAL",
      "PRIMARY",
      "M",
      "ND",
      "MOSAIC"
    ],
    "InPlanePhaseEncodingDirectionDICOM": "COL",
    "InstitutionAddress": "Washington_and_Faculty_Rd._-_Building_25_25_Princeton_NJ_US_085",
    "InstitutionName": "Princeton_University_-_Neuroscience_Institute",
    "InstitutionalDepartmentName": "Department",
    "MRAcquisitionType": "2D",
    "MagneticFieldStrength": 3,
    "Manufacturer": "Siemens",
    "ManufacturersModelName": "Skyra",
    "Modality": "MR",
    "MultibandAccelerationFactor": 3,
    "PartialFourier": 0.75,
    "PatientPosition": "HFS",
    "PercentPhaseFOV": 100,
    "PhaseEncodingDirection": "j-",
    "PhaseEncodingSteps": 96,
    "PhaseResolution": 1,
    "PixelBandwidth": 1220,
    "ProcedureStepDescription": "Turk-BrowneLab_Projects",
    "ProtocolName": "epi_acc3_shift2_1.5TR_220vol",
    "PulseSequenceDetails": "%CustomerSeq%_ep2d_bold_sliceaccl_667A",
    "ReceiveCoilActiveElements": "HE1-4",
    "ReceiveCoilName": "HeadNeck_20",
    "ReconMatrixPE": 128,
    "RepetitionTime": 1.5,
    "SAR": 0.0420825,
    "ScanOptions": "PFP",
    "ScanningSequence": "EP",
    "SequenceName": "epcaipi2d1_128",
    "SequenceVariant": "SK_SS",
    "SeriesDescription": "epi_acc3_shift2_1.5TR_220vol",
    "SeriesNumber": 7,
    "ShimSetting": [
      3373,
      8534,
      9459,
      425,
      183,
      249,
      269,
      270
    ],
    "SliceThickness": 1.5,
    "SliceTiming": [
      1.055,
      0,
      0.74,
      0.105,
      0.845,
      0.21,
      0.95,
      0.4225,
      1.1625,
      0.5275,
      1.2875,
      0.6325,
      1.3925,
      0.315,
      1.055,
      0,
      0.74,
      0.105,
      0.845,
      0.21,
      0.95,
      0.4225,
      1.1625,
      0.5275,
      1.2875,
      0.6325,
      1.3925,
      0.315,
      1.055,
      0,
      0.74,
      0.105,
      0.845,
      0.21,
      0.95,
      0.4225,
      1.1625,
      0.5275,
      1.2875,
      0.6325,
      1.3925,
      0.315
    ],
    "SoftwareVersions": "syngo_MR_D13",
    "SpacingBetweenSlices": 1.5,
    "StationName": "AWP45031",
    "TaskName": "cue-action-outcome",
    "TotalReadoutTime": 0.119382,
    "TxRefAmp": 332.899,
    "dataset": "ds001946",
    "modality": "bold",
    "run_id": 3,
    "subject_id": "06",
    "task_id": "actions"
  },
  "dummy_trs": 0,
  "dvars_nstd": 86.23414817337894,
  "dvars_std": 1.0244918250228303,
  "dvars_vstd": 1.0031075280821922,
  "efc": 0.6267787142028677,
  "fber": 156.07579040527344,
  "fd_mean": 0.37316206853430545,
  "fd_num": 167,
  "fd_perc": 75.9090909090909,
  "fwhm_avg": 2.767253333333333,
  "fwhm_x": 2.6188266666666666,
  "fwhm_y": 3.217966666666667,
  "fwhm_z": 2.4649666666666668,
  "gcor": 0.00282477,
  "gsr_x": -0.00038993454654701054,
  "gsr_y": 0.044235602021217346,
  "provenance": {
    "md5sum": "63adf4948e692c40be05fb00b5fbaa43",
    "settings": {
      "fd_thres": 0.2,
      "testing": false
    },
    "software": "mriqc",
    "version": "22.0.6",
    "webapi_port": null,
    "webapi_url": "https://mriqc.nimh.nih.gov/api/v1"
  },
  "size_t": 220,
  "size_x": 128,
  "size_y": 128,
  "size_z": 42,
  "snr": 3.8961959864056244,
  "spacing_tr": 1.5,
  "spacing_x": 1.5,
  "spacing_y": 1.5,
  "spacing_z": 1.5,
  "summary_bg_k": 21.844682487790763,
  "summary_bg_mad": 29.139868941314287,
  "summary_bg_mean": 69.61524200439453,
  "summary_bg_median": 46.16817855834961,
  "summary_bg_n": 431265.0,
  "summary_bg_p05": 19.05908966064453,
  "summary_bg_p95": 208.75,
  "summary_bg_stdv": 73.93856048583984,
  "summary_fg_k": 0.10533469678553109,
  "summary_fg_mad": 152.03744600240051,
  "summary_fg_mean": 598.406005859375,
  "summary_fg_median": 600.706787109375,
  "summary_fg_n": 158016.0,
  "summary_fg_p05": 338.3761215209961,
  "summary_fg_p95": 846.5545043945312,
  "summary_fg_stdv": 154.17727661132812,
  "tsnr": 15.398492356296629
}