{
  "aor": 0.0009473181818181819,
  "aqi": 0.03376282863636364,
  "bids_meta": {
    "AcquisitionMatrixPE": 128,
    "AcquisitionNumber": 1,
    "AcquisitionTime": "12:07:44.770000",
    "BandwidthPerPixelPhaseEncode": 8.311,
    "BaseResolution": 128,
    "BodyPartExamined": "BRAIN",
    "ConsistencyInfo": "N4_VD13A_LATEST_20120616",
    "ConversionSoftware": "dcm2niix",
    "ConversionSoftwareVersion": "v1.0.20180518 GCC4.8.5",
    "DerivedVendorReportedEchoSpacing": 0.000940019,
    "DeviceSerialNumber": "45031",
    "DwellTime": 3.2e-06,
    "EchoTime": 0.04,
    "EchoTrainLength": 96,
    "EffectiveEchoSpacing": 0.000940019,
    "FlipAngle": 64,
    "ImageOrientationPatientDICOM": [
      1,
      0,
      0,
      0,
      0.976296,
      0.21644
    ],
    "ImageType": [
      "ORIGINAL",
      "PRIMARY",
      "M",
      "ND",
      "MOSAIC"
    ],
    "InPlanePhaseEncodingDirectionDICOM": "COL",
    "InstitutionAddress": "Washington_and_Faculty_Rd._-_Building_25_25_Princeton_NJ_US_085",
    "InstitutionName": "Princeton_University_-_Neuroscience_Institute",
    "InstitutionalDepartmentName": "Department",
    "MRAcquisitionType": "2D",
    "MagneticFieldStrength": 3,
    "Manufacturer": "Siemens",
    "ManufacturersModelName": "Skyra",
    "Modality": "MR",
    "MultibandAccelerationFactor": 3,
    "PartialFourier": 0.75,
    "PatientPosition": "HFS",
    "PercentPhaseFOV": 100,
    "PhaseEncodingDirection": "j-",
    "PhaseEncodingSteps": 96,
    "PhaseResolution": 1,
    "PixelBandwidth": 1220,
    "ProcedureStepDescription": "Turk-BrowneLab_Projects",
    "ProtocolName": "epi_acc3_shift2_1.5TR_220vol",
    "PulseSequenceDetails": "%CustomerSeq%_ep2d_bold_sliceaccl_667A",
    "ReceiveCoilActiveElements": "HE1-4",
    "ReceiveCoilName": "HeadNeck_20",
    "ReconMatrixPE": 128,
    "RepetitionTime": 1.5,
    "SAR": 0.0420825,
    "ScanOptions": "PFP",
    "ScanningSequence": "EP",
    "SequenceName": "epcaipi2d1_128",
    "SequenceVariant": "SK_SS",
    "SeriesDescription": "epi_acc3_shift2_1.5TR_220vol",
    "SeriesNumber": 9,
    "ShimSetting": [
      3373,
      8534,
      9459,
      425,
      183,
      249,
      269,
      270
    ],
    "SliceThickness": 1.5,
    "SliceTiming": [
      1.0575,
      0,
      0.74,
      0.105,
      0.845,
      0.21,
      0.95,
      0.4225,
      1.1625,
      0.5275,
      1.2875,
      0.6325,
      1.3925,
      0.3175,
      1.0575,
      0,
      0.74,
      0.105,
      0.845,
      0.21,
      0.95,
      0.4225,
      1.1625,
      0.5275,
      1.2875,
      0.6325,
      1.3925,
      0.3175,
      1.0575,
      0,
      0.74,
      0.105,
      0.845,
      0.21,
      0.95,
      0.4225,
      1.1625,
      0.5275,
      1.2875,
      0.6325,
      1.3925,
      0.3175
    ],
    "SoftwareVersions": "syngo_MR_D13",
    "SpacingBetweenSlices": 1.5,
    "StationName": "AWP45031",
    "TaskName": "cue-action-outcome",
    "TotalReadoutTime": 0.119382,
    "TxRefAmp": 332.899,
    "dataset": "ds001946",
    "modality": "bold",
    "run_id": 5,
    "subject_id": "06",
    "task_id": "actions"
  },
  "dummy_trs": 0,
  "dvars_nstd": 85.03868548945205,
  "dvars_std": 1.031380655068493,
  "dvars_vstd": 1.0083605014155252,
  "efc": 0.626729712593141,
  "fber": 150.2894287109375,
  "fd_mean": 0.3289362004314926,
  "fd_num": 159,
  "fd_perc": 72.27272727272727,
  "fwhm_avg": 2.8644866666666666,
  "fwhm_x": 2.711813333333333,
  "fwhm_y": 3.3453866666666667,
  "fwhm_z": 2.53626,
  "gcor": 0.00271163,
  "gsr_x": -0.003506370587274432,
  "gsr_y": 0.04491642117500305,
  "provenance": {
    "md5sum": "f1f6880697760328e8463c7fdef97d30",
    "settings": {
      "fd_thres": 0.2,
      "testing": false
    },
    "software": "mriqc",
    "version": "22.0.6",
    "webapi_port": null,
    "webapi_url": "https://mriqc.nimh.nih.gov/api/v1"
  },
  "size_t": 220,
  "size_x": 128,
  "size_y": 128,
  "size_z": 42,
  "snr": 3.6988457030861106,
  "spacing_tr": 1.5,
  "spacing_x": 1.5,
  "spacing_y": 1.5,
  "spacing_z": 1.5,
  "summary_bg_k": 20.39262926372434,
  "summary_bg_mad": 31.424426594528786,
  "summary_bg_mean": 71.54124450683594,
  "summary_bg_median": 47.9636344909668,
  "summary_bg_n": 429997.0,
  "summary_bg_p05": 19.404544830322266,
  "summary_bg_p95": 210.03727111816386,
  "summary_bg_stdv": 74.82234191894531,
  "summary_fg_k": 0.029284837167248057,
  "summary_fg_mad": 165.0136540669309,
  "summary_fg_mean": 613.0101318359375,
  "summary_fg_median": 608.6636352539062,
  "summary_fg_n": 159024.0,
  "summary_fg_p05": 348.17227020263675,
  "summary_fg_p95": 886.8965576171877,
  "summary_fg_stdv": 164.55450439453125,
  "tsnr": 15.604627868160605
}