{
  "aor": 0.00043395454545454553,
  "aqi": 0.03134785500000001,
  "bids_meta": {
    "AcquisitionMatrixPE": 128,
    "AcquisitionNumber": 1,
    "AcquisitionTime": "12:26:16.187500",
    "BandwidthPerPixelPhaseEncode": 8.311,
    "BaseResolution": 128,
    "BodyPartExamined": "BRAIN",
    "ConsistencyInfo": "N4_VD13A_LATEST_20120616",
    "ConversionSoftware": "dcm2niix",
    "ConversionSoftwareVersion": "v1.0.20180518 GCC4.8.5",
    "DerivedVendorReportedEchoSpacing": 0.000940019,
    "DeviceSerialNumber": "45031",
    "DwellTime": 3.2e-06,
    "EchoTime": 0.04,
    "EchoTrainLength": 96,
    "EffectiveEchoSpacing": 0.000940019,
    "FlipAngle": 64,
    "ImageOrientationPatientDICOM": [
      1,
      0,
      0,
      0,
      0.976296,
      0.21644
    ],
    "ImageType": [
      "ORIGINAL",
      "PRIMARY",
      "M",
      "ND",
      "MOSAIC"
    ],
    "InPlanePhaseEncodingDirectionDICOM": "COL",
    "InstitutionAddress": "Washington_and_Faculty_Rd._-_Building_25_25_Princeton_NJ_US_085",
    "InstitutionName": "Princeton_University_-_Neuroscience_Institute",
    "InstitutionalDepartmentName": "Department",
    "MRAcquisitionType": "2D",
    "MagneticFieldStrength": 3,
    "Manufacturer": "Siemens",
    "ManufacturersModelName": "Skyra",
    "Modality": "MR",
    "MultibandAccelerationFactor": 3,
    "PartialFourier": 0.75,
    "PatientPosition": "HFS",
    "PercentPhaseFOV": 100,
    "PhaseEncodingDirection": "j-",
    "PhaseEncodingSteps": 96,
    "PhaseResolution": 1,
    "PixelBandwidth": 1220,
    "ProcedureStepDescription": "Turk-BrowneLab_Projects",
    "ProtocolName": "epi_acc3_shift2_1.5TR_220vol",
    "PulseSequenceDetails": "%CustomerSeq%_ep2d_bold_sliceaccl_667A",
    "ReceiveCoilActiveElements": "HE1-4",
    "ReceiveCoilName": "HeadNeck_20",
    "ReconMatrixPE": 128,
    "RepetitionTime": 1.5,
    "SAR": 0.0420825,
    "ScanOptions": "PFP",
    "ScanningSequence": "EP",
    "SequenceName": "epcaipi2d1_128",
    "SequenceVariant": "SK_SS",
    "SeriesDescription": "epi_acc3_shift2_1.5TR_220vol",
    "SeriesNumber": 12,
    "ShimSetting": [
      3373,
      8534,
      9459,
      425,
      183,
      249,
      269,
      270
    ],
    "SliceThickness": 1.5,
    "SliceTiming": [
      1.0575,
      0,
      0.74,
      0.1075,
      0.8475,
      0.2125,
      0.9525,
      0.425,
      1.165,
      0.53,
      1.29,
      0.635,
      1.395,
      0.3175,
      1.0575,
      0,
      0.74,
      0.1075,
      0.8475,
      0.2125,
      0.9525,
      0.425,
      1.165,
      0.53,
      1.29,
      0.635,
      1.395,
      0.3175,
      1.0575,
      0,
      0.74,
      0.1075,
      0.8475,
      0.2125,
      0.9525,
      0.425,
      1.165,
      0.53,
      1.29,
      0.635,
      1.395,
      0.3175
    ],
    "SoftwareVersions": "syngo_MR_D13",
    "SpacingBetweenSlices": 1.5,
    "StationName": "AWP45031",
    "TaskName": "cue-action-outcome",
    "TotalReadoutTime": 0.119382,
    "TxRefAmp": 332.899,
    "dataset": "ds001946",
    "modality": "bold",
    "run_id": 8,
    "subject_id": "06",
    "task_id": "actions"
  },
  "dummy_trs": 0,
  "dvars_nstd": 82.71141515616438,
  "dvars_std": 1.019571781278538,
  "dvars_vstd": 0.9984698554337903,
  "efc": 0.6324033020117329,
  "fber": 157.07632446289062,
  "fd_mean": 0.3187283745762488,
  "fd_num": 160,
  "fd_perc": 72.72727272727273,
  "fwhm_avg": 2.9138622222222224,
  "fwhm_x": 2.7321733333333333,
  "fwhm_y": 3.3284533333333335,
  "fwhm_z": 2.6809600000000002,
  "gcor": 0.00221125,
  "gsr_x": -0.006464991718530655,
  "gsr_y": 0.04407883435487747,
  "provenance": {
    "md5sum": "c301557e2ee49adff93de62a78a7e37d",
    "settings": {
      "fd_thres": 0.2,
      "testing": false
    },
    "software": "mriqc",
    "version": "22.0.6",
    "webapi_port": null,
    "webapi_url": "https://mriqc.nimh.nih.gov/api/v1"
  },
  "size_t": 220,
  "size_x": 128,
  "size_y": 128,
  "size_z": 42,
  "snr": 3.641771926923774,
  "spacing_tr": 1.5,
  "spacing_x": 1.5,
  "spacing_y": 1.5,
  "spacing_z": 1.5,
  "summary_bg_k": 20.21444423787153,
  "summary_bg_mad": 30.75051855181847,
  "summary_bg_mean": 70.41378784179688,
  "summary_bg_median": 46.92727279663086,
  "summary_bg_n": 416605.0,
  "summary_bg_p05": 18.990907669067383,
  "summary_bg_p95": 209.59999084472656,
  "summary_bg_stdv": 75.18960571289062,
  "summary_fg_k": 0.0029555344443927822,
  "summary_fg_mad": 168.1506780206894,
  "summary_fg_mean": 618.9669799804688,
  "summary_fg_median": 613.5681762695312,
  "summary_fg_n": 171316.0,
  "summary_fg_p05": 348.1852111816406,
  "summary_fg_p95": 899.8499755859375,
  "summary_fg_stdv": 168.4801788330078,
  "tsnr": 16.154398910875898
}