{
  "aor": 0.00047374517374517376,
  "aqi": 0.03402797258687259,
  "bids_meta": {
    "AcquisitionMatrixPE": 128,
    "AcquisitionNumber": 1,
    "AcquisitionTime": "12:08:24.885000",
    "BandwidthPerPixelPhaseEncode": 8.311,
    "BaseResolution": 128,
    "BodyPartExamined": "BRAIN",
    "ConsistencyInfo": "N4_VD13A_LATEST_20120616",
    "ConversionSoftware": "dcm2niix",
    "ConversionSoftwareVersion": "v1.0.20180518 GCC4.8.5",
    "DerivedVendorReportedEchoSpacing": 0.000940019,
    "DeviceSerialNumber": "45031",
    "DwellTime": 3.2e-06,
    "EchoTime": 0.04,
    "EchoTrainLength": 96,
    "EffectiveEchoSpacing": 0.000940019,
    "FlipAngle": 64,
    "ImageOrientationPatientDICOM": [
      1,
      0,
      0,
      0,
      0.999998,
      -0.00174533
    ],
    "ImageType": [
      "ORIGINAL",
      "PRIMARY",
      "M",
      "ND",
      "MOSAIC"
    ],
    "InPlanePhaseEncodingDirectionDICOM": "COL",
    "InstitutionAddress": "Washington_and_Faculty_Rd._-_Building_25_25_Princeton_NJ_US_085",
    "InstitutionName": "Princeton_University_-_Neuroscience_Institute",
    "InstitutionalDepartmentName": "Department",
    "MRAcquisitionType": "2D",
    "MagneticFieldStrength": 3,
    "Manufacturer": "Siemens",
    "ManufacturersModelName": "Skyra",
    "Modality": "MR",
    "MultibandAccelerationFactor": 3,
    "PartialFourier": 0.75,
    "PatientPosition": "HFS",
    "PercentPhaseFOV": 100,
    "PhaseEncodingDirection": "j-",
    "PhaseEncodingSteps": 96,
    "PhaseResolution": 1,
    "PixelBandwidth": 1220,
    "ProcedureStepDescription": "Turk-BrowneLab_Projects",
    "ProtocolName": "epi_acc3_shift2_1.5TR_260vol",
    "PulseSequenceDetails": "%CustomerSeq%_ep2d_bold_sliceaccl_667A",
    "ReceiveCoilActiveElements": "HE1-4",
    "ReceiveCoilName": "HeadNeck_20",
    "ReconMatrixPE": 128,
    "RepetitionTime": 1.5,
    "SAR": 0.0330622,
    "ScanOptions": "PFP",
    "ScanningSequence": "EP",
    "SequenceName": "epcaipi2d1_128",
    "SequenceVariant": "SK_SS",
    "SeriesDescription": "epi_acc3_shift2_1.5TR_260vol",
    "SeriesNumber": 15,
    "ShimSetting": [
      3374,
      8649,
      9301,
      554,
      312,
      408,
      295,
      -34
    ],
    "SliceThickness": 1.5,
    "SliceTiming": [
      1.0575,
      0,
      0.74,
      0.105,
      0.845,
      0.21,
      0.95,
      0.4225,
      1.1625,
      0.5275,
      1.2875,
      0.6325,
      1.3925,
      0.3175,
      1.0575,
      0,
      0.74,
      0.105,
      0.845,
      0.21,
      0.95,
      0.4225,
      1.1625,
      0.5275,
      1.2875,
      0.6325,
      1.3925,
      0.3175,
      1.0575,
      0,
      0.74,
      0.105,
      0.845,
      0.21,
      0.95,
      0.4225,
      1.1625,
      0.5275,
      1.2875,
      0.6325,
      1.3925,
      0.3175
    ],
    "SoftwareVersions": "syngo_MR_D13",
    "SpacingBetweenSlices": 1.5,
    "StationName": "AWP45031",
    "TaskName": "Functional Localizer",
    "TotalReadoutTime": 0.119382,
    "TxRefAmp": 330.252,
    "dataset": "ds001946",
    "modality": "bold",
    "subject_id": "01",
    "task_id": "loc"
  },
  "dummy_trs": 1,
  "dvars_nstd": 73.22184401496126,
  "dvars_std": 1.0291245473643411,
  "dvars_vstd": 1.008342551860465,
  "efc": 0.635124577287196,
  "fber": 188.56427001953125,
  "fd_mean": 0.20456176024531775,
  "fd_num": 133,
  "fd_perc": 51.351351351351354,
  "fwhm_avg": 2.536782222222222,
  "fwhm_x": 2.4374866666666666,
  "fwhm_y": 2.9897533333333333,
  "fwhm_z": 2.1831066666666668,
  "gcor": 0.00398069,
  "gsr_x": -0.015236535109579563,
  "gsr_y": 0.040091730654239655,
  "provenance": {
    "md5sum": "c00385c0423a3c6b69341e4b95c2a0fa",
    "settings": {
      "fd_thres": 0.2,
      "testing": false
    },
    "software": "mriqc",
    "version": "22.0.6",
    "webapi_port": null,
    "webapi_url": "https://mriqc.nimh.nih.gov/api/v1"
  },
  "size_t": 259,
  "size_x": 128,
  "size_y": 128,
  "size_z": 42,
  "snr": 4.42478251044556,
  "spacing_tr": 1.5,
  "spacing_x": 1.5,
  "spacing_y": 1.5,
  "spacing_z": 1.5,
  "summary_bg_k": 50.03194560130455,
  "summary_bg_mad": 29.285686475565004,
  "summary_bg_mean": 73.20189666748047,
  "summary_bg_median": 47.14285659790039,
  "summary_bg_n": 409464.0,
  "summary_bg_p05": 19.065637588500977,
  "summary_bg_p95": 209.49574584960902,
  "summary_bg_stdv": 89.27619934082031,
  "summary_fg_k": 1.1727163260818196,
  "summary_fg_mad": 140.00569102347453,
  "summary_fg_mean": 666.01220703125,
  "summary_fg_median": 677.4440307617188,
  "summary_fg_n": 171988.0,
  "summary_fg_p05": 399.13261260986326,
  "summary_fg_p95": 891.6466949462888,
  "summary_fg_stdv": 153.10177612304688,
  "tsnr": 18.21908368449658
}