{
  "aor": 0.000995409090909091,
  "aqi": 0.05915359181818181,
  "bids_meta": {
    "AcquisitionMatrixPE": 128,
    "AcquisitionNumber": 1,
    "AcquisitionTime": "11:43:8.982500",
    "BandwidthPerPixelPhaseEncode": 8.311,
    "BaseResolution": 128,
    "BodyPartExamined": "BRAIN",
    "ConsistencyInfo": "N4_VD13A_LATEST_20120616",
    "ConversionSoftware": "dcm2niix",
    "ConversionSoftwareVersion": "v1.0.20180518 GCC4.8.5",
    "DerivedVendorReportedEchoSpacing": 0.000940019,
    "DeviceSerialNumber": "45031",
    "DwellTime": 3.2e-06,
    "EchoTime": 0.04,
    "EchoTrainLength": 96,
    "EffectiveEchoSpacing": 0.000940019,
    "FlipAngle": 64,
    "ImageOrientationPatientDICOM": [
      1,
      0,
      0,
      0,
      0.999998,
      -0.00174533
    ],
    "ImageType": [
      "ORIGINAL",
      "PRIMARY",
      "M",
      "ND",
      "MOSAIC"
    ],
    "InPlanePhaseEncodingDirectionDICOM": "COL",
    "InstitutionAddress": "Washington_and_Faculty_Rd._-_Building_25_25_Princeton_NJ_US_085",
    "InstitutionName": "Princeton_University_-_Neuroscience_Institute",
    "InstitutionalDepartmentName": "Department",
    "MRAcquisitionType": "2D",
    "MagneticFieldStrength": 3,
    "Manufacturer": "Siemens",
    "ManufacturersModelName": "Skyra",
    "Modality": "MR",
    "MultibandAccelerationFactor": 3,
    "PartialFourier": 0.75,
    "PatientPosition": "HFS",
    "PercentPhaseFOV": 100,
    "PhaseEncodingDirection": "j-",
    "PhaseEncodingSteps": 96,
    "PhaseResolution": 1,
    "PixelBandwidth": 1220,
    "ProcedureStepDescription": "Turk-BrowneLab_Projects",
    "ProtocolName": "epi_acc3_shift2_1.5TR_220vol",
    "PulseSequenceDetails": "%CustomerSeq%_ep2d_bold_sliceaccl_667A",
    "ReceiveCoilActiveElements": "HE1-4",
    "ReceiveCoilName": "HeadNeck_20",
    "ReconMatrixPE": 128,
    "RepetitionTime": 1.5,
    "SAR": 0.0330295,
    "ScanOptions": "PFP",
    "ScanningSequence": "EP",
    "SequenceName": "epcaipi2d1_128",
    "SequenceVariant": "SK_SS",
    "SeriesDescription": "epi_acc3_shift2_1.5TR_220vol",
    "SeriesNumber": 11,
    "ShimSetting": [
      3374,
      8649,
      9301,
      554,
      312,
      408,
      295,
      -34
    ],
    "SliceThickness": 1.5,
    "SliceTiming": [
      1.0575,
      0,
      0.74,
      0.105,
      0.845,
      0.21,
      0.95,
      0.4225,
      1.1625,
      0.5275,
      1.2875,
      0.635,
      1.395,
      0.3175,
      1.0575,
      0,
      0.74,
      0.105,
      0.845,
      0.21,
      0.95,
      0.4225,
      1.1625,
      0.5275,
      1.2875,
      0.635,
      1.395,
      0.3175,
      1.0575,
      0,
      0.74,
      0.105,
      0.845,
      0.21,
      0.95,
      0.4225,
      1.1625,
      0.5275,
      1.2875,
      0.635,
      1.395,
      0.3175
    ],
    "SoftwareVersions": "syngo_MR_D13",
    "SpacingBetweenSlices": 1.5,
    "StationName": "AWP45031",
    "TaskName": "cue-action-outcome",
    "TotalReadoutTime": 0.119382,
    "TxRefAmp": 330.252,
    "dataset": "ds001946",
    "modality": "bold",
    "run_id": 5,
    "subject_id": "01",
    "task_id": "actions"
  },
  "dummy_trs": 0,
  "dvars_nstd": 78.82941771205478,
  "dvars_std": 1.015089935022831,
  "dvars_vstd": 0.9933872284018267,
  "efc": 0.635173184782099,
  "fber": 180.43910217285156,
  "fd_mean": 0.2735612641620875,
  "fd_num": 135,
  "fd_perc": 61.36363636363637,
  "fwhm_avg": 2.61314,
  "fwhm_x": 2.47488,
  "fwhm_y": 3.0400333333333336,
  "fwhm_z": 2.3245066666666667,
  "gcor": 0.00818925,
  "gsr_x": -0.016695288941264153,
  "gsr_y": 0.04246640205383301,
  "provenance": {
    "md5sum": "9444ac6fe32f3fe57b0e8231b2bfe842",
    "settings": {
      "fd_thres": 0.2,
      "testing": false
    },
    "software": "mriqc",
    "version": "22.0.6",
    "webapi_port": null,
    "webapi_url": "https://mriqc.nimh.nih.gov/api/v1"
  },
  "size_t": 220,
  "size_x": 128,
  "size_y": 128,
  "size_z": 42,
  "snr": 4.460117191357364,
  "spacing_tr": 1.5,
  "spacing_x": 1.5,
  "spacing_y": 1.5,
  "spacing_z": 1.5,
  "summary_bg_k": 53.64915487888545,
  "summary_bg_mad": 29.436387688311818,
  "summary_bg_mean": 73.352783203125,
  "summary_bg_median": 47.8636360168457,
  "summary_bg_n": 411987.0,
  "summary_bg_p05": 19.42727279663086,
  "summary_bg_p95": 206.01817321777344,
  "summary_bg_stdv": 89.11299896240234,
  "summary_fg_k": 1.0086260789706776,
  "summary_fg_mad": 138.1582749106876,
  "summary_fg_mean": 658.822265625,
  "summary_fg_median": 670.79541015625,
  "summary_fg_n": 169520.0,
  "summary_fg_p05": 392.7181701660156,
  "summary_fg_p95": 879.7817993164062,
  "summary_fg_stdv": 150.39816284179688,
  "tsnr": 15.531518183648586
}