{
  "aor": 0.000672590909090909,
  "aqi": 0.02198734545454546,
  "bids_meta": {
    "AcquisitionMatrixPE": 128,
    "AcquisitionNumber": 1,
    "AcquisitionTime": "11:42:3.830000",
    "BandwidthPerPixelPhaseEncode": 8.311,
    "BaseResolution": 128,
    "BodyPartExamined": "BRAIN",
    "ConsistencyInfo": "N4_VD13A_LATEST_20120616",
    "ConversionSoftware": "dcm2niix",
    "ConversionSoftwareVersion": "v1.0.20180518 GCC4.8.5",
    "DerivedVendorReportedEchoSpacing": 0.000940019,
    "DeviceSerialNumber": "45031",
    "DwellTime": 3.2e-06,
    "EchoTime": 0.04,
    "EchoTrainLength": 96,
    "EffectiveEchoSpacing": 0.000940019,
    "FlipAngle": 64,
    "ImageOrientationPatientDICOM": [
      1,
      0,
      0,
      0,
      0.875464,
      0.483282
    ],
    "ImageType": [
      "ORIGINAL",
      "PRIMARY",
      "M",
      "ND",
      "MOSAIC"
    ],
    "InPlanePhaseEncodingDirectionDICOM": "COL",
    "InstitutionAddress": "Washington_and_Faculty_Rd._-_Building_25_25_Princeton_NJ_US_085",
    "InstitutionName": "Princeton_University_-_Neuroscience_Institute",
    "InstitutionalDepartmentName": "Department",
    "MRAcquisitionType": "2D",
    "MagneticFieldStrength": 3,
    "Manufacturer": "Siemens",
    "ManufacturersModelName": "Skyra",
    "Modality": "MR",
    "MultibandAccelerationFactor": 3,
    "PartialFourier": 0.75,
    "PatientPosition": "HFS",
    "PercentPhaseFOV": 100,
    "PhaseEncodingDirection": "j-",
    "PhaseEncodingSteps": 96,
    "PhaseResolution": 1,
    "PixelBandwidth": 1220,
    "ProcedureStepDescription": "Turk-BrowneLab_Projects",
    "ProtocolName": "epi_acc3_shift2_1.5TR_220vol",
    "PulseSequenceDetails": "%CustomerSeq%_ep2d_bold_sliceaccl_667A",
    "ReceiveCoilActiveElements": "HE1-4",
    "ReceiveCoilName": "HeadNeck_20",
    "ReconMatrixPE": 128,
    "RepetitionTime": 1.5,
    "SAR": 0.0395407,
    "ScanOptions": "PFP",
    "ScanningSequence": "EP",
    "SequenceName": "epcaipi2d1_128",
    "SequenceVariant": "SK_SS",
    "SeriesDescription": "epi_acc3_shift2_1.5TR_220vol",
    "SeriesNumber": 8,
    "ShimSetting": [
      3350,
      8364,
      9422,
      454,
      38,
      -693,
      1163,
      173
    ],
    "SliceThickness": 1.5,
    "SliceTiming": [
      1.0575,
      0,
      0.74,
      0.105,
      0.845,
      0.21,
      0.95,
      0.4225,
      1.1625,
      0.5275,
      1.2875,
      0.6325,
      1.3925,
      0.3175,
      1.0575,
      0,
      0.74,
      0.105,
      0.845,
      0.21,
      0.95,
      0.4225,
      1.1625,
      0.5275,
      1.2875,
      0.6325,
      1.3925,
      0.3175,
      1.0575,
      0,
      0.74,
      0.105,
      0.845,
      0.21,
      0.95,
      0.4225,
      1.1625,
      0.5275,
      1.2875,
      0.6325,
      1.3925,
      0.3175
    ],
    "SoftwareVersions": "syngo_MR_D13",
    "SpacingBetweenSlices": 1.5,
    "StationName": "AWP45031",
    "TaskName": "cue-action-outcome",
    "TotalReadoutTime": 0.119382,
    "TxRefAmp": 334.098,
    "dataset": "ds001946",
    "modality": "bold",
    "run_id": 4,
    "subject_id": "10",
    "task_id": "actions"
  },
  "dummy_trs": 0,
  "dvars_nstd": 77.91928055292234,
  "dvars_std": 1.0542119773972602,
  "dvars_vstd": 1.0042602470776256,
  "efc": 0.6097531289881377,
  "fber": 217.48179626464844,
  "fd_mean": 0.25862154234705265,
  "fd_num": 142,
  "fd_perc": 64.54545454545455,
  "fwhm_avg": 3.1249155555555554,
  "fwhm_x": 2.903373333333333,
  "fwhm_y": 3.5359599999999998,
  "fwhm_z": 2.9354133333333334,
  "gcor": 0.00154371,
  "gsr_x": -0.008822615258395672,
  "gsr_y": 0.06948193907737732,
  "provenance": {
    "md5sum": "009feb19245094fcb1e52e27a920355e",
    "settings": {
      "fd_thres": 0.2,
      "testing": false
    },
    "software": "mriqc",
    "version": "22.0.6",
    "webapi_port": null,
    "webapi_url": "https://mriqc.nimh.nih.gov/api/v1"
  },
  "size_t": 220,
  "size_x": 128,
  "size_y": 128,
  "size_z": 42,
  "snr": 3.3455336693409685,
  "spacing_tr": 1.5,
  "spacing_x": 1.5,
  "spacing_y": 1.5,
  "spacing_z": 1.5,
  "summary_bg_k": 27.361385280824756,
  "summary_bg_mad": 25.96575504710719,
  "summary_bg_mean": 60.49379348754883,
  "summary_bg_median": 38.37272644042969,
  "summary_bg_n": 419083.0,
  "summary_bg_p05": 18.009090423583984,
  "summary_bg_p95": 184.2177154541014,
  "summary_bg_stdv": 69.23896789550781,
  "summary_fg_k": 0.27425573010713267,
  "summary_fg_mad": 169.87921176869597,
  "summary_fg_mean": 608.6674194335938,
  "summary_fg_median": 598.0772705078125,
  "summary_fg_n": 164532.0,
  "summary_fg_p05": 335.33636474609375,
  "summary_fg_p95": 921.0363159179688,
  "summary_fg_stdv": 178.76832580566406,
  "tsnr": 19.036499387584627
}