{
  "aor": 0.0008871363636363636,
  "aqi": 0.020742700909090906,
  "bids_meta": {
    "AcquisitionMatrixPE": 128,
    "AcquisitionNumber": 1,
    "AcquisitionTime": "12:05:40.705000",
    "BandwidthPerPixelPhaseEncode": 8.311,
    "BaseResolution": 128,
    "BodyPartExamined": "BRAIN",
    "ConsistencyInfo": "N4_VD13A_LATEST_20120616",
    "ConversionSoftware": "dcm2niix",
    "ConversionSoftwareVersion": "v1.0.20180518 GCC4.8.5",
    "DerivedVendorReportedEchoSpacing": 0.000940019,
    "DeviceSerialNumber": "45031",
    "DwellTime": 3.2e-06,
    "EchoTime": 0.04,
    "EchoTrainLength": 96,
    "EffectiveEchoSpacing": 0.000940019,
    "FlipAngle": 64,
    "ImageOrientationPatientDICOM": [
      1,
      0,
      0,
      0,
      0.875464,
      0.483282
    ],
    "ImageType": [
      "ORIGINAL",
      "PRIMARY",
      "M",
      "ND",
      "MOSAIC"
    ],
    "InPlanePhaseEncodingDirectionDICOM": "COL",
    "InstitutionAddress": "Washington_and_Faculty_Rd._-_Building_25_25_Princeton_NJ_US_085",
    "InstitutionName": "Princeton_University_-_Neuroscience_Institute",
    "InstitutionalDepartmentName": "Department",
    "MRAcquisitionType": "2D",
    "MagneticFieldStrength": 3,
    "Manufacturer": "Siemens",
    "ManufacturersModelName": "Skyra",
    "Modality": "MR",
    "MultibandAccelerationFactor": 3,
    "PartialFourier": 0.75,
    "PatientPosition": "HFS",
    "PercentPhaseFOV": 100,
    "PhaseEncodingDirection": "j-",
    "PhaseEncodingSteps": 96,
    "PhaseResolution": 1,
    "PixelBandwidth": 1220,
    "ProcedureStepDescription": "Turk-BrowneLab_Projects",
    "ProtocolName": "epi_acc3_shift2_1.5TR_220vol",
    "PulseSequenceDetails": "%CustomerSeq%_ep2d_bold_sliceaccl_667A",
    "ReceiveCoilActiveElements": "HE1-4",
    "ReceiveCoilName": "HeadNeck_20",
    "ReconMatrixPE": 128,
    "RepetitionTime": 1.5,
    "SAR": 0.0395407,
    "ScanOptions": "PFP",
    "ScanningSequence": "EP",
    "SequenceName": "epcaipi2d1_128",
    "SequenceVariant": "SK_SS",
    "SeriesDescription": "epi_acc3_shift2_1.5TR_220vol",
    "SeriesNumber": 12,
    "ShimSetting": [
      3350,
      8364,
      9422,
      454,
      38,
      -693,
      1163,
      173
    ],
    "SliceThickness": 1.5,
    "SliceTiming": [
      1.0575,
      0,
      0.74,
      0.1075,
      0.8475,
      0.2125,
      0.9525,
      0.425,
      1.165,
      0.53,
      1.29,
      0.635,
      1.395,
      0.3175,
      1.0575,
      0,
      0.74,
      0.1075,
      0.8475,
      0.2125,
      0.9525,
      0.425,
      1.165,
      0.53,
      1.29,
      0.635,
      1.395,
      0.3175,
      1.0575,
      0,
      0.74,
      0.1075,
      0.8475,
      0.2125,
      0.9525,
      0.425,
      1.165,
      0.53,
      1.29,
      0.635,
      1.395,
      0.3175
    ],
    "SoftwareVersions": "syngo_MR_D13",
    "SpacingBetweenSlices": 1.5,
    "StationName": "AWP45031",
    "TaskName": "cue-action-outcome",
    "TotalReadoutTime": 0.119382,
    "TxRefAmp": 334.098,
    "dataset": "ds001946",
    "modality": "bold",
    "run_id": 8,
    "subject_id": "10",
    "task_id": "actions"
  },
  "dummy_trs": 0,
  "dvars_nstd": 78.02769208954334,
  "dvars_std": 1.0619397696803659,
  "dvars_vstd": 1.0088336151141553,
  "efc": 0.6077454204959595,
  "fber": 215.5248260498047,
  "fd_mean": 0.22743541993939084,
  "fd_num": 112,
  "fd_perc": 50.90909090909091,
  "fwhm_avg": 3.1489266666666667,
  "fwhm_x": 2.91426,
  "fwhm_y": 3.5391266666666668,
  "fwhm_z": 2.9933933333333336,
  "gcor": 0.00173536,
  "gsr_x": -0.010328885167837143,
  "gsr_y": 0.07042152434587479,
  "provenance": {
    "md5sum": "b96ec2589746c4eee7cdcc14a4e64136",
    "settings": {
      "fd_thres": 0.2,
      "testing": false
    },
    "software": "mriqc",
    "version": "22.0.6",
    "webapi_port": null,
    "webapi_url": "https://mriqc.nimh.nih.gov/api/v1"
  },
  "size_t": 220,
  "size_x": 128,
  "size_y": 128,
  "size_z": 42,
  "snr": 3.3097730743846623,
  "spacing_tr": 1.5,
  "spacing_x": 1.5,
  "spacing_y": 1.5,
  "spacing_z": 1.5,
  "summary_bg_k": 28.383998693919366,
  "summary_bg_mad": 26.349885911745677,
  "summary_bg_mean": 61.162353515625,
  "summary_bg_median": 38.77727127075195,
  "summary_bg_n": 422193.0,
  "summary_bg_p05": 18.399999618530273,
  "summary_bg_p95": 186.44454040527313,
  "summary_bg_stdv": 70.39566040039062,
  "summary_fg_k": 0.28472590986124846,
  "summary_fg_mad": 171.41913994578454,
  "summary_fg_mean": 610.4793090820312,
  "summary_fg_median": 598.9476928710938,
  "summary_fg_n": 162534.0,
  "summary_fg_p05": 335.22703704833987,
  "summary_fg_p95": 927.456317138672,
  "summary_fg_stdv": 180.9628143310547,
  "tsnr": 19.151520875515416
}