{
  "aor": 0.001471318181818182,
  "aqi": 0.037019569545454545,
  "bids_meta": {
    "AcquisitionMatrixPE": 128,
    "AcquisitionNumber": 1,
    "AcquisitionTime": "13:21:47.880000",
    "BandwidthPerPixelPhaseEncode": 8.311,
    "BaseResolution": 128,
    "BodyPartExamined": "BRAIN",
    "ConsistencyInfo": "N4_VD13A_LATEST_20120616",
    "ConversionSoftware": "dcm2niix",
    "ConversionSoftwareVersion": "v1.0.20180518 GCC4.8.5",
    "DerivedVendorReportedEchoSpacing": 0.000940019,
    "DeviceSerialNumber": "45031",
    "DwellTime": 3.2e-06,
    "EchoTime": 0.04,
    "EchoTrainLength": 96,
    "EffectiveEchoSpacing": 0.000940019,
    "FlipAngle": 64,
    "ImageOrientationPatientDICOM": [
      1,
      0,
      0,
      0,
      0.973579,
      0.228351
    ],
    "ImageType": [
      "ORIGINAL",
      "PRIMARY",
      "M",
      "ND",
      "MOSAIC"
    ],
    "InPlanePhaseEncodingDirectionDICOM": "COL",
    "InstitutionAddress": "Washington_and_Faculty_Rd._-_Building_25_25_Princeton_NJ_US_085",
    "InstitutionName": "Princeton_University_-_Neuroscience_Institute",
    "InstitutionalDepartmentName": "Department",
    "MRAcquisitionType": "2D",
    "MagneticFieldStrength": 3,
    "Manufacturer": "Siemens",
    "ManufacturersModelName": "Skyra",
    "Modality": "MR",
    "MultibandAccelerationFactor": 3,
    "PartialFourier": 0.75,
    "PatientPosition": "HFS",
    "PercentPhaseFOV": 100,
    "PhaseEncodingDirection": "j-",
    "PhaseEncodingSteps": 96,
    "PhaseResolution": 1,
    "PixelBandwidth": 1220,
    "ProcedureStepDescription": "Turk-BrowneLab_Projects",
    "ProtocolName": "epi_acc3_shift2_1.5TR_220vol",
    "PulseSequenceDetails": "%CustomerSeq%_ep2d_bold_sliceaccl_667A",
    "ReceiveCoilActiveElements": "HE1-4",
    "ReceiveCoilName": "HeadNeck_20",
    "ReconMatrixPE": 128,
    "RepetitionTime": 1.5,
    "SAR": 0.0354974,
    "ScanOptions": "PFP",
    "ScanningSequence": "EP",
    "SequenceName": "epcaipi2d1_128",
    "SequenceVariant": "SK_SS",
    "SeriesDescription": "epi_acc3_shift2_1.5TR_220vol",
    "SeriesNumber": 7,
    "ShimSetting": [
      3394,
      8635,
      9542,
      433,
      93,
      327,
      1419,
      52
    ],
    "SliceThickness": 1.5,
    "SliceTiming": [
      1.0575,
      0,
      0.74,
      0.105,
      0.845,
      0.21,
      0.95,
      0.4225,
      1.1625,
      0.5275,
      1.2875,
      0.6325,
      1.3925,
      0.3175,
      1.0575,
      0,
      0.74,
      0.105,
      0.845,
      0.21,
      0.95,
      0.4225,
      1.1625,
      0.5275,
      1.2875,
      0.6325,
      1.3925,
      0.3175,
      1.0575,
      0,
      0.74,
      0.105,
      0.845,
      0.21,
      0.95,
      0.4225,
      1.1625,
      0.5275,
      1.2875,
      0.6325,
      1.3925,
      0.3175
    ],
    "SoftwareVersions": "syngo_MR_D13",
    "SpacingBetweenSlices": 1.5,
    "StationName": "AWP45031",
    "TaskName": "cue-action-outcome",
    "TotalReadoutTime": 0.119382,
    "TxRefAmp": 354.852,
    "dataset": "ds001946",
    "modality": "bold",
    "run_id": 3,
    "subject_id": "12",
    "task_id": "actions"
  },
  "dummy_trs": 0,
  "dvars_nstd": 80.66864379484016,
  "dvars_std": 1.0428398776712329,
  "dvars_vstd": 0.9991313901826484,
  "efc": 0.6301869316157588,
  "fber": 208.75807189941406,
  "fd_mean": 0.3343497108492873,
  "fd_num": 166,
  "fd_perc": 75.45454545454545,
  "fwhm_avg": 2.948193490803519,
  "fwhm_x": 2.90028,
  "fwhm_y": 3.4270469390238874,
  "fwhm_z": 2.51725353338667,
  "gcor": 0.00606869,
  "gsr_x": -0.019205857068300247,
  "gsr_y": 0.05632102116942406,
  "provenance": {
    "md5sum": "2a0331e1b816091f63890ad90b2e60d6",
    "settings": {
      "fd_thres": 0.2,
      "testing": false
    },
    "software": "mriqc",
    "version": "22.0.6",
    "webapi_port": null,
    "webapi_url": "https://mriqc.nimh.nih.gov/api/v1"
  },
  "size_t": 220,
  "size_x": 128,
  "size_y": 128,
  "size_z": 42,
  "snr": 3.052692080361691,
  "spacing_tr": 1.5,
  "spacing_x": 1.5,
  "spacing_y": 1.4999998807907104,
  "spacing_z": 1.4999998807907104,
  "summary_bg_k": 24.46676879095675,
  "summary_bg_mad": 28.465963726443285,
  "summary_bg_mean": 72.08724212646484,
  "summary_bg_median": 43.03181838989258,
  "summary_bg_n": 393606.0,
  "summary_bg_p05": 18.0,
  "summary_bg_p95": 224.83862686157227,
  "summary_bg_stdv": 89.40021514892578,
  "summary_fg_k": 1.4170826023258476,
  "summary_fg_mad": 205.87276498101102,
  "summary_fg_mean": 675.9454345703125,
  "summary_fg_median": 664.213623046875,
  "summary_fg_n": 190013.0,
  "summary_fg_p05": 346.4708984375,
  "summary_fg_p95": 1044.9126708984375,
  "summary_fg_stdv": 217.58233642578125,
  "tsnr": 17.1608380562393
}