{
  "aor": 0.0010804090909090909,
  "aqi": 0.024000271363636364,
  "bids_meta": {
    "AcquisitionMatrixPE": 128,
    "AcquisitionNumber": 1,
    "AcquisitionTime": "13:53:17.662500",
    "BandwidthPerPixelPhaseEncode": 8.311,
    "BaseResolution": 128,
    "BodyPartExamined": "BRAIN",
    "ConsistencyInfo": "N4_VD13A_LATEST_20120616",
    "ConversionSoftware": "dcm2niix",
    "ConversionSoftwareVersion": "v1.0.20180518 GCC4.8.5",
    "DerivedVendorReportedEchoSpacing": 0.000940019,
    "DeviceSerialNumber": "45031",
    "DwellTime": 3.2e-06,
    "EchoTime": 0.04,
    "EchoTrainLength": 96,
    "EffectiveEchoSpacing": 0.000940019,
    "FlipAngle": 64,
    "ImageOrientationPatientDICOM": [
      1,
      0,
      0,
      0,
      0.973579,
      0.228351
    ],
    "ImageType": [
      "ORIGINAL",
      "PRIMARY",
      "M",
      "ND",
      "MOSAIC"
    ],
    "InPlanePhaseEncodingDirectionDICOM": "COL",
    "InstitutionAddress": "Washington_and_Faculty_Rd._-_Building_25_25_Princeton_NJ_US_085",
    "InstitutionName": "Princeton_University_-_Neuroscience_Institute",
    "InstitutionalDepartmentName": "Department",
    "MRAcquisitionType": "2D",
    "MagneticFieldStrength": 3,
    "Manufacturer": "Siemens",
    "ManufacturersModelName": "Skyra",
    "Modality": "MR",
    "MultibandAccelerationFactor": 3,
    "PartialFourier": 0.75,
    "PatientPosition": "HFS",
    "PercentPhaseFOV": 100,
    "PhaseEncodingDirection": "j-",
    "PhaseEncodingSteps": 96,
    "PhaseResolution": 1,
    "PixelBandwidth": 1220,
    "ProcedureStepDescription": "Turk-BrowneLab_Projects",
    "ProtocolName": "epi_acc3_shift2_1.5TR_220vol",
    "PulseSequenceDetails": "%CustomerSeq%_ep2d_bold_sliceaccl_667A",
    "ReceiveCoilActiveElements": "HE1-4",
    "ReceiveCoilName": "HeadNeck_20",
    "ReconMatrixPE": 128,
    "RepetitionTime": 1.5,
    "SAR": 0.0354974,
    "ScanOptions": "PFP",
    "ScanningSequence": "EP",
    "SequenceName": "epcaipi2d1_128",
    "SequenceVariant": "SK_SS",
    "SeriesDescription": "epi_acc3_shift2_1.5TR_220vol",
    "SeriesNumber": 12,
    "ShimSetting": [
      3394,
      8635,
      9542,
      433,
      93,
      327,
      1419,
      52
    ],
    "SliceThickness": 1.5,
    "SliceTiming": [
      1.0575,
      0,
      0.74,
      0.105,
      0.845,
      0.2125,
      0.95,
      0.4225,
      1.1625,
      0.5275,
      1.2875,
      0.635,
      1.395,
      0.3175,
      1.0575,
      0,
      0.74,
      0.105,
      0.845,
      0.2125,
      0.95,
      0.4225,
      1.1625,
      0.5275,
      1.2875,
      0.635,
      1.395,
      0.3175,
      1.0575,
      0,
      0.74,
      0.105,
      0.845,
      0.2125,
      0.95,
      0.4225,
      1.1625,
      0.5275,
      1.2875,
      0.635,
      1.395,
      0.3175
    ],
    "SoftwareVersions": "syngo_MR_D13",
    "SpacingBetweenSlices": 1.5,
    "StationName": "AWP45031",
    "TaskName": "cue-action-outcome",
    "TotalReadoutTime": 0.119382,
    "TxRefAmp": 354.852,
    "dataset": "ds001946",
    "modality": "bold",
    "run_id": 8,
    "subject_id": "12",
    "task_id": "actions"
  },
  "dummy_trs": 0,
  "dvars_nstd": 71.11342634771692,
  "dvars_std": 1.0472468849771686,
  "dvars_vstd": 1.0077221486757983,
  "efc": 0.6303905576079205,
  "fber": 213.41909790039062,
  "fd_mean": 0.21232926251458528,
  "fd_num": 116,
  "fd_perc": 52.72727272727273,
  "fwhm_avg": 3.0031623833716488,
  "fwhm_x": 2.9263,
  "fwhm_y": 3.4330869395039034,
  "fwhm_z": 2.6501002106110425,
  "gcor": 0.00517324,
  "gsr_x": -0.01876915618777275,
  "gsr_y": 0.057847704738378525,
  "provenance": {
    "md5sum": "eba2ec0fb11547b6bb0bed9236af2dd1",
    "settings": {
      "fd_thres": 0.2,
      "testing": false
    },
    "software": "mriqc",
    "version": "22.0.6",
    "webapi_port": null,
    "webapi_url": "https://mriqc.nimh.nih.gov/api/v1"
  },
  "size_t": 220,
  "size_x": 128,
  "size_y": 128,
  "size_z": 42,
  "snr": 3.0844121432567864,
  "spacing_tr": 1.5,
  "spacing_x": 1.5,
  "spacing_y": 1.4999998807907104,
  "spacing_z": 1.4999998807907104,
  "summary_bg_k": 23.94108859614823,
  "summary_bg_mad": 28.634437909281548,
  "summary_bg_mean": 72.80219268798828,
  "summary_bg_median": 42.909088134765625,
  "summary_bg_n": 392471.0,
  "summary_bg_p05": 17.91363525390625,
  "summary_bg_p95": 229.0318145751953,
  "summary_bg_stdv": 91.03466796875,
  "summary_fg_k": 1.2256010378506712,
  "summary_fg_mad": 205.99411322167362,
  "summary_fg_mean": 677.2652587890625,
  "summary_fg_median": 666.2772216796875,
  "summary_fg_n": 190730.0,
  "summary_fg_p05": 347.2268096923828,
  "summary_fg_p95": 1044.1265319824215,
  "summary_fg_stdv": 216.01376342773438,
  "tsnr": 19.80433864466613
}