{
  "aor": 0.00037553846153846155,
  "aqi": 0.018159659999999998,
  "bids_meta": {
    "AcquisitionMatrixPE": 128,
    "AcquisitionNumber": 1,
    "AcquisitionTime": "13:59:56.852500",
    "BandwidthPerPixelPhaseEncode": 8.311,
    "BaseResolution": 128,
    "BodyPartExamined": "BRAIN",
    "ConsistencyInfo": "N4_VD13A_LATEST_20120616",
    "ConversionSoftware": "dcm2niix",
    "ConversionSoftwareVersion": "v1.0.20180518 GCC4.8.5",
    "DerivedVendorReportedEchoSpacing": 0.000940019,
    "DeviceSerialNumber": "45031",
    "DwellTime": 3.2e-06,
    "EchoTime": 0.04,
    "EchoTrainLength": 96,
    "EffectiveEchoSpacing": 0.000940019,
    "FlipAngle": 64,
    "ImageOrientationPatientDICOM": [
      1,
      0,
      0,
      0,
      0.973579,
      0.228351
    ],
    "ImageType": [
      "ORIGINAL",
      "PRIMARY",
      "M",
      "ND",
      "MOSAIC"
    ],
    "InPlanePhaseEncodingDirectionDICOM": "COL",
    "InstitutionAddress": "Washington_and_Faculty_Rd._-_Building_25_25_Princeton_NJ_US_085",
    "InstitutionName": "Princeton_University_-_Neuroscience_Institute",
    "InstitutionalDepartmentName": "Department",
    "MRAcquisitionType": "2D",
    "MagneticFieldStrength": 3,
    "Manufacturer": "Siemens",
    "ManufacturersModelName": "Skyra",
    "Modality": "MR",
    "MultibandAccelerationFactor": 3,
    "PartialFourier": 0.75,
    "PatientPosition": "HFS",
    "PercentPhaseFOV": 100,
    "PhaseEncodingDirection": "j-",
    "PhaseEncodingSteps": 96,
    "PhaseResolution": 1,
    "PixelBandwidth": 1220,
    "ProcedureStepDescription": "Turk-BrowneLab_Projects",
    "ProtocolName": "epi_acc3_shift2_1.5TR_260vol",
    "PulseSequenceDetails": "%CustomerSeq%_ep2d_bold_sliceaccl_667A",
    "ReceiveCoilActiveElements": "HE1-4",
    "ReceiveCoilName": "HeadNeck_20",
    "ReconMatrixPE": 128,
    "RepetitionTime": 1.5,
    "SAR": 0.0355326,
    "ScanOptions": "PFP",
    "ScanningSequence": "EP",
    "SequenceName": "epcaipi2d1_128",
    "SequenceVariant": "SK_SS",
    "SeriesDescription": "epi_acc3_shift2_1.5TR_260vol",
    "SeriesNumber": 13,
    "ShimSetting": [
      3394,
      8635,
      9542,
      433,
      93,
      327,
      1419,
      52
    ],
    "SliceThickness": 1.5,
    "SliceTiming": [
      1.0575,
      0,
      0.74,
      0.105,
      0.845,
      0.21,
      0.95,
      0.4225,
      1.1625,
      0.5275,
      1.2875,
      0.635,
      1.395,
      0.3175,
      1.0575,
      0,
      0.74,
      0.105,
      0.845,
      0.21,
      0.95,
      0.4225,
      1.1625,
      0.5275,
      1.2875,
      0.635,
      1.395,
      0.3175,
      1.0575,
      0,
      0.74,
      0.105,
      0.845,
      0.21,
      0.95,
      0.4225,
      1.1625,
      0.5275,
      1.2875,
      0.635,
      1.395,
      0.3175
    ],
    "SoftwareVersions": "syngo_MR_D13",
    "SpacingBetweenSlices": 1.5,
    "StationName": "AWP45031",
    "TaskName": "Functional Localizer",
    "TotalReadoutTime": 0.119382,
    "TxRefAmp": 354.852,
    "dataset": "ds001946",
    "modality": "bold",
    "subject_id": "12",
    "task_id": "loc"
  },
  "dummy_trs": 0,
  "dvars_nstd": 70.97961081127416,
  "dvars_std": 1.0453825574903475,
  "dvars_vstd": 0.9974884438996141,
  "efc": 0.6303623127122335,
  "fber": 218.5568389892578,
  "fd_mean": 0.19823689115212623,
  "fd_num": 129,
  "fd_perc": 49.61538461538461,
  "fwhm_avg": 3.045033498870015,
  "fwhm_x": 2.8863,
  "fwhm_y": 3.3595936003298443,
  "fwhm_z": 2.889206896280201,
  "gcor": 0.00311236,
  "gsr_x": -0.015398168005049229,
  "gsr_y": 0.054740872234106064,
  "provenance": {
    "md5sum": "bb5b1be3a8e32cc3f9457da2af290fcb",
    "settings": {
      "fd_thres": 0.2,
      "testing": false
    },
    "software": "mriqc",
    "version": "22.0.6",
    "webapi_port": null,
    "webapi_url": "https://mriqc.nimh.nih.gov/api/v1"
  },
  "size_t": 260,
  "size_x": 128,
  "size_y": 128,
  "size_z": 42,
  "snr": 3.0838646892650483,
  "spacing_tr": 1.5,
  "spacing_x": 1.5,
  "spacing_y": 1.4999998807907104,
  "spacing_z": 1.4999998807907104,
  "summary_bg_k": 24.951993922832916,
  "summary_bg_mad": 27.82730187294854,
  "summary_bg_mean": 73.01754760742188,
  "summary_bg_median": 42.657691955566406,
  "summary_bg_n": 393332.0,
  "summary_bg_p05": 18.173076629638672,
  "summary_bg_p95": 231.88076782226562,
  "summary_bg_stdv": 91.83506774902344,
  "summary_fg_k": 1.3052992962424046,
  "summary_fg_mad": 205.51152547562316,
  "summary_fg_mean": 678.4520874023438,
  "summary_fg_median": 666.7922973632812,
  "summary_fg_n": 190221.0,
  "summary_fg_p05": 347.8692321777344,
  "summary_fg_p95": 1044.8345947265625,
  "summary_fg_stdv": 216.21913146972656,
  "tsnr": 20.85233751987107
}