{
  "aor": 0.0011617272727272728,
  "aqi": 0.030377123181818177,
  "bids_meta": {
    "AcquisitionMatrixPE": 128,
    "AcquisitionNumber": 1,
    "AcquisitionTime": "13:15:38.952500",
    "BandwidthPerPixelPhaseEncode": 8.311,
    "BaseResolution": 128,
    "BodyPartExamined": "BRAIN",
    "ConsistencyInfo": "N4_VD13A_LATEST_20120616",
    "ConversionSoftware": "dcm2niix",
    "ConversionSoftwareVersion": "v1.0.20180518 GCC4.8.5",
    "DerivedVendorReportedEchoSpacing": 0.000940019,
    "DeviceSerialNumber": "45031",
    "DwellTime": 3.2e-06,
    "EchoTime": 0.04,
    "EchoTrainLength": 96,
    "EffectiveEchoSpacing": 0.000940019,
    "FlipAngle": 64,
    "ImageOrientationPatientDICOM": [
      1,
      0,
      0,
      0,
      0.973579,
      0.228351
    ],
    "ImageType": [
      "ORIGINAL",
      "PRIMARY",
      "M",
      "ND",
      "MOSAIC"
    ],
    "InPlanePhaseEncodingDirectionDICOM": "COL",
    "InstitutionAddress": "Washington_and_Faculty_Rd._-_Building_25_25_Princeton_NJ_US_085",
    "InstitutionName": "Princeton_University_-_Neuroscience_Institute",
    "InstitutionalDepartmentName": "Department",
    "MRAcquisitionType": "2D",
    "MagneticFieldStrength": 3,
    "Manufacturer": "Siemens",
    "ManufacturersModelName": "Skyra",
    "Modality": "MR",
    "MultibandAccelerationFactor": 3,
    "PartialFourier": 0.75,
    "PatientPosition": "HFS",
    "PercentPhaseFOV": 100,
    "PhaseEncodingDirection": "j-",
    "PhaseEncodingSteps": 96,
    "PhaseResolution": 1,
    "PixelBandwidth": 1220,
    "ProcedureStepDescription": "Turk-BrowneLab_Projects",
    "ProtocolName": "epi_acc3_shift2_1.5TR_220vol",
    "PulseSequenceDetails": "%CustomerSeq%_ep2d_bold_sliceaccl_667A",
    "ReceiveCoilActiveElements": "HE1-4",
    "ReceiveCoilName": "HeadNeck_20",
    "ReconMatrixPE": 128,
    "RepetitionTime": 1.5,
    "SAR": 0.0354974,
    "ScanOptions": "PFP",
    "ScanningSequence": "EP",
    "SequenceName": "epcaipi2d1_128",
    "SequenceVariant": "SK_SS",
    "SeriesDescription": "epi_acc3_shift2_1.5TR_220vol",
    "SeriesNumber": 6,
    "ShimSetting": [
      3394,
      8635,
      9542,
      433,
      93,
      327,
      1419,
      52
    ],
    "SliceThickness": 1.5,
    "SliceTiming": [
      1.0575,
      0,
      0.74,
      0.105,
      0.845,
      0.21,
      0.95,
      0.4225,
      1.1625,
      0.5275,
      1.2875,
      0.635,
      1.395,
      0.3175,
      1.0575,
      0,
      0.74,
      0.105,
      0.845,
      0.21,
      0.95,
      0.4225,
      1.1625,
      0.5275,
      1.2875,
      0.635,
      1.395,
      0.3175,
      1.0575,
      0,
      0.74,
      0.105,
      0.845,
      0.21,
      0.95,
      0.4225,
      1.1625,
      0.5275,
      1.2875,
      0.635,
      1.395,
      0.3175
    ],
    "SoftwareVersions": "syngo_MR_D13",
    "SpacingBetweenSlices": 1.5,
    "StationName": "AWP45031",
    "TaskName": "cue-action-outcome",
    "TotalReadoutTime": 0.119382,
    "TxRefAmp": 354.852,
    "dataset": "ds001946",
    "modality": "bold",
    "run_id": 2,
    "subject_id": "12",
    "task_id": "actions"
  },
  "dummy_trs": 0,
  "dvars_nstd": 76.82625231479459,
  "dvars_std": 1.0544856419178086,
  "dvars_vstd": 1.0071495324200914,
  "efc": 0.6304257651988233,
  "fber": 211.3426055908203,
  "fd_mean": 0.3025975121802699,
  "fd_num": 162,
  "fd_perc": 73.63636363636364,
  "fwhm_avg": 2.8756379299561305,
  "fwhm_x": 2.8823733333333332,
  "fwhm_y": 3.391473602863439,
  "fwhm_z": 2.3530668536716184,
  "gcor": 0.00402587,
  "gsr_x": -0.0202176496386528,
  "gsr_y": 0.05724043399095535,
  "provenance": {
    "md5sum": "f8a33c9adeae94bcc00e6531948bb6c5",
    "settings": {
      "fd_thres": 0.2,
      "testing": false
    },
    "software": "mriqc",
    "version": "22.0.6",
    "webapi_port": null,
    "webapi_url": "https://mriqc.nimh.nih.gov/api/v1"
  },
  "size_t": 220,
  "size_x": 128,
  "size_y": 128,
  "size_z": 42,
  "snr": 3.038712533887802,
  "spacing_tr": 1.5,
  "spacing_x": 1.5,
  "spacing_y": 1.4999998807907104,
  "spacing_z": 1.4999998807907104,
  "summary_bg_k": 25.919431244143585,
  "summary_bg_mad": 28.152593884970816,
  "summary_bg_mean": 72.038818359375,
  "summary_bg_median": 42.724998474121094,
  "summary_bg_n": 392630.0,
  "summary_bg_p05": 18.081817626953125,
  "summary_bg_p95": 225.61613311767573,
  "summary_bg_stdv": 90.82780456542969,
  "summary_fg_k": 1.5187552968639295,
  "summary_fg_mad": 205.97393376032554,
  "summary_fg_mean": 676.1502685546875,
  "summary_fg_median": 663.3954467773438,
  "summary_fg_n": 190531.0,
  "summary_fg_p05": 346.95225524902344,
  "summary_fg_p95": 1048.3477172851562,
  "summary_fg_stdv": 218.31407165527344,
  "tsnr": 18.509939299547113
}