{
  "aor": 0.0006104999999999999,
  "aqi": 0.031744264545454544,
  "bids_meta": {
    "AcquisitionMatrixPE": 128,
    "AcquisitionNumber": 1,
    "AcquisitionTime": "12:30:11.937500",
    "BandwidthPerPixelPhaseEncode": 8.311,
    "BaseResolution": 128,
    "BodyPartExamined": "BRAIN",
    "ConsistencyInfo": "N4_VD13A_LATEST_20120616",
    "ConversionSoftware": "dcm2niix",
    "ConversionSoftwareVersion": "v1.0.20180518 GCC4.8.5",
    "DerivedVendorReportedEchoSpacing": 0.000940019,
    "DeviceSerialNumber": "45031",
    "DwellTime": 3.2e-06,
    "EchoTime": 0.04,
    "EchoTrainLength": 96,
    "EffectiveEchoSpacing": 0.000940019,
    "FlipAngle": 64,
    "ImageOrientationPatientDICOM": [
      1,
      0,
      0,
      0,
      0.948324,
      0.317305
    ],
    "ImageType": [
      "ORIGINAL",
      "PRIMARY",
      "M",
      "ND",
      "MOSAIC"
    ],
    "InPlanePhaseEncodingDirectionDICOM": "COL",
    "InstitutionAddress": "Washington_and_Faculty_Rd._-_Building_25_25_Princeton_NJ_US_085",
    "InstitutionName": "Princeton_University_-_Neuroscience_Institute",
    "InstitutionalDepartmentName": "Department",
    "MRAcquisitionType": "2D",
    "MagneticFieldStrength": 3,
    "Manufacturer": "Siemens",
    "ManufacturersModelName": "Skyra",
    "Modality": "MR",
    "MultibandAccelerationFactor": 3,
    "PartialFourier": 0.75,
    "PatientPosition": "HFS",
    "PercentPhaseFOV": 100,
    "PhaseEncodingDirection": "j-",
    "PhaseEncodingSteps": 96,
    "PhaseResolution": 1,
    "PixelBandwidth": 1220,
    "ProcedureStepDescription": "Turk-BrowneLab_Projects",
    "ProtocolName": "epi_acc3_shift2_1.5TR_220vol",
    "PulseSequenceDetails": "%CustomerSeq%_ep2d_bold_sliceaccl_667A",
    "ReceiveCoilActiveElements": "HE1-4",
    "ReceiveCoilName": "HeadNeck_20",
    "ReconMatrixPE": 128,
    "RepetitionTime": 1.5,
    "SAR": 0.040518,
    "ScanOptions": "PFP",
    "ScanningSequence": "EP",
    "SequenceName": "epcaipi2d1_128",
    "SequenceVariant": "SK_SS",
    "SeriesDescription": "epi_acc3_shift2_1.5TR_220vol",
    "SeriesNumber": 10,
    "ShimSetting": [
      3370,
      8565,
      9454,
      589,
      -59,
      11,
      516,
      158
    ],
    "SliceThickness": 1.5,
    "SliceTiming": [
      1.055,
      0,
      0.74,
      0.105,
      0.845,
      0.21,
      0.95,
      0.4225,
      1.1625,
      0.5275,
      1.2875,
      0.6325,
      1.3925,
      0.315,
      1.055,
      0,
      0.74,
      0.105,
      0.845,
      0.21,
      0.95,
      0.4225,
      1.1625,
      0.5275,
      1.2875,
      0.6325,
      1.3925,
      0.315,
      1.055,
      0,
      0.74,
      0.105,
      0.845,
      0.21,
      0.95,
      0.4225,
      1.1625,
      0.5275,
      1.2875,
      0.6325,
      1.3925,
      0.315
    ],
    "SoftwareVersions": "syngo_MR_D13",
    "SpacingBetweenSlices": 1.5,
    "StationName": "AWP45031",
    "TaskName": "cue-action-outcome",
    "TotalReadoutTime": 0.119382,
    "TxRefAmp": 344.478,
    "dataset": "ds001946",
    "modality": "bold",
    "run_id": 6,
    "subject_id": "23",
    "task_id": "actions"
  },
  "dummy_trs": 0,
  "dvars_nstd": 73.95457737219179,
  "dvars_std": 1.0953637420547953,
  "dvars_vstd": 0.9995413105936074,
  "efc": 0.6453289982982612,
  "fber": 162.70733642578125,
  "fd_mean": 0.15458990371386322,
  "fd_num": 62,
  "fd_perc": 28.181818181818183,
  "fwhm_avg": 2.655642222222222,
  "fwhm_x": 2.50628,
  "fwhm_y": 2.98486,
  "fwhm_z": 2.4757866666666666,
  "gcor": 0.00172068,
  "gsr_x": -0.009253691881895065,
  "gsr_y": 0.05823039263486862,
  "provenance": {
    "md5sum": "e5682f6a629c75a5ba67453871cde28a",
    "settings": {
      "fd_thres": 0.2,
      "testing": false
    },
    "software": "mriqc",
    "version": "22.0.6",
    "webapi_port": null,
    "webapi_url": "https://mriqc.nimh.nih.gov/api/v1"
  },
  "size_t": 220,
  "size_x": 128,
  "size_y": 128,
  "size_z": 42,
  "snr": 4.406857318770908,
  "spacing_tr": 1.5,
  "spacing_x": 1.5,
  "spacing_y": 1.5,
  "spacing_z": 1.5,
  "summary_bg_k": 16.34866739514163,
  "summary_bg_mad": 32.77224550778874,
  "summary_bg_mean": 81.94722747802734,
  "summary_bg_median": 50.763633728027344,
  "summary_bg_n": 414579.0,
  "summary_bg_p05": 20.563634872436523,
  "summary_bg_p95": 268.9549835205077,
  "summary_bg_stdv": 93.69412231445312,
  "summary_fg_k": 0.8390903211616316,
  "summary_fg_mad": 139.65445075790265,
  "summary_fg_mean": 659.571533203125,
  "summary_fg_median": 662.5090942382812,
  "summary_fg_n": 175885.0,
  "summary_fg_p05": 413.7372680664063,
  "summary_fg_p95": 899.7308959960938,
  "summary_fg_stdv": 150.3355255126953,
  "tsnr": 20.85861989413388
}