{
  "aor": 0.0007386363636363638,
  "aqi": 0.02089564136363636,
  "bids_meta": {
    "AcquisitionMatrixPE": 128,
    "AcquisitionNumber": 1,
    "AcquisitionTime": "11:47:58.930000",
    "BandwidthPerPixelPhaseEncode": 8.311,
    "BaseResolution": 128,
    "BodyPartExamined": "BRAIN",
    "ConsistencyInfo": "N4_VD13A_LATEST_20120616",
    "ConversionSoftware": "dcm2niix",
    "ConversionSoftwareVersion": "v1.0.20180518 GCC4.8.5",
    "DerivedVendorReportedEchoSpacing": 0.000940019,
    "DeviceSerialNumber": "45031",
    "DwellTime": 3.2e-06,
    "EchoTime": 0.04,
    "EchoTrainLength": 96,
    "EffectiveEchoSpacing": 0.000940019,
    "FlipAngle": 64,
    "ImageOrientationPatientDICOM": [
      1,
      0,
      0,
      0,
      0.875464,
      0.483282
    ],
    "ImageType": [
      "ORIGINAL",
      "PRIMARY",
      "M",
      "ND",
      "MOSAIC"
    ],
    "InPlanePhaseEncodingDirectionDICOM": "COL",
    "InstitutionAddress": "Washington_and_Faculty_Rd._-_Building_25_25_Princeton_NJ_US_085",
    "InstitutionName": "Princeton_University_-_Neuroscience_Institute",
    "InstitutionalDepartmentName": "Department",
    "MRAcquisitionType": "2D",
    "MagneticFieldStrength": 3,
    "Manufacturer": "Siemens",
    "ManufacturersModelName": "Skyra",
    "Modality": "MR",
    "MultibandAccelerationFactor": 3,
    "PartialFourier": 0.75,
    "PatientPosition": "HFS",
    "PercentPhaseFOV": 100,
    "PhaseEncodingDirection": "j-",
    "PhaseEncodingSteps": 96,
    "PhaseResolution": 1,
    "PixelBandwidth": 1220,
    "ProcedureStepDescription": "Turk-BrowneLab_Projects",
    "ProtocolName": "epi_acc3_shift2_1.5TR_220vol",
    "PulseSequenceDetails": "%CustomerSeq%_ep2d_bold_sliceaccl_667A",
    "ReceiveCoilActiveElements": "HE1-4",
    "ReceiveCoilName": "HeadNeck_20",
    "ReconMatrixPE": 128,
    "RepetitionTime": 1.5,
    "SAR": 0.0395407,
    "ScanOptions": "PFP",
    "ScanningSequence": "EP",
    "SequenceName": "epcaipi2d1_128",
    "SequenceVariant": "SK_SS",
    "SeriesDescription": "epi_acc3_shift2_1.5TR_220vol",
    "SeriesNumber": 9,
    "ShimSetting": [
      3350,
      8364,
      9422,
      454,
      38,
      -693,
      1163,
      173
    ],
    "SliceThickness": 1.5,
    "SliceTiming": [
      1.0575,
      0,
      0.74,
      0.105,
      0.845,
      0.2125,
      0.9525,
      0.4225,
      1.1625,
      0.5275,
      1.2875,
      0.635,
      1.395,
      0.3175,
      1.0575,
      0,
      0.74,
      0.105,
      0.845,
      0.2125,
      0.9525,
      0.4225,
      1.1625,
      0.5275,
      1.2875,
      0.635,
      1.395,
      0.3175,
      1.0575,
      0,
      0.74,
      0.105,
      0.845,
      0.2125,
      0.9525,
      0.4225,
      1.1625,
      0.5275,
      1.2875,
      0.635,
      1.395,
      0.3175
    ],
    "SoftwareVersions": "syngo_MR_D13",
    "SpacingBetweenSlices": 1.5,
    "StationName": "AWP45031",
    "TaskName": "cue-action-outcome",
    "TotalReadoutTime": 0.119382,
    "TxRefAmp": 334.098,
    "dataset": "ds001946",
    "modality": "bold",
    "run_id": 5,
    "subject_id": "10",
    "task_id": "actions"
  },
  "dummy_trs": 0,
  "dvars_nstd": 78.95401035812787,
  "dvars_std": 1.0652506843835612,
  "dvars_vstd": 1.0071148512785397,
  "efc": 0.6079960337331941,
  "fber": 215.47984313964844,
  "fd_mean": 0.24822315841916667,
  "fd_num": 147,
  "fd_perc": 66.81818181818181,
  "fwhm_avg": 3.153884444444445,
  "fwhm_x": 2.918286666666667,
  "fwhm_y": 3.5323466666666667,
  "fwhm_z": 3.0110200000000003,
  "gcor": 0.00165327,
  "gsr_x": -0.009781371802091599,
  "gsr_y": 0.07105520367622375,
  "provenance": {
    "md5sum": "c8f20962b038d82d04d53a62d348c895",
    "settings": {
      "fd_thres": 0.2,
      "testing": false
    },
    "software": "mriqc",
    "version": "22.0.6",
    "webapi_port": null,
    "webapi_url": "https://mriqc.nimh.nih.gov/api/v1"
  },
  "size_t": 220,
  "size_x": 128,
  "size_y": 128,
  "size_z": 42,
  "snr": 3.361780166499445,
  "spacing_tr": 1.5,
  "spacing_x": 1.5,
  "spacing_y": 1.5,
  "spacing_z": 1.5,
  "summary_bg_k": 30.757872520522163,
  "summary_bg_mad": 26.329666860647205,
  "summary_bg_mean": 61.28866958618164,
  "summary_bg_median": 38.79090881347656,
  "summary_bg_n": 422257.0,
  "summary_bg_p05": 18.30908966064453,
  "summary_bg_p95": 187.5699951171871,
  "summary_bg_stdv": 71.24480438232422,
  "summary_fg_k": 0.27069088045866563,
  "summary_fg_mad": 169.57597690332656,
  "summary_fg_mean": 610.9332275390625,
  "summary_fg_median": 599.0136108398438,
  "summary_fg_n": 162095.0,
  "summary_fg_p05": 339.8277252197266,
  "summary_fg_p95": 924.3045043945312,
  "summary_fg_stdv": 178.1829071044922,
  "tsnr": 19.099102711305022
}