{
  "aor": 0.000624109589041096,
  "aqi": 0.019868494977168954,
  "bids_meta": {
    "AcquisitionMatrixPE": 128,
    "AcquisitionNumber": 1,
    "AcquisitionTime": "11:30:14.065000",
    "BandwidthPerPixelPhaseEncode": 8.311,
    "BaseResolution": 128,
    "BodyPartExamined": "BRAIN",
    "ConsistencyInfo": "N4_VD13A_LATEST_20120616",
    "ConversionSoftware": "dcm2niix",
    "ConversionSoftwareVersion": "v1.0.20180518 GCC4.8.5",
    "DerivedVendorReportedEchoSpacing": 0.000940019,
    "DeviceSerialNumber": "45031",
    "DwellTime": 3.2e-06,
    "EchoTime": 0.04,
    "EchoTrainLength": 96,
    "EffectiveEchoSpacing": 0.000940019,
    "FlipAngle": 64,
    "ImageOrientationPatientDICOM": [
      1,
      0,
      0,
      0,
      0.875464,
      0.483282
    ],
    "ImageType": [
      "ORIGINAL",
      "PRIMARY",
      "M",
      "ND",
      "MOSAIC"
    ],
    "InPlanePhaseEncodingDirectionDICOM": "COL",
    "InstitutionAddress": "Washington_and_Faculty_Rd._-_Building_25_25_Princeton_NJ_US_085",
    "InstitutionName": "Princeton_University_-_Neuroscience_Institute",
    "InstitutionalDepartmentName": "Department",
    "MRAcquisitionType": "2D",
    "MagneticFieldStrength": 3,
    "Manufacturer": "Siemens",
    "ManufacturersModelName": "Skyra",
    "Modality": "MR",
    "MultibandAccelerationFactor": 3,
    "PartialFourier": 0.75,
    "PatientPosition": "HFS",
    "PercentPhaseFOV": 100,
    "PhaseEncodingDirection": "j-",
    "PhaseEncodingSteps": 96,
    "PhaseResolution": 1,
    "PixelBandwidth": 1220,
    "ProcedureStepDescription": "Turk-BrowneLab_Projects",
    "ProtocolName": "epi_acc3_shift2_1.5TR_220vol",
    "PulseSequenceDetails": "%CustomerSeq%_ep2d_bold_sliceaccl_667A",
    "ReceiveCoilActiveElements": "HE1-4",
    "ReceiveCoilName": "HeadNeck_20",
    "ReconMatrixPE": 128,
    "RepetitionTime": 1.5,
    "SAR": 0.0395407,
    "ScanOptions": "PFP",
    "ScanningSequence": "EP",
    "SequenceName": "epcaipi2d1_128",
    "SequenceVariant": "SK_SS",
    "SeriesDescription": "epi_acc3_shift2_1.5TR_220vol",
    "SeriesNumber": 6,
    "ShimSetting": [
      3350,
      8364,
      9422,
      454,
      38,
      -693,
      1163,
      173
    ],
    "SliceThickness": 1.5,
    "SliceTiming": [
      1.055,
      0,
      0.74,
      0.105,
      0.845,
      0.21,
      0.95,
      0.4225,
      1.1625,
      0.5275,
      1.2875,
      0.6325,
      1.3925,
      0.3175,
      1.055,
      0,
      0.74,
      0.105,
      0.845,
      0.21,
      0.95,
      0.4225,
      1.1625,
      0.5275,
      1.2875,
      0.6325,
      1.3925,
      0.3175,
      1.055,
      0,
      0.74,
      0.105,
      0.845,
      0.21,
      0.95,
      0.4225,
      1.1625,
      0.5275,
      1.2875,
      0.6325,
      1.3925,
      0.3175
    ],
    "SoftwareVersions": "syngo_MR_D13",
    "SpacingBetweenSlices": 1.5,
    "StationName": "AWP45031",
    "TaskName": "cue-action-outcome",
    "TotalReadoutTime": 0.119382,
    "TxRefAmp": 334.098,
    "dataset": "ds001946",
    "modality": "bold",
    "run_id": 2,
    "subject_id": "10",
    "task_id": "actions"
  },
  "dummy_trs": 1,
  "dvars_nstd": 76.11184783380733,
  "dvars_std": 1.0595786438532104,
  "dvars_vstd": 1.0101854338532112,
  "efc": 0.6063777982677441,
  "fber": 222.90838623046875,
  "fd_mean": 0.25007956948741844,
  "fd_num": 154,
  "fd_perc": 70.31963470319634,
  "fwhm_avg": 3.0579933333333336,
  "fwhm_x": 2.8431333333333337,
  "fwhm_y": 3.430213333333333,
  "fwhm_z": 2.9006333333333334,
  "gcor": 0.00188574,
  "gsr_x": -0.009308463893830776,
  "gsr_y": 0.07779473811388016,
  "provenance": {
    "md5sum": "ceaf0c1f125705b6764a5bc64d9c7649",
    "settings": {
      "fd_thres": 0.2,
      "testing": false
    },
    "software": "mriqc",
    "version": "22.0.6",
    "webapi_port": null,
    "webapi_url": "https://mriqc.nimh.nih.gov/api/v1"
  },
  "size_t": 219,
  "size_x": 128,
  "size_y": 128,
  "size_z": 42,
  "snr": 3.434495231273044,
  "spacing_tr": 1.5,
  "spacing_x": 1.5,
  "spacing_y": 1.5,
  "spacing_z": 1.5,
  "summary_bg_k": 27.843860607137664,
  "summary_bg_mad": 26.382193975913513,
  "summary_bg_mean": 63.19057846069336,
  "summary_bg_median": 38.71232604980469,
  "summary_bg_n": 427883.0,
  "summary_bg_p05": 18.210044860839844,
  "summary_bg_p95": 204.70227355957,
  "summary_bg_stdv": 75.83268737792969,
  "summary_fg_k": 0.2967493088977786,
  "summary_fg_mad": 166.31545555102647,
  "summary_fg_mean": 614.308349609375,
  "summary_fg_median": 603.305908203125,
  "summary_fg_n": 159873.0,
  "summary_fg_p05": 347.4365234375,
  "summary_fg_p95": 922.7278198242187,
  "summary_fg_stdv": 175.66017150878906,
  "tsnr": 19.573697320884094
}