{
  "aor": 0.0006259545454545454,
  "aqi": 0.020450136818181818,
  "bids_meta": {
    "AcquisitionMatrixPE": 128,
    "AcquisitionNumber": 1,
    "AcquisitionTime": "11:36:8.400000",
    "BandwidthPerPixelPhaseEncode": 8.311,
    "BaseResolution": 128,
    "BodyPartExamined": "BRAIN",
    "ConsistencyInfo": "N4_VD13A_LATEST_20120616",
    "ConversionSoftware": "dcm2niix",
    "ConversionSoftwareVersion": "v1.0.20180518 GCC4.8.5",
    "DerivedVendorReportedEchoSpacing": 0.000940019,
    "DeviceSerialNumber": "45031",
    "DwellTime": 3.2e-06,
    "EchoTime": 0.04,
    "EchoTrainLength": 96,
    "EffectiveEchoSpacing": 0.000940019,
    "FlipAngle": 64,
    "ImageOrientationPatientDICOM": [
      1,
      0,
      0,
      0,
      0.875464,
      0.483282
    ],
    "ImageType": [
      "ORIGINAL",
      "PRIMARY",
      "M",
      "ND",
      "MOSAIC"
    ],
    "InPlanePhaseEncodingDirectionDICOM": "COL",
    "InstitutionAddress": "Washington_and_Faculty_Rd._-_Building_25_25_Princeton_NJ_US_085",
    "InstitutionName": "Princeton_University_-_Neuroscience_Institute",
    "InstitutionalDepartmentName": "Department",
    "MRAcquisitionType": "2D",
    "MagneticFieldStrength": 3,
    "Manufacturer": "Siemens",
    "ManufacturersModelName": "Skyra",
    "Modality": "MR",
    "MultibandAccelerationFactor": 3,
    "PartialFourier": 0.75,
    "PatientPosition": "HFS",
    "PercentPhaseFOV": 100,
    "PhaseEncodingDirection": "j-",
    "PhaseEncodingSteps": 96,
    "PhaseResolution": 1,
    "PixelBandwidth": 1220,
    "ProcedureStepDescription": "Turk-BrowneLab_Projects",
    "ProtocolName": "epi_acc3_shift2_1.5TR_220vol",
    "PulseSequenceDetails": "%CustomerSeq%_ep2d_bold_sliceaccl_667A",
    "ReceiveCoilActiveElements": "HE1-4",
    "ReceiveCoilName": "HeadNeck_20",
    "ReconMatrixPE": 128,
    "RepetitionTime": 1.5,
    "SAR": 0.0395407,
    "ScanOptions": "PFP",
    "ScanningSequence": "EP",
    "SequenceName": "epcaipi2d1_128",
    "SequenceVariant": "SK_SS",
    "SeriesDescription": "epi_acc3_shift2_1.5TR_220vol",
    "SeriesNumber": 7,
    "ShimSetting": [
      3350,
      8364,
      9422,
      454,
      38,
      -693,
      1163,
      173
    ],
    "SliceThickness": 1.5,
    "SliceTiming": [
      1.0575,
      0,
      0.74,
      0.105,
      0.845,
      0.2125,
      0.95,
      0.4225,
      1.1625,
      0.5275,
      1.2875,
      0.635,
      1.395,
      0.3175,
      1.0575,
      0,
      0.74,
      0.105,
      0.845,
      0.2125,
      0.95,
      0.4225,
      1.1625,
      0.5275,
      1.2875,
      0.635,
      1.395,
      0.3175,
      1.0575,
      0,
      0.74,
      0.105,
      0.845,
      0.2125,
      0.95,
      0.4225,
      1.1625,
      0.5275,
      1.2875,
      0.635,
      1.395,
      0.3175
    ],
    "SoftwareVersions": "syngo_MR_D13",
    "SpacingBetweenSlices": 1.5,
    "StationName": "AWP45031",
    "TaskName": "cue-action-outcome",
    "TotalReadoutTime": 0.119382,
    "TxRefAmp": 334.098,
    "dataset": "ds001946",
    "modality": "bold",
    "run_id": 3,
    "subject_id": "10",
    "task_id": "actions"
  },
  "dummy_trs": 0,
  "dvars_nstd": 76.57222402885844,
  "dvars_std": 1.048640533561644,
  "dvars_vstd": 1.0028538999999992,
  "efc": 0.6069211512377961,
  "fber": 221.99310302734375,
  "fd_mean": 0.24117788272886506,
  "fd_num": 130,
  "fd_perc": 59.09090909090909,
  "fwhm_avg": 3.1419511111111116,
  "fwhm_x": 2.9075466666666667,
  "fwhm_y": 3.51768,
  "fwhm_z": 3.0006266666666668,
  "gcor": 0.0022775,
  "gsr_x": -0.010629667900502682,
  "gsr_y": 0.07177629321813583,
  "provenance": {
    "md5sum": "306f3ddb482bb71f5889bdd5bda56222",
    "settings": {
      "fd_thres": 0.2,
      "testing": false
    },
    "software": "mriqc",
    "version": "22.0.6",
    "webapi_port": null,
    "webapi_url": "https://mriqc.nimh.nih.gov/api/v1"
  },
  "size_t": 220,
  "size_x": 128,
  "size_y": 128,
  "size_z": 42,
  "snr": 3.3827623277784338,
  "spacing_tr": 1.5,
  "spacing_x": 1.5,
  "spacing_y": 1.5,
  "spacing_z": 1.5,
  "summary_bg_k": 32.83126561489021,
  "summary_bg_mad": 25.830974569700853,
  "summary_bg_mean": 60.46110153198242,
  "summary_bg_median": 38.227272033691406,
  "summary_bg_n": 421790.0,
  "summary_bg_p05": 17.813634872436523,
  "summary_bg_p95": 184.963623046875,
  "summary_bg_stdv": 71.03104400634766,
  "summary_fg_k": 0.26251359769570026,
  "summary_fg_mad": 168.25517233903776,
  "summary_fg_mean": 610.4447021484375,
  "summary_fg_median": 599.7772827148438,
  "summary_fg_n": 162430.0,
  "summary_fg_p05": 338.97271728515625,
  "summary_fg_p95": 921.236813354492,
  "summary_fg_stdv": 177.30345153808594,
  "tsnr": 19.115773010533303
}