{
  "aor": 0.0013423636363636365,
  "aqi": 0.038810258636363636,
  "bids_meta": {
    "AcquisitionMatrixPE": 128,
    "AcquisitionNumber": 1,
    "AcquisitionTime": "13:29:52.787500",
    "BandwidthPerPixelPhaseEncode": 8.311,
    "BaseResolution": 128,
    "BodyPartExamined": "BRAIN",
    "ConsistencyInfo": "N4_VD13A_LATEST_20120616",
    "ConversionSoftware": "dcm2niix",
    "ConversionSoftwareVersion": "v1.0.20180518 GCC4.8.5",
    "DerivedVendorReportedEchoSpacing": 0.000940019,
    "DeviceSerialNumber": "45031",
    "DwellTime": 3.2e-06,
    "EchoTime": 0.04,
    "EchoTrainLength": 96,
    "EffectiveEchoSpacing": 0.000940019,
    "FlipAngle": 64,
    "ImageOrientationPatientDICOM": [
      1,
      0,
      0,
      0,
      0.988494,
      0.151261
    ],
    "ImageType": [
      "ORIGINAL",
      "PRIMARY",
      "M",
      "ND",
      "MOSAIC"
    ],
    "InPlanePhaseEncodingDirectionDICOM": "COL",
    "InstitutionAddress": "Washington_and_Faculty_Rd._-_Building_25_25_Princeton_NJ_US_085",
    "InstitutionName": "Princeton_University_-_Neuroscience_Institute",
    "InstitutionalDepartmentName": "Department",
    "MRAcquisitionType": "2D",
    "MagneticFieldStrength": 3,
    "Manufacturer": "Siemens",
    "ManufacturersModelName": "Skyra",
    "Modality": "MR",
    "MultibandAccelerationFactor": 3,
    "PartialFourier": 0.75,
    "PatientPosition": "HFS",
    "PercentPhaseFOV": 100,
    "PhaseEncodingDirection": "j-",
    "PhaseEncodingSteps": 96,
    "PhaseResolution": 1,
    "PixelBandwidth": 1220,
    "ProcedureStepDescription": "Turk-BrowneLab_Projects",
    "ProtocolName": "epi_acc3_shift2_1.5TR_220vol",
    "PulseSequenceDetails": "%CustomerSeq%_ep2d_bold_sliceaccl_667A",
    "ReceiveCoilActiveElements": "HE1-4",
    "ReceiveCoilName": "HeadNeck_20",
    "ReconMatrixPE": 128,
    "RepetitionTime": 1.5,
    "SAR": 0.0349778,
    "ScanOptions": "PFP",
    "ScanningSequence": "EP",
    "SequenceName": "epcaipi2d1_128",
    "SequenceVariant": "SK_SS",
    "SeriesDescription": "epi_acc3_shift2_1.5TR_220vol",
    "SeriesNumber": 10,
    "ShimSetting": [
      3387,
      8613,
      9340,
      380,
      299,
      -64,
      578,
      61
    ],
    "SliceThickness": 1.5,
    "SliceTiming": [
      1.055,
      0,
      0.74,
      0.105,
      0.845,
      0.21,
      0.95,
      0.4225,
      1.1625,
      0.5275,
      1.2875,
      0.6325,
      1.3925,
      0.315,
      1.055,
      0,
      0.74,
      0.105,
      0.845,
      0.21,
      0.95,
      0.4225,
      1.1625,
      0.5275,
      1.2875,
      0.6325,
      1.3925,
      0.315,
      1.055,
      0,
      0.74,
      0.105,
      0.845,
      0.21,
      0.95,
      0.4225,
      1.1625,
      0.5275,
      1.2875,
      0.6325,
      1.3925,
      0.315
    ],
    "SoftwareVersions": "syngo_MR_D13",
    "SpacingBetweenSlices": 1.5,
    "StationName": "AWP45031",
    "TaskName": "cue-action-outcome",
    "TotalReadoutTime": 0.119382,
    "TxRefAmp": 348.221,
    "dataset": "ds001946",
    "modality": "bold",
    "run_id": 6,
    "subject_id": "21",
    "task_id": "actions"
  },
  "dummy_trs": 0,
  "dvars_nstd": 85.54157866730594,
  "dvars_std": 1.0426219118264846,
  "dvars_vstd": 1.0115315635616429,
  "efc": 0.6833557801149002,
  "fber": 89.20245361328125,
  "fd_mean": 0.46378210816417376,
  "fd_num": 175,
  "fd_perc": 79.54545454545455,
  "fwhm_avg": 2.719548888888889,
  "fwhm_x": 2.6221200000000002,
  "fwhm_y": 3.1193666666666666,
  "fwhm_z": 2.41716,
  "gcor": 0.00935695,
  "gsr_x": -0.003100187750533223,
  "gsr_y": 0.05649593845009804,
  "provenance": {
    "md5sum": "012d18264d878061775da17a765a7afd",
    "settings": {
      "fd_thres": 0.2,
      "testing": false
    },
    "software": "mriqc",
    "version": "22.0.6",
    "webapi_port": null,
    "webapi_url": "https://mriqc.nimh.nih.gov/api/v1"
  },
  "size_t": 220,
  "size_x": 128,
  "size_y": 128,
  "size_z": 42,
  "snr": 3.8492416964124425,
  "spacing_tr": 1.5,
  "spacing_x": 1.5,
  "spacing_y": 1.5,
  "spacing_z": 1.5,
  "summary_bg_k": 22.569053808003314,
  "summary_bg_mad": 40.68394323558447,
  "summary_bg_mean": 101.54190826416016,
  "summary_bg_median": 64.6500015258789,
  "summary_bg_n": 394343.0,
  "summary_bg_p05": 27.031816482543945,
  "summary_bg_p95": 302.4986358642573,
  "summary_bg_stdv": 110.63314056396484,
  "summary_fg_k": 0.18884411826463943,
  "summary_fg_mad": 162.28761696778045,
  "summary_fg_mean": 635.3455200195312,
  "summary_fg_median": 635.272705078125,
  "summary_fg_n": 187610.0,
  "summary_fg_p05": 365.25567016601565,
  "summary_fg_p95": 906.6044921875,
  "summary_fg_stdv": 165.0379638671875,
  "tsnr": 16.520085852476768
}