{
  "aor": 0.001152818181818182,
  "aqi": 0.038572022727272726,
  "bids_meta": {
    "AcquisitionMatrixPE": 128,
    "AcquisitionNumber": 1,
    "AcquisitionTime": "13:17:31.745000",
    "BandwidthPerPixelPhaseEncode": 8.311,
    "BaseResolution": 128,
    "BodyPartExamined": "BRAIN",
    "ConsistencyInfo": "N4_VD13A_LATEST_20120616",
    "ConversionSoftware": "dcm2niix",
    "ConversionSoftwareVersion": "v1.0.20180518 GCC4.8.5",
    "DerivedVendorReportedEchoSpacing": 0.000940019,
    "DeviceSerialNumber": "45031",
    "DwellTime": 3.2e-06,
    "EchoTime": 0.04,
    "EchoTrainLength": 96,
    "EffectiveEchoSpacing": 0.000940019,
    "FlipAngle": 64,
    "ImageOrientationPatientDICOM": [
      1,
      0,
      0,
      0,
      0.988494,
      0.151261
    ],
    "ImageType": [
      "ORIGINAL",
      "PRIMARY",
      "M",
      "ND",
      "MOSAIC"
    ],
    "InPlanePhaseEncodingDirectionDICOM": "COL",
    "InstitutionAddress": "Washington_and_Faculty_Rd._-_Building_25_25_Princeton_NJ_US_085",
    "InstitutionName": "Princeton_University_-_Neuroscience_Institute",
    "InstitutionalDepartmentName": "Department",
    "MRAcquisitionType": "2D",
    "MagneticFieldStrength": 3,
    "Manufacturer": "Siemens",
    "ManufacturersModelName": "Skyra",
    "Modality": "MR",
    "MultibandAccelerationFactor": 3,
    "PartialFourier": 0.75,
    "PatientPosition": "HFS",
    "PercentPhaseFOV": 100,
    "PhaseEncodingDirection": "j-",
    "PhaseEncodingSteps": 96,
    "PhaseResolution": 1,
    "PixelBandwidth": 1220,
    "ProcedureStepDescription": "Turk-BrowneLab_Projects",
    "ProtocolName": "epi_acc3_shift2_1.5TR_220vol",
    "PulseSequenceDetails": "%CustomerSeq%_ep2d_bold_sliceaccl_667A",
    "ReceiveCoilActiveElements": "HE1-4",
    "ReceiveCoilName": "HeadNeck_20",
    "ReconMatrixPE": 128,
    "RepetitionTime": 1.5,
    "SAR": 0.0349778,
    "ScanOptions": "PFP",
    "ScanningSequence": "EP",
    "SequenceName": "epcaipi2d1_128",
    "SequenceVariant": "SK_SS",
    "SeriesDescription": "epi_acc3_shift2_1.5TR_220vol",
    "SeriesNumber": 8,
    "ShimSetting": [
      3387,
      8613,
      9340,
      380,
      299,
      -64,
      578,
      61
    ],
    "SliceThickness": 1.5,
    "SliceTiming": [
      1.0575,
      0,
      0.74,
      0.1075,
      0.8475,
      0.2125,
      0.9525,
      0.4225,
      1.1625,
      0.53,
      1.29,
      0.635,
      1.395,
      0.3175,
      1.0575,
      0,
      0.74,
      0.1075,
      0.8475,
      0.2125,
      0.9525,
      0.4225,
      1.1625,
      0.53,
      1.29,
      0.635,
      1.395,
      0.3175,
      1.0575,
      0,
      0.74,
      0.1075,
      0.8475,
      0.2125,
      0.9525,
      0.4225,
      1.1625,
      0.53,
      1.29,
      0.635,
      1.395,
      0.3175
    ],
    "SoftwareVersions": "syngo_MR_D13",
    "SpacingBetweenSlices": 1.5,
    "StationName": "AWP45031",
    "TaskName": "cue-action-outcome",
    "TotalReadoutTime": 0.119382,
    "TxRefAmp": 348.221,
    "dataset": "ds001946",
    "modality": "bold",
    "run_id": 4,
    "subject_id": "21",
    "task_id": "actions"
  },
  "dummy_trs": 0,
  "dvars_nstd": 84.05978766319636,
  "dvars_std": 1.039385801872146,
  "dvars_vstd": 1.007183574383562,
  "efc": 0.6848193474073793,
  "fber": 90.17849731445312,
  "fd_mean": 0.3949937142011326,
  "fd_num": 167,
  "fd_perc": 75.9090909090909,
  "fwhm_avg": 2.7087888888888894,
  "fwhm_x": 2.5929266666666666,
  "fwhm_y": 3.06912,
  "fwhm_z": 2.4643200000000003,
  "gcor": 0.00785424,
  "gsr_x": -0.005685748998075724,
  "gsr_y": 0.05377704277634621,
  "provenance": {
    "md5sum": "25bf780a9a0dc60984fdbc1232ea6aba",
    "settings": {
      "fd_thres": 0.2,
      "testing": false
    },
    "software": "mriqc",
    "version": "22.0.6",
    "webapi_port": null,
    "webapi_url": "https://mriqc.nimh.nih.gov/api/v1"
  },
  "size_t": 220,
  "size_x": 128,
  "size_y": 128,
  "size_z": 42,
  "snr": 3.870309800667623,
  "spacing_tr": 1.5,
  "spacing_x": 1.5,
  "spacing_y": 1.5,
  "spacing_z": 1.5,
  "summary_bg_k": 21.952474106507854,
  "summary_bg_mad": 39.363082114509375,
  "summary_bg_mean": 101.66983032226562,
  "summary_bg_median": 64.17272186279297,
  "summary_bg_n": 393678.0,
  "summary_bg_p05": 27.87727165222168,
  "summary_bg_p95": 304.7924850463853,
  "summary_bg_stdv": 110.59043884277344,
  "summary_fg_k": 0.2038118384070251,
  "summary_fg_mad": 161.54970926570502,
  "summary_fg_mean": 637.7977905273438,
  "summary_fg_median": 638.5363159179688,
  "summary_fg_n": 188233.0,
  "summary_fg_p05": 366.5172607421875,
  "summary_fg_p95": 906.8218139648437,
  "summary_fg_stdv": 164.98281860351562,
  "tsnr": 16.571789939771406
}