{
  "aor": 0.0012439090909090909,
  "aqi": 0.037712613181818185,
  "bids_meta": {
    "AcquisitionMatrixPE": 128,
    "AcquisitionNumber": 1,
    "AcquisitionTime": "13:23:46.485000",
    "BandwidthPerPixelPhaseEncode": 8.311,
    "BaseResolution": 128,
    "BodyPartExamined": "BRAIN",
    "ConsistencyInfo": "N4_VD13A_LATEST_20120616",
    "ConversionSoftware": "dcm2niix",
    "ConversionSoftwareVersion": "v1.0.20180518 GCC4.8.5",
    "DerivedVendorReportedEchoSpacing": 0.000940019,
    "DeviceSerialNumber": "45031",
    "DwellTime": 3.2e-06,
    "EchoTime": 0.04,
    "EchoTrainLength": 96,
    "EffectiveEchoSpacing": 0.000940019,
    "FlipAngle": 64,
    "ImageOrientationPatientDICOM": [
      1,
      0,
      0,
      0,
      0.988494,
      0.151261
    ],
    "ImageType": [
      "ORIGINAL",
      "PRIMARY",
      "M",
      "ND",
      "MOSAIC"
    ],
    "InPlanePhaseEncodingDirectionDICOM": "COL",
    "InstitutionAddress": "Washington_and_Faculty_Rd._-_Building_25_25_Princeton_NJ_US_085",
    "InstitutionName": "Princeton_University_-_Neuroscience_Institute",
    "InstitutionalDepartmentName": "Department",
    "MRAcquisitionType": "2D",
    "MagneticFieldStrength": 3,
    "Manufacturer": "Siemens",
    "ManufacturersModelName": "Skyra",
    "Modality": "MR",
    "MultibandAccelerationFactor": 3,
    "PartialFourier": 0.75,
    "PatientPosition": "HFS",
    "PercentPhaseFOV": 100,
    "PhaseEncodingDirection": "j-",
    "PhaseEncodingSteps": 96,
    "PhaseResolution": 1,
    "PixelBandwidth": 1220,
    "ProcedureStepDescription": "Turk-BrowneLab_Projects",
    "ProtocolName": "epi_acc3_shift2_1.5TR_220vol",
    "PulseSequenceDetails": "%CustomerSeq%_ep2d_bold_sliceaccl_667A",
    "ReceiveCoilActiveElements": "HE1-4",
    "ReceiveCoilName": "HeadNeck_20",
    "ReconMatrixPE": 128,
    "RepetitionTime": 1.5,
    "SAR": 0.0349778,
    "ScanOptions": "PFP",
    "ScanningSequence": "EP",
    "SequenceName": "epcaipi2d1_128",
    "SequenceVariant": "SK_SS",
    "SeriesDescription": "epi_acc3_shift2_1.5TR_220vol",
    "SeriesNumber": 9,
    "ShimSetting": [
      3387,
      8613,
      9340,
      380,
      299,
      -64,
      578,
      61
    ],
    "SliceThickness": 1.5,
    "SliceTiming": [
      1.055,
      0,
      0.74,
      0.105,
      0.845,
      0.21,
      0.95,
      0.4225,
      1.1625,
      0.5275,
      1.2875,
      0.6325,
      1.3925,
      0.315,
      1.055,
      0,
      0.74,
      0.105,
      0.845,
      0.21,
      0.95,
      0.4225,
      1.1625,
      0.5275,
      1.2875,
      0.6325,
      1.3925,
      0.315,
      1.055,
      0,
      0.74,
      0.105,
      0.845,
      0.21,
      0.95,
      0.4225,
      1.1625,
      0.5275,
      1.2875,
      0.6325,
      1.3925,
      0.315
    ],
    "SoftwareVersions": "syngo_MR_D13",
    "SpacingBetweenSlices": 1.5,
    "StationName": "AWP45031",
    "TaskName": "cue-action-outcome",
    "TotalReadoutTime": 0.119382,
    "TxRefAmp": 348.221,
    "dataset": "ds001946",
    "modality": "bold",
    "run_id": 5,
    "subject_id": "21",
    "task_id": "actions"
  },
  "dummy_trs": 0,
  "dvars_nstd": 84.17300773858454,
  "dvars_std": 1.0506279988127856,
  "dvars_vstd": 1.0152659362100456,
  "efc": 0.6861750148192807,
  "fber": 89.14070129394531,
  "fd_mean": 0.386061347465033,
  "fd_num": 152,
  "fd_perc": 69.0909090909091,
  "fwhm_avg": 2.682102222222222,
  "fwhm_x": 2.56332,
  "fwhm_y": 3.0425466666666665,
  "fwhm_z": 2.44044,
  "gcor": 0.00738519,
  "gsr_x": -0.00494379922747612,
  "gsr_y": 0.05141386762261391,
  "provenance": {
    "md5sum": "21673611ccd0b7f457530c4544b85c98",
    "settings": {
      "fd_thres": 0.2,
      "testing": false
    },
    "software": "mriqc",
    "version": "22.0.6",
    "webapi_port": null,
    "webapi_url": "https://mriqc.nimh.nih.gov/api/v1"
  },
  "size_t": 220,
  "size_x": 128,
  "size_y": 128,
  "size_z": 42,
  "snr": 3.856657502961269,
  "spacing_tr": 1.5,
  "spacing_x": 1.5,
  "spacing_y": 1.5,
  "spacing_z": 1.5,
  "summary_bg_k": 20.486381592078448,
  "summary_bg_mad": 39.52482321193988,
  "summary_bg_mean": 102.5044174194336,
  "summary_bg_median": 64.3818130493164,
  "summary_bg_n": 393885.0,
  "summary_bg_p05": 27.75,
  "summary_bg_p95": 311.1408996582031,
  "summary_bg_stdv": 111.43534088134766,
  "summary_fg_k": 0.2062677221419693,
  "summary_fg_mad": 162.8166717694463,
  "summary_fg_mean": 638.5669555664062,
  "summary_fg_median": 639.0635986328125,
  "summary_fg_n": 188877.0,
  "summary_fg_p05": 366.4972717285156,
  "summary_fg_p95": 909.4126953124996,
  "summary_fg_stdv": 165.7035675048828,
  "tsnr": 17.05516028276179
}