{
  "aor": 0.00030570776255707766,
  "aqi": 0.019782852511415525,
  "bids_meta": {
    "AcquisitionMatrixPE": 128,
    "AcquisitionNumber": 1,
    "AcquisitionTime": "12:02:34.760000",
    "BandwidthPerPixelPhaseEncode": 8.311,
    "BaseResolution": 128,
    "BodyPartExamined": "BRAIN",
    "ConsistencyInfo": "N4_VD13A_LATEST_20120616",
    "ConversionSoftware": "dcm2niix",
    "ConversionSoftwareVersion": "v1.0.20180518 GCC4.8.5",
    "DerivedVendorReportedEchoSpacing": 0.000940019,
    "DeviceSerialNumber": "45031",
    "DwellTime": 3.2e-06,
    "EchoTime": 0.04,
    "EchoTrainLength": 96,
    "EffectiveEchoSpacing": 0.000940019,
    "FlipAngle": 64,
    "ImageOrientationPatientDICOM": [
      1,
      0,
      0,
      0,
      0.995227,
      0.0975829
    ],
    "ImageType": [
      "ORIGINAL",
      "PRIMARY",
      "M",
      "ND",
      "MOSAIC"
    ],
    "InPlanePhaseEncodingDirectionDICOM": "COL",
    "InstitutionAddress": "Washington_and_Faculty_Rd._-_Building_25_25_Princeton_NJ_US_085",
    "InstitutionName": "Princeton_University_-_Neuroscience_Institute",
    "InstitutionalDepartmentName": "Department",
    "MRAcquisitionType": "2D",
    "MagneticFieldStrength": 3,
    "Manufacturer": "Siemens",
    "ManufacturersModelName": "Skyra",
    "Modality": "MR",
    "MultibandAccelerationFactor": 3,
    "PartialFourier": 0.75,
    "PatientPosition": "HFS",
    "PercentPhaseFOV": 100,
    "PhaseEncodingDirection": "j-",
    "PhaseEncodingSteps": 96,
    "PhaseResolution": 1,
    "PixelBandwidth": 1220,
    "ProcedureStepDescription": "Turk-BrowneLab_Projects",
    "ProtocolName": "epi_acc3_shift2_1.5TR_220vol",
    "PulseSequenceDetails": "%CustomerSeq%_ep2d_bold_sliceaccl_667A",
    "ReceiveCoilActiveElements": "HE1-4",
    "ReceiveCoilName": "HeadNeck_20",
    "ReconMatrixPE": 128,
    "RepetitionTime": 1.5,
    "SAR": 0.040935,
    "ScanOptions": "PFP",
    "ScanningSequence": "EP",
    "SequenceName": "epcaipi2d1_128",
    "SequenceVariant": "SK_SS",
    "SeriesDescription": "epi_acc3_shift2_1.5TR_220vol",
    "SeriesNumber": 5,
    "ShimSetting": [
      3347,
      8715,
      9512,
      573,
      104,
      704,
      24,
      51
    ],
    "SliceThickness": 1.5,
    "SliceTiming": [
      1.0575,
      0,
      0.74,
      0.105,
      0.845,
      0.2125,
      0.9525,
      0.4225,
      1.1625,
      0.53,
      1.29,
      0.635,
      1.395,
      0.3175,
      1.0575,
      0,
      0.74,
      0.105,
      0.845,
      0.2125,
      0.9525,
      0.4225,
      1.1625,
      0.53,
      1.29,
      0.635,
      1.395,
      0.3175,
      1.0575,
      0,
      0.74,
      0.105,
      0.845,
      0.2125,
      0.9525,
      0.4225,
      1.1625,
      0.53,
      1.29,
      0.635,
      1.395,
      0.3175
    ],
    "SoftwareVersions": "syngo_MR_D13",
    "SpacingBetweenSlices": 1.5,
    "StationName": "AWP45031",
    "TaskName": "cue-action-outcome",
    "TotalReadoutTime": 0.119382,
    "TxRefAmp": 332.696,
    "dataset": "ds001946",
    "modality": "bold",
    "run_id": 1,
    "subject_id": "11",
    "task_id": "actions"
  },
  "dummy_trs": 1,
  "dvars_nstd": 78.63275681926605,
  "dvars_std": 1.0296040477981645,
  "dvars_vstd": 1.0018829458256877,
  "efc": 0.6321392888704979,
  "fber": 191.0032958984375,
  "fd_mean": 0.11317652559319044,
  "fd_num": 16,
  "fd_perc": 7.30593607305936,
  "fwhm_avg": 3.085495555555555,
  "fwhm_x": 2.967553333333333,
  "fwhm_y": 3.4159333333333333,
  "fwhm_z": 2.8729999999999998,
  "gcor": 0.00110619,
  "gsr_x": -0.006119190715253353,
  "gsr_y": 0.04128779098391533,
  "provenance": {
    "md5sum": "8a2ee65ab6726f797e2e4b106923aaae",
    "settings": {
      "fd_thres": 0.2,
      "testing": false
    },
    "software": "mriqc",
    "version": "22.0.6",
    "webapi_port": null,
    "webapi_url": "https://mriqc.nimh.nih.gov/api/v1"
  },
  "size_t": 219,
  "size_x": 128,
  "size_y": 128,
  "size_z": 42,
  "snr": 3.1184023207283373,
  "spacing_tr": 1.5,
  "spacing_x": 1.5,
  "spacing_y": 1.5,
  "spacing_z": 1.5,
  "summary_bg_k": 19.418585009103012,
  "summary_bg_mad": 25.014681989667583,
  "summary_bg_mean": 68.30614471435547,
  "summary_bg_median": 43.6529655456543,
  "summary_bg_n": 396649.0,
  "summary_bg_p05": 20.168949127197266,
  "summary_bg_p95": 210.30409851074208,
  "summary_bg_stdv": 73.36332702636719,
  "summary_fg_k": 0.39635670588401517,
  "summary_fg_mad": 199.79585140778448,
  "summary_fg_mean": 647.2587280273438,
  "summary_fg_median": 631.6347045898438,
  "summary_fg_n": 187270.0,
  "summary_fg_p05": 347.62921447753905,
  "summary_fg_p95": 997.1029205322266,
  "summary_fg_stdv": 202.55020141601562,
  "tsnr": 17.37009993684478
}