{
  "aor": 0.000355,
  "aqi": 0.020563785454545454,
  "bids_meta": {
    "AcquisitionMatrixPE": 128,
    "AcquisitionNumber": 1,
    "AcquisitionTime": "12:20:29.842500",
    "BandwidthPerPixelPhaseEncode": 8.311,
    "BaseResolution": 128,
    "BodyPartExamined": "BRAIN",
    "ConsistencyInfo": "N4_VD13A_LATEST_20120616",
    "ConversionSoftware": "dcm2niix",
    "ConversionSoftwareVersion": "v1.0.20180518 GCC4.8.5",
    "DerivedVendorReportedEchoSpacing": 0.000940019,
    "DeviceSerialNumber": "45031",
    "DwellTime": 3.2e-06,
    "EchoTime": 0.04,
    "EchoTrainLength": 96,
    "EffectiveEchoSpacing": 0.000940019,
    "FlipAngle": 64,
    "ImageOrientationPatientDICOM": [
      1,
      0,
      0,
      0,
      0.995227,
      0.0975829
    ],
    "ImageType": [
      "ORIGINAL",
      "PRIMARY",
      "M",
      "ND",
      "MOSAIC"
    ],
    "InPlanePhaseEncodingDirectionDICOM": "COL",
    "InstitutionAddress": "Washington_and_Faculty_Rd._-_Building_25_25_Princeton_NJ_US_085",
    "InstitutionName": "Princeton_University_-_Neuroscience_Institute",
    "InstitutionalDepartmentName": "Department",
    "MRAcquisitionType": "2D",
    "MagneticFieldStrength": 3,
    "Manufacturer": "Siemens",
    "ManufacturersModelName": "Skyra",
    "Modality": "MR",
    "MultibandAccelerationFactor": 3,
    "PartialFourier": 0.75,
    "PatientPosition": "HFS",
    "PercentPhaseFOV": 100,
    "PhaseEncodingDirection": "j-",
    "PhaseEncodingSteps": 96,
    "PhaseResolution": 1,
    "PixelBandwidth": 1220,
    "ProcedureStepDescription": "Turk-BrowneLab_Projects",
    "ProtocolName": "epi_acc3_shift2_1.5TR_220vol",
    "PulseSequenceDetails": "%CustomerSeq%_ep2d_bold_sliceaccl_667A",
    "ReceiveCoilActiveElements": "HE1-4",
    "ReceiveCoilName": "HeadNeck_20",
    "ReconMatrixPE": 128,
    "RepetitionTime": 1.5,
    "SAR": 0.040935,
    "ScanOptions": "PFP",
    "ScanningSequence": "EP",
    "SequenceName": "epcaipi2d1_128",
    "SequenceVariant": "SK_SS",
    "SeriesDescription": "epi_acc3_shift2_1.5TR_220vol",
    "SeriesNumber": 8,
    "ShimSetting": [
      3347,
      8715,
      9512,
      573,
      104,
      704,
      24,
      51
    ],
    "SliceThickness": 1.5,
    "SliceTiming": [
      1.0575,
      0,
      0.74,
      0.105,
      0.845,
      0.21,
      0.95,
      0.4225,
      1.1625,
      0.5275,
      1.2875,
      0.6325,
      1.3925,
      0.3175,
      1.0575,
      0,
      0.74,
      0.105,
      0.845,
      0.21,
      0.95,
      0.4225,
      1.1625,
      0.5275,
      1.2875,
      0.6325,
      1.3925,
      0.3175,
      1.0575,
      0,
      0.74,
      0.105,
      0.845,
      0.21,
      0.95,
      0.4225,
      1.1625,
      0.5275,
      1.2875,
      0.6325,
      1.3925,
      0.3175
    ],
    "SoftwareVersions": "syngo_MR_D13",
    "SpacingBetweenSlices": 1.5,
    "StationName": "AWP45031",
    "TaskName": "cue-action-outcome",
    "TotalReadoutTime": 0.119382,
    "TxRefAmp": 332.696,
    "dataset": "ds001946",
    "modality": "bold",
    "run_id": 4,
    "subject_id": "11",
    "task_id": "actions"
  },
  "dummy_trs": 0,
  "dvars_nstd": 78.77195509812776,
  "dvars_std": 1.0286088075799094,
  "dvars_vstd": 1.0000494026484024,
  "efc": 0.6313440965282044,
  "fber": 183.93576049804688,
  "fd_mean": 0.14899633661183603,
  "fd_num": 61,
  "fd_perc": 27.727272727272727,
  "fwhm_avg": 3.151962222222222,
  "fwhm_x": 3.0265066666666667,
  "fwhm_y": 3.4985133333333334,
  "fwhm_z": 2.9308666666666667,
  "gcor": 0.000930341,
  "gsr_x": -0.007193985395133495,
  "gsr_y": 0.04668109491467476,
  "provenance": {
    "md5sum": "bda37b4e8f3b5ad90381da9556f9abda",
    "settings": {
      "fd_thres": 0.2,
      "testing": false
    },
    "software": "mriqc",
    "version": "22.0.6",
    "webapi_port": null,
    "webapi_url": "https://mriqc.nimh.nih.gov/api/v1"
  },
  "size_t": 220,
  "size_x": 128,
  "size_y": 128,
  "size_z": 42,
  "snr": 3.056453706607606,
  "spacing_tr": 1.5,
  "spacing_x": 1.5,
  "spacing_y": 1.5,
  "spacing_z": 1.5,
  "summary_bg_k": 19.567260100204184,
  "summary_bg_mad": 26.295970327375965,
  "summary_bg_mean": 70.7359619140625,
  "summary_bg_median": 44.6363639831543,
  "summary_bg_n": 400528.0,
  "summary_bg_p05": 20.23636245727539,
  "summary_bg_p95": 221.79998779296875,
  "summary_bg_stdv": 77.50232696533203,
  "summary_fg_k": 0.4052246706082263,
  "summary_fg_mad": 201.5597897040082,
  "summary_fg_mean": 648.4868774414062,
  "summary_fg_median": 629.7045288085938,
  "summary_fg_n": 184771.0,
  "summary_fg_p05": 347.0386199951172,
  "summary_fg_p95": 1007.1454467773438,
  "summary_fg_stdv": 206.0240020751953,
  "tsnr": 17.607858588453382
}