{
  "aor": 0.00037,
  "aqi": 0.019588911363636368,
  "bids_meta": {
    "AcquisitionMatrixPE": 128,
    "AcquisitionNumber": 1,
    "AcquisitionTime": "12:38:15.037500",
    "BandwidthPerPixelPhaseEncode": 8.311,
    "BaseResolution": 128,
    "BodyPartExamined": "BRAIN",
    "ConsistencyInfo": "N4_VD13A_LATEST_20120616",
    "ConversionSoftware": "dcm2niix",
    "ConversionSoftwareVersion": "v1.0.20180518 GCC4.8.5",
    "DerivedVendorReportedEchoSpacing": 0.000940019,
    "DeviceSerialNumber": "45031",
    "DwellTime": 3.2e-06,
    "EchoTime": 0.04,
    "EchoTrainLength": 96,
    "EffectiveEchoSpacing": 0.000940019,
    "FlipAngle": 64,
    "ImageOrientationPatientDICOM": [
      1,
      0,
      0,
      0,
      0.995227,
      0.0975829
    ],
    "ImageType": [
      "ORIGINAL",
      "PRIMARY",
      "M",
      "ND",
      "MOSAIC"
    ],
    "InPlanePhaseEncodingDirectionDICOM": "COL",
    "InstitutionAddress": "Washington_and_Faculty_Rd._-_Building_25_25_Princeton_NJ_US_085",
    "InstitutionName": "Princeton_University_-_Neuroscience_Institute",
    "InstitutionalDepartmentName": "Department",
    "MRAcquisitionType": "2D",
    "MagneticFieldStrength": 3,
    "Manufacturer": "Siemens",
    "ManufacturersModelName": "Skyra",
    "Modality": "MR",
    "MultibandAccelerationFactor": 3,
    "PartialFourier": 0.75,
    "PatientPosition": "HFS",
    "PercentPhaseFOV": 100,
    "PhaseEncodingDirection": "j-",
    "PhaseEncodingSteps": 96,
    "PhaseResolution": 1,
    "PixelBandwidth": 1220,
    "ProcedureStepDescription": "Turk-BrowneLab_Projects",
    "ProtocolName": "epi_acc3_shift2_1.5TR_220vol",
    "PulseSequenceDetails": "%CustomerSeq%_ep2d_bold_sliceaccl_667A",
    "ReceiveCoilActiveElements": "HE1-4",
    "ReceiveCoilName": "HeadNeck_20",
    "ReconMatrixPE": 128,
    "RepetitionTime": 1.5,
    "SAR": 0.040935,
    "ScanOptions": "PFP",
    "ScanningSequence": "EP",
    "SequenceName": "epcaipi2d1_128",
    "SequenceVariant": "SK_SS",
    "SeriesDescription": "epi_acc3_shift2_1.5TR_220vol",
    "SeriesNumber": 11,
    "ShimSetting": [
      3347,
      8715,
      9512,
      573,
      104,
      704,
      24,
      51
    ],
    "SliceThickness": 1.5,
    "SliceTiming": [
      1.0575,
      0,
      0.74,
      0.105,
      0.845,
      0.2125,
      0.9525,
      0.4225,
      1.1625,
      0.5275,
      1.2875,
      0.635,
      1.395,
      0.3175,
      1.0575,
      0,
      0.74,
      0.105,
      0.845,
      0.2125,
      0.9525,
      0.4225,
      1.1625,
      0.5275,
      1.2875,
      0.635,
      1.395,
      0.3175,
      1.0575,
      0,
      0.74,
      0.105,
      0.845,
      0.2125,
      0.9525,
      0.4225,
      1.1625,
      0.5275,
      1.2875,
      0.635,
      1.395,
      0.3175
    ],
    "SoftwareVersions": "syngo_MR_D13",
    "SpacingBetweenSlices": 1.5,
    "StationName": "AWP45031",
    "TaskName": "cue-action-outcome",
    "TotalReadoutTime": 0.119382,
    "TxRefAmp": 332.696,
    "dataset": "ds001946",
    "modality": "bold",
    "run_id": 7,
    "subject_id": "11",
    "task_id": "actions"
  },
  "dummy_trs": 0,
  "dvars_nstd": 79.06892816584481,
  "dvars_std": 1.0321259825114149,
  "dvars_vstd": 1.0015907277168952,
  "efc": 0.6301999374049356,
  "fber": 185.65650939941406,
  "fd_mean": 0.1265873355864619,
  "fd_num": 24,
  "fd_perc": 10.909090909090908,
  "fwhm_avg": 3.22574,
  "fwhm_x": 3.084846666666667,
  "fwhm_y": 3.5691400000000004,
  "fwhm_z": 3.023233333333333,
  "gcor": 0.00168555,
  "gsr_x": -0.007658194284886122,
  "gsr_y": 0.04494667798280716,
  "provenance": {
    "md5sum": "a731dceb5acb30fd6dbee7614f983aaa",
    "settings": {
      "fd_thres": 0.2,
      "testing": false
    },
    "software": "mriqc",
    "version": "22.0.6",
    "webapi_port": null,
    "webapi_url": "https://mriqc.nimh.nih.gov/api/v1"
  },
  "size_t": 220,
  "size_x": 128,
  "size_y": 128,
  "size_z": 42,
  "snr": 3.0252235653653723,
  "spacing_tr": 1.5,
  "spacing_x": 1.5,
  "spacing_y": 1.5,
  "spacing_z": 1.5,
  "summary_bg_k": 19.933710812196033,
  "summary_bg_mad": 25.679344411739237,
  "summary_bg_mean": 69.01396942138672,
  "summary_bg_median": 44.12726974487305,
  "summary_bg_n": 398308.0,
  "summary_bg_p05": 20.295454025268555,
  "summary_bg_p95": 208.46499252319305,
  "summary_bg_stdv": 74.10322570800781,
  "summary_fg_k": 0.3521145386566631,
  "summary_fg_mad": 202.88729059179366,
  "summary_fg_mean": 646.4300537109375,
  "summary_fg_median": 628.0272827148438,
  "summary_fg_n": 184717.0,
  "summary_fg_p05": 340.09454956054685,
  "summary_fg_p95": 1007.3099609374996,
  "summary_fg_stdv": 207.59642028808594,
  "tsnr": 17.80130662722513
}