{
  "aor": 0.0003832727272727273,
  "aqi": 0.020995299999999998,
  "bids_meta": {
    "AcquisitionMatrixPE": 128,
    "AcquisitionNumber": 1,
    "AcquisitionTime": "12:44:10.252500",
    "BandwidthPerPixelPhaseEncode": 8.311,
    "BaseResolution": 128,
    "BodyPartExamined": "BRAIN",
    "ConsistencyInfo": "N4_VD13A_LATEST_20120616",
    "ConversionSoftware": "dcm2niix",
    "ConversionSoftwareVersion": "v1.0.20180518 GCC4.8.5",
    "DerivedVendorReportedEchoSpacing": 0.000940019,
    "DeviceSerialNumber": "45031",
    "DwellTime": 3.2e-06,
    "EchoTime": 0.04,
    "EchoTrainLength": 96,
    "EffectiveEchoSpacing": 0.000940019,
    "FlipAngle": 64,
    "ImageOrientationPatientDICOM": [
      1,
      0,
      0,
      0,
      0.995227,
      0.0975829
    ],
    "ImageType": [
      "ORIGINAL",
      "PRIMARY",
      "M",
      "ND",
      "MOSAIC"
    ],
    "InPlanePhaseEncodingDirectionDICOM": "COL",
    "InstitutionAddress": "Washington_and_Faculty_Rd._-_Building_25_25_Princeton_NJ_US_085",
    "InstitutionName": "Princeton_University_-_Neuroscience_Institute",
    "InstitutionalDepartmentName": "Department",
    "MRAcquisitionType": "2D",
    "MagneticFieldStrength": 3,
    "Manufacturer": "Siemens",
    "ManufacturersModelName": "Skyra",
    "Modality": "MR",
    "MultibandAccelerationFactor": 3,
    "PartialFourier": 0.75,
    "PatientPosition": "HFS",
    "PercentPhaseFOV": 100,
    "PhaseEncodingDirection": "j-",
    "PhaseEncodingSteps": 96,
    "PhaseResolution": 1,
    "PixelBandwidth": 1220,
    "ProcedureStepDescription": "Turk-BrowneLab_Projects",
    "ProtocolName": "epi_acc3_shift2_1.5TR_220vol",
    "PulseSequenceDetails": "%CustomerSeq%_ep2d_bold_sliceaccl_667A",
    "ReceiveCoilActiveElements": "HE1-4",
    "ReceiveCoilName": "HeadNeck_20",
    "ReconMatrixPE": 128,
    "RepetitionTime": 1.5,
    "SAR": 0.040935,
    "ScanOptions": "PFP",
    "ScanningSequence": "EP",
    "SequenceName": "epcaipi2d1_128",
    "SequenceVariant": "SK_SS",
    "SeriesDescription": "epi_acc3_shift2_1.5TR_220vol",
    "SeriesNumber": 12,
    "ShimSetting": [
      3347,
      8715,
      9512,
      573,
      104,
      704,
      24,
      51
    ],
    "SliceThickness": 1.5,
    "SliceTiming": [
      1.055,
      0,
      0.74,
      0.105,
      0.845,
      0.21,
      0.95,
      0.4225,
      1.1625,
      0.5275,
      1.2875,
      0.6325,
      1.3925,
      0.315,
      1.055,
      0,
      0.74,
      0.105,
      0.845,
      0.21,
      0.95,
      0.4225,
      1.1625,
      0.5275,
      1.2875,
      0.6325,
      1.3925,
      0.315,
      1.055,
      0,
      0.74,
      0.105,
      0.845,
      0.21,
      0.95,
      0.4225,
      1.1625,
      0.5275,
      1.2875,
      0.6325,
      1.3925,
      0.315
    ],
    "SoftwareVersions": "syngo_MR_D13",
    "SpacingBetweenSlices": 1.5,
    "StationName": "AWP45031",
    "TaskName": "cue-action-outcome",
    "TotalReadoutTime": 0.119382,
    "TxRefAmp": 332.696,
    "dataset": "ds001946",
    "modality": "bold",
    "run_id": 8,
    "subject_id": "11",
    "task_id": "actions"
  },
  "dummy_trs": 0,
  "dvars_nstd": 79.26690590187215,
  "dvars_std": 1.0257362181735163,
  "dvars_vstd": 0.9976646643379001,
  "efc": 0.6306135390169715,
  "fber": 179.88516235351562,
  "fd_mean": 0.10570392511896351,
  "fd_num": 6,
  "fd_perc": 2.727272727272727,
  "fwhm_avg": 3.1994577777777775,
  "fwhm_x": 3.0894666666666666,
  "fwhm_y": 3.5656733333333333,
  "fwhm_z": 2.9432333333333336,
  "gcor": 0.00111807,
  "gsr_x": -0.005961873102933168,
  "gsr_y": 0.04554392397403717,
  "provenance": {
    "md5sum": "120f6119c7cf925a3cb87c86c692b4f9",
    "settings": {
      "fd_thres": 0.2,
      "testing": false
    },
    "software": "mriqc",
    "version": "22.0.6",
    "webapi_port": null,
    "webapi_url": "https://mriqc.nimh.nih.gov/api/v1"
  },
  "size_t": 220,
  "size_x": 128,
  "size_y": 128,
  "size_z": 42,
  "snr": 3.0261679812388773,
  "spacing_tr": 1.5,
  "spacing_x": 1.5,
  "spacing_y": 1.5,
  "spacing_z": 1.5,
  "summary_bg_k": 17.286528679046253,
  "summary_bg_mad": 27.070965142060693,
  "summary_bg_mean": 70.78868103027344,
  "summary_bg_median": 45.24090576171875,
  "summary_bg_n": 401190.0,
  "summary_bg_p05": 20.240907669067383,
  "summary_bg_p95": 220.22067108154292,
  "summary_bg_stdv": 75.37918853759766,
  "summary_fg_k": 0.3595109552843079,
  "summary_fg_mad": 203.24115509224936,
  "summary_fg_mean": 647.173828125,
  "summary_fg_median": 628.411376953125,
  "summary_fg_n": 183792.0,
  "summary_fg_p05": 342.2004364013672,
  "summary_fg_p95": 1009.04541015625,
  "summary_fg_stdv": 207.65855407714844,
  "tsnr": 17.255297880386934
}