{
  "aor": 0.00025296153846153844,
  "aqi": 0.024281689230769232,
  "bids_meta": {
    "AcquisitionMatrixPE": 128,
    "AcquisitionNumber": 1,
    "AcquisitionTime": "12:50:26.620000",
    "BandwidthPerPixelPhaseEncode": 8.311,
    "BaseResolution": 128,
    "BodyPartExamined": "BRAIN",
    "ConsistencyInfo": "N4_VD13A_LATEST_20120616",
    "ConversionSoftware": "dcm2niix",
    "ConversionSoftwareVersion": "v1.0.20180518 GCC4.8.5",
    "DerivedVendorReportedEchoSpacing": 0.000940019,
    "DeviceSerialNumber": "45031",
    "DwellTime": 3.2e-06,
    "EchoTime": 0.04,
    "EchoTrainLength": 96,
    "EffectiveEchoSpacing": 0.000940019,
    "FlipAngle": 64,
    "ImageOrientationPatientDICOM": [
      1,
      0,
      0,
      0,
      0.995227,
      0.0975829
    ],
    "ImageType": [
      "ORIGINAL",
      "PRIMARY",
      "M",
      "ND",
      "MOSAIC"
    ],
    "InPlanePhaseEncodingDirectionDICOM": "COL",
    "InstitutionAddress": "Washington_and_Faculty_Rd._-_Building_25_25_Princeton_NJ_US_085",
    "InstitutionName": "Princeton_University_-_Neuroscience_Institute",
    "InstitutionalDepartmentName": "Department",
    "MRAcquisitionType": "2D",
    "MagneticFieldStrength": 3,
    "Manufacturer": "Siemens",
    "ManufacturersModelName": "Skyra",
    "Modality": "MR",
    "MultibandAccelerationFactor": 3,
    "PartialFourier": 0.75,
    "PatientPosition": "HFS",
    "PercentPhaseFOV": 100,
    "PhaseEncodingDirection": "j-",
    "PhaseEncodingSteps": 96,
    "PhaseResolution": 1,
    "PixelBandwidth": 1220,
    "ProcedureStepDescription": "Turk-BrowneLab_Projects",
    "ProtocolName": "epi_acc3_shift2_1.5TR_260vol",
    "PulseSequenceDetails": "%CustomerSeq%_ep2d_bold_sliceaccl_667A",
    "ReceiveCoilActiveElements": "HE1-4",
    "ReceiveCoilName": "HeadNeck_20",
    "ReconMatrixPE": 128,
    "RepetitionTime": 1.5,
    "SAR": 0.0409756,
    "ScanOptions": "PFP",
    "ScanningSequence": "EP",
    "SequenceName": "epcaipi2d1_128",
    "SequenceVariant": "SK_SS",
    "SeriesDescription": "epi_acc3_shift2_1.5TR_260vol",
    "SeriesNumber": 13,
    "ShimSetting": [
      3347,
      8715,
      9512,
      573,
      104,
      704,
      24,
      51
    ],
    "SliceThickness": 1.5,
    "SliceTiming": [
      1.0575,
      0,
      0.74,
      0.1075,
      0.8475,
      0.2125,
      0.9525,
      0.4225,
      1.1625,
      0.53,
      1.29,
      0.635,
      1.395,
      0.3175,
      1.0575,
      0,
      0.74,
      0.1075,
      0.8475,
      0.2125,
      0.9525,
      0.4225,
      1.1625,
      0.53,
      1.29,
      0.635,
      1.395,
      0.3175,
      1.0575,
      0,
      0.74,
      0.1075,
      0.8475,
      0.2125,
      0.9525,
      0.4225,
      1.1625,
      0.53,
      1.29,
      0.635,
      1.395,
      0.3175
    ],
    "SoftwareVersions": "syngo_MR_D13",
    "SpacingBetweenSlices": 1.5,
    "StationName": "AWP45031",
    "TaskName": "Functional Localizer",
    "TotalReadoutTime": 0.119382,
    "TxRefAmp": 332.696,
    "dataset": "ds001946",
    "modality": "bold",
    "subject_id": "11",
    "task_id": "loc"
  },
  "dummy_trs": 0,
  "dvars_nstd": 79.69409783567565,
  "dvars_std": 1.016002284749035,
  "dvars_vstd": 0.9877180378764474,
  "efc": 0.6305707994538855,
  "fber": 176.3935546875,
  "fd_mean": 0.1039594720623679,
  "fd_num": 11,
  "fd_perc": 4.230769230769231,
  "fwhm_avg": 3.246315555555555,
  "fwhm_x": 3.1282599999999996,
  "fwhm_y": 3.604093333333333,
  "fwhm_z": 3.0065933333333335,
  "gcor": 0.000774664,
  "gsr_x": -0.00649143336340785,
  "gsr_y": 0.04652271047234535,
  "provenance": {
    "md5sum": "02210f64ed01565014c50579df33ffa7",
    "settings": {
      "fd_thres": 0.2,
      "testing": false
    },
    "software": "mriqc",
    "version": "22.0.6",
    "webapi_port": null,
    "webapi_url": "https://mriqc.nimh.nih.gov/api/v1"
  },
  "size_t": 260,
  "size_x": 128,
  "size_y": 128,
  "size_z": 42,
  "snr": 3.0387838098389715,
  "spacing_tr": 1.5,
  "spacing_x": 1.5,
  "spacing_y": 1.5,
  "spacing_z": 1.5,
  "summary_bg_k": 16.639061900797046,
  "summary_bg_mad": 27.268478406819263,
  "summary_bg_mean": 70.52100372314453,
  "summary_bg_median": 45.32307815551758,
  "summary_bg_n": 401602.0,
  "summary_bg_p05": 20.11173028945924,
  "summary_bg_p95": 217.6417266845698,
  "summary_bg_stdv": 74.11693572998047,
  "summary_fg_k": 0.36014213651609106,
  "summary_fg_mad": 202.8371134109977,
  "summary_fg_mean": 646.4768676757812,
  "summary_fg_median": 628.0653686523438,
  "summary_fg_n": 182910.0,
  "summary_fg_p05": 342.0898162841797,
  "summary_fg_p95": 1005.8361328124996,
  "summary_fg_stdv": 206.6825714111328,
  "tsnr": 16.530717266723514
}