{
  "aor": 0.014145545454545456,
  "aqi": 0.080127005,
  "bids_meta": {
    "AcquisitionMatrixPE": 128,
    "AcquisitionNumber": 1,
    "AcquisitionTime": "15:46:23.960000",
    "BandwidthPerPixelPhaseEncode": 8.311,
    "BaseResolution": 128,
    "BodyPartExamined": "BRAIN",
    "ConsistencyInfo": "N4_VD13A_LATEST_20120616",
    "ConversionSoftware": "dcm2niix",
    "ConversionSoftwareVersion": "v1.0.20180518 GCC4.8.5",
    "DerivedVendorReportedEchoSpacing": 0.000940019,
    "DeviceSerialNumber": "45031",
    "DwellTime": 3.2e-06,
    "EchoTime": 0.04,
    "EchoTrainLength": 96,
    "EffectiveEchoSpacing": 0.000940019,
    "FlipAngle": 64,
    "ImageOrientationPatientDICOM": [
      1,
      0,
      0,
      0,
      0.999816,
      0.0191974
    ],
    "ImageType": [
      "ORIGINAL",
      "PRIMARY",
      "M",
      "ND",
      "MOSAIC"
    ],
    "InPlanePhaseEncodingDirectionDICOM": "COL",
    "InstitutionAddress": "Washington_and_Faculty_Rd._-_Building_25_25_Princeton_NJ_US_085",
    "InstitutionName": "Princeton_University_-_Neuroscience_Institute",
    "InstitutionalDepartmentName": "Department",
    "MRAcquisitionType": "2D",
    "MagneticFieldStrength": 3,
    "Manufacturer": "Siemens",
    "ManufacturersModelName": "Skyra",
    "Modality": "MR",
    "MultibandAccelerationFactor": 3,
    "PartialFourier": 0.75,
    "PatientPosition": "HFS",
    "PercentPhaseFOV": 100,
    "PhaseEncodingDirection": "j-",
    "PhaseEncodingSteps": 96,
    "PhaseResolution": 1,
    "PixelBandwidth": 1220,
    "ProcedureStepDescription": "Turk-BrowneLab_Projects",
    "ProtocolName": "epi_acc3_shift2_1.5TR_220vol",
    "PulseSequenceDetails": "%CustomerSeq%_ep2d_bold_sliceaccl_667A",
    "ReceiveCoilActiveElements": "HE1-4",
    "ReceiveCoilName": "HeadNeck_20",
    "ReconMatrixPE": 128,
    "RepetitionTime": 1.5,
    "SAR": 0.0320438,
    "ScanOptions": "PFP",
    "ScanningSequence": "EP",
    "SequenceName": "epcaipi2d1_128",
    "SequenceVariant": "SK_SS",
    "SeriesDescription": "epi_acc3_shift2_1.5TR_220vol",
    "SeriesNumber": 13,
    "ShimSetting": [
      3373,
      8626,
      9420,
      380,
      173,
      548,
      854,
      105
    ],
    "SliceThickness": 1.5,
    "SliceTiming": [
      1.055,
      0,
      0.74,
      0.105,
      0.845,
      0.21,
      0.95,
      0.4225,
      1.1625,
      0.5275,
      1.2875,
      0.6325,
      1.3925,
      0.315,
      1.055,
      0,
      0.74,
      0.105,
      0.845,
      0.21,
      0.95,
      0.4225,
      1.1625,
      0.5275,
      1.2875,
      0.6325,
      1.3925,
      0.315,
      1.055,
      0,
      0.74,
      0.105,
      0.845,
      0.21,
      0.95,
      0.4225,
      1.1625,
      0.5275,
      1.2875,
      0.6325,
      1.3925,
      0.315
    ],
    "SoftwareVersions": "syngo_MR_D13",
    "SpacingBetweenSlices": 1.5,
    "StationName": "AWP45031",
    "TaskName": "cue-action-outcome",
    "TotalReadoutTime": 0.119382,
    "TxRefAmp": 363.689,
    "dataset": "ds001946",
    "modality": "bold",
    "run_id": 7,
    "subject_id": "07",
    "task_id": "actions"
  },
  "dummy_trs": 0,
  "dvars_nstd": 137.23226002013703,
  "dvars_std": 1.1520702162557077,
  "dvars_vstd": 1.109269960410959,
  "efc": 0.7130352537595245,
  "fber": 86.85893249511719,
  "fd_mean": 0.9856377373682128,
  "fd_num": 162,
  "fd_perc": 73.63636363636364,
  "fwhm_avg": 3.148015555555555,
  "fwhm_x": 2.9565066666666664,
  "fwhm_y": 3.6731466666666663,
  "fwhm_z": 2.8143933333333333,
  "gcor": 0.0601496,
  "gsr_x": -0.021875888109207153,
  "gsr_y": 0.07040910422801971,
  "provenance": {
    "md5sum": "881ba9df757bfc6230feac28726f94bb",
    "settings": {
      "fd_thres": 0.2,
      "testing": false
    },
    "software": "mriqc",
    "version": "22.0.6",
    "webapi_port": null,
    "webapi_url": "https://mriqc.nimh.nih.gov/api/v1"
  },
  "size_t": 220,
  "size_x": 128,
  "size_y": 128,
  "size_z": 42,
  "snr": 3.275722744742804,
  "spacing_tr": 1.5,
  "spacing_x": 1.5,
  "spacing_y": 1.5,
  "spacing_z": 1.5,
  "summary_bg_k": 22.315756845725478,
  "summary_bg_mad": 41.007428258284804,
  "summary_bg_mean": 95.39320373535156,
  "summary_bg_median": 59.02727127075195,
  "summary_bg_n": 325757.0,
  "summary_bg_p05": 22.136362075805664,
  "summary_bg_p95": 290.6963439941407,
  "summary_bg_stdv": 108.18904113769531,
  "summary_fg_k": 0.10573896209159894,
  "summary_fg_mad": 181.7737826067983,
  "summary_fg_mean": 604.6340942382812,
  "summary_fg_median": 599.2863159179688,
  "summary_fg_n": 240291.0,
  "summary_fg_p05": 315.76136779785156,
  "summary_fg_p95": 913.9749755859375,
  "summary_fg_stdv": 182.9474334716797,
  "tsnr": 10.48202259237587
}