{
  "aor": 0.0030105909090909085,
  "aqi": 0.035445157727272726,
  "bids_meta": {
    "AcquisitionMatrixPE": 128,
    "AcquisitionNumber": 1,
    "AcquisitionTime": "15:16:27.337500",
    "BandwidthPerPixelPhaseEncode": 8.311,
    "BaseResolution": 128,
    "BodyPartExamined": "BRAIN",
    "ConsistencyInfo": "N4_VD13A_LATEST_20120616",
    "ConversionSoftware": "dcm2niix",
    "ConversionSoftwareVersion": "v1.0.20180518 GCC4.8.5",
    "DerivedVendorReportedEchoSpacing": 0.000940019,
    "DeviceSerialNumber": "45031",
    "DwellTime": 3.2e-06,
    "EchoTime": 0.04,
    "EchoTrainLength": 96,
    "EffectiveEchoSpacing": 0.000940019,
    "FlipAngle": 64,
    "ImageOrientationPatientDICOM": [
      1,
      0,
      0,
      0,
      0.999816,
      0.0191974
    ],
    "ImageType": [
      "ORIGINAL",
      "PRIMARY",
      "M",
      "ND",
      "MOSAIC"
    ],
    "InPlanePhaseEncodingDirectionDICOM": "COL",
    "InstitutionAddress": "Washington_and_Faculty_Rd._-_Building_25_25_Princeton_NJ_US_085",
    "InstitutionName": "Princeton_University_-_Neuroscience_Institute",
    "InstitutionalDepartmentName": "Department",
    "MRAcquisitionType": "2D",
    "MagneticFieldStrength": 3,
    "Manufacturer": "Siemens",
    "ManufacturersModelName": "Skyra",
    "Modality": "MR",
    "MultibandAccelerationFactor": 3,
    "PartialFourier": 0.75,
    "PatientPosition": "HFS",
    "PercentPhaseFOV": 100,
    "PhaseEncodingDirection": "j-",
    "PhaseEncodingSteps": 96,
    "PhaseResolution": 1,
    "PixelBandwidth": 1220,
    "ProcedureStepDescription": "Turk-BrowneLab_Projects",
    "ProtocolName": "epi_acc3_shift2_1.5TR_220vol",
    "PulseSequenceDetails": "%CustomerSeq%_ep2d_bold_sliceaccl_667A",
    "ReceiveCoilActiveElements": "HE1-4",
    "ReceiveCoilName": "HeadNeck_20",
    "ReconMatrixPE": 128,
    "RepetitionTime": 1.5,
    "SAR": 0.0320438,
    "ScanOptions": "PFP",
    "ScanningSequence": "EP",
    "SequenceName": "epcaipi2d1_128",
    "SequenceVariant": "SK_SS",
    "SeriesDescription": "epi_acc3_shift2_1.5TR_220vol",
    "SeriesNumber": 8,
    "ShimSetting": [
      3373,
      8626,
      9420,
      380,
      173,
      548,
      854,
      105
    ],
    "SliceThickness": 1.5,
    "SliceTiming": [
      1.0575,
      0,
      0.74,
      0.105,
      0.845,
      0.2125,
      0.9525,
      0.4225,
      1.1625,
      0.53,
      1.29,
      0.635,
      1.395,
      0.3175,
      1.0575,
      0,
      0.74,
      0.105,
      0.845,
      0.2125,
      0.9525,
      0.4225,
      1.1625,
      0.53,
      1.29,
      0.635,
      1.395,
      0.3175,
      1.0575,
      0,
      0.74,
      0.105,
      0.845,
      0.2125,
      0.9525,
      0.4225,
      1.1625,
      0.53,
      1.29,
      0.635,
      1.395,
      0.3175
    ],
    "SoftwareVersions": "syngo_MR_D13",
    "SpacingBetweenSlices": 1.5,
    "StationName": "AWP45031",
    "TaskName": "cue-action-outcome",
    "TotalReadoutTime": 0.119382,
    "TxRefAmp": 363.689,
    "dataset": "ds001946",
    "modality": "bold",
    "run_id": 2,
    "subject_id": "07",
    "task_id": "actions"
  },
  "dummy_trs": 0,
  "dvars_nstd": 92.31677448146114,
  "dvars_std": 1.0563137991324203,
  "dvars_vstd": 1.0119842503196348,
  "efc": 0.7037366837750951,
  "fber": 102.55400848388672,
  "fd_mean": 0.36138581173704054,
  "fd_num": 131,
  "fd_perc": 59.54545454545455,
  "fwhm_avg": 3.0737888888888896,
  "fwhm_x": 2.850426666666667,
  "fwhm_y": 3.5254733333333337,
  "fwhm_z": 2.845466666666667,
  "gcor": 0.0186041,
  "gsr_x": -0.02261759713292122,
  "gsr_y": 0.073857881128788,
  "provenance": {
    "md5sum": "b5e585d5d217269ed618c4816e40ab13",
    "settings": {
      "fd_thres": 0.2,
      "testing": false
    },
    "software": "mriqc",
    "version": "22.0.6",
    "webapi_port": null,
    "webapi_url": "https://mriqc.nimh.nih.gov/api/v1"
  },
  "size_t": 220,
  "size_x": 128,
  "size_y": 128,
  "size_z": 42,
  "snr": 3.2676981190633976,
  "spacing_tr": 1.5,
  "spacing_x": 1.5,
  "spacing_y": 1.5,
  "spacing_z": 1.5,
  "summary_bg_k": 29.16431651639642,
  "summary_bg_mad": 35.535279228690435,
  "summary_bg_mean": 92.75454711914062,
  "summary_bg_median": 55.495452880859375,
  "summary_bg_n": 335618.0,
  "summary_bg_p05": 23.368181228637695,
  "summary_bg_p95": 283.6999816894531,
  "summary_bg_stdv": 111.3638687133789,
  "summary_fg_k": 0.20103849950423358,
  "summary_fg_mad": 181.57832235338205,
  "summary_fg_mean": 608.3736572265625,
  "summary_fg_median": 601.831787109375,
  "summary_fg_n": 234693.0,
  "summary_fg_p05": 320.345458984375,
  "summary_fg_p95": 920.2699584960938,
  "summary_fg_stdv": 184.17567443847656,
  "tsnr": 14.815531408414245
}