{
  "aor": 0.005452,
  "aqi": 0.04385364409090908,
  "bids_meta": {
    "AcquisitionMatrixPE": 128,
    "AcquisitionNumber": 1,
    "AcquisitionTime": "15:22:27.117500",
    "BandwidthPerPixelPhaseEncode": 8.311,
    "BaseResolution": 128,
    "BodyPartExamined": "BRAIN",
    "ConsistencyInfo": "N4_VD13A_LATEST_20120616",
    "ConversionSoftware": "dcm2niix",
    "ConversionSoftwareVersion": "v1.0.20180518 GCC4.8.5",
    "DerivedVendorReportedEchoSpacing": 0.000940019,
    "DeviceSerialNumber": "45031",
    "DwellTime": 3.2e-06,
    "EchoTime": 0.04,
    "EchoTrainLength": 96,
    "EffectiveEchoSpacing": 0.000940019,
    "FlipAngle": 64,
    "ImageOrientationPatientDICOM": [
      1,
      0,
      0,
      0,
      0.999816,
      0.0191974
    ],
    "ImageType": [
      "ORIGINAL",
      "PRIMARY",
      "M",
      "ND",
      "MOSAIC"
    ],
    "InPlanePhaseEncodingDirectionDICOM": "COL",
    "InstitutionAddress": "Washington_and_Faculty_Rd._-_Building_25_25_Princeton_NJ_US_085",
    "InstitutionName": "Princeton_University_-_Neuroscience_Institute",
    "InstitutionalDepartmentName": "Department",
    "MRAcquisitionType": "2D",
    "MagneticFieldStrength": 3,
    "Manufacturer": "Siemens",
    "ManufacturersModelName": "Skyra",
    "Modality": "MR",
    "MultibandAccelerationFactor": 3,
    "PartialFourier": 0.75,
    "PatientPosition": "HFS",
    "PercentPhaseFOV": 100,
    "PhaseEncodingDirection": "j-",
    "PhaseEncodingSteps": 96,
    "PhaseResolution": 1,
    "PixelBandwidth": 1220,
    "ProcedureStepDescription": "Turk-BrowneLab_Projects",
    "ProtocolName": "epi_acc3_shift2_1.5TR_220vol",
    "PulseSequenceDetails": "%CustomerSeq%_ep2d_bold_sliceaccl_667A",
    "ReceiveCoilActiveElements": "HE1-4",
    "ReceiveCoilName": "HeadNeck_20",
    "ReconMatrixPE": 128,
    "RepetitionTime": 1.5,
    "SAR": 0.0320438,
    "ScanOptions": "PFP",
    "ScanningSequence": "EP",
    "SequenceName": "epcaipi2d1_128",
    "SequenceVariant": "SK_SS",
    "SeriesDescription": "epi_acc3_shift2_1.5TR_220vol",
    "SeriesNumber": 9,
    "ShimSetting": [
      3373,
      8626,
      9420,
      380,
      173,
      548,
      854,
      105
    ],
    "SliceThickness": 1.5,
    "SliceTiming": [
      1.055,
      0,
      0.74,
      0.105,
      0.845,
      0.21,
      0.95,
      0.4225,
      1.1625,
      0.5275,
      1.2875,
      0.6325,
      1.3925,
      0.315,
      1.055,
      0,
      0.74,
      0.105,
      0.845,
      0.21,
      0.95,
      0.4225,
      1.1625,
      0.5275,
      1.2875,
      0.6325,
      1.3925,
      0.315,
      1.055,
      0,
      0.74,
      0.105,
      0.845,
      0.21,
      0.95,
      0.4225,
      1.1625,
      0.5275,
      1.2875,
      0.6325,
      1.3925,
      0.315
    ],
    "SoftwareVersions": "syngo_MR_D13",
    "SpacingBetweenSlices": 1.5,
    "StationName": "AWP45031",
    "TaskName": "cue-action-outcome",
    "TotalReadoutTime": 0.119382,
    "TxRefAmp": 363.689,
    "dataset": "ds001946",
    "modality": "bold",
    "run_id": 3,
    "subject_id": "07",
    "task_id": "actions"
  },
  "dummy_trs": 0,
  "dvars_nstd": 102.32682438004554,
  "dvars_std": 1.0713749132420092,
  "dvars_vstd": 1.0240055935159817,
  "efc": 0.7069771834353026,
  "fber": 100.62075805664062,
  "fd_mean": 0.463553831766871,
  "fd_num": 143,
  "fd_perc": 65.0,
  "fwhm_avg": 3.1153266666666664,
  "fwhm_x": 2.8739066666666666,
  "fwhm_y": 3.5535,
  "fwhm_z": 2.9185733333333332,
  "gcor": 0.0325547,
  "gsr_x": -0.019117308780550957,
  "gsr_y": 0.07593771815299988,
  "provenance": {
    "md5sum": "4f72c03b51cb48bac3e96d1f77b714cb",
    "settings": {
      "fd_thres": 0.2,
      "testing": false
    },
    "software": "mriqc",
    "version": "22.0.6",
    "webapi_port": null,
    "webapi_url": "https://mriqc.nimh.nih.gov/api/v1"
  },
  "size_t": 220,
  "size_x": 128,
  "size_y": 128,
  "size_z": 42,
  "snr": 3.2690694167023935,
  "spacing_tr": 1.5,
  "spacing_x": 1.5,
  "spacing_y": 1.5,
  "spacing_z": 1.5,
  "summary_bg_k": 24.832103413668385,
  "summary_bg_mad": 36.033971519636786,
  "summary_bg_mean": 93.4749984741211,
  "summary_bg_median": 55.909088134765625,
  "summary_bg_n": 333502.0,
  "summary_bg_p05": 23.21363639831543,
  "summary_bg_p95": 290.02202453613296,
  "summary_bg_stdv": 110.16683197021484,
  "summary_fg_k": 0.18448788577965836,
  "summary_fg_mad": 182.58245415987906,
  "summary_fg_mean": 608.0902099609375,
  "summary_fg_median": 602.081787109375,
  "summary_fg_n": 237698.0,
  "summary_fg_p05": 320.3045349121094,
  "summary_fg_p95": 919.5838287353515,
  "summary_fg_stdv": 184.17489624023438,
  "tsnr": 13.690634986734949
}