{
  "aor": 0.008415363636363637,
  "aqi": 0.07382535727272725,
  "bids_meta": {
    "AcquisitionMatrixPE": 128,
    "AcquisitionNumber": 1,
    "AcquisitionTime": "14:32:42.872500",
    "BandwidthPerPixelPhaseEncode": 8.311,
    "BaseResolution": 128,
    "BodyPartExamined": "BRAIN",
    "ConsistencyInfo": "N4_VD13A_LATEST_20120616",
    "ConversionSoftware": "dcm2niix",
    "ConversionSoftwareVersion": "v1.0.20180518 GCC4.8.5",
    "DerivedVendorReportedEchoSpacing": 0.000940019,
    "DeviceSerialNumber": "45031",
    "DwellTime": 3.2e-06,
    "EchoTime": 0.04,
    "EchoTrainLength": 96,
    "EffectiveEchoSpacing": 0.000940019,
    "FlipAngle": 64,
    "ImageOrientationPatientDICOM": [
      1,
      0,
      0,
      0,
      0.994151,
      0.107999
    ],
    "ImageType": [
      "ORIGINAL",
      "PRIMARY",
      "M",
      "ND",
      "MOSAIC"
    ],
    "InPlanePhaseEncodingDirectionDICOM": "COL",
    "InstitutionAddress": "Washington_and_Faculty_Rd._-_Building_25_25_Princeton_NJ_US_085",
    "InstitutionName": "Princeton_University_-_Neuroscience_Institute",
    "InstitutionalDepartmentName": "Department",
    "MRAcquisitionType": "2D",
    "MagneticFieldStrength": 3,
    "Manufacturer": "Siemens",
    "ManufacturersModelName": "Skyra",
    "Modality": "MR",
    "MultibandAccelerationFactor": 3,
    "PartialFourier": 0.75,
    "PatientPosition": "HFS",
    "PercentPhaseFOV": 100,
    "PhaseEncodingDirection": "j-",
    "PhaseEncodingSteps": 96,
    "PhaseResolution": 1,
    "PixelBandwidth": 1220,
    "ProcedureStepDescription": "Turk-BrowneLab_Projects",
    "ProtocolName": "epi_acc3_shift2_1.5TR_220vol",
    "PulseSequenceDetails": "%CustomerSeq%_ep2d_bold_sliceaccl_667A",
    "ReceiveCoilActiveElements": "HE1-4",
    "ReceiveCoilName": "HeadNeck_20",
    "ReconMatrixPE": 128,
    "RepetitionTime": 1.5,
    "SAR": 0.0315839,
    "ScanOptions": "PFP",
    "ScanningSequence": "EP",
    "SequenceName": "epcaipi2d1_128",
    "SequenceVariant": "SK_SS",
    "SeriesDescription": "epi_acc3_shift2_1.5TR_220vol",
    "SeriesNumber": 5,
    "ShimSetting": [
      3346,
      8554,
      9397,
      702,
      81,
      190,
      1015,
      -118
    ],
    "SliceThickness": 1.5,
    "SliceTiming": [
      1.0575,
      0,
      0.74,
      0.105,
      0.845,
      0.2125,
      0.9525,
      0.4225,
      1.1625,
      0.5275,
      1.2875,
      0.635,
      1.395,
      0.3175,
      1.0575,
      0,
      0.74,
      0.105,
      0.845,
      0.2125,
      0.9525,
      0.4225,
      1.1625,
      0.5275,
      1.2875,
      0.635,
      1.395,
      0.3175,
      1.0575,
      0,
      0.74,
      0.105,
      0.845,
      0.2125,
      0.9525,
      0.4225,
      1.1625,
      0.5275,
      1.2875,
      0.635,
      1.395,
      0.3175
    ],
    "SoftwareVersions": "syngo_MR_D13",
    "SpacingBetweenSlices": 1.5,
    "StationName": "AWP45031",
    "TaskName": "cue-action-outcome",
    "TotalReadoutTime": 0.119382,
    "TxRefAmp": 330.988,
    "dataset": "ds001946",
    "modality": "bold",
    "run_id": 1,
    "subject_id": "22",
    "task_id": "actions"
  },
  "dummy_trs": 0,
  "dvars_nstd": 96.75081226926932,
  "dvars_std": 1.0297897729680359,
  "dvars_vstd": 1.0275128412785393,
  "efc": 0.6551913276424947,
  "fber": 186.85760498046875,
  "fd_mean": 0.7832731591758766,
  "fd_num": 185,
  "fd_perc": 84.0909090909091,
  "fwhm_avg": 2.7261022222222224,
  "fwhm_x": 2.5538933333333333,
  "fwhm_y": 3.0704533333333335,
  "fwhm_z": 2.55396,
  "gcor": 0.0464895,
  "gsr_x": -0.0007559573277831078,
  "gsr_y": 0.03166135028004646,
  "provenance": {
    "md5sum": "fc4cc3201805e0060bafe71d99b42bf7",
    "settings": {
      "fd_thres": 0.2,
      "testing": false
    },
    "software": "mriqc",
    "version": "22.0.6",
    "webapi_port": null,
    "webapi_url": "https://mriqc.nimh.nih.gov/api/v1"
  },
  "size_t": 220,
  "size_x": 128,
  "size_y": 128,
  "size_z": 42,
  "snr": 4.157122241863203,
  "spacing_tr": 1.5,
  "spacing_x": 1.5,
  "spacing_y": 1.5,
  "spacing_z": 1.5,
  "summary_bg_k": 22.270082253951774,
  "summary_bg_mad": 31.181820604061652,
  "summary_bg_mean": 75.52962493896484,
  "summary_bg_median": 47.8636360168457,
  "summary_bg_n": 381223.0,
  "summary_bg_p05": 18.39090919494629,
  "summary_bg_p95": 240.2040893554686,
  "summary_bg_stdv": 85.7445297241211,
  "summary_fg_k": 0.7432940924817717,
  "summary_fg_mad": 152.2564791243422,
  "summary_fg_mean": 675.106201171875,
  "summary_fg_median": 671.3408813476562,
  "summary_fg_n": 201117.0,
  "summary_fg_p05": 419.4708984375,
  "summary_fg_p95": 941.0645141601561,
  "summary_fg_stdv": 161.4913330078125,
  "tsnr": 13.015311912167817
}