{
  "aor": 0.00042068181818181815,
  "aqi": 0.01899595181818182,
  "bids_meta": {
    "AcquisitionMatrixPE": 128,
    "AcquisitionNumber": 1,
    "AcquisitionTime": "15:16:0.875000",
    "BandwidthPerPixelPhaseEncode": 8.311,
    "BaseResolution": 128,
    "BodyPartExamined": "BRAIN",
    "ConsistencyInfo": "N4_VD13A_LATEST_20120616",
    "ConversionSoftware": "dcm2niix",
    "ConversionSoftwareVersion": "v1.0.20180518 GCC4.8.5",
    "DerivedVendorReportedEchoSpacing": 0.000940019,
    "DeviceSerialNumber": "45031",
    "DwellTime": 3.2e-06,
    "EchoTime": 0.04,
    "EchoTrainLength": 96,
    "EffectiveEchoSpacing": 0.000940019,
    "FlipAngle": 64,
    "ImageOrientationPatientDICOM": [
      1,
      0,
      0,
      0,
      0.994151,
      0.107999
    ],
    "ImageType": [
      "ORIGINAL",
      "PRIMARY",
      "M",
      "ND",
      "MOSAIC"
    ],
    "InPlanePhaseEncodingDirectionDICOM": "COL",
    "InstitutionAddress": "Washington_and_Faculty_Rd._-_Building_25_25_Princeton_NJ_US_085",
    "InstitutionName": "Princeton_University_-_Neuroscience_Institute",
    "InstitutionalDepartmentName": "Department",
    "MRAcquisitionType": "2D",
    "MagneticFieldStrength": 3,
    "Manufacturer": "Siemens",
    "ManufacturersModelName": "Skyra",
    "Modality": "MR",
    "MultibandAccelerationFactor": 3,
    "PartialFourier": 0.75,
    "PatientPosition": "HFS",
    "PercentPhaseFOV": 100,
    "PhaseEncodingDirection": "j-",
    "PhaseEncodingSteps": 96,
    "PhaseResolution": 1,
    "PixelBandwidth": 1220,
    "ProcedureStepDescription": "Turk-BrowneLab_Projects",
    "ProtocolName": "epi_acc3_shift2_1.5TR_220vol",
    "PulseSequenceDetails": "%CustomerSeq%_ep2d_bold_sliceaccl_667A",
    "ReceiveCoilActiveElements": "HE1-4",
    "ReceiveCoilName": "HeadNeck_20",
    "ReconMatrixPE": 128,
    "RepetitionTime": 1.5,
    "SAR": 0.0315839,
    "ScanOptions": "PFP",
    "ScanningSequence": "EP",
    "SequenceName": "epcaipi2d1_128",
    "SequenceVariant": "SK_SS",
    "SeriesDescription": "epi_acc3_shift2_1.5TR_220vol",
    "SeriesNumber": 12,
    "ShimSetting": [
      3346,
      8554,
      9397,
      702,
      81,
      190,
      1015,
      -118
    ],
    "SliceThickness": 1.5,
    "SliceTiming": [
      1.0575,
      0,
      0.74,
      0.1075,
      0.8475,
      0.2125,
      0.9525,
      0.425,
      1.165,
      0.53,
      1.29,
      0.635,
      1.395,
      0.3175,
      1.0575,
      0,
      0.74,
      0.1075,
      0.8475,
      0.2125,
      0.9525,
      0.425,
      1.165,
      0.53,
      1.29,
      0.635,
      1.395,
      0.3175,
      1.0575,
      0,
      0.74,
      0.1075,
      0.8475,
      0.2125,
      0.9525,
      0.425,
      1.165,
      0.53,
      1.29,
      0.635,
      1.395,
      0.3175
    ],
    "SoftwareVersions": "syngo_MR_D13",
    "SpacingBetweenSlices": 1.5,
    "StationName": "AWP45031",
    "TaskName": "cue-action-outcome",
    "TotalReadoutTime": 0.119382,
    "TxRefAmp": 330.988,
    "dataset": "ds001946",
    "modality": "bold",
    "run_id": 8,
    "subject_id": "22",
    "task_id": "actions"
  },
  "dummy_trs": 0,
  "dvars_nstd": 63.23599417360733,
  "dvars_std": 1.0193685362557077,
  "dvars_vstd": 1.0002415307305936,
  "efc": 0.6624979099371513,
  "fber": 241.2210693359375,
  "fd_mean": 0.2574252928892634,
  "fd_num": 147,
  "fd_perc": 66.81818181818181,
  "fwhm_avg": 2.6212955555555557,
  "fwhm_x": 2.5054266666666667,
  "fwhm_y": 2.940746666666667,
  "fwhm_z": 2.4177133333333334,
  "gcor": 0.00107254,
  "gsr_x": 0.0014275189023464918,
  "gsr_y": 0.01598159782588482,
  "provenance": {
    "md5sum": "b619e823626ad0566af53035e0ecfcd7",
    "settings": {
      "fd_thres": 0.2,
      "testing": false
    },
    "software": "mriqc",
    "version": "22.0.6",
    "webapi_port": null,
    "webapi_url": "https://mriqc.nimh.nih.gov/api/v1"
  },
  "size_t": 220,
  "size_x": 128,
  "size_y": 128,
  "size_z": 42,
  "snr": 3.8983549913016913,
  "spacing_tr": 1.5,
  "spacing_x": 1.5,
  "spacing_y": 1.5,
  "spacing_z": 1.5,
  "summary_bg_k": 22.386729250334312,
  "summary_bg_mad": 26.140976454549783,
  "summary_bg_mean": 71.86381530761719,
  "summary_bg_median": 42.4409065246582,
  "summary_bg_n": 363798.0,
  "summary_bg_p05": 17.55908966064453,
  "summary_bg_p95": 244.21112213134717,
  "summary_bg_stdv": 87.78532409667969,
  "summary_fg_k": 0.8912644031970784,
  "summary_fg_mad": 165.13486657130642,
  "summary_fg_mean": 694.5684814453125,
  "summary_fg_median": 687.9954223632812,
  "summary_fg_n": 221093.0,
  "summary_fg_p05": 420.6908874511719,
  "summary_fg_p95": 986.983605957031,
  "summary_fg_stdv": 176.48312377929688,
  "tsnr": 22.486465967202093
}