{
  "aor": 0.0004613181818181818,
  "aqi": 0.018483180000000002,
  "bids_meta": {
    "AcquisitionMatrixPE": 128,
    "AcquisitionNumber": 1,
    "AcquisitionTime": "15:10:4.982500",
    "BandwidthPerPixelPhaseEncode": 8.311,
    "BaseResolution": 128,
    "BodyPartExamined": "BRAIN",
    "ConsistencyInfo": "N4_VD13A_LATEST_20120616",
    "ConversionSoftware": "dcm2niix",
    "ConversionSoftwareVersion": "v1.0.20180518 GCC4.8.5",
    "DerivedVendorReportedEchoSpacing": 0.000940019,
    "DeviceSerialNumber": "45031",
    "DwellTime": 3.2e-06,
    "EchoTime": 0.04,
    "EchoTrainLength": 96,
    "EffectiveEchoSpacing": 0.000940019,
    "FlipAngle": 64,
    "ImageOrientationPatientDICOM": [
      1,
      0,
      0,
      0,
      0.994151,
      0.107999
    ],
    "ImageType": [
      "ORIGINAL",
      "PRIMARY",
      "M",
      "ND",
      "MOSAIC"
    ],
    "InPlanePhaseEncodingDirectionDICOM": "COL",
    "InstitutionAddress": "Washington_and_Faculty_Rd._-_Building_25_25_Princeton_NJ_US_085",
    "InstitutionName": "Princeton_University_-_Neuroscience_Institute",
    "InstitutionalDepartmentName": "Department",
    "MRAcquisitionType": "2D",
    "MagneticFieldStrength": 3,
    "Manufacturer": "Siemens",
    "ManufacturersModelName": "Skyra",
    "Modality": "MR",
    "MultibandAccelerationFactor": 3,
    "PartialFourier": 0.75,
    "PatientPosition": "HFS",
    "PercentPhaseFOV": 100,
    "PhaseEncodingDirection": "j-",
    "PhaseEncodingSteps": 96,
    "PhaseResolution": 1,
    "PixelBandwidth": 1220,
    "ProcedureStepDescription": "Turk-BrowneLab_Projects",
    "ProtocolName": "epi_acc3_shift2_1.5TR_220vol",
    "PulseSequenceDetails": "%CustomerSeq%_ep2d_bold_sliceaccl_667A",
    "ReceiveCoilActiveElements": "HE1-4",
    "ReceiveCoilName": "HeadNeck_20",
    "ReconMatrixPE": 128,
    "RepetitionTime": 1.5,
    "SAR": 0.0315839,
    "ScanOptions": "PFP",
    "ScanningSequence": "EP",
    "SequenceName": "epcaipi2d1_128",
    "SequenceVariant": "SK_SS",
    "SeriesDescription": "epi_acc3_shift2_1.5TR_220vol",
    "SeriesNumber": 11,
    "ShimSetting": [
      3346,
      8554,
      9397,
      702,
      81,
      190,
      1015,
      -118
    ],
    "SliceThickness": 1.5,
    "SliceTiming": [
      1.0575,
      0,
      0.74,
      0.1075,
      0.8475,
      0.2125,
      0.9525,
      0.425,
      1.165,
      0.53,
      1.29,
      0.635,
      1.395,
      0.3175,
      1.0575,
      0,
      0.74,
      0.1075,
      0.8475,
      0.2125,
      0.9525,
      0.425,
      1.165,
      0.53,
      1.29,
      0.635,
      1.395,
      0.3175,
      1.0575,
      0,
      0.74,
      0.1075,
      0.8475,
      0.2125,
      0.9525,
      0.425,
      1.165,
      0.53,
      1.29,
      0.635,
      1.395,
      0.3175
    ],
    "SoftwareVersions": "syngo_MR_D13",
    "SpacingBetweenSlices": 1.5,
    "StationName": "AWP45031",
    "TaskName": "cue-action-outcome",
    "TotalReadoutTime": 0.119382,
    "TxRefAmp": 330.988,
    "dataset": "ds001946",
    "modality": "bold",
    "run_id": 7,
    "subject_id": "22",
    "task_id": "actions"
  },
  "dummy_trs": 0,
  "dvars_nstd": 63.45655913351599,
  "dvars_std": 1.0216177257534247,
  "dvars_vstd": 1.0004935635616439,
  "efc": 0.6611168002238638,
  "fber": 244.49229431152344,
  "fd_mean": 0.2588085172708358,
  "fd_num": 145,
  "fd_perc": 65.9090909090909,
  "fwhm_avg": 2.6112644444444446,
  "fwhm_x": 2.5001333333333333,
  "fwhm_y": 2.8969799999999997,
  "fwhm_z": 2.43668,
  "gcor": 0.00143014,
  "gsr_x": 0.004269980359822512,
  "gsr_y": 0.017673619091510773,
  "provenance": {
    "md5sum": "0649ac670e26883b5f4f60e772e23d96",
    "settings": {
      "fd_thres": 0.2,
      "testing": false
    },
    "software": "mriqc",
    "version": "22.0.6",
    "webapi_port": null,
    "webapi_url": "https://mriqc.nimh.nih.gov/api/v1"
  },
  "size_t": 220,
  "size_x": 128,
  "size_y": 128,
  "size_z": 42,
  "snr": 3.985850176275647,
  "spacing_tr": 1.5,
  "spacing_x": 1.5,
  "spacing_y": 1.5,
  "spacing_z": 1.5,
  "summary_bg_k": 20.028034155190014,
  "summary_bg_mad": 26.565534110027954,
  "summary_bg_mean": 73.62555694580078,
  "summary_bg_median": 42.29545211791992,
  "summary_bg_n": 367932.0,
  "summary_bg_p05": 17.654544830322266,
  "summary_bg_p95": 259.7945312500002,
  "summary_bg_stdv": 90.76244354248047,
  "summary_fg_k": 0.7593039857174286,
  "summary_fg_mad": 163.0592777599134,
  "summary_fg_mean": 693.8500366210938,
  "summary_fg_median": 686.5272216796875,
  "summary_fg_n": 218955.0,
  "summary_fg_p05": 428.8245422363281,
  "summary_fg_p95": 981.6753967285155,
  "summary_fg_stdv": 172.24070739746094,
  "tsnr": 22.386784755508415
}