{
  "aor": 0.015932454545454545,
  "aqi": 0.10912866272727274,
  "bids_meta": {
    "AcquisitionMatrixPE": 128,
    "AcquisitionNumber": 1,
    "AcquisitionTime": "15:40:28.975000",
    "BandwidthPerPixelPhaseEncode": 8.311,
    "BaseResolution": 128,
    "BodyPartExamined": "BRAIN",
    "ConsistencyInfo": "N4_VD13A_LATEST_20120616",
    "ConversionSoftware": "dcm2niix",
    "ConversionSoftwareVersion": "v1.0.20180518 GCC4.8.5",
    "DerivedVendorReportedEchoSpacing": 0.000940019,
    "DeviceSerialNumber": "45031",
    "DwellTime": 3.2e-06,
    "EchoTime": 0.04,
    "EchoTrainLength": 96,
    "EffectiveEchoSpacing": 0.000940019,
    "FlipAngle": 64,
    "ImageOrientationPatientDICOM": [
      1,
      0,
      0,
      0,
      0.999816,
      0.0191974
    ],
    "ImageType": [
      "ORIGINAL",
      "PRIMARY",
      "M",
      "ND",
      "MOSAIC"
    ],
    "InPlanePhaseEncodingDirectionDICOM": "COL",
    "InstitutionAddress": "Washington_and_Faculty_Rd._-_Building_25_25_Princeton_NJ_US_085",
    "InstitutionName": "Princeton_University_-_Neuroscience_Institute",
    "InstitutionalDepartmentName": "Department",
    "MRAcquisitionType": "2D",
    "MagneticFieldStrength": 3,
    "Manufacturer": "Siemens",
    "ManufacturersModelName": "Skyra",
    "Modality": "MR",
    "MultibandAccelerationFactor": 3,
    "PartialFourier": 0.75,
    "PatientPosition": "HFS",
    "PercentPhaseFOV": 100,
    "PhaseEncodingDirection": "j-",
    "PhaseEncodingSteps": 96,
    "PhaseResolution": 1,
    "PixelBandwidth": 1220,
    "ProcedureStepDescription": "Turk-BrowneLab_Projects",
    "ProtocolName": "epi_acc3_shift2_1.5TR_220vol",
    "PulseSequenceDetails": "%CustomerSeq%_ep2d_bold_sliceaccl_667A",
    "ReceiveCoilActiveElements": "HE1-4",
    "ReceiveCoilName": "HeadNeck_20",
    "ReconMatrixPE": 128,
    "RepetitionTime": 1.5,
    "SAR": 0.0320438,
    "ScanOptions": "PFP",
    "ScanningSequence": "EP",
    "SequenceName": "epcaipi2d1_128",
    "SequenceVariant": "SK_SS",
    "SeriesDescription": "epi_acc3_shift2_1.5TR_220vol",
    "SeriesNumber": 12,
    "ShimSetting": [
      3373,
      8626,
      9420,
      380,
      173,
      548,
      854,
      105
    ],
    "SliceThickness": 1.5,
    "SliceTiming": [
      1.0575,
      0,
      0.74,
      0.105,
      0.845,
      0.21,
      0.95,
      0.4225,
      1.1625,
      0.5275,
      1.2875,
      0.6325,
      1.3925,
      0.3175,
      1.0575,
      0,
      0.74,
      0.105,
      0.845,
      0.21,
      0.95,
      0.4225,
      1.1625,
      0.5275,
      1.2875,
      0.6325,
      1.3925,
      0.3175,
      1.0575,
      0,
      0.74,
      0.105,
      0.845,
      0.21,
      0.95,
      0.4225,
      1.1625,
      0.5275,
      1.2875,
      0.6325,
      1.3925,
      0.3175
    ],
    "SoftwareVersions": "syngo_MR_D13",
    "SpacingBetweenSlices": 1.5,
    "StationName": "AWP45031",
    "TaskName": "cue-action-outcome",
    "TotalReadoutTime": 0.119382,
    "TxRefAmp": 363.689,
    "dataset": "ds001946",
    "modality": "bold",
    "run_id": 6,
    "subject_id": "07",
    "task_id": "actions"
  },
  "dummy_trs": 0,
  "dvars_nstd": 149.76490435287675,
  "dvars_std": 1.1036707751141555,
  "dvars_vstd": 1.0907164602283104,
  "efc": 0.7165178275024566,
  "fber": 83.52146911621094,
  "fd_mean": 1.2214070507251487,
  "fd_num": 178,
  "fd_perc": 80.9090909090909,
  "fwhm_avg": 3.3601022222222223,
  "fwhm_x": 3.0724199999999997,
  "fwhm_y": 4.069453333333334,
  "fwhm_z": 2.9384333333333337,
  "gcor": 0.0420888,
  "gsr_x": -0.017608506605029106,
  "gsr_y": 0.06813559681177139,
  "provenance": {
    "md5sum": "7ea0bb957977071ffab18e451a2d65d2",
    "settings": {
      "fd_thres": 0.2,
      "testing": false
    },
    "software": "mriqc",
    "version": "22.0.6",
    "webapi_port": null,
    "webapi_url": "https://mriqc.nimh.nih.gov/api/v1"
  },
  "size_t": 220,
  "size_x": 128,
  "size_y": 128,
  "size_z": 42,
  "snr": 3.29619207645883,
  "spacing_tr": 1.5,
  "spacing_x": 1.5,
  "spacing_y": 1.5,
  "spacing_z": 1.5,
  "summary_bg_k": 20.188918561825975,
  "summary_bg_mad": 41.92394511930157,
  "summary_bg_mean": 89.64498901367188,
  "summary_bg_median": 60.18181610107422,
  "summary_bg_n": 321582.0,
  "summary_bg_p05": 22.172725677490234,
  "summary_bg_p95": 255.5908966064453,
  "summary_bg_stdv": 90.33123016357422,
  "summary_fg_k": -0.002392749583585818,
  "summary_fg_mad": 183.15530653684743,
  "summary_fg_mean": 599.3350830078125,
  "summary_fg_median": 597.55908203125,
  "summary_fg_n": 250212.0,
  "summary_fg_p05": 305.2186248779297,
  "summary_fg_p95": 896.7883758544921,
  "summary_fg_stdv": 181.28733825683594,
  "tsnr": 9.228879185771802
}