{
  "aor": 0.014965772727272727,
  "aqi": 0.09700783363636363,
  "bids_meta": {
    "AcquisitionMatrixPE": 128,
    "AcquisitionNumber": 1,
    "AcquisitionTime": "15:34:27.757500",
    "BandwidthPerPixelPhaseEncode": 8.311,
    "BaseResolution": 128,
    "BodyPartExamined": "BRAIN",
    "ConsistencyInfo": "N4_VD13A_LATEST_20120616",
    "ConversionSoftware": "dcm2niix",
    "ConversionSoftwareVersion": "v1.0.20180518 GCC4.8.5",
    "DerivedVendorReportedEchoSpacing": 0.000940019,
    "DeviceSerialNumber": "45031",
    "DwellTime": 3.2e-06,
    "EchoTime": 0.04,
    "EchoTrainLength": 96,
    "EffectiveEchoSpacing": 0.000940019,
    "FlipAngle": 64,
    "ImageOrientationPatientDICOM": [
      1,
      0,
      0,
      0,
      0.999816,
      0.0191974
    ],
    "ImageType": [
      "ORIGINAL",
      "PRIMARY",
      "M",
      "ND",
      "MOSAIC"
    ],
    "InPlanePhaseEncodingDirectionDICOM": "COL",
    "InstitutionAddress": "Washington_and_Faculty_Rd._-_Building_25_25_Princeton_NJ_US_085",
    "InstitutionName": "Princeton_University_-_Neuroscience_Institute",
    "InstitutionalDepartmentName": "Department",
    "MRAcquisitionType": "2D",
    "MagneticFieldStrength": 3,
    "Manufacturer": "Siemens",
    "ManufacturersModelName": "Skyra",
    "Modality": "MR",
    "MultibandAccelerationFactor": 3,
    "PartialFourier": 0.75,
    "PatientPosition": "HFS",
    "PercentPhaseFOV": 100,
    "PhaseEncodingDirection": "j-",
    "PhaseEncodingSteps": 96,
    "PhaseResolution": 1,
    "PixelBandwidth": 1220,
    "ProcedureStepDescription": "Turk-BrowneLab_Projects",
    "ProtocolName": "epi_acc3_shift2_1.5TR_220vol",
    "PulseSequenceDetails": "%CustomerSeq%_ep2d_bold_sliceaccl_667A",
    "ReceiveCoilActiveElements": "HE1-4",
    "ReceiveCoilName": "HeadNeck_20",
    "ReconMatrixPE": 128,
    "RepetitionTime": 1.5,
    "SAR": 0.0320438,
    "ScanOptions": "PFP",
    "ScanningSequence": "EP",
    "SequenceName": "epcaipi2d1_128",
    "SequenceVariant": "SK_SS",
    "SeriesDescription": "epi_acc3_shift2_1.5TR_220vol",
    "SeriesNumber": 11,
    "ShimSetting": [
      3373,
      8626,
      9420,
      380,
      173,
      548,
      854,
      105
    ],
    "SliceThickness": 1.5,
    "SliceTiming": [
      1.0575,
      0,
      0.74,
      0.105,
      0.845,
      0.21,
      0.95,
      0.4225,
      1.1625,
      0.5275,
      1.2875,
      0.6325,
      1.3925,
      0.3175,
      1.0575,
      0,
      0.74,
      0.105,
      0.845,
      0.21,
      0.95,
      0.4225,
      1.1625,
      0.5275,
      1.2875,
      0.6325,
      1.3925,
      0.3175,
      1.0575,
      0,
      0.74,
      0.105,
      0.845,
      0.21,
      0.95,
      0.4225,
      1.1625,
      0.5275,
      1.2875,
      0.6325,
      1.3925,
      0.3175
    ],
    "SoftwareVersions": "syngo_MR_D13",
    "SpacingBetweenSlices": 1.5,
    "StationName": "AWP45031",
    "TaskName": "cue-action-outcome",
    "TotalReadoutTime": 0.119382,
    "TxRefAmp": 363.689,
    "dataset": "ds001946",
    "modality": "bold",
    "run_id": 5,
    "subject_id": "07",
    "task_id": "actions"
  },
  "dummy_trs": 0,
  "dvars_nstd": 130.98951306652972,
  "dvars_std": 1.1125781934246572,
  "dvars_vstd": 1.1070040747945202,
  "efc": 0.7143951688534129,
  "fber": 84.41438293457031,
  "fd_mean": 0.9300902157698617,
  "fd_num": 165,
  "fd_perc": 75.0,
  "fwhm_avg": 3.210064444444445,
  "fwhm_x": 2.97386,
  "fwhm_y": 3.8249600000000004,
  "fwhm_z": 2.8313733333333335,
  "gcor": 0.0495658,
  "gsr_x": -0.02929818443953991,
  "gsr_y": 0.07199852168560028,
  "provenance": {
    "md5sum": "3886fc5420bc94704db95c8f48ade94b",
    "settings": {
      "fd_thres": 0.2,
      "testing": false
    },
    "software": "mriqc",
    "version": "22.0.6",
    "webapi_port": null,
    "webapi_url": "https://mriqc.nimh.nih.gov/api/v1"
  },
  "size_t": 220,
  "size_x": 128,
  "size_y": 128,
  "size_z": 42,
  "snr": 3.333213469966905,
  "spacing_tr": 1.5,
  "spacing_x": 1.5,
  "spacing_y": 1.5,
  "spacing_z": 1.5,
  "summary_bg_k": 19.840477577853285,
  "summary_bg_mad": 41.87003236277117,
  "summary_bg_mean": 95.41385650634766,
  "summary_bg_median": 60.013633728027344,
  "summary_bg_n": 327313.0,
  "summary_bg_p05": 22.527271270751953,
  "summary_bg_p95": 285.31090087890607,
  "summary_bg_stdv": 106.38878631591797,
  "summary_fg_k": 0.07641047420660563,
  "summary_fg_mad": 180.33158455641788,
  "summary_fg_mean": 605.4387817382812,
  "summary_fg_median": 602.1090698242188,
  "summary_fg_n": 239681.0,
  "summary_fg_p05": 317.25,
  "summary_fg_p95": 907.3772583007812,
  "summary_fg_stdv": 180.6388397216797,
  "tsnr": 10.2584520104283
}