{
  "aor": 0.0003352272727272728,
  "aqi": 0.020102030000000003,
  "bids_meta": {
    "AcquisitionMatrixPE": 128,
    "AcquisitionNumber": 1,
    "AcquisitionTime": "12:34:33.435000",
    "BandwidthPerPixelPhaseEncode": 8.311,
    "BaseResolution": 128,
    "BodyPartExamined": "BRAIN",
    "ConsistencyInfo": "N4_VD13A_LATEST_20120616",
    "ConversionSoftware": "dcm2niix",
    "ConversionSoftwareVersion": "v1.0.20180518 GCC4.8.5",
    "DerivedVendorReportedEchoSpacing": 0.000940019,
    "DeviceSerialNumber": "45031",
    "DwellTime": 3.2e-06,
    "EchoTime": 0.04,
    "EchoTrainLength": 96,
    "EffectiveEchoSpacing": 0.000940019,
    "FlipAngle": 64,
    "ImageOrientationPatientDICOM": [
      1,
      0,
      0,
      0,
      0.995725,
      0.0923706
    ],
    "ImageType": [
      "ORIGINAL",
      "PRIMARY",
      "M",
      "ND",
      "MOSAIC"
    ],
    "InPlanePhaseEncodingDirectionDICOM": "COL",
    "InstitutionAddress": "Washington_and_Faculty_Rd._-_Building_25_25_Princeton_NJ_US_085",
    "InstitutionName": "Princeton_University_-_Neuroscience_Institute",
    "InstitutionalDepartmentName": "Department",
    "MRAcquisitionType": "2D",
    "MagneticFieldStrength": 3,
    "Manufacturer": "Siemens",
    "ManufacturersModelName": "Skyra",
    "Modality": "MR",
    "MultibandAccelerationFactor": 3,
    "PartialFourier": 0.75,
    "PatientPosition": "HFS",
    "PercentPhaseFOV": 100,
    "PhaseEncodingDirection": "j-",
    "PhaseEncodingSteps": 96,
    "PhaseResolution": 1,
    "PixelBandwidth": 1220,
    "ProcedureStepDescription": "Turk-BrowneLab_Projects",
    "ProtocolName": "epi_acc3_shift2_1.5TR_220vol",
    "PulseSequenceDetails": "%CustomerSeq%_ep2d_bold_sliceaccl_667A",
    "ReceiveCoilActiveElements": "HE1-4",
    "ReceiveCoilName": "HeadNeck_20",
    "ReconMatrixPE": 128,
    "RepetitionTime": 1.5,
    "SAR": 0.0312853,
    "ScanOptions": "PFP",
    "ScanningSequence": "EP",
    "SequenceName": "epcaipi2d1_128",
    "SequenceVariant": "SK_SS",
    "SeriesDescription": "epi_acc3_shift2_1.5TR_220vol",
    "SeriesNumber": 5,
    "ShimSetting": [
      3363,
      8661,
      9245,
      261,
      136,
      553,
      1490,
      121
    ],
    "SliceThickness": 1.5,
    "SliceTiming": [
      1.0575,
      0,
      0.74,
      0.105,
      0.845,
      0.21,
      0.95,
      0.4225,
      1.1625,
      0.5275,
      1.2875,
      0.635,
      1.395,
      0.3175,
      1.0575,
      0,
      0.74,
      0.105,
      0.845,
      0.21,
      0.95,
      0.4225,
      1.1625,
      0.5275,
      1.2875,
      0.635,
      1.395,
      0.3175,
      1.0575,
      0,
      0.74,
      0.105,
      0.845,
      0.21,
      0.95,
      0.4225,
      1.1625,
      0.5275,
      1.2875,
      0.635,
      1.395,
      0.3175
    ],
    "SoftwareVersions": "syngo_MR_D13",
    "SpacingBetweenSlices": 1.5,
    "StationName": "AWP45031",
    "TaskName": "cue-action-outcome",
    "TotalReadoutTime": 0.119382,
    "TxRefAmp": 329.091,
    "dataset": "ds001946",
    "modality": "bold",
    "run_id": 1,
    "subject_id": "03",
    "task_id": "actions"
  },
  "dummy_trs": 0,
  "dvars_nstd": 74.41012231835619,
  "dvars_std": 1.03201128456621,
  "dvars_vstd": 0.9983390621461184,
  "efc": 0.639255732658065,
  "fber": 217.50486755371094,
  "fd_mean": 0.22429277497934139,
  "fd_num": 132,
  "fd_perc": 60.0,
  "fwhm_avg": 2.6585644444444445,
  "fwhm_x": 2.571406666666667,
  "fwhm_y": 2.9236733333333333,
  "fwhm_z": 2.4806133333333333,
  "gcor": 0.00202367,
  "gsr_x": -0.04049595445394516,
  "gsr_y": 0.07471361011266708,
  "provenance": {
    "md5sum": "73d32e6389c2e6e8a6df6e855983e4c3",
    "settings": {
      "fd_thres": 0.2,
      "testing": false
    },
    "software": "mriqc",
    "version": "22.0.6",
    "webapi_port": null,
    "webapi_url": "https://mriqc.nimh.nih.gov/api/v1"
  },
  "size_t": 220,
  "size_x": 128,
  "size_y": 128,
  "size_z": 42,
  "snr": 3.5413963113631937,
  "spacing_tr": 1.5,
  "spacing_x": 1.5,
  "spacing_y": 1.5,
  "spacing_z": 1.5,
  "summary_bg_k": 19.344198727870896,
  "summary_bg_mad": 26.929445923567968,
  "summary_bg_mean": 66.06915283203125,
  "summary_bg_median": 40.11817932128906,
  "summary_bg_n": 394253.0,
  "summary_bg_p05": 17.154544830322266,
  "summary_bg_p95": 214.94272155761703,
  "summary_bg_stdv": 76.15143585205078,
  "summary_fg_k": 1.6351964690956944,
  "summary_fg_mad": 167.91818438361082,
  "summary_fg_mean": 625.6460571289062,
  "summary_fg_median": 619.1363525390625,
  "summary_fg_n": 194187.0,
  "summary_fg_p05": 361.6981628417969,
  "summary_fg_p95": 909.8336364746092,
  "summary_fg_stdv": 174.82786560058594,
  "tsnr": 19.660363437607884
}