{
  "aor": 0.00034846153846153854,
  "aqi": 0.021251865384615383,
  "bids_meta": {
    "AcquisitionMatrixPE": 128,
    "AcquisitionNumber": 1,
    "AcquisitionTime": "13:22:56.167500",
    "BandwidthPerPixelPhaseEncode": 8.311,
    "BaseResolution": 128,
    "BodyPartExamined": "BRAIN",
    "ConsistencyInfo": "N4_VD13A_LATEST_20120616",
    "ConversionSoftware": "dcm2niix",
    "ConversionSoftwareVersion": "v1.0.20180518 GCC4.8.5",
    "DerivedVendorReportedEchoSpacing": 0.000940019,
    "DeviceSerialNumber": "45031",
    "DwellTime": 3.2e-06,
    "EchoTime": 0.04,
    "EchoTrainLength": 96,
    "EffectiveEchoSpacing": 0.000940019,
    "FlipAngle": 64,
    "ImageOrientationPatientDICOM": [
      1,
      0,
      0,
      0,
      0.995725,
      0.0923706
    ],
    "ImageType": [
      "ORIGINAL",
      "PRIMARY",
      "M",
      "ND",
      "MOSAIC"
    ],
    "InPlanePhaseEncodingDirectionDICOM": "COL",
    "InstitutionAddress": "Washington_and_Faculty_Rd._-_Building_25_25_Princeton_NJ_US_085",
    "InstitutionName": "Princeton_University_-_Neuroscience_Institute",
    "InstitutionalDepartmentName": "Department",
    "MRAcquisitionType": "2D",
    "MagneticFieldStrength": 3,
    "Manufacturer": "Siemens",
    "ManufacturersModelName": "Skyra",
    "Modality": "MR",
    "MultibandAccelerationFactor": 3,
    "PartialFourier": 0.75,
    "PatientPosition": "HFS",
    "PercentPhaseFOV": 100,
    "PhaseEncodingDirection": "j-",
    "PhaseEncodingSteps": 96,
    "PhaseResolution": 1,
    "PixelBandwidth": 1220,
    "ProcedureStepDescription": "Turk-BrowneLab_Projects",
    "ProtocolName": "epi_acc3_shift2_1.5TR_260vol",
    "PulseSequenceDetails": "%CustomerSeq%_ep2d_bold_sliceaccl_667A",
    "ReceiveCoilActiveElements": "HE1-4",
    "ReceiveCoilName": "HeadNeck_20",
    "ReconMatrixPE": 128,
    "RepetitionTime": 1.5,
    "SAR": 0.0313164,
    "ScanOptions": "PFP",
    "ScanningSequence": "EP",
    "SequenceName": "epcaipi2d1_128",
    "SequenceVariant": "SK_SS",
    "SeriesDescription": "epi_acc3_shift2_1.5TR_260vol",
    "SeriesNumber": 13,
    "ShimSetting": [
      3363,
      8661,
      9245,
      261,
      136,
      553,
      1490,
      121
    ],
    "SliceThickness": 1.5,
    "SliceTiming": [
      1.0575,
      0,
      0.74,
      0.1075,
      0.8475,
      0.2125,
      0.9525,
      0.425,
      1.165,
      0.53,
      1.29,
      0.635,
      1.395,
      0.3175,
      1.0575,
      0,
      0.74,
      0.1075,
      0.8475,
      0.2125,
      0.9525,
      0.425,
      1.165,
      0.53,
      1.29,
      0.635,
      1.395,
      0.3175,
      1.0575,
      0,
      0.74,
      0.1075,
      0.8475,
      0.2125,
      0.9525,
      0.425,
      1.165,
      0.53,
      1.29,
      0.635,
      1.395,
      0.3175
    ],
    "SoftwareVersions": "syngo_MR_D13",
    "SpacingBetweenSlices": 1.5,
    "StationName": "AWP45031",
    "TaskName": "Functional Localizer",
    "TotalReadoutTime": 0.119382,
    "TxRefAmp": 329.091,
    "dataset": "ds001946",
    "modality": "bold",
    "subject_id": "03",
    "task_id": "loc"
  },
  "dummy_trs": 0,
  "dvars_nstd": 74.02406549637062,
  "dvars_std": 1.028588211003861,
  "dvars_vstd": 0.9980153068339774,
  "efc": 0.6396852302346504,
  "fber": 210.16622924804688,
  "fd_mean": 0.24144451594904182,
  "fd_num": 166,
  "fd_perc": 63.84615384615385,
  "fwhm_avg": 2.7621288888888884,
  "fwhm_x": 2.6731266666666667,
  "fwhm_y": 3.0511199999999996,
  "fwhm_z": 2.56214,
  "gcor": 0.00319944,
  "gsr_x": -0.037578608840703964,
  "gsr_y": 0.07267096638679504,
  "provenance": {
    "md5sum": "8c19a52d5871b620cb5415caa14afa7d",
    "settings": {
      "fd_thres": 0.2,
      "testing": false
    },
    "software": "mriqc",
    "version": "22.0.6",
    "webapi_port": null,
    "webapi_url": "https://mriqc.nimh.nih.gov/api/v1"
  },
  "size_t": 260,
  "size_x": 128,
  "size_y": 128,
  "size_z": 42,
  "snr": 3.5260165835999118,
  "spacing_tr": 1.5,
  "spacing_x": 1.5,
  "spacing_y": 1.5,
  "spacing_z": 1.5,
  "summary_bg_k": 19.183067673906713,
  "summary_bg_mad": 27.861518728653643,
  "summary_bg_mean": 66.26074981689453,
  "summary_bg_median": 40.69230651855469,
  "summary_bg_n": 392972.0,
  "summary_bg_p05": 17.180768966674805,
  "summary_bg_p95": 212.84749832153335,
  "summary_bg_stdv": 74.71392822265625,
  "summary_fg_k": 1.3962887150641983,
  "summary_fg_mad": 169.24473511738663,
  "summary_fg_mean": 624.9147338867188,
  "summary_fg_median": 618.984619140625,
  "summary_fg_n": 193748.0,
  "summary_fg_p05": 357.8090347290039,
  "summary_fg_p95": 912.8345947265625,
  "summary_fg_stdv": 175.54739379882812,
  "tsnr": 19.26091842725873
}