{
  "aor": 0.00042750000000000004,
  "aqi": 0.019986906818181816,
  "bids_meta": {
    "AcquisitionMatrixPE": 128,
    "AcquisitionNumber": 1,
    "AcquisitionTime": "13:40:50.715000",
    "BandwidthPerPixelPhaseEncode": 8.311,
    "BaseResolution": 128,
    "BodyPartExamined": "BRAIN",
    "ConsistencyInfo": "N4_VD13A_LATEST_20120616",
    "ConversionSoftware": "dcm2niix",
    "ConversionSoftwareVersion": "v1.0.20180518 GCC4.8.5",
    "DerivedVendorReportedEchoSpacing": 0.000940019,
    "DeviceSerialNumber": "45031",
    "DwellTime": 3.2e-06,
    "EchoTime": 0.04,
    "EchoTrainLength": 96,
    "EffectiveEchoSpacing": 0.000940019,
    "FlipAngle": 64,
    "ImageOrientationPatientDICOM": [
      1,
      0,
      0,
      0,
      0.973579,
      0.228351
    ],
    "ImageType": [
      "ORIGINAL",
      "PRIMARY",
      "M",
      "ND",
      "MOSAIC"
    ],
    "InPlanePhaseEncodingDirectionDICOM": "COL",
    "InstitutionAddress": "Washington_and_Faculty_Rd._-_Building_25_25_Princeton_NJ_US_085",
    "InstitutionName": "Princeton_University_-_Neuroscience_Institute",
    "InstitutionalDepartmentName": "Department",
    "MRAcquisitionType": "2D",
    "MagneticFieldStrength": 3,
    "Manufacturer": "Siemens",
    "ManufacturersModelName": "Skyra",
    "Modality": "MR",
    "MultibandAccelerationFactor": 3,
    "PartialFourier": 0.75,
    "PatientPosition": "HFS",
    "PercentPhaseFOV": 100,
    "PhaseEncodingDirection": "j-",
    "PhaseEncodingSteps": 96,
    "PhaseResolution": 1,
    "PixelBandwidth": 1220,
    "ProcedureStepDescription": "Turk-BrowneLab_Projects",
    "ProtocolName": "epi_acc3_shift2_1.5TR_220vol",
    "PulseSequenceDetails": "%CustomerSeq%_ep2d_bold_sliceaccl_667A",
    "ReceiveCoilActiveElements": "HE1-4",
    "ReceiveCoilName": "HeadNeck_20",
    "ReconMatrixPE": 128,
    "RepetitionTime": 1.5,
    "SAR": 0.0354974,
    "ScanOptions": "PFP",
    "ScanningSequence": "EP",
    "SequenceName": "epcaipi2d1_128",
    "SequenceVariant": "SK_SS",
    "SeriesDescription": "epi_acc3_shift2_1.5TR_220vol",
    "SeriesNumber": 10,
    "ShimSetting": [
      3394,
      8635,
      9542,
      433,
      93,
      327,
      1419,
      52
    ],
    "SliceThickness": 1.5,
    "SliceTiming": [
      1.0575,
      0,
      0.74,
      0.105,
      0.845,
      0.21,
      0.95,
      0.4225,
      1.1625,
      0.5275,
      1.2875,
      0.635,
      1.395,
      0.3175,
      1.0575,
      0,
      0.74,
      0.105,
      0.845,
      0.21,
      0.95,
      0.4225,
      1.1625,
      0.5275,
      1.2875,
      0.635,
      1.395,
      0.3175,
      1.0575,
      0,
      0.74,
      0.105,
      0.845,
      0.21,
      0.95,
      0.4225,
      1.1625,
      0.5275,
      1.2875,
      0.635,
      1.395,
      0.3175
    ],
    "SoftwareVersions": "syngo_MR_D13",
    "SpacingBetweenSlices": 1.5,
    "StationName": "AWP45031",
    "TaskName": "cue-action-outcome",
    "TotalReadoutTime": 0.119382,
    "TxRefAmp": 354.852,
    "dataset": "ds001946",
    "modality": "bold",
    "run_id": 6,
    "subject_id": "12",
    "task_id": "actions"
  },
  "dummy_trs": 0,
  "dvars_nstd": 70.98883108894972,
  "dvars_std": 1.0423816793607297,
  "dvars_vstd": 0.9976891221461186,
  "efc": 0.6308000867001132,
  "fber": 216.64508056640625,
  "fd_mean": 0.23351944317318699,
  "fd_num": 138,
  "fd_perc": 62.72727272727273,
  "fwhm_avg": 3.006224607353047,
  "fwhm_x": 2.86908,
  "fwhm_y": 3.351920266386689,
  "fwhm_z": 2.7976735556724512,
  "gcor": 0.00552224,
  "gsr_x": -0.01722314953804016,
  "gsr_y": 0.05519349128007889,
  "provenance": {
    "md5sum": "253dec85cb60158d26602373ea296896",
    "settings": {
      "fd_thres": 0.2,
      "testing": false
    },
    "software": "mriqc",
    "version": "22.0.6",
    "webapi_port": null,
    "webapi_url": "https://mriqc.nimh.nih.gov/api/v1"
  },
  "size_t": 220,
  "size_x": 128,
  "size_y": 128,
  "size_z": 42,
  "snr": 3.07384065915445,
  "spacing_tr": 1.5,
  "spacing_x": 1.5,
  "spacing_y": 1.4999998807907104,
  "spacing_z": 1.4999998807907104,
  "summary_bg_k": 25.15099888719181,
  "summary_bg_mad": 28.176180892692823,
  "summary_bg_mean": 72.63955688476562,
  "summary_bg_median": 42.727272033691406,
  "summary_bg_n": 392424.0,
  "summary_bg_p05": 17.968181610107422,
  "summary_bg_p95": 229.1356704711913,
  "summary_bg_stdv": 91.14021301269531,
  "summary_fg_k": 1.2734819064391063,
  "summary_fg_mad": 205.8424957889889,
  "summary_fg_mean": 678.129638671875,
  "summary_fg_median": 666.7568359375,
  "summary_fg_n": 190998.0,
  "summary_fg_p05": 348.5361236572266,
  "summary_fg_p95": 1047.7606506347654,
  "summary_fg_stdv": 216.91270446777344,
  "tsnr": 20.64521775499452
}