{
  "aor": 0.0012441743119266057,
  "aqi": 0.02839690733944954,
  "bids_meta": {
    "AcquisitionMatrixPE": 128,
    "AcquisitionNumber": 1,
    "AcquisitionTime": "13:30:47.532500",
    "BandwidthPerPixelPhaseEncode": 8.311,
    "BaseResolution": 128,
    "BodyPartExamined": "BRAIN",
    "ConsistencyInfo": "N4_VD13A_LATEST_20120616",
    "ConversionSoftware": "dcm2niix",
    "ConversionSoftwareVersion": "v1.0.20180518 GCC4.8.5",
    "DerivedVendorReportedEchoSpacing": 0.000940019,
    "DeviceSerialNumber": "45031",
    "DwellTime": 3.2e-06,
    "EchoTime": 0.04,
    "EchoTrainLength": 96,
    "EffectiveEchoSpacing": 0.000940019,
    "FlipAngle": 64,
    "ImageOrientationPatientDICOM": [
      1,
      0,
      0,
      0,
      0.943801,
      0.330514
    ],
    "ImageType": [
      "ORIGINAL",
      "PRIMARY",
      "M",
      "ND",
      "MOSAIC"
    ],
    "InPlanePhaseEncodingDirectionDICOM": "COL",
    "InstitutionAddress": "Washington_and_Faculty_Rd._-_Building_25_25_Princeton_NJ_US_085",
    "InstitutionName": "Princeton_University_-_Neuroscience_Institute",
    "InstitutionalDepartmentName": "Department",
    "MRAcquisitionType": "2D",
    "MagneticFieldStrength": 3,
    "Manufacturer": "Siemens",
    "ManufacturersModelName": "Skyra",
    "Modality": "MR",
    "MultibandAccelerationFactor": 3,
    "PartialFourier": 0.75,
    "PatientPosition": "HFS",
    "PercentPhaseFOV": 100,
    "PhaseEncodingDirection": "j-",
    "PhaseEncodingSteps": 96,
    "PhaseResolution": 1,
    "PixelBandwidth": 1220,
    "ProcedureStepDescription": "Turk-BrowneLab_Projects",
    "ProtocolName": "epi_acc3_shift2_1.5TR_220vol",
    "PulseSequenceDetails": "%CustomerSeq%_ep2d_bold_sliceaccl_667A",
    "ReceiveCoilActiveElements": "HE1-4",
    "ReceiveCoilName": "HeadNeck_20",
    "ReconMatrixPE": 128,
    "RepetitionTime": 1.5,
    "SAR": 0.0464454,
    "ScanOptions": "PFP",
    "ScanningSequence": "EP",
    "SequenceName": "epcaipi2d1_128",
    "SequenceVariant": "SK_SS",
    "SeriesDescription": "epi_acc3_shift2_1.5TR_220vol",
    "SeriesNumber": 6,
    "ShimSetting": [
      3395,
      8453,
      9752,
      932,
      -19,
      -222,
      483,
      199
    ],
    "SliceThickness": 1.5,
    "SliceTiming": [
      1.0575,
      0,
      0.74,
      0.105,
      0.845,
      0.2125,
      0.9525,
      0.4225,
      1.1625,
      0.53,
      1.29,
      0.635,
      1.395,
      0.3175,
      1.0575,
      0,
      0.74,
      0.105,
      0.845,
      0.2125,
      0.9525,
      0.4225,
      1.1625,
      0.53,
      1.29,
      0.635,
      1.395,
      0.3175,
      1.0575,
      0,
      0.74,
      0.105,
      0.845,
      0.2125,
      0.9525,
      0.4225,
      1.1625,
      0.53,
      1.29,
      0.635,
      1.395,
      0.3175
    ],
    "SoftwareVersions": "syngo_MR_D13",
    "SpacingBetweenSlices": 1.5,
    "StationName": "AWP45031",
    "TaskName": "cue-action-outcome",
    "TotalReadoutTime": 0.119382,
    "TxRefAmp": 345.891,
    "dataset": "ds001946",
    "modality": "bold",
    "run_id": 1,
    "subject_id": "05",
    "task_id": "actions"
  },
  "dummy_trs": 2,
  "dvars_nstd": 85.67118213152078,
  "dvars_std": 1.1339626170506911,
  "dvars_vstd": 1.0234132645161291,
  "efc": 0.6602089348325743,
  "fber": 168.71685791015625,
  "fd_mean": 0.2873943584170747,
  "fd_num": 159,
  "fd_perc": 72.93577981651376,
  "fwhm_avg": 2.653068888888889,
  "fwhm_x": 2.5212333333333334,
  "fwhm_y": 3.0132733333333337,
  "fwhm_z": 2.4247,
  "gcor": 0.00102335,
  "gsr_x": -0.002365640364587307,
  "gsr_y": 0.04607560858130455,
  "provenance": {
    "md5sum": "8e86339aaa2d37037a6f07815b9fc379",
    "settings": {
      "fd_thres": 0.2,
      "testing": false
    },
    "software": "mriqc",
    "version": "22.0.6",
    "webapi_port": null,
    "webapi_url": "https://mriqc.nimh.nih.gov/api/v1"
  },
  "size_t": 218,
  "size_x": 128,
  "size_y": 128,
  "size_z": 42,
  "snr": 3.8534444028679036,
  "spacing_tr": 1.5,
  "spacing_x": 1.5,
  "spacing_y": 1.5,
  "spacing_z": 1.5,
  "summary_bg_k": 25.724368830027974,
  "summary_bg_mad": 31.189051389188755,
  "summary_bg_mean": 76.2530746459961,
  "summary_bg_median": 49.20183181762695,
  "summary_bg_n": 380498.0,
  "summary_bg_p05": 21.247705459594727,
  "summary_bg_p95": 235.43921585082927,
  "summary_bg_stdv": 81.88288879394531,
  "summary_fg_k": 0.9531876569366577,
  "summary_fg_mad": 164.16417113686367,
  "summary_fg_mean": 664.9963989257812,
  "summary_fg_median": 663.6719970703125,
  "summary_fg_n": 203148.0,
  "summary_fg_p05": 390.66673278808594,
  "summary_fg_p95": 942.564208984375,
  "summary_fg_stdv": 172.2278289794922,
  "tsnr": 19.422031066846102
}