{
  "aor": 0.0013980909090909092,
  "aqi": 0.029466142272727272,
  "bids_meta": {
    "AcquisitionMatrixPE": 128,
    "AcquisitionNumber": 1,
    "AcquisitionTime": "13:36:58.290000",
    "BandwidthPerPixelPhaseEncode": 8.311,
    "BaseResolution": 128,
    "BodyPartExamined": "BRAIN",
    "ConsistencyInfo": "N4_VD13A_LATEST_20120616",
    "ConversionSoftware": "dcm2niix",
    "ConversionSoftwareVersion": "v1.0.20180518 GCC4.8.5",
    "DerivedVendorReportedEchoSpacing": 0.000940019,
    "DeviceSerialNumber": "45031",
    "DwellTime": 3.2e-06,
    "EchoTime": 0.04,
    "EchoTrainLength": 96,
    "EffectiveEchoSpacing": 0.000940019,
    "FlipAngle": 64,
    "ImageOrientationPatientDICOM": [
      1,
      0,
      0,
      0,
      0.943801,
      0.330514
    ],
    "ImageType": [
      "ORIGINAL",
      "PRIMARY",
      "M",
      "ND",
      "MOSAIC"
    ],
    "InPlanePhaseEncodingDirectionDICOM": "COL",
    "InstitutionAddress": "Washington_and_Faculty_Rd._-_Building_25_25_Princeton_NJ_US_085",
    "InstitutionName": "Princeton_University_-_Neuroscience_Institute",
    "InstitutionalDepartmentName": "Department",
    "MRAcquisitionType": "2D",
    "MagneticFieldStrength": 3,
    "Manufacturer": "Siemens",
    "ManufacturersModelName": "Skyra",
    "Modality": "MR",
    "MultibandAccelerationFactor": 3,
    "PartialFourier": 0.75,
    "PatientPosition": "HFS",
    "PercentPhaseFOV": 100,
    "PhaseEncodingDirection": "j-",
    "PhaseEncodingSteps": 96,
    "PhaseResolution": 1,
    "PixelBandwidth": 1220,
    "ProcedureStepDescription": "Turk-BrowneLab_Projects",
    "ProtocolName": "epi_acc3_shift2_1.5TR_220vol",
    "PulseSequenceDetails": "%CustomerSeq%_ep2d_bold_sliceaccl_667A",
    "ReceiveCoilActiveElements": "HE1-4",
    "ReceiveCoilName": "HeadNeck_20",
    "ReconMatrixPE": 128,
    "RepetitionTime": 1.5,
    "SAR": 0.0464454,
    "ScanOptions": "PFP",
    "ScanningSequence": "EP",
    "SequenceName": "epcaipi2d1_128",
    "SequenceVariant": "SK_SS",
    "SeriesDescription": "epi_acc3_shift2_1.5TR_220vol",
    "SeriesNumber": 7,
    "ShimSetting": [
      3395,
      8453,
      9752,
      932,
      -19,
      -222,
      483,
      199
    ],
    "SliceThickness": 1.5,
    "SliceTiming": [
      1.0575,
      0,
      0.74,
      0.105,
      0.845,
      0.2125,
      0.9525,
      0.4225,
      1.1625,
      0.53,
      1.29,
      0.635,
      1.395,
      0.3175,
      1.0575,
      0,
      0.74,
      0.105,
      0.845,
      0.2125,
      0.9525,
      0.4225,
      1.1625,
      0.53,
      1.29,
      0.635,
      1.395,
      0.3175,
      1.0575,
      0,
      0.74,
      0.105,
      0.845,
      0.2125,
      0.9525,
      0.4225,
      1.1625,
      0.53,
      1.29,
      0.635,
      1.395,
      0.3175
    ],
    "SoftwareVersions": "syngo_MR_D13",
    "SpacingBetweenSlices": 1.5,
    "StationName": "AWP45031",
    "TaskName": "cue-action-outcome",
    "TotalReadoutTime": 0.119382,
    "TxRefAmp": 345.891,
    "dataset": "ds001946",
    "modality": "bold",
    "run_id": 2,
    "subject_id": "05",
    "task_id": "actions"
  },
  "dummy_trs": 0,
  "dvars_nstd": 86.09367506447488,
  "dvars_std": 1.1167752670776254,
  "dvars_vstd": 1.0112680066210045,
  "efc": 0.6584790335004549,
  "fber": 165.95181274414062,
  "fd_mean": 0.2924451529521586,
  "fd_num": 167,
  "fd_perc": 75.9090909090909,
  "fwhm_avg": 2.6920711111111113,
  "fwhm_x": 2.55436,
  "fwhm_y": 3.0520866666666664,
  "fwhm_z": 2.4697666666666667,
  "gcor": 0.00140418,
  "gsr_x": -0.003203813685104251,
  "gsr_y": 0.04863470047712326,
  "provenance": {
    "md5sum": "d08b8164d9c1fadc2be9575accfaddd2",
    "settings": {
      "fd_thres": 0.2,
      "testing": false
    },
    "software": "mriqc",
    "version": "22.0.6",
    "webapi_port": null,
    "webapi_url": "https://mriqc.nimh.nih.gov/api/v1"
  },
  "size_t": 220,
  "size_x": 128,
  "size_y": 128,
  "size_z": 42,
  "snr": 3.804603683535561,
  "spacing_tr": 1.5,
  "spacing_x": 1.5,
  "spacing_y": 1.5,
  "spacing_z": 1.5,
  "summary_bg_k": 24.240709911156273,
  "summary_bg_mad": 31.896166748968913,
  "summary_bg_mean": 76.92219543457031,
  "summary_bg_median": 49.6136360168457,
  "summary_bg_n": 383686.0,
  "summary_bg_p05": 21.17727279663086,
  "summary_bg_p95": 236.1340789794922,
  "summary_bg_stdv": 82.4938735961914,
  "summary_fg_k": 0.85011804659828,
  "summary_fg_mad": 166.5029978543622,
  "summary_fg_mean": 664.48046875,
  "summary_fg_median": 662.404541015625,
  "summary_fg_n": 200395.0,
  "summary_fg_p05": 387.9095428466797,
  "summary_fg_p95": 946.575421142578,
  "summary_fg_stdv": 174.10562133789062,
  "tsnr": 19.2619530193042
}