{
  "aor": 0.0008509090909090908,
  "aqi": 0.03471138409090909,
  "bids_meta": {
    "AcquisitionMatrixPE": 128,
    "AcquisitionNumber": 1,
    "AcquisitionTime": "13:54:54.262500",
    "BandwidthPerPixelPhaseEncode": 8.311,
    "BaseResolution": 128,
    "BodyPartExamined": "BRAIN",
    "ConsistencyInfo": "N4_VD13A_LATEST_20120616",
    "ConversionSoftware": "dcm2niix",
    "ConversionSoftwareVersion": "v1.0.20180518 GCC4.8.5",
    "DerivedVendorReportedEchoSpacing": 0.000940019,
    "DeviceSerialNumber": "45031",
    "DwellTime": 3.2e-06,
    "EchoTime": 0.04,
    "EchoTrainLength": 96,
    "EffectiveEchoSpacing": 0.000940019,
    "FlipAngle": 64,
    "ImageOrientationPatientDICOM": [
      1,
      0,
      0,
      0,
      0.943801,
      0.330514
    ],
    "ImageType": [
      "ORIGINAL",
      "PRIMARY",
      "M",
      "ND",
      "MOSAIC"
    ],
    "InPlanePhaseEncodingDirectionDICOM": "COL",
    "InstitutionAddress": "Washington_and_Faculty_Rd._-_Building_25_25_Princeton_NJ_US_085",
    "InstitutionName": "Princeton_University_-_Neuroscience_Institute",
    "InstitutionalDepartmentName": "Department",
    "MRAcquisitionType": "2D",
    "MagneticFieldStrength": 3,
    "Manufacturer": "Siemens",
    "ManufacturersModelName": "Skyra",
    "Modality": "MR",
    "MultibandAccelerationFactor": 3,
    "PartialFourier": 0.75,
    "PatientPosition": "HFS",
    "PercentPhaseFOV": 100,
    "PhaseEncodingDirection": "j-",
    "PhaseEncodingSteps": 96,
    "PhaseResolution": 1,
    "PixelBandwidth": 1220,
    "ProcedureStepDescription": "Turk-BrowneLab_Projects",
    "ProtocolName": "epi_acc3_shift2_1.5TR_220vol",
    "PulseSequenceDetails": "%CustomerSeq%_ep2d_bold_sliceaccl_667A",
    "ReceiveCoilActiveElements": "HE1-4",
    "ReceiveCoilName": "HeadNeck_20",
    "ReconMatrixPE": 128,
    "RepetitionTime": 1.5,
    "SAR": 0.0464454,
    "ScanOptions": "PFP",
    "ScanningSequence": "EP",
    "SequenceName": "epcaipi2d1_128",
    "SequenceVariant": "SK_SS",
    "SeriesDescription": "epi_acc3_shift2_1.5TR_220vol",
    "SeriesNumber": 10,
    "ShimSetting": [
      3395,
      8453,
      9752,
      932,
      -19,
      -222,
      483,
      199
    ],
    "SliceThickness": 1.5,
    "SliceTiming": [
      1.0575,
      0,
      0.74,
      0.1075,
      0.8475,
      0.2125,
      0.9525,
      0.425,
      1.165,
      0.53,
      1.29,
      0.635,
      1.395,
      0.3175,
      1.0575,
      0,
      0.74,
      0.1075,
      0.8475,
      0.2125,
      0.9525,
      0.425,
      1.165,
      0.53,
      1.29,
      0.635,
      1.395,
      0.3175,
      1.0575,
      0,
      0.74,
      0.1075,
      0.8475,
      0.2125,
      0.9525,
      0.425,
      1.165,
      0.53,
      1.29,
      0.635,
      1.395,
      0.3175
    ],
    "SoftwareVersions": "syngo_MR_D13",
    "SpacingBetweenSlices": 1.5,
    "StationName": "AWP45031",
    "TaskName": "cue-action-outcome",
    "TotalReadoutTime": 0.119382,
    "TxRefAmp": 345.891,
    "dataset": "ds001946",
    "modality": "bold",
    "run_id": 5,
    "subject_id": "05",
    "task_id": "actions"
  },
  "dummy_trs": 0,
  "dvars_nstd": 79.50152842200909,
  "dvars_std": 1.0477204516894982,
  "dvars_vstd": 1.0009849107762558,
  "efc": 0.6620529543013761,
  "fber": 165.19944763183594,
  "fd_mean": 0.30456354371004934,
  "fd_num": 154,
  "fd_perc": 70.0,
  "fwhm_avg": 2.731648888888889,
  "fwhm_x": 2.569733333333333,
  "fwhm_y": 3.094633333333333,
  "fwhm_z": 2.53058,
  "gcor": 0.00309909,
  "gsr_x": -0.009850545786321163,
  "gsr_y": 0.05995521694421768,
  "provenance": {
    "md5sum": "96c38986387d72425487b326503f7148",
    "settings": {
      "fd_thres": 0.2,
      "testing": false
    },
    "software": "mriqc",
    "version": "22.0.6",
    "webapi_port": null,
    "webapi_url": "https://mriqc.nimh.nih.gov/api/v1"
  },
  "size_t": 220,
  "size_x": 128,
  "size_y": 128,
  "size_z": 42,
  "snr": 3.8408571677497645,
  "spacing_tr": 1.5,
  "spacing_x": 1.5,
  "spacing_y": 1.5,
  "spacing_z": 1.5,
  "summary_bg_k": 25.559759461101375,
  "summary_bg_mad": 32.792461731047894,
  "summary_bg_mean": 79.9866943359375,
  "summary_bg_median": 50.086360931396484,
  "summary_bg_n": 381466.0,
  "summary_bg_p05": 21.254545211791992,
  "summary_bg_p95": 252.01817321777344,
  "summary_bg_stdv": 91.55196380615234,
  "summary_fg_k": 0.8759838451976654,
  "summary_fg_mad": 164.71037395613249,
  "summary_fg_mean": 666.5986328125,
  "summary_fg_median": 664.05908203125,
  "summary_fg_n": 204215.0,
  "summary_fg_p05": 392.9954528808594,
  "summary_fg_p95": 948.7781616210935,
  "summary_fg_stdv": 172.89303588867188,
  "tsnr": 18.142087462358177
}