{
  "aor": 0.0010107722007722008,
  "aqi": 0.025347977220077218,
  "bids_meta": {
    "AcquisitionMatrixPE": 128,
    "AcquisitionNumber": 1,
    "AcquisitionTime": "14:19:3.655000",
    "BandwidthPerPixelPhaseEncode": 8.311,
    "BaseResolution": 128,
    "BodyPartExamined": "BRAIN",
    "ConsistencyInfo": "N4_VD13A_LATEST_20120616",
    "ConversionSoftware": "dcm2niix",
    "ConversionSoftwareVersion": "v1.0.20180518 GCC4.8.5",
    "DerivedVendorReportedEchoSpacing": 0.000940019,
    "DeviceSerialNumber": "45031",
    "DwellTime": 3.2e-06,
    "EchoTime": 0.04,
    "EchoTrainLength": 96,
    "EffectiveEchoSpacing": 0.000940019,
    "FlipAngle": 64,
    "ImageOrientationPatientDICOM": [
      1,
      0,
      0,
      0,
      0.943801,
      0.330514
    ],
    "ImageType": [
      "ORIGINAL",
      "PRIMARY",
      "M",
      "ND",
      "MOSAIC"
    ],
    "InPlanePhaseEncodingDirectionDICOM": "COL",
    "InstitutionAddress": "Washington_and_Faculty_Rd._-_Building_25_25_Princeton_NJ_US_085",
    "InstitutionName": "Princeton_University_-_Neuroscience_Institute",
    "InstitutionalDepartmentName": "Department",
    "MRAcquisitionType": "2D",
    "MagneticFieldStrength": 3,
    "Manufacturer": "Siemens",
    "ManufacturersModelName": "Skyra",
    "Modality": "MR",
    "MultibandAccelerationFactor": 3,
    "PartialFourier": 0.75,
    "PatientPosition": "HFS",
    "PercentPhaseFOV": 100,
    "PhaseEncodingDirection": "j-",
    "PhaseEncodingSteps": 96,
    "PhaseResolution": 1,
    "PixelBandwidth": 1220,
    "ProcedureStepDescription": "Turk-BrowneLab_Projects",
    "ProtocolName": "epi_acc3_shift2_1.5TR_260vol",
    "PulseSequenceDetails": "%CustomerSeq%_ep2d_bold_sliceaccl_667A",
    "ReceiveCoilActiveElements": "HE1-4",
    "ReceiveCoilName": "HeadNeck_20",
    "ReconMatrixPE": 128,
    "RepetitionTime": 1.5,
    "SAR": 0.0464915,
    "ScanOptions": "PFP",
    "ScanningSequence": "EP",
    "SequenceName": "epcaipi2d1_128",
    "SequenceVariant": "SK_SS",
    "SeriesDescription": "epi_acc3_shift2_1.5TR_260vol",
    "SeriesNumber": 14,
    "ShimSetting": [
      3395,
      8453,
      9752,
      932,
      -19,
      -222,
      483,
      199
    ],
    "SliceThickness": 1.5,
    "SliceTiming": [
      1.0575,
      0,
      0.74,
      0.1075,
      0.8475,
      0.2125,
      0.9525,
      0.4225,
      1.1625,
      0.53,
      1.29,
      0.635,
      1.395,
      0.3175,
      1.0575,
      0,
      0.74,
      0.1075,
      0.8475,
      0.2125,
      0.9525,
      0.4225,
      1.1625,
      0.53,
      1.29,
      0.635,
      1.395,
      0.3175,
      1.0575,
      0,
      0.74,
      0.1075,
      0.8475,
      0.2125,
      0.9525,
      0.4225,
      1.1625,
      0.53,
      1.29,
      0.635,
      1.395,
      0.3175
    ],
    "SoftwareVersions": "syngo_MR_D13",
    "SpacingBetweenSlices": 1.5,
    "StationName": "AWP45031",
    "TaskName": "Functional Localizer",
    "TotalReadoutTime": 0.119382,
    "TxRefAmp": 345.891,
    "dataset": "ds001946",
    "modality": "bold",
    "subject_id": "05",
    "task_id": "loc"
  },
  "dummy_trs": 1,
  "dvars_nstd": 80.03432760321715,
  "dvars_std": 1.0865613085658914,
  "dvars_vstd": 1.017723820581395,
  "efc": 0.6644521939754722,
  "fber": 170.2236785888672,
  "fd_mean": 0.2853215467381963,
  "fd_num": 189,
  "fd_perc": 72.97297297297297,
  "fwhm_avg": 2.694733333333333,
  "fwhm_x": 2.55496,
  "fwhm_y": 3.0340666666666665,
  "fwhm_z": 2.4951733333333332,
  "gcor": 0.0013755,
  "gsr_x": -0.0032610741909593344,
  "gsr_y": 0.04349545016884804,
  "provenance": {
    "md5sum": "7e1d50af575c8d2b5c0d4f3618c5418a",
    "settings": {
      "fd_thres": 0.2,
      "testing": false
    },
    "software": "mriqc",
    "version": "22.0.6",
    "webapi_port": null,
    "webapi_url": "https://mriqc.nimh.nih.gov/api/v1"
  },
  "size_t": 259,
  "size_x": 128,
  "size_y": 128,
  "size_z": 42,
  "snr": 3.8390813367552012,
  "spacing_tr": 1.5,
  "spacing_x": 1.5,
  "spacing_y": 1.5,
  "spacing_z": 1.5,
  "summary_bg_k": 20.4970127369909,
  "summary_bg_mad": 32.050541324985225,
  "summary_bg_mean": 79.25068664550781,
  "summary_bg_median": 49.24324417114258,
  "summary_bg_n": 377299.0,
  "summary_bg_p05": 21.077219009399414,
  "summary_bg_p95": 253.73396759033193,
  "summary_bg_stdv": 89.11651611328125,
  "summary_fg_k": 0.9209422334482413,
  "summary_fg_mad": 164.04789038425264,
  "summary_fg_mean": 666.2362060546875,
  "summary_fg_median": 662.1968994140625,
  "summary_fg_n": 208470.0,
  "summary_fg_p05": 393.31794891357424,
  "summary_fg_p95": 949.2878204345702,
  "summary_fg_stdv": 172.4879608154297,
  "tsnr": 19.20800720504485
}