{
  "aor": 0.0006439545454545455,
  "aqi": 0.031103220909090908,
  "bids_meta": {
    "AcquisitionMatrixPE": 128,
    "AcquisitionNumber": 1,
    "AcquisitionTime": "14:06:46.010000",
    "BandwidthPerPixelPhaseEncode": 8.311,
    "BaseResolution": 128,
    "BodyPartExamined": "BRAIN",
    "ConsistencyInfo": "N4_VD13A_LATEST_20120616",
    "ConversionSoftware": "dcm2niix",
    "ConversionSoftwareVersion": "v1.0.20180518 GCC4.8.5",
    "DerivedVendorReportedEchoSpacing": 0.000940019,
    "DeviceSerialNumber": "45031",
    "DwellTime": 3.2e-06,
    "EchoTime": 0.04,
    "EchoTrainLength": 96,
    "EffectiveEchoSpacing": 0.000940019,
    "FlipAngle": 64,
    "ImageOrientationPatientDICOM": [
      1,
      0,
      0,
      0,
      0.943801,
      0.330514
    ],
    "ImageType": [
      "ORIGINAL",
      "PRIMARY",
      "M",
      "ND",
      "MOSAIC"
    ],
    "InPlanePhaseEncodingDirectionDICOM": "COL",
    "InstitutionAddress": "Washington_and_Faculty_Rd._-_Building_25_25_Princeton_NJ_US_085",
    "InstitutionName": "Princeton_University_-_Neuroscience_Institute",
    "InstitutionalDepartmentName": "Department",
    "MRAcquisitionType": "2D",
    "MagneticFieldStrength": 3,
    "Manufacturer": "Siemens",
    "ManufacturersModelName": "Skyra",
    "Modality": "MR",
    "MultibandAccelerationFactor": 3,
    "PartialFourier": 0.75,
    "PatientPosition": "HFS",
    "PercentPhaseFOV": 100,
    "PhaseEncodingDirection": "j-",
    "PhaseEncodingSteps": 96,
    "PhaseResolution": 1,
    "PixelBandwidth": 1220,
    "ProcedureStepDescription": "Turk-BrowneLab_Projects",
    "ProtocolName": "epi_acc3_shift2_1.5TR_220vol",
    "PulseSequenceDetails": "%CustomerSeq%_ep2d_bold_sliceaccl_667A",
    "ReceiveCoilActiveElements": "HE1-4",
    "ReceiveCoilName": "HeadNeck_20",
    "ReconMatrixPE": 128,
    "RepetitionTime": 1.5,
    "SAR": 0.0464454,
    "ScanOptions": "PFP",
    "ScanningSequence": "EP",
    "SequenceName": "epcaipi2d1_128",
    "SequenceVariant": "SK_SS",
    "SeriesDescription": "epi_acc3_shift2_1.5TR_220vol",
    "SeriesNumber": 12,
    "ShimSetting": [
      3395,
      8453,
      9752,
      932,
      -19,
      -222,
      483,
      199
    ],
    "SliceThickness": 1.5,
    "SliceTiming": [
      1.0575,
      0,
      0.74,
      0.1075,
      0.8475,
      0.2125,
      0.9525,
      0.4225,
      1.1625,
      0.53,
      1.29,
      0.635,
      1.395,
      0.3175,
      1.0575,
      0,
      0.74,
      0.1075,
      0.8475,
      0.2125,
      0.9525,
      0.4225,
      1.1625,
      0.53,
      1.29,
      0.635,
      1.395,
      0.3175,
      1.0575,
      0,
      0.74,
      0.1075,
      0.8475,
      0.2125,
      0.9525,
      0.4225,
      1.1625,
      0.53,
      1.29,
      0.635,
      1.395,
      0.3175
    ],
    "SoftwareVersions": "syngo_MR_D13",
    "SpacingBetweenSlices": 1.5,
    "StationName": "AWP45031",
    "TaskName": "cue-action-outcome",
    "TotalReadoutTime": 0.119382,
    "TxRefAmp": 345.891,
    "dataset": "ds001946",
    "modality": "bold",
    "run_id": 7,
    "subject_id": "05",
    "task_id": "actions"
  },
  "dummy_trs": 0,
  "dvars_nstd": 81.99996913406397,
  "dvars_std": 1.0756217713698624,
  "dvars_vstd": 0.9999731517808217,
  "efc": 0.6650348708468062,
  "fber": 164.161865234375,
  "fd_mean": 0.2767504822055706,
  "fd_num": 152,
  "fd_perc": 69.0909090909091,
  "fwhm_avg": 2.6911400000000003,
  "fwhm_x": 2.5586466666666667,
  "fwhm_y": 3.0633733333333333,
  "fwhm_z": 2.4514,
  "gcor": 0.00170344,
  "gsr_x": -0.007769148796796799,
  "gsr_y": 0.05383332073688507,
  "provenance": {
    "md5sum": "9fb4fed618201d0af4f81ea2f126a210",
    "settings": {
      "fd_thres": 0.2,
      "testing": false
    },
    "software": "mriqc",
    "version": "22.0.6",
    "webapi_port": null,
    "webapi_url": "https://mriqc.nimh.nih.gov/api/v1"
  },
  "size_t": 220,
  "size_x": 128,
  "size_y": 128,
  "size_z": 42,
  "snr": 3.8270577095367964,
  "spacing_tr": 1.5,
  "spacing_x": 1.5,
  "spacing_y": 1.5,
  "spacing_z": 1.5,
  "summary_bg_k": 23.803102638383212,
  "summary_bg_mad": 32.81942235107206,
  "summary_bg_mean": 78.73638153076172,
  "summary_bg_median": 49.95909118652344,
  "summary_bg_n": 376442.0,
  "summary_bg_p05": 21.16363525390625,
  "summary_bg_p95": 246.06362915039062,
  "summary_bg_stdv": 87.51961517333984,
  "summary_fg_k": 0.8871400589828893,
  "summary_fg_mad": 164.95632810834795,
  "summary_fg_mean": 666.5037231445312,
  "summary_fg_median": 663.7249755859375,
  "summary_fg_n": 207824.0,
  "summary_fg_p05": 391.79680480957035,
  "summary_fg_p95": 950.3135986328125,
  "summary_fg_stdv": 173.4291534423828,
  "tsnr": 18.53972118871752
}