{
  "aor": 0.000353909090909091,
  "aqi": 0.02039710545454545,
  "bids_meta": {
    "AcquisitionMatrixPE": 128,
    "AcquisitionNumber": 1,
    "AcquisitionTime": "12:52:29.820000",
    "BandwidthPerPixelPhaseEncode": 8.311,
    "BaseResolution": 128,
    "BodyPartExamined": "BRAIN",
    "ConsistencyInfo": "N4_VD13A_LATEST_20120616",
    "ConversionSoftware": "dcm2niix",
    "ConversionSoftwareVersion": "v1.0.20180518 GCC4.8.5",
    "DerivedVendorReportedEchoSpacing": 0.000940019,
    "DeviceSerialNumber": "45031",
    "DwellTime": 3.2e-06,
    "EchoTime": 0.04,
    "EchoTrainLength": 96,
    "EffectiveEchoSpacing": 0.000940019,
    "FlipAngle": 64,
    "ImageOrientationPatientDICOM": [
      1,
      0,
      0,
      0,
      0.995725,
      0.0923706
    ],
    "ImageType": [
      "ORIGINAL",
      "PRIMARY",
      "M",
      "ND",
      "MOSAIC"
    ],
    "InPlanePhaseEncodingDirectionDICOM": "COL",
    "InstitutionAddress": "Washington_and_Faculty_Rd._-_Building_25_25_Princeton_NJ_US_085",
    "InstitutionName": "Princeton_University_-_Neuroscience_Institute",
    "InstitutionalDepartmentName": "Department",
    "MRAcquisitionType": "2D",
    "MagneticFieldStrength": 3,
    "Manufacturer": "Siemens",
    "ManufacturersModelName": "Skyra",
    "Modality": "MR",
    "MultibandAccelerationFactor": 3,
    "PartialFourier": 0.75,
    "PatientPosition": "HFS",
    "PercentPhaseFOV": 100,
    "PhaseEncodingDirection": "j-",
    "PhaseEncodingSteps": 96,
    "PhaseResolution": 1,
    "PixelBandwidth": 1220,
    "ProcedureStepDescription": "Turk-BrowneLab_Projects",
    "ProtocolName": "epi_acc3_shift2_1.5TR_220vol",
    "PulseSequenceDetails": "%CustomerSeq%_ep2d_bold_sliceaccl_667A",
    "ReceiveCoilActiveElements": "HE1-4",
    "ReceiveCoilName": "HeadNeck_20",
    "ReconMatrixPE": 128,
    "RepetitionTime": 1.5,
    "SAR": 0.0312853,
    "ScanOptions": "PFP",
    "ScanningSequence": "EP",
    "SequenceName": "epcaipi2d1_128",
    "SequenceVariant": "SK_SS",
    "SeriesDescription": "epi_acc3_shift2_1.5TR_220vol",
    "SeriesNumber": 8,
    "ShimSetting": [
      3363,
      8661,
      9245,
      261,
      136,
      553,
      1490,
      121
    ],
    "SliceThickness": 1.5,
    "SliceTiming": [
      1.0575,
      0,
      0.74,
      0.1075,
      0.8475,
      0.2125,
      0.9525,
      0.425,
      1.165,
      0.53,
      1.29,
      0.635,
      1.395,
      0.3175,
      1.0575,
      0,
      0.74,
      0.1075,
      0.8475,
      0.2125,
      0.9525,
      0.425,
      1.165,
      0.53,
      1.29,
      0.635,
      1.395,
      0.3175,
      1.0575,
      0,
      0.74,
      0.1075,
      0.8475,
      0.2125,
      0.9525,
      0.425,
      1.165,
      0.53,
      1.29,
      0.635,
      1.395,
      0.3175
    ],
    "SoftwareVersions": "syngo_MR_D13",
    "SpacingBetweenSlices": 1.5,
    "StationName": "AWP45031",
    "TaskName": "cue-action-outcome",
    "TotalReadoutTime": 0.119382,
    "TxRefAmp": 329.091,
    "dataset": "ds001946",
    "modality": "bold",
    "run_id": 4,
    "subject_id": "03",
    "task_id": "actions"
  },
  "dummy_trs": 0,
  "dvars_nstd": 74.4058759507762,
  "dvars_std": 1.0337616428767127,
  "dvars_vstd": 0.9996658689497713,
  "efc": 0.6391850547330438,
  "fber": 212.26795959472656,
  "fd_mean": 0.224297514468111,
  "fd_num": 121,
  "fd_perc": 55.0,
  "fwhm_avg": 2.7214377777777776,
  "fwhm_x": 2.6231,
  "fwhm_y": 2.9823733333333333,
  "fwhm_z": 2.55884,
  "gcor": 0.00321179,
  "gsr_x": -0.03990013152360916,
  "gsr_y": 0.0754794254899025,
  "provenance": {
    "md5sum": "2e7557c0d1a5c5ba94799c12edd2d7dc",
    "settings": {
      "fd_thres": 0.2,
      "testing": false
    },
    "software": "mriqc",
    "version": "22.0.6",
    "webapi_port": null,
    "webapi_url": "https://mriqc.nimh.nih.gov/api/v1"
  },
  "size_t": 220,
  "size_x": 128,
  "size_y": 128,
  "size_z": 42,
  "snr": 3.5100005007054866,
  "spacing_tr": 1.5,
  "spacing_x": 1.5,
  "spacing_y": 1.5,
  "spacing_z": 1.5,
  "summary_bg_k": 18.21691342495346,
  "summary_bg_mad": 27.664008291734383,
  "summary_bg_mean": 66.93594360351562,
  "summary_bg_median": 40.654544830322266,
  "summary_bg_n": 395294.0,
  "summary_bg_p05": 17.21363639831543,
  "summary_bg_p95": 218.6531768798826,
  "summary_bg_stdv": 76.55142974853516,
  "summary_fg_k": 1.5658063556492277,
  "summary_fg_mad": 169.15143904272358,
  "summary_fg_mean": 625.4554443359375,
  "summary_fg_median": 619.3590698242188,
  "summary_fg_n": 193104.0,
  "summary_fg_p05": 358.63248748779296,
  "summary_fg_p95": 913.7947326660156,
  "summary_fg_stdv": 176.45509338378906,
  "tsnr": 19.692106469767168
}