{
  "aor": 0.0003679545454545455,
  "aqi": 0.023124177727272727,
  "bids_meta": {
    "AcquisitionMatrixPE": 128,
    "AcquisitionNumber": 1,
    "AcquisitionTime": "13:10:23.737500",
    "BandwidthPerPixelPhaseEncode": 8.311,
    "BaseResolution": 128,
    "BodyPartExamined": "BRAIN",
    "ConsistencyInfo": "N4_VD13A_LATEST_20120616",
    "ConversionSoftware": "dcm2niix",
    "ConversionSoftwareVersion": "v1.0.20180518 GCC4.8.5",
    "DerivedVendorReportedEchoSpacing": 0.000940019,
    "DeviceSerialNumber": "45031",
    "DwellTime": 3.2e-06,
    "EchoTime": 0.04,
    "EchoTrainLength": 96,
    "EffectiveEchoSpacing": 0.000940019,
    "FlipAngle": 64,
    "ImageOrientationPatientDICOM": [
      1,
      0,
      0,
      0,
      0.995725,
      0.0923706
    ],
    "ImageType": [
      "ORIGINAL",
      "PRIMARY",
      "M",
      "ND",
      "MOSAIC"
    ],
    "InPlanePhaseEncodingDirectionDICOM": "COL",
    "InstitutionAddress": "Washington_and_Faculty_Rd._-_Building_25_25_Princeton_NJ_US_085",
    "InstitutionName": "Princeton_University_-_Neuroscience_Institute",
    "InstitutionalDepartmentName": "Department",
    "MRAcquisitionType": "2D",
    "MagneticFieldStrength": 3,
    "Manufacturer": "Siemens",
    "ManufacturersModelName": "Skyra",
    "Modality": "MR",
    "MultibandAccelerationFactor": 3,
    "PartialFourier": 0.75,
    "PatientPosition": "HFS",
    "PercentPhaseFOV": 100,
    "PhaseEncodingDirection": "j-",
    "PhaseEncodingSteps": 96,
    "PhaseResolution": 1,
    "PixelBandwidth": 1220,
    "ProcedureStepDescription": "Turk-BrowneLab_Projects",
    "ProtocolName": "epi_acc3_shift2_1.5TR_220vol",
    "PulseSequenceDetails": "%CustomerSeq%_ep2d_bold_sliceaccl_667A",
    "ReceiveCoilActiveElements": "HE1-4",
    "ReceiveCoilName": "HeadNeck_20",
    "ReconMatrixPE": 128,
    "RepetitionTime": 1.5,
    "SAR": 0.0312853,
    "ScanOptions": "PFP",
    "ScanningSequence": "EP",
    "SequenceName": "epcaipi2d1_128",
    "SequenceVariant": "SK_SS",
    "SeriesDescription": "epi_acc3_shift2_1.5TR_220vol",
    "SeriesNumber": 11,
    "ShimSetting": [
      3363,
      8661,
      9245,
      261,
      136,
      553,
      1490,
      121
    ],
    "SliceThickness": 1.5,
    "SliceTiming": [
      1.0575,
      0,
      0.74,
      0.105,
      0.845,
      0.2125,
      0.9525,
      0.4225,
      1.1625,
      0.53,
      1.29,
      0.635,
      1.395,
      0.3175,
      1.0575,
      0,
      0.74,
      0.105,
      0.845,
      0.2125,
      0.9525,
      0.4225,
      1.1625,
      0.53,
      1.29,
      0.635,
      1.395,
      0.3175,
      1.0575,
      0,
      0.74,
      0.105,
      0.845,
      0.2125,
      0.9525,
      0.4225,
      1.1625,
      0.53,
      1.29,
      0.635,
      1.395,
      0.3175
    ],
    "SoftwareVersions": "syngo_MR_D13",
    "SpacingBetweenSlices": 1.5,
    "StationName": "AWP45031",
    "TaskName": "cue-action-outcome",
    "TotalReadoutTime": 0.119382,
    "TxRefAmp": 329.091,
    "dataset": "ds001946",
    "modality": "bold",
    "run_id": 7,
    "subject_id": "03",
    "task_id": "actions"
  },
  "dummy_trs": 0,
  "dvars_nstd": 74.19170397027393,
  "dvars_std": 1.0243795989497722,
  "dvars_vstd": 0.9937477422831054,
  "efc": 0.6397397932424426,
  "fber": 213.77687072753906,
  "fd_mean": 0.22170952245361517,
  "fd_num": 133,
  "fd_perc": 60.45454545454545,
  "fwhm_avg": 2.7406688888888886,
  "fwhm_x": 2.653493333333333,
  "fwhm_y": 2.9977199999999997,
  "fwhm_z": 2.570793333333333,
  "gcor": 0.00239688,
  "gsr_x": -0.03833802416920662,
  "gsr_y": 0.07185419648885727,
  "provenance": {
    "md5sum": "3189643aa565e95ec4464fe054dc9a26",
    "settings": {
      "fd_thres": 0.2,
      "testing": false
    },
    "software": "mriqc",
    "version": "22.0.6",
    "webapi_port": null,
    "webapi_url": "https://mriqc.nimh.nih.gov/api/v1"
  },
  "size_t": 220,
  "size_x": 128,
  "size_y": 128,
  "size_z": 42,
  "snr": 3.5287035139686345,
  "spacing_tr": 1.5,
  "spacing_x": 1.5,
  "spacing_y": 1.5,
  "spacing_z": 1.5,
  "summary_bg_k": 18.60993973505948,
  "summary_bg_mad": 27.677485773907154,
  "summary_bg_mean": 66.56251525878906,
  "summary_bg_median": 40.62726974487305,
  "summary_bg_n": 394061.0,
  "summary_bg_p05": 17.218181610107422,
  "summary_bg_p95": 214.9499969482422,
  "summary_bg_stdv": 75.6850357055664,
  "summary_fg_k": 1.5534700878021885,
  "summary_fg_mad": 168.76735059567483,
  "summary_fg_mean": 626.8858642578125,
  "summary_fg_median": 620.4772338867188,
  "summary_fg_n": 194225.0,
  "summary_fg_p05": 360.26633911132814,
  "summary_fg_p95": 915.42724609375,
  "summary_fg_stdv": 175.8367156982422,
  "tsnr": 19.029583152383566
}