{
  "aor": 0.00034663636363636363,
  "aqi": 0.01980781818181818,
  "bids_meta": {
    "AcquisitionMatrixPE": 128,
    "AcquisitionNumber": 1,
    "AcquisitionTime": "12:40:34.865000",
    "BandwidthPerPixelPhaseEncode": 8.311,
    "BaseResolution": 128,
    "BodyPartExamined": "BRAIN",
    "ConsistencyInfo": "N4_VD13A_LATEST_20120616",
    "ConversionSoftware": "dcm2niix",
    "ConversionSoftwareVersion": "v1.0.20180518 GCC4.8.5",
    "DerivedVendorReportedEchoSpacing": 0.000940019,
    "DeviceSerialNumber": "45031",
    "DwellTime": 3.2e-06,
    "EchoTime": 0.04,
    "EchoTrainLength": 96,
    "EffectiveEchoSpacing": 0.000940019,
    "FlipAngle": 64,
    "ImageOrientationPatientDICOM": [
      1,
      0,
      0,
      0,
      0.995725,
      0.0923706
    ],
    "ImageType": [
      "ORIGINAL",
      "PRIMARY",
      "M",
      "ND",
      "MOSAIC"
    ],
    "InPlanePhaseEncodingDirectionDICOM": "COL",
    "InstitutionAddress": "Washington_and_Faculty_Rd._-_Building_25_25_Princeton_NJ_US_085",
    "InstitutionName": "Princeton_University_-_Neuroscience_Institute",
    "InstitutionalDepartmentName": "Department",
    "MRAcquisitionType": "2D",
    "MagneticFieldStrength": 3,
    "Manufacturer": "Siemens",
    "ManufacturersModelName": "Skyra",
    "Modality": "MR",
    "MultibandAccelerationFactor": 3,
    "PartialFourier": 0.75,
    "PatientPosition": "HFS",
    "PercentPhaseFOV": 100,
    "PhaseEncodingDirection": "j-",
    "PhaseEncodingSteps": 96,
    "PhaseResolution": 1,
    "PixelBandwidth": 1220,
    "ProcedureStepDescription": "Turk-BrowneLab_Projects",
    "ProtocolName": "epi_acc3_shift2_1.5TR_220vol",
    "PulseSequenceDetails": "%CustomerSeq%_ep2d_bold_sliceaccl_667A",
    "ReceiveCoilActiveElements": "HE1-4",
    "ReceiveCoilName": "HeadNeck_20",
    "ReconMatrixPE": 128,
    "RepetitionTime": 1.5,
    "SAR": 0.0312853,
    "ScanOptions": "PFP",
    "ScanningSequence": "EP",
    "SequenceName": "epcaipi2d1_128",
    "SequenceVariant": "SK_SS",
    "SeriesDescription": "epi_acc3_shift2_1.5TR_220vol",
    "SeriesNumber": 6,
    "ShimSetting": [
      3363,
      8661,
      9245,
      261,
      136,
      553,
      1490,
      121
    ],
    "SliceThickness": 1.5,
    "SliceTiming": [
      1.0575,
      0,
      0.74,
      0.105,
      0.845,
      0.21,
      0.95,
      0.4225,
      1.1625,
      0.5275,
      1.2875,
      0.635,
      1.395,
      0.3175,
      1.0575,
      0,
      0.74,
      0.105,
      0.845,
      0.21,
      0.95,
      0.4225,
      1.1625,
      0.5275,
      1.2875,
      0.635,
      1.395,
      0.3175,
      1.0575,
      0,
      0.74,
      0.105,
      0.845,
      0.21,
      0.95,
      0.4225,
      1.1625,
      0.5275,
      1.2875,
      0.635,
      1.395,
      0.3175
    ],
    "SoftwareVersions": "syngo_MR_D13",
    "SpacingBetweenSlices": 1.5,
    "StationName": "AWP45031",
    "TaskName": "cue-action-outcome",
    "TotalReadoutTime": 0.119382,
    "TxRefAmp": 329.091,
    "dataset": "ds001946",
    "modality": "bold",
    "run_id": 2,
    "subject_id": "03",
    "task_id": "actions"
  },
  "dummy_trs": 0,
  "dvars_nstd": 74.25026967630139,
  "dvars_std": 1.0329562233789946,
  "dvars_vstd": 0.9991872906392698,
  "efc": 0.6393236079887856,
  "fber": 213.97801208496094,
  "fd_mean": 0.21886275386102835,
  "fd_num": 131,
  "fd_perc": 59.54545454545455,
  "fwhm_avg": 2.691517777777778,
  "fwhm_x": 2.6074533333333334,
  "fwhm_y": 2.9496,
  "fwhm_z": 2.5175,
  "gcor": 0.00214382,
  "gsr_x": -0.04046070575714111,
  "gsr_y": 0.07581563293933868,
  "provenance": {
    "md5sum": "39e29c1aee68664d03f9cc9514a21a21",
    "settings": {
      "fd_thres": 0.2,
      "testing": false
    },
    "software": "mriqc",
    "version": "22.0.6",
    "webapi_port": null,
    "webapi_url": "https://mriqc.nimh.nih.gov/api/v1"
  },
  "size_t": 220,
  "size_x": 128,
  "size_y": 128,
  "size_z": 42,
  "snr": 3.514265253134963,
  "spacing_tr": 1.5,
  "spacing_x": 1.5,
  "spacing_y": 1.5,
  "spacing_z": 1.5,
  "summary_bg_k": 18.91404381643772,
  "summary_bg_mad": 27.242814351120778,
  "summary_bg_mean": 66.64654541015625,
  "summary_bg_median": 40.3272705078125,
  "summary_bg_n": 394778.0,
  "summary_bg_p05": 17.194771862030038,
  "summary_bg_p95": 218.0136260986328,
  "summary_bg_stdv": 76.72901916503906,
  "summary_fg_k": 1.590536981510196,
  "summary_fg_mad": 169.06719205386685,
  "summary_fg_mean": 625.8477783203125,
  "summary_fg_median": 619.352294921875,
  "summary_fg_n": 193632.0,
  "summary_fg_p05": 360.07317810058595,
  "summary_fg_p95": 914.3804412841793,
  "summary_fg_stdv": 176.23902893066406,
  "tsnr": 19.748585931956768
}