{
  "aor": 0.00198,
  "aqi": 0.025158789090909094,
  "bids_meta": {
    "AcquisitionMatrixPE": 128,
    "AcquisitionNumber": 1,
    "AcquisitionTime": "11:26:52.100000",
    "BandwidthPerPixelPhaseEncode": 8.311,
    "BaseResolution": 128,
    "BodyPartExamined": "BRAIN",
    "ConsistencyInfo": "N4_VD13A_LATEST_20120616",
    "ConversionSoftware": "dcm2niix",
    "ConversionSoftwareVersion": "v1.0.20180518 GCC4.8.5",
    "DerivedVendorReportedEchoSpacing": 0.000940019,
    "DeviceSerialNumber": "45031",
    "DwellTime": 3.2e-06,
    "EchoTime": 0.04,
    "EchoTrainLength": 96,
    "EffectiveEchoSpacing": 0.000940019,
    "FlipAngle": 64,
    "ImageOrientationPatientDICOM": [
      1,
      0,
      0,
      0,
      0.996779,
      -0.0801989
    ],
    "ImageType": [
      "ORIGINAL",
      "PRIMARY",
      "M",
      "ND",
      "MOSAIC"
    ],
    "InPlanePhaseEncodingDirectionDICOM": "COL",
    "InstitutionAddress": "Washington_and_Faculty_Rd._-_Building_25_25_Princeton_NJ_US_085",
    "InstitutionName": "Princeton_University_-_Neuroscience_Institute",
    "InstitutionalDepartmentName": "Department",
    "MRAcquisitionType": "2D",
    "MagneticFieldStrength": 3,
    "Manufacturer": "Siemens",
    "ManufacturersModelName": "Skyra",
    "Modality": "MR",
    "MultibandAccelerationFactor": 3,
    "PartialFourier": 0.75,
    "PatientPosition": "HFS",
    "PercentPhaseFOV": 100,
    "PhaseEncodingDirection": "j-",
    "PhaseEncodingSteps": 96,
    "PhaseResolution": 1,
    "PixelBandwidth": 1220,
    "ProcedureStepDescription": "Turk-BrowneLab_Projects",
    "ProtocolName": "epi_acc3_shift2_1.5TR_220vol",
    "PulseSequenceDetails": "%CustomerSeq%_ep2d_bold_sliceaccl_667A",
    "ReceiveCoilActiveElements": "HE1-4",
    "ReceiveCoilName": "HeadNeck_20",
    "ReconMatrixPE": 128,
    "RepetitionTime": 1.5,
    "SAR": 0.0425587,
    "ScanOptions": "PFP",
    "ScanningSequence": "EP",
    "SequenceName": "epcaipi2d1_128",
    "SequenceVariant": "SK_SS",
    "SeriesDescription": "epi_acc3_shift2_1.5TR_220vol",
    "SeriesNumber": 6,
    "ShimSetting": [
      3437,
      8696,
      9408,
      225,
      200,
      -69,
      450,
      256
    ],
    "SliceThickness": 1.5,
    "SliceTiming": [
      1.0575,
      0,
      0.74,
      0.105,
      0.845,
      0.21,
      0.95,
      0.4225,
      1.1625,
      0.5275,
      1.2875,
      0.6325,
      1.3925,
      0.3175,
      1.0575,
      0,
      0.74,
      0.105,
      0.845,
      0.21,
      0.95,
      0.4225,
      1.1625,
      0.5275,
      1.2875,
      0.6325,
      1.3925,
      0.3175,
      1.0575,
      0,
      0.74,
      0.105,
      0.845,
      0.21,
      0.95,
      0.4225,
      1.1625,
      0.5275,
      1.2875,
      0.6325,
      1.3925,
      0.3175
    ],
    "SoftwareVersions": "syngo_MR_D13",
    "SpacingBetweenSlices": 1.5,
    "StationName": "AWP45031",
    "TaskName": "cue-action-outcome",
    "TotalReadoutTime": 0.119382,
    "TxRefAmp": 376.899,
    "dataset": "ds001946",
    "modality": "bold",
    "run_id": 2,
    "subject_id": "24",
    "task_id": "actions"
  },
  "dummy_trs": 0,
  "dvars_nstd": 81.46423757881279,
  "dvars_std": 1.0614725665296805,
  "dvars_vstd": 1.0250567629680367,
  "efc": 0.6417424220324507,
  "fber": 151.85289001464844,
  "fd_mean": 0.25407279126485827,
  "fd_num": 121,
  "fd_perc": 55.0,
  "fwhm_avg": 2.9521711111111113,
  "fwhm_x": 2.7771866666666667,
  "fwhm_y": 3.401393333333333,
  "fwhm_z": 2.6779333333333333,
  "gcor": 0.00721724,
  "gsr_x": -0.020579306408762932,
  "gsr_y": 0.08528812974691391,
  "provenance": {
    "md5sum": "d54a19d3064d9443d25b849f225ee862",
    "settings": {
      "fd_thres": 0.2,
      "testing": false
    },
    "software": "mriqc",
    "version": "22.0.6",
    "webapi_port": null,
    "webapi_url": "https://mriqc.nimh.nih.gov/api/v1"
  },
  "size_t": 220,
  "size_x": 128,
  "size_y": 128,
  "size_z": 42,
  "snr": 3.0538844878275864,
  "spacing_tr": 1.5,
  "spacing_x": 1.5,
  "spacing_y": 1.5,
  "spacing_z": 1.5,
  "summary_bg_k": 34.1982294826676,
  "summary_bg_mad": 31.161601552963184,
  "summary_bg_mean": 77.81748962402344,
  "summary_bg_median": 47.35908889770508,
  "summary_bg_n": 393342.0,
  "summary_bg_p05": 19.55908966064453,
  "summary_bg_p95": 228.4406753540037,
  "summary_bg_stdv": 102.0071792602539,
  "summary_fg_k": 0.2120795631817156,
  "summary_fg_mad": 197.3343190867524,
  "summary_fg_mean": 626.6314697265625,
  "summary_fg_median": 617.2772827148438,
  "summary_fg_n": 186591.0,
  "summary_fg_p05": 304.22044372558594,
  "summary_fg_p95": 968.6545104980469,
  "summary_fg_stdv": 202.12802124023438,
  "tsnr": 16.81531090219505
}