{
  "aor": 0.003363772727272727,
  "aqi": 0.03305176181818182,
  "bids_meta": {
    "AcquisitionMatrixPE": 128,
    "AcquisitionNumber": 1,
    "AcquisitionTime": "11:45:7.930000",
    "BandwidthPerPixelPhaseEncode": 8.311,
    "BaseResolution": 128,
    "BodyPartExamined": "BRAIN",
    "ConsistencyInfo": "N4_VD13A_LATEST_20120616",
    "ConversionSoftware": "dcm2niix",
    "ConversionSoftwareVersion": "v1.0.20180518 GCC4.8.5",
    "DerivedVendorReportedEchoSpacing": 0.000940019,
    "DeviceSerialNumber": "45031",
    "DwellTime": 3.2e-06,
    "EchoTime": 0.04,
    "EchoTrainLength": 96,
    "EffectiveEchoSpacing": 0.000940019,
    "FlipAngle": 64,
    "ImageOrientationPatientDICOM": [
      1,
      0,
      0,
      0,
      0.996779,
      -0.0801989
    ],
    "ImageType": [
      "ORIGINAL",
      "PRIMARY",
      "M",
      "ND",
      "MOSAIC"
    ],
    "InPlanePhaseEncodingDirectionDICOM": "COL",
    "InstitutionAddress": "Washington_and_Faculty_Rd._-_Building_25_25_Princeton_NJ_US_085",
    "InstitutionName": "Princeton_University_-_Neuroscience_Institute",
    "InstitutionalDepartmentName": "Department",
    "MRAcquisitionType": "2D",
    "MagneticFieldStrength": 3,
    "Manufacturer": "Siemens",
    "ManufacturersModelName": "Skyra",
    "Modality": "MR",
    "MultibandAccelerationFactor": 3,
    "PartialFourier": 0.75,
    "PatientPosition": "HFS",
    "PercentPhaseFOV": 100,
    "PhaseEncodingDirection": "j-",
    "PhaseEncodingSteps": 96,
    "PhaseResolution": 1,
    "PixelBandwidth": 1220,
    "ProcedureStepDescription": "Turk-BrowneLab_Projects",
    "ProtocolName": "epi_acc3_shift2_1.5TR_220vol",
    "PulseSequenceDetails": "%CustomerSeq%_ep2d_bold_sliceaccl_667A",
    "ReceiveCoilActiveElements": "HE1-4",
    "ReceiveCoilName": "HeadNeck_20",
    "ReconMatrixPE": 128,
    "RepetitionTime": 1.5,
    "SAR": 0.0425587,
    "ScanOptions": "PFP",
    "ScanningSequence": "EP",
    "SequenceName": "epcaipi2d1_128",
    "SequenceVariant": "SK_SS",
    "SeriesDescription": "epi_acc3_shift2_1.5TR_220vol",
    "SeriesNumber": 9,
    "ShimSetting": [
      3437,
      8696,
      9408,
      225,
      200,
      -69,
      450,
      256
    ],
    "SliceThickness": 1.5,
    "SliceTiming": [
      1.0575,
      0,
      0.74,
      0.105,
      0.845,
      0.2125,
      0.9525,
      0.4225,
      1.1625,
      0.53,
      1.29,
      0.635,
      1.395,
      0.3175,
      1.0575,
      0,
      0.74,
      0.105,
      0.845,
      0.2125,
      0.9525,
      0.4225,
      1.1625,
      0.53,
      1.29,
      0.635,
      1.395,
      0.3175,
      1.0575,
      0,
      0.74,
      0.105,
      0.845,
      0.2125,
      0.9525,
      0.4225,
      1.1625,
      0.53,
      1.29,
      0.635,
      1.395,
      0.3175
    ],
    "SoftwareVersions": "syngo_MR_D13",
    "SpacingBetweenSlices": 1.5,
    "StationName": "AWP45031",
    "TaskName": "cue-action-outcome",
    "TotalReadoutTime": 0.119382,
    "TxRefAmp": 376.899,
    "dataset": "ds001946",
    "modality": "bold",
    "run_id": 5,
    "subject_id": "24",
    "task_id": "actions"
  },
  "dummy_trs": 0,
  "dvars_nstd": 85.22711192077625,
  "dvars_std": 1.075916594155251,
  "dvars_vstd": 1.0357156977625575,
  "efc": 0.6445428268063732,
  "fber": 161.28057861328125,
  "fd_mean": 0.2926619108486183,
  "fd_num": 127,
  "fd_perc": 57.72727272727273,
  "fwhm_avg": 2.973044444444444,
  "fwhm_x": 2.7835533333333333,
  "fwhm_y": 3.3904866666666664,
  "fwhm_z": 2.745093333333333,
  "gcor": 0.0121749,
  "gsr_x": -0.010961052030324936,
  "gsr_y": 0.07626955956220627,
  "provenance": {
    "md5sum": "d5ed8626afaccddc10a110d131442517",
    "settings": {
      "fd_thres": 0.2,
      "testing": false
    },
    "software": "mriqc",
    "version": "22.0.6",
    "webapi_port": null,
    "webapi_url": "https://mriqc.nimh.nih.gov/api/v1"
  },
  "size_t": 220,
  "size_x": 128,
  "size_y": 128,
  "size_z": 42,
  "snr": 3.092415095581825,
  "spacing_tr": 1.5,
  "spacing_x": 1.5,
  "spacing_y": 1.5,
  "spacing_z": 1.5,
  "summary_bg_k": 29.28620339646281,
  "summary_bg_mad": 30.366390515019297,
  "summary_bg_mean": 78.1890869140625,
  "summary_bg_median": 46.37272644042969,
  "summary_bg_n": 391346.0,
  "summary_bg_p05": 19.26818084716797,
  "summary_bg_p95": 240.0,
  "summary_bg_stdv": 101.65348052978516,
  "summary_fg_k": 0.2561814281247927,
  "summary_fg_mad": 197.6982280724531,
  "summary_fg_mean": 633.2085571289062,
  "summary_fg_median": 623.390869140625,
  "summary_fg_n": 190910.0,
  "summary_fg_p05": 316.16568145751955,
  "summary_fg_p95": 975.9090576171875,
  "summary_fg_stdv": 201.58653259277344,
  "tsnr": 15.887598720495589
}