{
  "aor": 0.0023915,
  "aqi": 0.02782803090909091,
  "bids_meta": {
    "AcquisitionMatrixPE": 128,
    "AcquisitionNumber": 1,
    "AcquisitionTime": "11:39:9.937500",
    "BandwidthPerPixelPhaseEncode": 8.311,
    "BaseResolution": 128,
    "BodyPartExamined": "BRAIN",
    "ConsistencyInfo": "N4_VD13A_LATEST_20120616",
    "ConversionSoftware": "dcm2niix",
    "ConversionSoftwareVersion": "v1.0.20180518 GCC4.8.5",
    "DerivedVendorReportedEchoSpacing": 0.000940019,
    "DeviceSerialNumber": "45031",
    "DwellTime": 3.2e-06,
    "EchoTime": 0.04,
    "EchoTrainLength": 96,
    "EffectiveEchoSpacing": 0.000940019,
    "FlipAngle": 64,
    "ImageOrientationPatientDICOM": [
      1,
      0,
      0,
      0,
      0.996779,
      -0.0801989
    ],
    "ImageType": [
      "ORIGINAL",
      "PRIMARY",
      "M",
      "ND",
      "MOSAIC"
    ],
    "InPlanePhaseEncodingDirectionDICOM": "COL",
    "InstitutionAddress": "Washington_and_Faculty_Rd._-_Building_25_25_Princeton_NJ_US_085",
    "InstitutionName": "Princeton_University_-_Neuroscience_Institute",
    "InstitutionalDepartmentName": "Department",
    "MRAcquisitionType": "2D",
    "MagneticFieldStrength": 3,
    "Manufacturer": "Siemens",
    "ManufacturersModelName": "Skyra",
    "Modality": "MR",
    "MultibandAccelerationFactor": 3,
    "PartialFourier": 0.75,
    "PatientPosition": "HFS",
    "PercentPhaseFOV": 100,
    "PhaseEncodingDirection": "j-",
    "PhaseEncodingSteps": 96,
    "PhaseResolution": 1,
    "PixelBandwidth": 1220,
    "ProcedureStepDescription": "Turk-BrowneLab_Projects",
    "ProtocolName": "epi_acc3_shift2_1.5TR_220vol",
    "PulseSequenceDetails": "%CustomerSeq%_ep2d_bold_sliceaccl_667A",
    "ReceiveCoilActiveElements": "HE1-4",
    "ReceiveCoilName": "HeadNeck_20",
    "ReconMatrixPE": 128,
    "RepetitionTime": 1.5,
    "SAR": 0.0425587,
    "ScanOptions": "PFP",
    "ScanningSequence": "EP",
    "SequenceName": "epcaipi2d1_128",
    "SequenceVariant": "SK_SS",
    "SeriesDescription": "epi_acc3_shift2_1.5TR_220vol",
    "SeriesNumber": 8,
    "ShimSetting": [
      3437,
      8696,
      9408,
      225,
      200,
      -69,
      450,
      256
    ],
    "SliceThickness": 1.5,
    "SliceTiming": [
      1.0575,
      0,
      0.74,
      0.105,
      0.845,
      0.21,
      0.95,
      0.4225,
      1.1625,
      0.5275,
      1.2875,
      0.635,
      1.395,
      0.3175,
      1.0575,
      0,
      0.74,
      0.105,
      0.845,
      0.21,
      0.95,
      0.4225,
      1.1625,
      0.5275,
      1.2875,
      0.635,
      1.395,
      0.3175,
      1.0575,
      0,
      0.74,
      0.105,
      0.845,
      0.21,
      0.95,
      0.4225,
      1.1625,
      0.5275,
      1.2875,
      0.635,
      1.395,
      0.3175
    ],
    "SoftwareVersions": "syngo_MR_D13",
    "SpacingBetweenSlices": 1.5,
    "StationName": "AWP45031",
    "TaskName": "cue-action-outcome",
    "TotalReadoutTime": 0.119382,
    "TxRefAmp": 376.899,
    "dataset": "ds001946",
    "modality": "bold",
    "run_id": 4,
    "subject_id": "24",
    "task_id": "actions"
  },
  "dummy_trs": 0,
  "dvars_nstd": 81.94729645621008,
  "dvars_std": 1.0635800546575342,
  "dvars_vstd": 1.0373826349315072,
  "efc": 0.6418730054106498,
  "fber": 154.80845642089844,
  "fd_mean": 0.2853881952237932,
  "fd_num": 125,
  "fd_perc": 56.81818181818182,
  "fwhm_avg": 2.973371111111111,
  "fwhm_x": 2.8320000000000003,
  "fwhm_y": 3.4449533333333338,
  "fwhm_z": 2.64316,
  "gcor": 0.0103126,
  "gsr_x": -0.013676363974809647,
  "gsr_y": 0.08225040137767792,
  "provenance": {
    "md5sum": "d8fdd4f6f68d8208d2a29a08fedf535e",
    "settings": {
      "fd_thres": 0.2,
      "testing": false
    },
    "software": "mriqc",
    "version": "22.0.6",
    "webapi_port": null,
    "webapi_url": "https://mriqc.nimh.nih.gov/api/v1"
  },
  "size_t": 220,
  "size_x": 128,
  "size_y": 128,
  "size_z": 42,
  "snr": 3.07375860921986,
  "spacing_tr": 1.5,
  "spacing_x": 1.5,
  "spacing_y": 1.5,
  "spacing_z": 1.5,
  "summary_bg_k": 30.20920571791553,
  "summary_bg_mad": 31.39073288909686,
  "summary_bg_mean": 78.97367095947266,
  "summary_bg_median": 47.29999923706055,
  "summary_bg_n": 393594.0,
  "summary_bg_p05": 19.477272033691406,
  "summary_bg_p95": 240.45794906616158,
  "summary_bg_stdv": 102.7397232055664,
  "summary_fg_k": 0.17695779630911357,
  "summary_fg_mad": 197.15912878554226,
  "summary_fg_mean": 627.655517578125,
  "summary_fg_median": 617.1363525390625,
  "summary_fg_n": 187888.0,
  "summary_fg_p05": 310.32886199951173,
  "summary_fg_p95": 969.7863159179688,
  "summary_fg_stdv": 200.7752685546875,
  "tsnr": 16.333883439889178
}